{
  "aor": 0.00030711409395973153,
  "aqi": 0.006275785503355705,
  "bids_meta": {
    "AcquisitionMatrixPE": 128,
    "AcquisitionNumber": 1,
    "AcquisitionTime": "19:50:18.277500",
    "BandwidthPerPixelPhaseEncode": 20.292,
    "BaseResolution": 128,
    "BodyPartExamined": "BRAIN",
    "CogAtlasID": "http://www.cognitiveatlas.org/task/id/TODO",
    "ConsistencyInfo": "N4_VE11C_LATEST_20160120",
    "ConversionSoftware": "dcm2niix",
    "ConversionSoftwareVersion": "v1.0.20190410  GCC6.3.0",
    "DerivedVendorReportedEchoSpacing": 0.000770008,
    "DeviceSerialNumber": "45239",
    "DwellTime": 2.6e-06,
    "EchoTime": 0.03,
    "EchoTrainLength": 55,
    "EffectiveEchoSpacing": 0.000385004,
    "FlipAngle": 73,
    "ImageComments": "Unaliased_MB3_PE4_LB_SENSE1",
    "ImageOrientationPatientDICOM": [
      1,
      0,
      0,
      0,
      0.986572,
      0.163326
    ],
    "ImageType": [
      "ORIGINAL",
      "PRIMARY",
      "M",
      "MB",
      "ND",
      "MOSAIC"
    ],
    "ImagingFrequency": 123.172,
    "InPlanePhaseEncodingDirectionDICOM": "COL",
    "InstitutionAddress": "E_24th_St._100_Austin_Southmiddle_US_78712",
    "InstitutionName": "The_Univ._of_Texas_at_Austin_IRC",
    "InstitutionalDepartmentName": "IRC",
    "MRAcquisitionType": "2D",
    "MagneticFieldStrength": 3,
    "Manufacturer": "Siemens",
    "ManufacturersModelName": "Skyra",
    "Modality": "MR",
    "MultibandAccelerationFactor": 3,
    "ParallelReductionFactorInPlane": 2,
    "PartialFourier": 0.875,
    "PatientPosition": "HFS",
    "PercentPhaseFOV": 100,
    "PhaseEncodingDirection": "j-",
    "PhaseEncodingSteps": 111,
    "PhaseResolution": 1,
    "PixelBandwidth": 1500,
    "ProcedureStepDescription": "Preston_fMRI",
    "ProtocolName": "functional_run",
    "PulseSequenceDetails": "%CustomerSeq%_cmrr_mbep2d_bold",
    "ReceiveCoilActiveElements": "HEA;HEP",
    "ReceiveCoilName": "Head_32",
    "ReconMatrixPE": 128,
    "RefLinesPE": 92,
    "RepetitionTime": 2,
    "SAR": 0.133081,
    "ScanOptions": "PFP_FS",
    "ScanningSequence": "EP",
    "SequenceName": "epfid2d1_128",
    "SequenceVariant": "SK_SS",
    "SeriesDescription": "functional_run",
    "SeriesNumber": 10,
    "ShimSetting": [
      -2700,
      8012,
      -15327,
      101,
      1109,
      -807,
      -471,
      -235
    ],
    "SliceThickness": 1.7,
    "SliceTiming": [
      0,
      1.03,
      0.08,
      1.11,
      0.16,
      1.1875,
      0.2375,
      1.2675,
      0.3175,
      1.3475,
      0.3975,
      1.425,
      0.475,
      1.505,
      0.555,
      1.585,
      0.635,
      1.665,
      0.7125,
      1.7425,
      0.7925,
      1.8225,
      0.8725,
      1.9025,
      0.95,
      0,
      1.03,
      0.08,
      1.11,
      0.16,
      1.1875,
      0.2375,
      1.2675,
      0.3175,
      1.3475,
      0.3975,
      1.425,
      0.475,
      1.505,
      0.555,
      1.585,
      0.635,
      1.665,
      0.7125,
      1.7425,
      0.7925,
      1.8225,
      0.8725,
      1.9025,
      0.95,
      0,
      1.03,
      0.08,
      1.11,
      0.16,
      1.1875,
      0.2375,
      1.2675,
      0.3175,
      1.3475,
      0.3975,
      1.425,
      0.475,
      1.505,
      0.555,
      1.585,
      0.635,
      1.665,
      0.7125,
      1.7425,
      0.7925,
      1.8225,
      0.8725,
      1.9025,
      0.95
    ],
    "SoftwareVersions": "syngo_MR_E11",
    "SpacingBetweenSlices": 1.7,
    "StationName": "AWP45239",
    "TaskName": "struct",
    "TotalReadoutTime": 0.0488955,
    "TxRefAmp": 315.646,
    "WipMemBlock": "13b398a0-d4bc-4c4b-b5b6-eb628f2fc1a9||Sequence: R016 ve11c/master r/e634e98; Dec 19 2017 11:00:25 by eja",
    "dataset": "ds004094",
    "modality": "bold",
    "run_id": 2,
    "subject_id": "129",
    "task_id": "struct"
  },
  "dummy_trs": 0,
  "dvars_nstd": 41.96285016646465,
  "dvars_std": 1.024233555791245,
  "dvars_vstd": 1.001862990303031,
  "efc": 0.41117323224537883,
  "fber": 25455.05078125,
  "fd_mean": 0.09163248276943925,
  "fd_num": 6,
  "fd_perc": 2.0134228187919465,
  "fwhm_avg": 3.0223624245647867,
  "fwhm_x": 2.7106385454545454,
  "fwhm_y": 3.2830603636363636,
  "fwhm_z": 3.0733883646034506,
  "gcor": 0.00370892,
  "gsr_x": -0.01366472989320755,
  "gsr_y": 0.04583242908120155,
  "provenance": {
    "md5sum": "70cd538cb3c35d9e1343a8adcaaa651f",
    "settings": {
      "fd_thres": 0.2,
      "testing": false
    },
    "software": "mriqc",
    "version": "23.0.0",
    "webapi_port": null,
    "webapi_url": "https://mriqc.nimh.nih.gov/api/v1"
  },
  "size_t": 298,
  "size_x": 128,
  "size_y": 128,
  "size_z": 75,
  "snr": 2.952011493595702,
  "spacing_tr": 2.0,
  "spacing_x": 1.71875,
  "spacing_y": 1.71875,
  "spacing_z": 1.6999999284744263,
  "summary_bg_k": 97.63564795151242,
  "summary_bg_mad": 22.154458259366816,
  "summary_bg_mean": 262.7433776855469,
  "summary_bg_median": 48.80537033081055,
  "summary_bg_n": 920718.0,
  "summary_bg_p05": 27.691274642944336,
  "summary_bg_p95": 1236.7552246093728,
  "summary_bg_stdv": 816.9190063476562,
  "summary_fg_k": 0.24017189749956103,
  "summary_fg_mad": 2577.3396254737463,
  "summary_fg_mean": 8092.439453125,
  "summary_fg_median": 7809.68798828125,
  "summary_fg_n": 183982.0,
  "summary_fg_p05": 4370.290258789062,
  "summary_fg_p95": 12911.17353515625,
  "summary_fg_stdv": 2645.540771484375,
  "tsnr": 33.407296848949045
}