{
  "bids_meta": {
    "AcquisitionMatrixPE": 256,
    "AcquisitionNumber": 1,
    "AcquisitionTime": "18:09:17.082500",
    "BaseResolution": 256,
    "BodyPartExamined": "BRAIN",
    "ConsistencyInfo": "N4_VE11A_LATEST_20140830",
    "ConversionSoftware": "dcm2niix",
    "ConversionSoftwareVersion": "v1.0.20190410  GCC6.3.0",
    "DeviceSerialNumber": "45239",
    "DwellTime": 1.09e-05,
    "EchoTime": 0.00243,
    "FlipAngle": 9,
    "ImageOrientationPatientDICOM": [
      -0.00523601,
      0.999986,
      0,
      0,
      0,
      -1
    ],
    "ImageType": [
      "ORIGINAL",
      "PRIMARY",
      "M",
      "ND",
      "NORM"
    ],
    "ImagingFrequency": 123.225,
    "InPlanePhaseEncodingDirectionDICOM": "ROW",
    "InstitutionAddress": "E_24th_St._100_Austin_Southmiddle_US_78712",
    "InstitutionName": "The_Univ._of_Texas_at_Austin_IRC",
    "InstitutionalDepartmentName": "IRC",
    "InversionTime": 0.9,
    "MRAcquisitionType": "3D",
    "MagneticFieldStrength": 3,
    "Manufacturer": "Siemens",
    "ManufacturersModelName": "Skyra",
    "Modality": "MR",
    "PartialFourier": 1,
    "PatientPosition": "HFS",
    "PercentPhaseFOV": 100,
    "PhaseEncodingSteps": 255,
    "PhaseResolution": 1,
    "PixelBandwidth": 180,
    "ProcedureStepDescription": "Preston_fMRI",
    "ProtocolName": "mprage",
    "PulseSequenceDetails": "%SiemensSeq%_tfl",
    "ReceiveCoilActiveElements": "HEA;HEP",
    "ReceiveCoilName": "Head_32",
    "ReconMatrixPE": 256,
    "RefLinesPE": 48,
    "RepetitionTime": 1.9,
    "SAR": 0.121826,
    "ScanOptions": "IR",
    "ScanningSequence": "GR_IR",
    "SequenceName": "_tfl3d1_16ns",
    "SequenceVariant": "SK_SP_MP",
    "SeriesDescription": "mprage",
    "SeriesNumber": 2,
    "ShimSetting": [
      -2849,
      8055,
      -15936,
      -670,
      286,
      -583,
      -301,
      11
    ],
    "SliceThickness": 1,
    "SoftwareVersions": "syngo_MR_E11",
    "StationName": "AWP45239",
    "TxRefAmp": 371.461,
    "dataset": "ds004094",
    "modality": "T1w",
    "subject_id": "103"
  },
  "cjv": 0.34780849086552945,
  "cnr": 3.8667842919164435,
  "efc": 0.5696301980009779,
  "fber": -1.0,
  "fwhm_avg": 4.242543333333334,
  "fwhm_x": 4.23094,
  "fwhm_y": 4.1988,
  "fwhm_z": 4.29789,
  "icvs_csf": 0.17811129068633602,
  "icvs_gm": 0.4588735558152624,
  "icvs_wm": 0.3630151534984016,
  "inu_med": 0.41398830711841583,
  "inu_range": 0.15808101892471316,
  "provenance": {
    "md5sum": "9d34b47db1229b0ee0dc48633b75fdbe",
    "settings": {
      "testing": false
    },
    "software": "mriqc",
    "version": "23.0.0",
    "warnings": {
      "large_rot_frame": true,
      "small_air_mask": false
    },
    "webapi_port": null,
    "webapi_url": "https://mriqc.nimh.nih.gov/api/v1"
  },
  "qi_1": 0.0028701375728389343,
  "qi_2": 0.009758700731427795,
  "rpve_csf": 28.200796483924872,
  "rpve_gm": 12.175739348469234,
  "rpve_wm": 17.05749827285363,
  "size_x": 192,
  "size_y": 256,
  "size_z": 256,
  "snr_csf": 3.2403197831785016,
  "snr_gm": 17.575958672185607,
  "snr_total": 15.705334983511937,
  "snr_wm": 26.2997264951717,
  "snrd_csf": 51.69180543720182,
  "snrd_gm": 111.82035632140808,
  "snrd_total": 102.64260571874081,
  "snrd_wm": 144.41565539761254,
  "spacing_x": 1.0,
  "spacing_y": 1.0,
  "spacing_z": 1.0,
  "summary_bg_k": 22.503041374205495,
  "summary_bg_mad": 0.0,
  "summary_bg_mean": 1.811693654588524,
  "summary_bg_median": 0.0,
  "summary_bg_n": 3021205.0,
  "summary_bg_p05": 0.0,
  "summary_bg_p95": 9.690731193870306,
  "summary_bg_stdv": 4.536674184821484,
  "summary_csf_k": 23.450075502032654,
  "summary_csf_mad": 75.96213885887933,
  "summary_csf_mean": 367.06165806944347,
  "summary_csf_median": 357.9542814195156,
  "summary_csf_n": 32183.0,
  "summary_csf_p05": 212.2733802806586,
  "summary_csf_p95": 553.6189539793878,
  "summary_csf_stdv": 110.46709710633725,
  "summary_gm_k": 0.22883946434909008,
  "summary_gm_mad": 42.827522632653235,
  "summary_gm_mean": 773.0726730663864,
  "summary_gm_median": 774.3311528116465,
  "summary_gm_n": 49819.0,
  "summary_gm_p05": 698.748086212948,
  "summary_gm_p95": 843.2790824063122,
  "summary_gm_stdv": 44.055826243713106,
  "summary_wm_k": 0.5155986503703693,
  "summary_wm_mad": 35.678144857699884,
  "summary_wm_mean": 1001.0806184595895,
  "summary_wm_median": 1000.0463654994965,
  "summary_wm_n": 228529.0,
  "summary_wm_p05": 940.3718628846109,
  "summary_wm_p95": 1065.841329921037,
  "summary_wm_stdv": 38.0248888775754,
  "tpm_overlap_csf": 0.15054274745379143,
  "tpm_overlap_gm": 0.47137628274840826,
  "tpm_overlap_wm": 0.513775530465177,
  "wm2max": 0.4384541887743693
}