{
  "bids_meta": {
    "AcquisitionMatrixPE": 384,
    "AcquisitionNumber": 1,
    "AcquisitionTime": "18:17:39.750000",
    "BaseResolution": 384,
    "BodyPartExamined": "BRAIN",
    "ConsistencyInfo": "N4_VE11A_LATEST_20140830",
    "ConversionSoftware": "dcm2niix",
    "ConversionSoftwareVersion": "v1.0.20190410  GCC6.3.0",
    "DeviceSerialNumber": "45239",
    "DwellTime": 6e-06,
    "EchoTime": 0.082,
    "EchoTrainLength": 18,
    "FlipAngle": 150,
    "ImageOrientationPatientDICOM": [
      0.999931,
      0.0117215,
      -1.29492e-10,
      -0.00476751,
      0.406703,
      -0.913548
    ],
    "ImageType": [
      "ORIGINAL",
      "PRIMARY",
      "M",
      "ND",
      "NORM"
    ],
    "ImagingFrequency": 123.225,
    "InPlanePhaseEncodingDirectionDICOM": "ROW",
    "InstitutionAddress": "E_24th_St._100_Austin_Southmiddle_US_78712",
    "InstitutionName": "The_Univ._of_Texas_at_Austin_IRC",
    "InstitutionalDepartmentName": "IRC",
    "MRAcquisitionType": "2D",
    "MagneticFieldStrength": 3,
    "Manufacturer": "Siemens",
    "ManufacturersModelName": "Skyra",
    "Modality": "MR",
    "PartialFourier": 1,
    "PatientPosition": "HFS",
    "PercentPhaseFOV": 100,
    "PhaseEncodingDirection": "i",
    "PhaseEncodingSteps": 396,
    "PhaseResolution": 1,
    "PixelBandwidth": 215,
    "ProcedureStepDescription": "Preston_fMRI",
    "ProtocolName": "T2_coronal_matrix384",
    "PulseSequenceDetails": "%SiemensSeq%_tse",
    "ReceiveCoilActiveElements": "HEA;HEP",
    "ReceiveCoilName": "Head_32",
    "ReconMatrixPE": 384,
    "RepetitionTime": 13.15,
    "SAR": 0.676387,
    "ScanningSequence": "SE",
    "SequenceName": "_tse2d1_18",
    "SequenceVariant": "SK_SP_OSP",
    "SeriesDescription": "T2_coronal_matrix384",
    "SeriesNumber": 3,
    "ShimSetting": [
      -2849,
      8055,
      -15936,
      -670,
      286,
      -583,
      -301,
      11
    ],
    "SliceThickness": 1.5,
    "SoftwareVersions": "syngo_MR_E11",
    "SpacingBetweenSlices": 1.5,
    "StationName": "AWP45239",
    "TxRefAmp": 371.461,
    "dataset": "ds004094",
    "modality": "T2w",
    "run_id": 1,
    "subject_id": "103"
  },
  "cjv": 0.5959970326843551,
  "cnr": 2.129256847156032,
  "efc": 0.7383805389195182,
  "fber": 13.957731224536072,
  "fwhm_avg": 2.886946880732977,
  "fwhm_x": 3.128628505631148,
  "fwhm_y": 2.077946996947447,
  "fwhm_z": 3.454265139620336,
  "icvs_csf": 0.16166529695125356,
  "icvs_gm": 0.5266112973633699,
  "icvs_wm": 0.31172340568537654,
  "inu_med": 0.9784012734889984,
  "inu_range": 0.4701180100440978,
  "provenance": {
    "md5sum": "0974a2eaac86068976d6f6939940bf40",
    "settings": {
      "testing": false
    },
    "software": "mriqc",
    "version": "23.0.0",
    "warnings": {
      "large_rot_frame": false,
      "small_air_mask": false
    },
    "webapi_port": null,
    "webapi_url": "https://mriqc.nimh.nih.gov/api/v1"
  },
  "qi_1": 0.02723615438263909,
  "qi_2": 0.00020297498849369236,
  "rpve_csf": 8.213991757886255,
  "rpve_gm": 2.6479263669169777,
  "rpve_wm": 4.012747851945868,
  "size_x": 384,
  "size_y": 60,
  "size_z": 384,
  "snr_csf": 4.303495376289635,
  "snr_gm": 7.3902072772511245,
  "snr_total": 5.270198319277816,
  "snr_wm": 4.116892304292687,
  "snrd_csf": 36.322340533379084,
  "snrd_gm": 13.711044867249377,
  "snrd_total": 19.301096155205204,
  "snrd_wm": 7.869903064987158,
  "spacing_x": 0.4322916567325592,
  "spacing_y": 1.499999761581421,
  "spacing_z": 0.4322916567325592,
  "summary_bg_k": 46.91430264164436,
  "summary_bg_mad": 0.0,
  "summary_bg_mean": 30.116306507556367,
  "summary_bg_median": 0.0,
  "summary_bg_n": 608971.0,
  "summary_bg_p05": 0.0,
  "summary_bg_p95": 134.16089949011803,
  "summary_bg_stdv": 83.25574039544549,
  "summary_csf_k": 2.6132757244809905,
  "summary_csf_mad": 747.140923279388,
  "summary_csf_mean": 4423.741240367135,
  "summary_csf_median": 4615.898847937584,
  "summary_csf_n": 106954.0,
  "summary_csf_p05": 2494.945129650459,
  "summary_csf_p95": 5832.298960663378,
  "summary_csf_stdv": 1072.5879466307556,
  "summary_gm_k": 0.5098898266653196,
  "summary_gm_mad": 220.49682387638973,
  "summary_gm_mean": 1746.828969768939,
  "summary_gm_median": 1742.420650139451,
  "summary_gm_n": 235802.0,
  "summary_gm_p05": 1364.6455194577575,
  "summary_gm_p95": 2140.725740529597,
  "summary_gm_stdv": 235.7737598010523,
  "summary_wm_k": 1.3332692682364788,
  "summary_wm_mad": 221.91253382102144,
  "summary_wm_mean": 998.5847876229706,
  "summary_wm_median": 1000.1193744018674,
  "summary_wm_n": 220949.0,
  "summary_wm_p05": 601.098122626543,
  "summary_wm_p95": 1385.533559858799,
  "summary_wm_stdv": 242.9301126290532,
  "tpm_overlap_csf": 0.17167590763288088,
  "tpm_overlap_gm": 0.44912213075049745,
  "tpm_overlap_wm": 0.3893414280239582,
  "wm2max": 0.15864114121426875
}