{
  "bids_meta": {
    "AcquisitionMatrixPE": 256,
    "AcquisitionNumber": 1,
    "AcquisitionTime": "18:18:37.060000",
    "BaseResolution": 256,
    "BodyPartExamined": "BRAIN",
    "ConsistencyInfo": "N4_VE11C_LATEST_20160120",
    "ConversionSoftware": "dcm2niix",
    "ConversionSoftwareVersion": "v1.0.20190410  GCC6.3.0",
    "DeviceSerialNumber": "45239",
    "DwellTime": 1.09e-05,
    "EchoTime": 0.00243,
    "FlipAngle": 9,
    "ImageOrientationPatientDICOM": [
      0.0244322,
      0.999701,
      0,
      0,
      0,
      -1
    ],
    "ImageType": [
      "ORIGINAL",
      "PRIMARY",
      "M",
      "ND",
      "NORM"
    ],
    "ImagingFrequency": 123.172,
    "InPlanePhaseEncodingDirectionDICOM": "ROW",
    "InstitutionAddress": "E_24th_St._100_Austin_Southmiddle_US_78712",
    "InstitutionName": "The_Univ._of_Texas_at_Austin_IRC",
    "InstitutionalDepartmentName": "IRC",
    "InversionTime": 0.9,
    "MRAcquisitionType": "3D",
    "MagneticFieldStrength": 3,
    "Manufacturer": "Siemens",
    "ManufacturersModelName": "Skyra",
    "Modality": "MR",
    "PartialFourier": 1,
    "PatientPosition": "HFS",
    "PercentPhaseFOV": 100,
    "PhaseEncodingSteps": 255,
    "PhaseResolution": 1,
    "PixelBandwidth": 180,
    "ProcedureStepDescription": "Preston_fMRI",
    "ProtocolName": "mprage",
    "PulseSequenceDetails": "%SiemensSeq%_tfl",
    "ReceiveCoilActiveElements": "HEA;HEP",
    "ReceiveCoilName": "Head_32",
    "ReconMatrixPE": 256,
    "RefLinesPE": 48,
    "RepetitionTime": 1.9,
    "SAR": 0.0764318,
    "ScanOptions": "IR",
    "ScanningSequence": "GR_IR",
    "SequenceName": "_tfl3d1_16ns",
    "SequenceVariant": "SK_SP_MP",
    "SeriesDescription": "mprage",
    "SeriesNumber": 2,
    "ShimSetting": [
      -2751,
      8072,
      -15888,
      -462,
      637,
      -681,
      -484,
      -138
    ],
    "SliceThickness": 1,
    "SoftwareVersions": "syngo_MR_E11",
    "StationName": "AWP45239",
    "TxRefAmp": 341.828,
    "dataset": "ds004094",
    "modality": "T1w",
    "subject_id": "138"
  },
  "cjv": 0.3395992356280064,
  "cnr": 3.977361905419019,
  "efc": 0.5686670102586637,
  "fber": -1.0,
  "fwhm_avg": 4.178579999999999,
  "fwhm_x": 4.12545,
  "fwhm_y": 4.27248,
  "fwhm_z": 4.13781,
  "icvs_csf": 0.16117598386032111,
  "icvs_gm": 0.4768701569563406,
  "icvs_wm": 0.3619538591833383,
  "inu_med": 0.38816526532173157,
  "inu_range": 0.1282477006316185,
  "provenance": {
    "md5sum": "6837f283e133f440381317096f0acfd7",
    "settings": {
      "testing": false
    },
    "software": "mriqc",
    "version": "23.0.0",
    "warnings": {
      "large_rot_frame": true,
      "small_air_mask": false
    },
    "webapi_port": null,
    "webapi_url": "https://mriqc.nimh.nih.gov/api/v1"
  },
  "qi_1": 0.022967203775469295,
  "qi_2": 0.03214749645594017,
  "rpve_csf": 30.074503486415004,
  "rpve_gm": 11.753907606972309,
  "rpve_wm": 16.82102688959752,
  "size_x": 192,
  "size_y": 256,
  "size_z": 256,
  "snr_csf": 2.7836652095389236,
  "snr_gm": 16.994470628790573,
  "snr_total": 15.641520381194825,
  "snr_wm": 27.14642530525498,
  "snrd_csf": 60.521436363208366,
  "snrd_gm": 138.28527021229854,
  "snrd_total": 126.3111365662444,
  "snrd_wm": 180.12670312322632,
  "spacing_x": 1.0,
  "spacing_y": 1.0,
  "spacing_z": 1.0,
  "summary_bg_k": 55.707626113182805,
  "summary_bg_mad": 0.0,
  "summary_bg_mean": 0.9226512723834606,
  "summary_bg_median": 0.0,
  "summary_bg_n": 2017933.0,
  "summary_bg_p05": 0.0,
  "summary_bg_p95": 8.818602547049522,
  "summary_bg_stdv": 3.637086387030394,
  "summary_csf_k": 4.984298910749781,
  "summary_csf_mad": 77.78950212792812,
  "summary_csf_mean": 340.1521663117506,
  "summary_csf_median": 335.9936836361885,
  "summary_csf_n": 29649.0,
  "summary_csf_p05": 114.95713510215283,
  "summary_csf_p95": 544.6349226683378,
  "summary_csf_stdv": 120.69986586315173,
  "summary_gm_k": 0.11528821978511772,
  "summary_gm_mad": 44.701573053795315,
  "summary_gm_mean": 766.5966466194725,
  "summary_gm_median": 767.7110809534788,
  "summary_gm_n": 67469.0,
  "summary_gm_p05": 690.5606251507998,
  "summary_gm_p95": 838.8806521236896,
  "summary_gm_stdv": 45.17383379216161,
  "summary_wm_k": 0.6937804376648908,
  "summary_wm_mad": 34.18355586466701,
  "summary_wm_mean": 1001.483393482845,
  "summary_wm_median": 999.9999692738056,
  "summary_wm_n": 232402.0,
  "summary_wm_p05": 943.8860681504011,
  "summary_wm_p95": 1064.6861432641745,
  "summary_wm_stdv": 36.83718230236005,
  "tpm_overlap_csf": 0.15754835676839832,
  "tpm_overlap_gm": 0.48227873559894463,
  "tpm_overlap_wm": 0.5225053436484488,
  "wm2max": 0.39496419676214195
}