{
  "bids_meta": {
    "AcquisitionMatrixPE": 384,
    "AcquisitionNumber": 1,
    "AcquisitionTime": "18:26:29.395000",
    "BaseResolution": 384,
    "BodyPartExamined": "BRAIN",
    "ConsistencyInfo": "N4_VE11C_LATEST_20160120",
    "ConversionSoftware": "dcm2niix",
    "ConversionSoftwareVersion": "v1.0.20190410  GCC6.3.0",
    "DeviceSerialNumber": "45239",
    "DwellTime": 6e-06,
    "EchoTime": 0.082,
    "EchoTrainLength": 18,
    "FlipAngle": 150,
    "ImageOrientationPatientDICOM": [
      0.999992,
      0.00409952,
      -6.2458e-11,
      -0.00211691,
      0.516375,
      -0.85636
    ],
    "ImageType": [
      "ORIGINAL",
      "PRIMARY",
      "M",
      "ND",
      "NORM"
    ],
    "ImagingFrequency": 123.172,
    "InPlanePhaseEncodingDirectionDICOM": "ROW",
    "InstitutionAddress": "E_24th_St._100_Austin_Southmiddle_US_78712",
    "InstitutionName": "The_Univ._of_Texas_at_Austin_IRC",
    "InstitutionalDepartmentName": "IRC",
    "MRAcquisitionType": "2D",
    "MagneticFieldStrength": 3,
    "Manufacturer": "Siemens",
    "ManufacturersModelName": "Skyra",
    "Modality": "MR",
    "PartialFourier": 1,
    "PatientPosition": "HFS",
    "PercentPhaseFOV": 100,
    "PhaseEncodingDirection": "i",
    "PhaseEncodingSteps": 396,
    "PhaseResolution": 1,
    "PixelBandwidth": 215,
    "ProcedureStepDescription": "Preston_fMRI",
    "ProtocolName": "T2_coronal_matrix384",
    "PulseSequenceDetails": "%SiemensSeq%_tse",
    "ReceiveCoilActiveElements": "HEA;HEP",
    "ReceiveCoilName": "Head_32",
    "ReconMatrixPE": 384,
    "RepetitionTime": 13.15,
    "SAR": 0.424357,
    "ScanningSequence": "SE",
    "SequenceName": "_tse2d1_18",
    "SequenceVariant": "SK_SP_OSP",
    "SeriesDescription": "T2_coronal_matrix384",
    "SeriesNumber": 3,
    "ShimSetting": [
      -2751,
      8072,
      -15888,
      -462,
      637,
      -681,
      -484,
      -138
    ],
    "SliceThickness": 1.5,
    "SoftwareVersions": "syngo_MR_E11",
    "SpacingBetweenSlices": 1.5,
    "StationName": "AWP45239",
    "TxRefAmp": 341.828,
    "dataset": "ds004094",
    "modality": "T2w",
    "run_id": 1,
    "subject_id": "138"
  },
  "cjv": 0.48245857937197717,
  "cnr": 2.6309150086253954,
  "efc": 0.7176680162326413,
  "fber": 64.45477729947889,
  "fwhm_avg": 2.7854750133226456,
  "fwhm_x": 3.0903904324632765,
  "fwhm_y": 2.025143930619016,
  "fwhm_z": 3.240890676885644,
  "icvs_csf": 0.13543587952558694,
  "icvs_gm": 0.4717232435925145,
  "icvs_wm": 0.39284087688189856,
  "inu_med": 0.9814301133155823,
  "inu_range": 0.377194207906723,
  "provenance": {
    "md5sum": "179fb3de7ede2a14218509c759cee4cb",
    "settings": {
      "testing": false
    },
    "software": "mriqc",
    "version": "23.0.0",
    "warnings": {
      "large_rot_frame": false,
      "small_air_mask": false
    },
    "webapi_port": null,
    "webapi_url": "https://mriqc.nimh.nih.gov/api/v1"
  },
  "qi_1": 0.01025341126632278,
  "qi_2": 0.00039429440582454113,
  "rpve_csf": 10.829499528137514,
  "rpve_gm": 3.1265912768773383,
  "rpve_wm": 3.7944125089511647,
  "size_x": 384,
  "size_y": 60,
  "size_z": 384,
  "snr_csf": 3.319089515219568,
  "snr_gm": 8.232319131075485,
  "snr_total": 5.481075117060377,
  "snr_wm": 4.891816704886078,
  "snrd_csf": 34.32833420512252,
  "snrd_gm": 13.073183019538545,
  "snrd_total": 18.181144209420655,
  "snrd_wm": 7.141915403600898,
  "spacing_x": 0.4322916567325592,
  "spacing_y": 1.5000020265579224,
  "spacing_z": 0.4322916567325592,
  "summary_bg_k": 469.08180809736626,
  "summary_bg_mad": 0.0,
  "summary_bg_mean": 20.410889133223254,
  "summary_bg_median": 0.0,
  "summary_bg_n": 852653.0,
  "summary_bg_p05": 0.0,
  "summary_bg_p95": 75.81352266669273,
  "summary_bg_stdv": 91.7311884056903,
  "summary_csf_k": 1.2461553205611207,
  "summary_csf_mad": 1235.2166873762308,
  "summary_csf_mean": 4937.729351850899,
  "summary_csf_median": 4806.600415766239,
  "summary_csf_n": 78939.0,
  "summary_csf_p05": 2327.2558982372284,
  "summary_csf_p95": 6857.500445762275,
  "summary_csf_stdv": 1448.1591860055764,
  "summary_gm_k": 0.5278953997632883,
  "summary_gm_mad": 209.40515586544413,
  "summary_gm_mean": 1840.6287600676048,
  "summary_gm_median": 1830.4869255125523,
  "summary_gm_n": 181905.0,
  "summary_gm_p05": 1492.7301814556122,
  "summary_gm_p95": 2218.4398375451565,
  "summary_gm_stdv": 222.35312612692232,
  "summary_wm_k": 0.6164132029653544,
  "summary_wm_mad": 191.27039563526677,
  "summary_wm_mean": 1004.4173076144066,
  "summary_wm_median": 999.999980866909,
  "summary_wm_n": 388652.0,
  "summary_wm_p05": 676.2058490514755,
  "summary_wm_p95": 1346.4112366437912,
  "summary_wm_stdv": 204.4227645261798,
  "tpm_overlap_csf": 0.16854326428860605,
  "tpm_overlap_gm": 0.44829254428482657,
  "tpm_overlap_wm": 0.44103422993305014,
  "wm2max": 0.1451275266692345
}