{
  "bids_meta": {
    "AcquisitionMatrixPE": 384,
    "AcquisitionNumber": 1,
    "AcquisitionTime": "18:31:43.670000",
    "BaseResolution": 384,
    "BodyPartExamined": "BRAIN",
    "ConsistencyInfo": "N4_VE11C_LATEST_20160120",
    "ConversionSoftware": "dcm2niix",
    "ConversionSoftwareVersion": "v1.0.20190410  GCC6.3.0",
    "DeviceSerialNumber": "45239",
    "DwellTime": 6e-06,
    "EchoTime": 0.082,
    "EchoTrainLength": 18,
    "FlipAngle": 150,
    "ImageOrientationPatientDICOM": [
      0.999992,
      0.00409952,
      -6.2458e-11,
      -0.00211691,
      0.516375,
      -0.85636
    ],
    "ImageType": [
      "ORIGINAL",
      "PRIMARY",
      "M",
      "ND",
      "NORM"
    ],
    "ImagingFrequency": 123.172,
    "InPlanePhaseEncodingDirectionDICOM": "ROW",
    "InstitutionAddress": "E_24th_St._100_Austin_Southmiddle_US_78712",
    "InstitutionName": "The_Univ._of_Texas_at_Austin_IRC",
    "InstitutionalDepartmentName": "IRC",
    "MRAcquisitionType": "2D",
    "MagneticFieldStrength": 3,
    "Manufacturer": "Siemens",
    "ManufacturersModelName": "Skyra",
    "Modality": "MR",
    "PartialFourier": 1,
    "PatientPosition": "HFS",
    "PercentPhaseFOV": 100,
    "PhaseEncodingDirection": "i",
    "PhaseEncodingSteps": 396,
    "PhaseResolution": 1,
    "PixelBandwidth": 215,
    "ProcedureStepDescription": "Preston_fMRI",
    "ProtocolName": "T2_coronal_matrix384",
    "PulseSequenceDetails": "%SiemensSeq%_tse",
    "ReceiveCoilActiveElements": "HEA;HEP",
    "ReceiveCoilName": "Head_32",
    "ReconMatrixPE": 384,
    "RepetitionTime": 13.15,
    "SAR": 0.424357,
    "ScanningSequence": "SE",
    "SequenceName": "_tse2d1_18",
    "SequenceVariant": "SK_SP_OSP",
    "SeriesDescription": "T2_coronal_matrix384",
    "SeriesNumber": 4,
    "ShimSetting": [
      -2751,
      8072,
      -15888,
      -462,
      637,
      -681,
      -484,
      -138
    ],
    "SliceThickness": 1.5,
    "SoftwareVersions": "syngo_MR_E11",
    "SpacingBetweenSlices": 1.5,
    "StationName": "AWP45239",
    "TxRefAmp": 341.828,
    "dataset": "ds004094",
    "modality": "T2w",
    "run_id": 2,
    "subject_id": "138"
  },
  "cjv": 0.4804229379943202,
  "cnr": 2.6745982054691844,
  "efc": 0.7171229855666602,
  "fber": 92.68116350733686,
  "fwhm_avg": 2.778208160645139,
  "fwhm_x": 3.0791248900357187,
  "fwhm_y": 2.021710601924242,
  "fwhm_z": 3.2337889899754577,
  "icvs_csf": 0.1353428189614223,
  "icvs_gm": 0.4724159274598104,
  "icvs_wm": 0.3922412535787673,
  "inu_med": 0.9884834885597229,
  "inu_range": 0.3755326271057129,
  "provenance": {
    "md5sum": "b22329c71804440c2e44516baddc8b8e",
    "settings": {
      "testing": false
    },
    "software": "mriqc",
    "version": "23.0.0",
    "warnings": {
      "large_rot_frame": false,
      "small_air_mask": false
    },
    "webapi_port": null,
    "webapi_url": "https://mriqc.nimh.nih.gov/api/v1"
  },
  "qi_1": 0.008080357283164507,
  "qi_2": 0.00035961415293964675,
  "rpve_csf": 10.832982488348929,
  "rpve_gm": 3.1268230730702795,
  "rpve_wm": 3.809066401186774,
  "size_x": 384,
  "size_y": 60,
  "size_z": 384,
  "snr_csf": 3.2945376705815055,
  "snr_gm": 8.323573947784654,
  "snr_total": 5.533367784508062,
  "snr_wm": 4.981991735158028,
  "snrd_csf": 37.09449193359305,
  "snrd_gm": 14.129997446776228,
  "snrd_total": 19.65252895347909,
  "snrd_wm": 7.733097480067995,
  "spacing_x": 0.4322916567325592,
  "spacing_y": 1.5000020265579224,
  "spacing_z": 0.4322916567325592,
  "summary_bg_k": 509.9886626429044,
  "summary_bg_mad": 0.0,
  "summary_bg_mean": 21.18867391832487,
  "summary_bg_median": 0.0,
  "summary_bg_n": 833524.0,
  "summary_bg_p05": 0.0,
  "summary_bg_p95": 80.65824472904205,
  "summary_bg_stdv": 84.71849680176298,
  "summary_csf_k": 1.112090010295372,
  "summary_csf_mad": 1154.4332155437498,
  "summary_csf_mean": 4887.527389879879,
  "summary_csf_median": 4796.847795724869,
  "summary_csf_n": 78739.0,
  "summary_csf_p05": 2349.750819146633,
  "summary_csf_p95": 6905.087433815002,
  "summary_csf_stdv": 1455.9910417871217,
  "summary_gm_k": 0.44991415475817664,
  "summary_gm_mad": 209.61579445801084,
  "summary_gm_mean": 1837.5493369832134,
  "summary_gm_median": 1827.2105526477098,
  "summary_gm_n": 185972.0,
  "summary_gm_p05": 1493.915851727128,
  "summary_gm_p95": 2211.3802096545696,
  "summary_gm_stdv": 219.5217645097714,
  "summary_wm_k": 0.647987764937036,
  "summary_wm_mad": 187.79513388738184,
  "summary_wm_mean": 1004.3575248833288,
  "summary_wm_median": 999.9999910444021,
  "summary_wm_n": 396264.0,
  "summary_wm_p05": 683.1614262610674,
  "summary_wm_p95": 1339.3034994207296,
  "summary_wm_stdv": 200.72267928538125,
  "tpm_overlap_csf": 0.17731780109437162,
  "tpm_overlap_gm": 0.451799924711477,
  "tpm_overlap_wm": 0.4465777491080554,
  "wm2max": 0.14431136482268095
}