{
  "aor": 0.00034942567567567567,
  "aqi": 0.005173851351351352,
  "bids_meta": {
    "AcquisitionMatrixPE": 128,
    "AcquisitionNumber": 1,
    "AcquisitionTime": "17:34:18.272500",
    "BandwidthPerPixelPhaseEncode": 20.292,
    "BaseResolution": 128,
    "BodyPartExamined": "BRAIN",
    "CogAtlasID": "http://www.cognitiveatlas.org/task/id/TODO",
    "ConsistencyInfo": "N4_VE11C_LATEST_20160120",
    "ConversionSoftware": "dcm2niix",
    "ConversionSoftwareVersion": "v1.0.20190410  GCC6.3.0",
    "DerivedVendorReportedEchoSpacing": 0.000770008,
    "DeviceSerialNumber": "45239",
    "DwellTime": 2.6e-06,
    "EchoTime": 0.03,
    "EchoTrainLength": 55,
    "EffectiveEchoSpacing": 0.000385004,
    "FlipAngle": 73,
    "ImageComments": "Unaliased_MB3_PE4_LB_SENSE1",
    "ImageOrientationPatientDICOM": [
      1,
      7.93998e-05,
      -0.00041634,
      1.18274e-08,
      0.982291,
      0.18736
    ],
    "ImageType": [
      "ORIGINAL",
      "PRIMARY",
      "M",
      "MB",
      "ND",
      "MOSAIC"
    ],
    "ImagingFrequency": 123.172,
    "InPlanePhaseEncodingDirectionDICOM": "COL",
    "InstitutionAddress": "E_24th_St._100_Austin_Southmiddle_US_78712",
    "InstitutionName": "The_Univ._of_Texas_at_Austin_IRC",
    "InstitutionalDepartmentName": "IRC",
    "MRAcquisitionType": "2D",
    "MagneticFieldStrength": 3,
    "Manufacturer": "Siemens",
    "ManufacturersModelName": "Skyra",
    "Modality": "MR",
    "MultibandAccelerationFactor": 3,
    "ParallelReductionFactorInPlane": 2,
    "PartialFourier": 0.875,
    "PatientPosition": "HFS",
    "PercentPhaseFOV": 100,
    "PhaseEncodingDirection": "j-",
    "PhaseEncodingSteps": 111,
    "PhaseResolution": 1,
    "PixelBandwidth": 1500,
    "ProcedureStepDescription": "Preston_fMRI",
    "ProtocolName": "functional_run",
    "PulseSequenceDetails": "%CustomerSeq%_cmrr_mbep2d_bold",
    "ReceiveCoilActiveElements": "HEA;HEP",
    "ReceiveCoilName": "Head_32",
    "ReconMatrixPE": 128,
    "RefLinesPE": 92,
    "RepetitionTime": 2,
    "SAR": 0.145201,
    "ScanOptions": "PFP_FS",
    "ScanningSequence": "EP",
    "SequenceName": "epfid2d1_128",
    "SequenceVariant": "SK_SS",
    "SeriesDescription": "functional_run",
    "SeriesNumber": 8,
    "ShimSetting": [
      -2742,
      7903,
      -15403,
      -137,
      739,
      -1159,
      -97,
      -267
    ],
    "SliceThickness": 1.7,
    "SliceTiming": [
      0,
      1.03,
      0.08,
      1.11,
      0.16,
      1.19,
      0.2375,
      1.2675,
      0.3175,
      1.3475,
      0.3975,
      1.4275,
      0.4775,
      1.505,
      0.555,
      1.585,
      0.635,
      1.665,
      0.715,
      1.7425,
      0.7925,
      1.8225,
      0.8725,
      1.9025,
      0.9525,
      0,
      1.03,
      0.08,
      1.11,
      0.16,
      1.19,
      0.2375,
      1.2675,
      0.3175,
      1.3475,
      0.3975,
      1.4275,
      0.4775,
      1.505,
      0.555,
      1.585,
      0.635,
      1.665,
      0.715,
      1.7425,
      0.7925,
      1.8225,
      0.8725,
      1.9025,
      0.9525,
      0,
      1.03,
      0.08,
      1.11,
      0.16,
      1.19,
      0.2375,
      1.2675,
      0.3175,
      1.3475,
      0.3975,
      1.4275,
      0.4775,
      1.505,
      0.555,
      1.585,
      0.635,
      1.665,
      0.715,
      1.7425,
      0.7925,
      1.8225,
      0.8725,
      1.9025,
      0.9525
    ],
    "SoftwareVersions": "syngo_MR_E11",
    "SpacingBetweenSlices": 1.7,
    "StationName": "AWP45239",
    "TaskName": "struct",
    "TotalReadoutTime": 0.0488955,
    "TxRefAmp": 343.881,
    "WipMemBlock": "37e09595-7123-40ae-a0b6-6d864017c927||Sequence: R016 ve11c/master r/e634e98; Dec 19 2017 11:00:25 by eja",
    "dataset": "ds004094",
    "modality": "bold",
    "run_id": 1,
    "subject_id": "115",
    "task_id": "struct"
  },
  "dummy_trs": 2,
  "dvars_nstd": 41.891080164474594,
  "dvars_std": 1.0389855416949156,
  "dvars_vstd": 0.9955698482033895,
  "efc": 0.44446723292853574,
  "fber": 19147.51953125,
  "fd_mean": 0.0709413352976025,
  "fd_num": 3,
  "fd_perc": 1.0135135135135136,
  "fwhm_avg": 3.309958991600072,
  "fwhm_x": 2.9770938181818183,
  "fwhm_y": 3.5759185454545457,
  "fwhm_z": 3.3768646111638514,
  "gcor": 0.00628102,
  "gsr_x": 0.002868425566703081,
  "gsr_y": 0.025402164086699486,
  "provenance": {
    "md5sum": "397b72d2de238b6239b748a598bf1ac9",
    "settings": {
      "fd_thres": 0.2,
      "testing": false
    },
    "software": "mriqc",
    "version": "23.0.0",
    "webapi_port": null,
    "webapi_url": "https://mriqc.nimh.nih.gov/api/v1"
  },
  "size_t": 296,
  "size_x": 128,
  "size_y": 128,
  "size_z": 75,
  "snr": 2.3604892803075015,
  "spacing_tr": 2.0,
  "spacing_x": 1.71875,
  "spacing_y": 1.71875,
  "spacing_z": 1.7000000476837158,
  "summary_bg_k": 83.68515958426599,
  "summary_bg_mad": 36.956118608728666,
  "summary_bg_mean": 294.3271789550781,
  "summary_bg_median": 60.84135437011719,
  "summary_bg_n": 862040.0,
  "summary_bg_p05": 31.264452075958253,
  "summary_bg_p95": 1361.7797363281245,
  "summary_bg_stdv": 808.4614868164062,
  "summary_fg_k": 1.3271959738689354,
  "summary_fg_mad": 3157.4424919535595,
  "summary_fg_mean": 8964.7919921875,
  "summary_fg_median": 8365.8193359375,
  "summary_fg_n": 236437.0,
  "summary_fg_p05": 4331.8333984375,
  "summary_fg_p95": 15556.940624999996,
  "summary_fg_stdv": 3544.096435546875,
  "tsnr": 34.670692443847656
}