{
  "bids_meta": {
    "AcquisitionMatrixPE": 384,
    "AcquisitionNumber": 1,
    "AcquisitionTime": "19:38:20.730000",
    "BaseResolution": 384,
    "BodyPartExamined": "BRAIN",
    "ConsistencyInfo": "N4_VE11C_LATEST_20160120",
    "ConversionSoftware": "dcm2niix",
    "ConversionSoftwareVersion": "v1.0.20190410  GCC6.3.0",
    "DeviceSerialNumber": "45239",
    "DwellTime": 6e-06,
    "EchoTime": 0.082,
    "EchoTrainLength": 18,
    "FlipAngle": 150,
    "ImageOrientationPatientDICOM": [
      0.999997,
      -0.00252072,
      -6.356e-12,
      0.00122573,
      0.48626,
      -0.873813
    ],
    "ImageType": [
      "ORIGINAL",
      "PRIMARY",
      "M",
      "ND",
      "NORM"
    ],
    "ImagingFrequency": 123.172,
    "InPlanePhaseEncodingDirectionDICOM": "ROW",
    "InstitutionAddress": "E_24th_St._100_Austin_Southmiddle_US_78712",
    "InstitutionName": "The_Univ._of_Texas_at_Austin_IRC",
    "InstitutionalDepartmentName": "IRC",
    "MRAcquisitionType": "2D",
    "MagneticFieldStrength": 3,
    "Manufacturer": "Siemens",
    "ManufacturersModelName": "Skyra",
    "Modality": "MR",
    "PartialFourier": 1,
    "PatientPosition": "HFS",
    "PercentPhaseFOV": 100,
    "PhaseEncodingDirection": "i",
    "PhaseEncodingSteps": 396,
    "PhaseResolution": 1,
    "PixelBandwidth": 215,
    "ProcedureStepDescription": "Preston_fMRI",
    "ProtocolName": "T2_coronal_matrix384",
    "PulseSequenceDetails": "%SiemensSeq%_tse",
    "ReceiveCoilActiveElements": "HEA;HEP",
    "ReceiveCoilName": "Head_32",
    "ReconMatrixPE": 384,
    "RepetitionTime": 13.15,
    "SAR": 0.523562,
    "ScanningSequence": "SE",
    "SequenceName": "_tse2d1_18",
    "SequenceVariant": "SK_SP_OSP",
    "SeriesDescription": "T2_coronal_matrix384",
    "SeriesNumber": 4,
    "ShimSetting": [
      -2751,
      8072,
      -15888,
      -462,
      637,
      -681,
      -484,
      -138
    ],
    "SliceThickness": 1.5,
    "SoftwareVersions": "syngo_MR_E11",
    "SpacingBetweenSlices": 1.5,
    "StationName": "AWP45239",
    "TxRefAmp": 351.96,
    "dataset": "ds004094",
    "modality": "T2w",
    "run_id": 2,
    "subject_id": "121"
  },
  "cjv": 0.5147986787808934,
  "cnr": 2.4909249313862647,
  "efc": 0.6998656506707271,
  "fber": 23.92625735803324,
  "fwhm_avg": 3.162975480519688,
  "fwhm_x": 3.5484376719049124,
  "fwhm_y": 2.3103007344248248,
  "fwhm_z": 3.6301880352293274,
  "icvs_csf": 0.13912570648802963,
  "icvs_gm": 0.48305001199185915,
  "icvs_wm": 0.3778242815201112,
  "inu_med": 0.9002434611320496,
  "inu_range": 0.4726102232933044,
  "provenance": {
    "md5sum": "fbee8f7c9f17df170112420eb7632bd9",
    "settings": {
      "testing": false
    },
    "software": "mriqc",
    "version": "23.0.0",
    "warnings": {
      "large_rot_frame": false,
      "small_air_mask": false
    },
    "webapi_port": null,
    "webapi_url": "https://mriqc.nimh.nih.gov/api/v1"
  },
  "qi_1": 0.0,
  "qi_2": 0.001647239751119629,
  "rpve_csf": 9.747701992202868,
  "rpve_gm": 2.9318293401327957,
  "rpve_wm": 3.653948003377971,
  "size_x": 384,
  "size_y": 60,
  "size_z": 384,
  "snr_csf": 5.308617668748949,
  "snr_gm": 7.795999274403929,
  "snr_total": 5.79224396855082,
  "snr_wm": 4.272114962499581,
  "snrd_csf": 114.8070114870505,
  "snrd_gm": 34.470544489423254,
  "snrd_total": 56.03675560677465,
  "snrd_wm": 18.83271084385019,
  "spacing_x": 0.4322916567325592,
  "spacing_y": 1.4999995231628418,
  "spacing_z": 0.4322916567325592,
  "summary_bg_k": 11.436503852220302,
  "summary_bg_mad": 0.0,
  "summary_bg_mean": 18.717218529521702,
  "summary_bg_median": 0.0,
  "summary_bg_n": 1110420.0,
  "summary_bg_p05": 0.0,
  "summary_bg_p95": 88.47218823432922,
  "summary_bg_stdv": 34.78715372508265,
  "summary_csf_k": 6.072457891499441,
  "summary_csf_mad": 570.3895081397782,
  "summary_csf_mean": 5697.442214176005,
  "summary_csf_median": 6096.149072647095,
  "summary_csf_n": 148962.0,
  "summary_csf_p05": 3392.0337648630143,
  "summary_csf_p95": 6713.566648006439,
  "summary_csf_stdv": 1148.3457636071932,
  "summary_gm_k": 0.7421256802449419,
  "summary_gm_mad": 215.87852826880058,
  "summary_gm_mean": 1837.1250368160277,
  "summary_gm_median": 1830.3549156188965,
  "summary_gm_n": 184080.0,
  "summary_gm_p05": 1462.874418258667,
  "summary_gm_p95": 2231.311376094818,
  "summary_gm_stdv": 234.780671413433,
  "summary_wm_k": 1.2980380898090473,
  "summary_wm_mad": 211.5870795650993,
  "summary_wm_mean": 1001.6599011109766,
  "summary_wm_median": 1000.0000109672546,
  "summary_wm_n": 368532.0,
  "summary_wm_p05": 623.9617486000061,
  "summary_wm_p95": 1381.8273496627808,
  "summary_wm_stdv": 234.07578284057735,
  "tpm_overlap_csf": 0.1589348263379965,
  "tpm_overlap_gm": 0.4096734498375298,
  "tpm_overlap_wm": 0.3862493962408896,
  "wm2max": 0.14529610577453753
}