{
  "bids_meta": {
    "AcquisitionMatrixPE": 384,
    "AcquisitionNumber": 1,
    "AcquisitionTime": "19:33:1.772500",
    "BaseResolution": 384,
    "BodyPartExamined": "BRAIN",
    "ConsistencyInfo": "N4_VE11C_LATEST_20160120",
    "ConversionSoftware": "dcm2niix",
    "ConversionSoftwareVersion": "v1.0.20190410  GCC6.3.0",
    "DeviceSerialNumber": "45239",
    "DwellTime": 6e-06,
    "EchoTime": 0.082,
    "EchoTrainLength": 18,
    "FlipAngle": 150,
    "ImageOrientationPatientDICOM": [
      0.999997,
      -0.00252072,
      -6.356e-12,
      0.00122573,
      0.48626,
      -0.873813
    ],
    "ImageType": [
      "ORIGINAL",
      "PRIMARY",
      "M",
      "ND",
      "NORM"
    ],
    "ImagingFrequency": 123.172,
    "InPlanePhaseEncodingDirectionDICOM": "ROW",
    "InstitutionAddress": "E_24th_St._100_Austin_Southmiddle_US_78712",
    "InstitutionName": "The_Univ._of_Texas_at_Austin_IRC",
    "InstitutionalDepartmentName": "IRC",
    "MRAcquisitionType": "2D",
    "MagneticFieldStrength": 3,
    "Manufacturer": "Siemens",
    "ManufacturersModelName": "Skyra",
    "Modality": "MR",
    "PartialFourier": 1,
    "PatientPosition": "HFS",
    "PercentPhaseFOV": 100,
    "PhaseEncodingDirection": "i",
    "PhaseEncodingSteps": 396,
    "PhaseResolution": 1,
    "PixelBandwidth": 215,
    "ProcedureStepDescription": "Preston_fMRI",
    "ProtocolName": "T2_coronal_matrix384",
    "PulseSequenceDetails": "%SiemensSeq%_tse",
    "ReceiveCoilActiveElements": "HEA;HEP",
    "ReceiveCoilName": "Head_32",
    "ReconMatrixPE": 384,
    "RepetitionTime": 13.15,
    "SAR": 0.523562,
    "ScanningSequence": "SE",
    "SequenceName": "_tse2d1_18",
    "SequenceVariant": "SK_SP_OSP",
    "SeriesDescription": "T2_coronal_matrix384",
    "SeriesNumber": 3,
    "ShimSetting": [
      -2751,
      8072,
      -15888,
      -462,
      637,
      -681,
      -484,
      -138
    ],
    "SliceThickness": 1.5,
    "SoftwareVersions": "syngo_MR_E11",
    "SpacingBetweenSlices": 1.5,
    "StationName": "AWP45239",
    "TxRefAmp": 351.96,
    "dataset": "ds004094",
    "modality": "T2w",
    "run_id": 1,
    "subject_id": "121"
  },
  "cjv": 0.5864375689316962,
  "cnr": 2.1767983824346024,
  "efc": 0.7001883809203161,
  "fber": 40.174424202963,
  "fwhm_avg": 3.308564779561587,
  "fwhm_x": 3.7453417728153315,
  "fwhm_y": 2.363207417910073,
  "fwhm_z": 3.8171451479593563,
  "icvs_csf": 0.1617085897296239,
  "icvs_gm": 0.5549819214964828,
  "icvs_wm": 0.2833094887738932,
  "inu_med": 0.8990150392055511,
  "inu_range": 0.49810544252395617,
  "provenance": {
    "md5sum": "17a64c7ffdeb66dc7c180ca71ea3786b",
    "settings": {
      "testing": false
    },
    "software": "mriqc",
    "version": "23.0.0",
    "warnings": {
      "large_rot_frame": false,
      "small_air_mask": false
    },
    "webapi_port": null,
    "webapi_url": "https://mriqc.nimh.nih.gov/api/v1"
  },
  "qi_1": 0.0,
  "qi_2": 0.001420037319101099,
  "rpve_csf": 8.800956456230832,
  "rpve_gm": 2.8323931943326026,
  "rpve_wm": 4.845137830509049,
  "size_x": 384,
  "size_y": 60,
  "size_z": 384,
  "snr_csf": 5.005706901813999,
  "snr_gm": 6.349398522896038,
  "snr_total": 5.08872761607379,
  "snr_wm": 3.911077423511333,
  "snrd_csf": 84.6222479543239,
  "snrd_gm": 23.471247293981065,
  "snrd_total": 40.25625966356613,
  "snrd_wm": 12.675283742393422,
  "spacing_x": 0.4322916567325592,
  "spacing_y": 1.4999995231628418,
  "spacing_z": 0.4322916567325592,
  "summary_bg_k": 10.22785265244936,
  "summary_bg_mad": 0.0,
  "summary_bg_mean": 26.16131551099893,
  "summary_bg_median": 0.0,
  "summary_bg_n": 1074773.0,
  "summary_bg_p05": 0.0,
  "summary_bg_p95": 138.5299461632967,
  "summary_bg_stdv": 51.68254325302728,
  "summary_csf_k": 2.2001654450699215,
  "summary_csf_mad": 859.2377369980646,
  "summary_csf_mean": 6180.852904167375,
  "summary_csf_median": 6675.698358491063,
  "summary_csf_n": 168107.0,
  "summary_csf_p05": 3444.351891115308,
  "summary_csf_p95": 7519.897349368033,
  "summary_csf_stdv": 1333.6135402850996,
  "summary_gm_k": 0.5947313011304325,
  "summary_gm_mad": 270.27569190636797,
  "summary_gm_mean": 1852.9051763498658,
  "summary_gm_median": 1851.604877203703,
  "summary_gm_n": 389937.0,
  "summary_gm_p05": 1373.3500379920006,
  "summary_gm_p95": 2333.194439291954,
  "summary_gm_stdv": 291.61856769414203,
  "summary_wm_k": 1.437950753547839,
  "summary_wm_mad": 229.1781305227396,
  "summary_wm_mean": 996.0907996945754,
  "summary_wm_median": 999.9305492118001,
  "summary_wm_n": 146900.0,
  "summary_wm_p05": 570.0986651033163,
  "summary_wm_p95": 1402.3899163752794,
  "summary_wm_stdv": 255.66539280337224,
  "tpm_overlap_csf": 0.14567643707836703,
  "tpm_overlap_gm": 0.4021446611085328,
  "tpm_overlap_wm": 0.3088307492186919,
  "wm2max": 0.12959428067205706
}