{
  "bids_meta": {
    "AcquisitionMatrixPE": 384,
    "AcquisitionNumber": 1,
    "AcquisitionTime": "17:55:33.705000",
    "BaseResolution": 384,
    "BodyPartExamined": "BRAIN",
    "ConsistencyInfo": "N4_VE11A_LATEST_20140830",
    "ConversionSoftware": "dcm2niix",
    "ConversionSoftwareVersion": "v1.0.20190410  GCC6.3.0",
    "DeviceSerialNumber": "45239",
    "DwellTime": 6e-06,
    "EchoTime": 0.082,
    "EchoTrainLength": 18,
    "FlipAngle": 150,
    "ImageOrientationPatientDICOM": [
      0.999996,
      0.00271421,
      -4.791e-12,
      -0.00141799,
      0.522432,
      -0.85268
    ],
    "ImageType": [
      "ORIGINAL",
      "PRIMARY",
      "M",
      "ND",
      "NORM"
    ],
    "ImagingFrequency": 123.225,
    "InPlanePhaseEncodingDirectionDICOM": "ROW",
    "InstitutionAddress": "E_24th_St._100_Austin_Southmiddle_US_78712",
    "InstitutionName": "The_Univ._of_Texas_at_Austin_IRC",
    "InstitutionalDepartmentName": "IRC",
    "MRAcquisitionType": "2D",
    "MagneticFieldStrength": 3,
    "Manufacturer": "Siemens",
    "ManufacturersModelName": "Skyra",
    "Modality": "MR",
    "PartialFourier": 1,
    "PatientPosition": "HFS",
    "PercentPhaseFOV": 100,
    "PhaseEncodingDirection": "i",
    "PhaseEncodingSteps": 396,
    "PhaseResolution": 1,
    "PixelBandwidth": 215,
    "ProcedureStepDescription": "Preston_fMRI",
    "ProtocolName": "T2_coronal_matrix384",
    "PulseSequenceDetails": "%SiemensSeq%_tse",
    "ReceiveCoilActiveElements": "HEA;HEP",
    "ReceiveCoilName": "Head_32",
    "ReconMatrixPE": 384,
    "RepetitionTime": 13.15,
    "SAR": 0.533804,
    "ScanningSequence": "SE",
    "SequenceName": "_tse2d1_18",
    "SequenceVariant": "SK_SP_OSP",
    "SeriesDescription": "T2_coronal_matrix384",
    "SeriesNumber": 4,
    "ShimSetting": [
      -2851,
      8065,
      -15920,
      -530,
      404,
      -610,
      -324,
      -43
    ],
    "SliceThickness": 1.5,
    "SoftwareVersions": "syngo_MR_E11",
    "SpacingBetweenSlices": 1.5,
    "StationName": "AWP45239",
    "TxRefAmp": 342.411,
    "dataset": "ds004094",
    "modality": "T2w",
    "run_id": 1,
    "subject_id": "101"
  },
  "cjv": 0.5776958416094887,
  "cnr": 2.1528600396981843,
  "efc": 0.7018433242206332,
  "fber": 177.39069387146648,
  "fwhm_avg": 3.0673598517678156,
  "fwhm_x": 3.366731875736455,
  "fwhm_y": 2.1976415718757427,
  "fwhm_z": 3.63770610769125,
  "icvs_csf": 0.1566846924686057,
  "icvs_gm": 0.5439001084032131,
  "icvs_wm": 0.2994151991281812,
  "inu_med": 0.977835476398468,
  "inu_range": 0.4876835346221924,
  "provenance": {
    "md5sum": "08f70b872d6c4f2178090c72d555cc90",
    "settings": {
      "testing": false
    },
    "software": "mriqc",
    "version": "23.0.0",
    "warnings": {
      "large_rot_frame": false,
      "small_air_mask": false
    },
    "webapi_port": null,
    "webapi_url": "https://mriqc.nimh.nih.gov/api/v1"
  },
  "qi_1": 0.010928733418718794,
  "qi_2": 0.0004048475109169807,
  "rpve_csf": 8.581247278361083,
  "rpve_gm": 2.7732543943900883,
  "rpve_wm": 4.552862376533525,
  "size_x": 384,
  "size_y": 60,
  "size_z": 384,
  "snr_csf": 3.7904093552083067,
  "snr_gm": 6.9965934437439445,
  "snr_total": 4.889942849198834,
  "snr_wm": 3.88282574864425,
  "snrd_csf": 31.8532680815823,
  "snrd_gm": 11.689294715799234,
  "snrd_total": 16.658065229278897,
  "snrd_wm": 6.4316328904551545,
  "spacing_x": 0.4322916269302368,
  "spacing_y": 1.499998927116394,
  "spacing_z": 0.4322916567325592,
  "summary_bg_k": 90.28921477085419,
  "summary_bg_mad": 0.0,
  "summary_bg_mean": 37.01877889026865,
  "summary_bg_median": 0.0,
  "summary_bg_n": 1454424.0,
  "summary_bg_p05": 0.0,
  "summary_bg_p95": 152.2766860127449,
  "summary_bg_stdv": 101.84892505789374,
  "summary_csf_k": 0.8455103838516473,
  "summary_csf_mad": 1017.4214794449492,
  "summary_csf_mean": 5120.278578948284,
  "summary_csf_median": 4951.978112787008,
  "summary_csf_n": 123218.0,
  "summary_csf_p05": 3071.2677337367086,
  "summary_csf_p95": 7186.9868253842,
  "summary_csf_stdv": 1306.4441210192704,
  "summary_gm_k": 0.7651137638623009,
  "summary_gm_mad": 237.20159945000086,
  "summary_gm_mean": 1824.0315822711807,
  "summary_gm_median": 1817.2430985197425,
  "summary_gm_n": 252566.0,
  "summary_gm_p05": 1407.5640731602907,
  "summary_gm_p95": 2259.2684787511826,
  "summary_gm_stdv": 259.73204182390316,
  "summary_wm_k": 1.4435306471986786,
  "summary_wm_mad": 234.98820971951875,
  "summary_wm_mean": 999.430434429492,
  "summary_wm_median": 999.8755927160382,
  "summary_wm_n": 180789.0,
  "summary_wm_p05": 579.6217974945903,
  "summary_wm_p95": 1413.0380716770887,
  "summary_wm_stdv": 257.51164026621933,
  "tpm_overlap_csf": 0.14445081120858497,
  "tpm_overlap_gm": 0.4210998753258527,
  "tpm_overlap_wm": 0.3510987540844275,
  "wm2max": 0.13752802067112715
}