{
  "bids_meta": {
    "AcquisitionMatrixPE": 256,
    "AcquisitionNumber": 1,
    "AcquisitionTime": "17:42:53.102500",
    "BaseResolution": 256,
    "BodyPartExamined": "BRAIN",
    "ConsistencyInfo": "N4_VE11A_LATEST_20140830",
    "ConversionSoftware": "dcm2niix",
    "ConversionSoftwareVersion": "v1.0.20190410  GCC6.3.0",
    "DeviceSerialNumber": "45239",
    "DwellTime": 1.09e-05,
    "EchoTime": 0.00243,
    "FlipAngle": 9,
    "ImageOrientationPatientDICOM": [
      0.0157074,
      0.999877,
      0,
      0,
      0,
      -1
    ],
    "ImageType": [
      "ORIGINAL",
      "PRIMARY",
      "M",
      "ND",
      "NORM"
    ],
    "ImagingFrequency": 123.225,
    "InPlanePhaseEncodingDirectionDICOM": "ROW",
    "InstitutionAddress": "E_24th_St._100_Austin_Southmiddle_US_78712",
    "InstitutionName": "The_Univ._of_Texas_at_Austin_IRC",
    "InstitutionalDepartmentName": "IRC",
    "InversionTime": 0.9,
    "MRAcquisitionType": "3D",
    "MagneticFieldStrength": 3,
    "Manufacturer": "Siemens",
    "ManufacturersModelName": "Skyra",
    "Modality": "MR",
    "PartialFourier": 1,
    "PatientPosition": "HFS",
    "PercentPhaseFOV": 100,
    "PhaseEncodingSteps": 255,
    "PhaseResolution": 1,
    "PixelBandwidth": 180,
    "ProcedureStepDescription": "Preston_fMRI",
    "ProtocolName": "mprage",
    "PulseSequenceDetails": "%SiemensSeq%_tfl",
    "ReceiveCoilActiveElements": "HEA;HEP",
    "ReceiveCoilName": "Head_32",
    "ReconMatrixPE": 256,
    "RefLinesPE": 48,
    "RepetitionTime": 1.9,
    "SAR": 0.0961447,
    "ScanOptions": "IR",
    "ScanningSequence": "GR_IR",
    "SequenceName": "_tfl3d1_16ns",
    "SequenceVariant": "SK_SP_MP",
    "SeriesDescription": "mprage",
    "SeriesNumber": 2,
    "ShimSetting": [
      -2851,
      8065,
      -15920,
      -530,
      404,
      -610,
      -324,
      -43
    ],
    "SliceThickness": 1,
    "SoftwareVersions": "syngo_MR_E11",
    "StationName": "AWP45239",
    "TxRefAmp": 342.411,
    "dataset": "ds004094",
    "modality": "T1w",
    "subject_id": "101"
  },
  "cjv": 0.3471007656524361,
  "cnr": 3.9076440183290737,
  "efc": 0.5712161721893826,
  "fber": -1.0,
  "fwhm_avg": 4.26216,
  "fwhm_x": 4.15755,
  "fwhm_y": 4.36846,
  "fwhm_z": 4.26047,
  "icvs_csf": 0.17498760686002657,
  "icvs_gm": 0.4560278345048369,
  "icvs_wm": 0.3689845586351365,
  "inu_med": 0.41873911023139954,
  "inu_range": 0.1562856137752533,
  "provenance": {
    "md5sum": "3356ab8e4c1ddfb488d4249f89af609f",
    "settings": {
      "testing": false
    },
    "software": "mriqc",
    "version": "23.0.0",
    "warnings": {
      "large_rot_frame": true,
      "small_air_mask": false
    },
    "webapi_port": null,
    "webapi_url": "https://mriqc.nimh.nih.gov/api/v1"
  },
  "qi_1": 0.007707059618128604,
  "qi_2": 0.02242936467638646,
  "rpve_csf": 27.025339364559052,
  "rpve_gm": 11.526660760748014,
  "rpve_wm": 15.864620163235633,
  "size_x": 192,
  "size_y": 256,
  "size_z": 256,
  "snr_csf": 2.9090895263787764,
  "snr_gm": 16.41204844639881,
  "snr_total": 14.763406348839945,
  "snr_wm": 24.969081073742256,
  "snrd_csf": 42.07794632452341,
  "snrd_gm": 93.23513224568211,
  "snrd_total": 86.00366543855917,
  "snrd_wm": 122.69791774547198,
  "spacing_x": 1.0,
  "spacing_y": 1.0,
  "spacing_z": 1.0,
  "summary_bg_k": 34.090207997166836,
  "summary_bg_mad": 0.0,
  "summary_bg_mean": 2.0080014889986213,
  "summary_bg_median": 0.0,
  "summary_bg_n": 2832343.0,
  "summary_bg_p05": 0.0,
  "summary_bg_p95": 8.39706727489829,
  "summary_bg_stdv": 5.3394257878753155,
  "summary_csf_k": 24.618460116297626,
  "summary_csf_mad": 80.65880088062391,
  "summary_csf_mean": 355.3004160541864,
  "summary_csf_median": 342.93938133493066,
  "summary_csf_n": 34384.0,
  "summary_csf_p05": 198.94544671084734,
  "summary_csf_p95": 543.4440018050373,
  "summary_csf_stdv": 117.88375410434124,
  "summary_gm_k": 0.17524382598326138,
  "summary_gm_mad": 45.82355064522402,
  "summary_gm_mean": 760.0263401589531,
  "summary_gm_median": 759.8754541017115,
  "summary_gm_n": 46494.0,
  "summary_gm_p05": 684.7749228402972,
  "summary_gm_p95": 836.0798251926899,
  "summary_gm_stdv": 46.299356523425075,
  "summary_wm_k": 0.7135902176606175,
  "summary_wm_mad": 37.52387693142069,
  "summary_wm_mean": 1001.1000553366754,
  "summary_wm_median": 1000.0000398829579,
  "summary_wm_n": 233710.0,
  "summary_wm_p05": 937.6725123636425,
  "summary_wm_p95": 1068.2409950606525,
  "summary_wm_stdv": 40.04944745558369,
  "tpm_overlap_csf": 0.1603944518918035,
  "tpm_overlap_gm": 0.4648364314605839,
  "tpm_overlap_wm": 0.5051259534901327,
  "wm2max": 0.4739182422838353
}