{
  "bids_meta": {
    "AcquisitionMatrixPE": 384,
    "AcquisitionNumber": 1,
    "AcquisitionTime": "19:08:30.717500",
    "BaseResolution": 384,
    "BodyPartExamined": "BRAIN",
    "ConsistencyInfo": "N4_VE11C_LATEST_20160120",
    "ConversionSoftware": "dcm2niix",
    "ConversionSoftwareVersion": "v1.0.20190410  GCC6.3.0",
    "DeviceSerialNumber": "45239",
    "DwellTime": 6e-06,
    "EchoTime": 0.082,
    "EchoTrainLength": 18,
    "FlipAngle": 150,
    "ImageOrientationPatientDICOM": [
      0.99999,
      -0.00450278,
      -1.48458e-10,
      0.00241199,
      0.535661,
      -0.844429
    ],
    "ImageType": [
      "ORIGINAL",
      "PRIMARY",
      "M",
      "ND",
      "NORM"
    ],
    "ImagingFrequency": 123.172,
    "InPlanePhaseEncodingDirectionDICOM": "ROW",
    "InstitutionAddress": "E_24th_St._100_Austin_Southmiddle_US_78712",
    "InstitutionName": "The_Univ._of_Texas_at_Austin_IRC",
    "InstitutionalDepartmentName": "IRC",
    "MRAcquisitionType": "2D",
    "MagneticFieldStrength": 3,
    "Manufacturer": "Siemens",
    "ManufacturersModelName": "Skyra",
    "Modality": "MR",
    "PartialFourier": 1,
    "PatientPosition": "HFS",
    "PercentPhaseFOV": 100,
    "PhaseEncodingDirection": "i",
    "PhaseEncodingSteps": 396,
    "PhaseResolution": 1,
    "PixelBandwidth": 215,
    "ProcedureStepDescription": "Preston_fMRI",
    "ProtocolName": "T2_coronal_matrix384",
    "PulseSequenceDetails": "%SiemensSeq%_tse",
    "ReceiveCoilActiveElements": "HEA;HEP",
    "ReceiveCoilName": "Head_32",
    "ReconMatrixPE": 384,
    "RepetitionTime": 13.15,
    "SAR": 0.543777,
    "ScanningSequence": "SE",
    "SequenceName": "_tse2d1_18",
    "SequenceVariant": "SK_SP_OSP",
    "SeriesDescription": "T2_coronal_matrix384",
    "SeriesNumber": 3,
    "ShimSetting": [
      -2751,
      8072,
      -15888,
      -462,
      637,
      -681,
      -484,
      -138
    ],
    "SliceThickness": 1.5,
    "SoftwareVersions": "syngo_MR_E11",
    "SpacingBetweenSlices": 1.5,
    "StationName": "AWP45239",
    "TxRefAmp": 340.092,
    "dataset": "ds004094",
    "modality": "T2w",
    "run_id": 1,
    "subject_id": "123"
  },
  "cjv": 0.4753059553514472,
  "cnr": 2.5934793823493862,
  "efc": 0.6848323495958545,
  "fber": 1276.1411796161406,
  "fwhm_avg": 2.774595611905236,
  "fwhm_x": 3.070056938020107,
  "fwhm_y": 2.0667611497599325,
  "fwhm_z": 3.1869687479356683,
  "icvs_csf": 0.14412551389003458,
  "icvs_gm": 0.45772458079135897,
  "icvs_wm": 0.39814990531860645,
  "inu_med": 0.9547729790210724,
  "inu_range": 0.351093128323555,
  "provenance": {
    "md5sum": "25acabe75278e58a2591aebf5695b10c",
    "settings": {
      "testing": false
    },
    "software": "mriqc",
    "version": "23.0.0",
    "warnings": {
      "large_rot_frame": false,
      "small_air_mask": false
    },
    "webapi_port": null,
    "webapi_url": "https://mriqc.nimh.nih.gov/api/v1"
  },
  "qi_1": 0.001519192095829326,
  "qi_2": 0.0007249979279757493,
  "rpve_csf": 11.729337023609277,
  "rpve_gm": 3.5560377262462235,
  "rpve_wm": 4.204235769960307,
  "size_x": 384,
  "size_y": 60,
  "size_z": 384,
  "snr_csf": 3.594838774132114,
  "snr_gm": 8.324988888343025,
  "snr_total": 5.618132795812117,
  "snr_wm": 4.934570724961213,
  "snrd_csf": 27.258786987278356,
  "snrd_gm": 10.641387126532077,
  "snrd_total": 14.573717239581896,
  "snrd_wm": 5.820977604935252,
  "spacing_x": 0.4322916567325592,
  "spacing_y": 1.4999991655349731,
  "spacing_z": 0.4322916567325592,
  "summary_bg_k": 465.4236408723992,
  "summary_bg_mad": 0.0,
  "summary_bg_mean": 21.96035768452557,
  "summary_bg_median": 0.0,
  "summary_bg_n": 1559709.0,
  "summary_bg_p05": 0.0,
  "summary_bg_p95": 75.1952098235488,
  "summary_bg_stdv": 112.54748943750484,
  "summary_csf_k": 2.8060942611241186,
  "summary_csf_mad": 759.9347522995985,
  "summary_csf_mean": 4321.361247788746,
  "summary_csf_median": 4682.853891998529,
  "summary_csf_n": 79936.0,
  "summary_csf_p05": 747.1387491002679,
  "summary_csf_p95": 5804.070091390982,
  "summary_csf_stdv": 1302.6521896709073,
  "summary_gm_k": 0.6245350738616455,
  "summary_gm_mad": 203.46333205350268,
  "summary_gm_mean": 1835.8610847127682,
  "summary_gm_median": 1828.1100015565753,
  "summary_gm_n": 165778.0,
  "summary_gm_p05": 1487.3248827829957,
  "summary_gm_p95": 2205.2626471295953,
  "summary_gm_stdv": 219.592423766335,
  "summary_wm_k": 0.6363744964790952,
  "summary_wm_mad": 190.14227212170672,
  "summary_wm_mean": 1001.1137129355332,
  "summary_wm_median": 1000.0000236704946,
  "summary_wm_n": 387469.0,
  "summary_wm_p05": 671.7296126484871,
  "summary_wm_p95": 1333.618600398302,
  "summary_wm_stdv": 202.651616316975,
  "tpm_overlap_csf": 0.1253698295590641,
  "tpm_overlap_gm": 0.4168858180128939,
  "tpm_overlap_wm": 0.42128146871245165,
  "wm2max": 0.16721217649478637
}