{
  "bids_meta": {
    "AcquisitionMatrixPE": 384,
    "AcquisitionNumber": 1,
    "AcquisitionTime": "19:14:25.702500",
    "BaseResolution": 384,
    "BodyPartExamined": "BRAIN",
    "ConsistencyInfo": "N4_VE11C_LATEST_20160120",
    "ConversionSoftware": "dcm2niix",
    "ConversionSoftwareVersion": "v1.0.20190410  GCC6.3.0",
    "DeviceSerialNumber": "45239",
    "DwellTime": 6e-06,
    "EchoTime": 0.082,
    "EchoTrainLength": 18,
    "FlipAngle": 150,
    "ImageOrientationPatientDICOM": [
      0.99999,
      -0.00450278,
      -1.48458e-10,
      0.00241199,
      0.535661,
      -0.844429
    ],
    "ImageType": [
      "ORIGINAL",
      "PRIMARY",
      "M",
      "ND",
      "NORM"
    ],
    "ImagingFrequency": 123.172,
    "InPlanePhaseEncodingDirectionDICOM": "ROW",
    "InstitutionAddress": "E_24th_St._100_Austin_Southmiddle_US_78712",
    "InstitutionName": "The_Univ._of_Texas_at_Austin_IRC",
    "InstitutionalDepartmentName": "IRC",
    "MRAcquisitionType": "2D",
    "MagneticFieldStrength": 3,
    "Manufacturer": "Siemens",
    "ManufacturersModelName": "Skyra",
    "Modality": "MR",
    "PartialFourier": 1,
    "PatientPosition": "HFS",
    "PercentPhaseFOV": 100,
    "PhaseEncodingDirection": "i",
    "PhaseEncodingSteps": 396,
    "PhaseResolution": 1,
    "PixelBandwidth": 215,
    "ProcedureStepDescription": "Preston_fMRI",
    "ProtocolName": "T2_coronal_matrix384",
    "PulseSequenceDetails": "%SiemensSeq%_tse",
    "ReceiveCoilActiveElements": "HEA;HEP",
    "ReceiveCoilName": "Head_32",
    "ReconMatrixPE": 384,
    "RepetitionTime": 13.15,
    "SAR": 0.543777,
    "ScanningSequence": "SE",
    "SequenceName": "_tse2d1_18",
    "SequenceVariant": "SK_SP_OSP",
    "SeriesDescription": "T2_coronal_matrix384",
    "SeriesNumber": 4,
    "ShimSetting": [
      -2751,
      8072,
      -15888,
      -462,
      637,
      -681,
      -484,
      -138
    ],
    "SliceThickness": 1.5,
    "SoftwareVersions": "syngo_MR_E11",
    "SpacingBetweenSlices": 1.5,
    "StationName": "AWP45239",
    "TxRefAmp": 340.092,
    "dataset": "ds004094",
    "modality": "T2w",
    "run_id": 2,
    "subject_id": "123"
  },
  "cjv": 0.476693950456007,
  "cnr": 2.4854322676502614,
  "efc": 0.6855541449231305,
  "fber": 1285.6791665748635,
  "fwhm_avg": 2.761734138929525,
  "fwhm_x": 3.0370236842489517,
  "fwhm_y": 2.0660678160408903,
  "fwhm_z": 3.1821109164987336,
  "icvs_csf": 0.14578624891056993,
  "icvs_gm": 0.45730536024163365,
  "icvs_wm": 0.39690839084779644,
  "inu_med": 0.9618009924888611,
  "inu_range": 0.3333481907844542,
  "provenance": {
    "md5sum": "ca9cbf5de33f8715ee2977589c6e6c2e",
    "settings": {
      "testing": false
    },
    "software": "mriqc",
    "version": "23.0.0",
    "warnings": {
      "large_rot_frame": true,
      "small_air_mask": false
    },
    "webapi_port": null,
    "webapi_url": "https://mriqc.nimh.nih.gov/api/v1"
  },
  "qi_1": 0.000841068040134283,
  "qi_2": 0.0003624183610633479,
  "rpve_csf": 11.609693975689447,
  "rpve_gm": 3.548949630985466,
  "rpve_wm": 4.2088992367112,
  "size_x": 384,
  "size_y": 60,
  "size_z": 384,
  "snr_csf": 3.535405546547168,
  "snr_gm": 8.216162798424929,
  "snr_total": 5.5846445476421875,
  "snr_wm": 5.002365297954467,
  "snrd_csf": 21.118556639236594,
  "snrd_gm": 8.190534033587937,
  "snrd_total": 11.263835250833216,
  "snrd_wm": 4.482415079675116,
  "spacing_x": 0.4322916567325592,
  "spacing_y": 1.4999991655349731,
  "spacing_z": 0.4322916567325592,
  "summary_bg_k": 279.09676101242195,
  "summary_bg_mad": 0.0,
  "summary_bg_mean": 29.070691295541938,
  "summary_bg_median": 0.0,
  "summary_bg_n": 1627665.0,
  "summary_bg_p05": 0.0,
  "summary_bg_p95": 79.81670963019133,
  "summary_bg_stdv": 146.15701382567528,
  "summary_csf_k": 2.70127075491774,
  "summary_csf_mad": 660.408919392568,
  "summary_csf_mean": 4260.527559767529,
  "summary_csf_median": 4711.423719853163,
  "summary_csf_n": 83093.0,
  "summary_csf_p05": 446.3981263563037,
  "summary_csf_p95": 5591.965070553124,
  "summary_csf_stdv": 1332.6322277410645,
  "summary_gm_k": 0.6183164422833074,
  "summary_gm_mad": 206.02230404016956,
  "summary_gm_mean": 1833.0991764543762,
  "summary_gm_median": 1827.2591722682118,
  "summary_gm_n": 165445.0,
  "summary_gm_p05": 1477.3017965331674,
  "summary_gm_p95": 2207.352950517832,
  "summary_gm_stdv": 222.3974493731439,
  "summary_wm_k": 0.6217742684046867,
  "summary_wm_mad": 188.32713682199548,
  "summary_wm_mean": 1001.2875460647803,
  "summary_wm_median": 1000.0000042319298,
  "summary_wm_n": 394799.0,
  "summary_wm_p05": 677.4296703860164,
  "summary_wm_p95": 1330.242972381413,
  "summary_wm_stdv": 199.90518048987641,
  "tpm_overlap_csf": 0.1245603969125236,
  "tpm_overlap_gm": 0.415508236589728,
  "tpm_overlap_wm": 0.4248800065633198,
  "wm2max": 0.17156647652479157
}