{
  "aor": 0.0004598322147651007,
  "aqi": 0.003887442181208054,
  "bids_meta": {
    "AcquisitionMatrixPE": 128,
    "AcquisitionNumber": 1,
    "AcquisitionTime": "20:54:29.255000",
    "BandwidthPerPixelPhaseEncode": 20.292,
    "BaseResolution": 128,
    "BodyPartExamined": "BRAIN",
    "CogAtlasID": "http://www.cognitiveatlas.org/task/id/TODO",
    "ConsistencyInfo": "N4_VE11C_LATEST_20160120",
    "ConversionSoftware": "dcm2niix",
    "ConversionSoftwareVersion": "v1.0.20190410  GCC6.3.0",
    "DerivedVendorReportedEchoSpacing": 0.000770008,
    "DeviceSerialNumber": "45239",
    "DwellTime": 2.6e-06,
    "EchoTime": 0.03,
    "EchoTrainLength": 55,
    "EffectiveEchoSpacing": 0.000385004,
    "FlipAngle": 73,
    "ImageComments": "Unaliased_MB3_PE4_LB_SENSE1",
    "ImageOrientationPatientDICOM": [
      1,
      0,
      0,
      0,
      0.997185,
      -0.0749787
    ],
    "ImageType": [
      "ORIGINAL",
      "PRIMARY",
      "M",
      "MB",
      "ND",
      "MOSAIC"
    ],
    "ImagingFrequency": 123.172,
    "InPlanePhaseEncodingDirectionDICOM": "COL",
    "InstitutionAddress": "E_24th_St._100_Austin_Southmiddle_US_78712",
    "InstitutionName": "The_Univ._of_Texas_at_Austin_IRC",
    "InstitutionalDepartmentName": "IRC",
    "MRAcquisitionType": "2D",
    "MagneticFieldStrength": 3,
    "Manufacturer": "Siemens",
    "ManufacturersModelName": "Skyra",
    "Modality": "MR",
    "MultibandAccelerationFactor": 3,
    "ParallelReductionFactorInPlane": 2,
    "PartialFourier": 0.875,
    "PatientPosition": "HFS",
    "PercentPhaseFOV": 100,
    "PhaseEncodingDirection": "j-",
    "PhaseEncodingSteps": 111,
    "PhaseResolution": 1,
    "PixelBandwidth": 1500,
    "ProcedureStepDescription": "Preston_fMRI",
    "ProtocolName": "functional_run",
    "PulseSequenceDetails": "%CustomerSeq%_cmrr_mbep2d_bold",
    "ReceiveCoilActiveElements": "HEA;HEP",
    "ReceiveCoilName": "Head_32",
    "ReconMatrixPE": 128,
    "RefLinesPE": 92,
    "RepetitionTime": 2,
    "SAR": 0.136098,
    "ScanOptions": "PFP_FS",
    "ScanningSequence": "EP",
    "SequenceName": "epfid2d1_128",
    "SequenceVariant": "SK_SS",
    "SeriesDescription": "functional_run",
    "SeriesNumber": 24,
    "ShimSetting": [
      -2715,
      8035,
      -15424,
      -111,
      874,
      -946,
      -97,
      -261
    ],
    "SliceThickness": 1.7,
    "SliceTiming": [
      0,
      1.03,
      0.08,
      1.11,
      0.1575,
      1.1875,
      0.2375,
      1.2675,
      0.3175,
      1.3475,
      0.395,
      1.425,
      0.475,
      1.505,
      0.555,
      1.585,
      0.6325,
      1.6625,
      0.7125,
      1.7425,
      0.7925,
      1.8225,
      0.87,
      1.9,
      0.95,
      0,
      1.03,
      0.08,
      1.11,
      0.1575,
      1.1875,
      0.2375,
      1.2675,
      0.3175,
      1.3475,
      0.395,
      1.425,
      0.475,
      1.505,
      0.555,
      1.585,
      0.6325,
      1.6625,
      0.7125,
      1.7425,
      0.7925,
      1.8225,
      0.87,
      1.9,
      0.95,
      0,
      1.03,
      0.08,
      1.11,
      0.1575,
      1.1875,
      0.2375,
      1.2675,
      0.3175,
      1.3475,
      0.395,
      1.425,
      0.475,
      1.505,
      0.555,
      1.585,
      0.6325,
      1.6625,
      0.7125,
      1.7425,
      0.7925,
      1.8225,
      0.87,
      1.9,
      0.95
    ],
    "SoftwareVersions": "syngo_MR_E11",
    "SpacingBetweenSlices": 1.7,
    "StationName": "AWP45239",
    "TaskName": "struct",
    "TotalReadoutTime": 0.0488955,
    "TxRefAmp": 316.938,
    "WipMemBlock": "a1e3758a-ab12-46e4-9a75-728b7b3b88e2||Sequence: R016 ve11c/master r/e634e98; Dec 19 2017 11:00:25 by eja",
    "dataset": "ds004094",
    "modality": "bold",
    "run_id": 5,
    "subject_id": "122",
    "task_id": "struct"
  },
  "dummy_trs": 0,
  "dvars_nstd": 38.98803310215491,
  "dvars_std": 1.0499328508417511,
  "dvars_vstd": 1.010954033400674,
  "efc": 0.45390563435222053,
  "fber": 22777.07421875,
  "fd_mean": 0.09062490426025564,
  "fd_num": 3,
  "fd_perc": 1.0067114093959733,
  "fwhm_avg": 3.3500855962511538,
  "fwhm_x": 3.064791272727273,
  "fwhm_y": 3.4906065454545456,
  "fwhm_z": 3.494858970571643,
  "gcor": 0.0069991,
  "gsr_x": -0.008524221368134022,
  "gsr_y": 0.06674981862306595,
  "provenance": {
    "md5sum": "46c112eaaab84ab92d4bf965b56ca077",
    "settings": {
      "fd_thres": 0.2,
      "testing": false
    },
    "software": "mriqc",
    "version": "23.0.0",
    "webapi_port": null,
    "webapi_url": "https://mriqc.nimh.nih.gov/api/v1"
  },
  "size_t": 298,
  "size_x": 128,
  "size_y": 128,
  "size_z": 75,
  "snr": 2.0748445157801925,
  "spacing_tr": 2.0,
  "spacing_x": 1.71875,
  "spacing_y": 1.71875,
  "spacing_z": 1.6999999284744263,
  "summary_bg_k": 35.77738449401969,
  "summary_bg_mad": 30.6970016927921,
  "summary_bg_mean": 392.7541809082031,
  "summary_bg_median": 58.18174743652344,
  "summary_bg_n": 848294.0,
  "summary_bg_p05": 34.32916145324707,
  "summary_bg_p95": 2244.4328735351555,
  "summary_bg_stdv": 1079.03564453125,
  "summary_fg_k": 1.8187212610377186,
  "summary_fg_mad": 3766.146984923088,
  "summary_fg_mean": 9674.935546875,
  "summary_fg_median": 8796.59765625,
  "summary_fg_n": 247747.0,
  "summary_fg_p05": 4524.198291015625,
  "summary_fg_p95": 17580.787109375,
  "summary_fg_stdv": 4239.63330078125,
  "tsnr": 37.660640716552734
}