{
  "bids_meta": {
    "AcquisitionMatrixPE": 384,
    "AcquisitionNumber": 1,
    "AcquisitionTime": "19:05:54.772500",
    "BaseResolution": 384,
    "BodyPartExamined": "BRAIN",
    "ConsistencyInfo": "N4_VE11C_LATEST_20160120",
    "ConversionSoftware": "dcm2niix",
    "ConversionSoftwareVersion": "v1.0.20190410  GCC6.3.0",
    "DeviceSerialNumber": "45239",
    "DwellTime": 6e-06,
    "EchoTime": 0.082,
    "EchoTrainLength": 18,
    "FlipAngle": 150,
    "ImageOrientationPatientDICOM": [
      1,
      0.000352528,
      7.22e-13,
      -0.000195598,
      0.554844,
      -0.831955
    ],
    "ImageType": [
      "ORIGINAL",
      "PRIMARY",
      "M",
      "ND",
      "NORM"
    ],
    "ImagingFrequency": 123.172,
    "InPlanePhaseEncodingDirectionDICOM": "ROW",
    "InstitutionAddress": "E_24th_St._100_Austin_Southmiddle_US_78712",
    "InstitutionName": "The_Univ._of_Texas_at_Austin_IRC",
    "InstitutionalDepartmentName": "IRC",
    "MRAcquisitionType": "2D",
    "MagneticFieldStrength": 3,
    "Manufacturer": "Siemens",
    "ManufacturersModelName": "Skyra",
    "Modality": "MR",
    "PartialFourier": 1,
    "PatientPosition": "HFS",
    "PercentPhaseFOV": 100,
    "PhaseEncodingDirection": "i",
    "PhaseEncodingSteps": 396,
    "PhaseResolution": 1,
    "PixelBandwidth": 215,
    "ProcedureStepDescription": "Preston_fMRI",
    "ProtocolName": "T2_coronal_matrix384",
    "PulseSequenceDetails": "%SiemensSeq%_tse",
    "ReceiveCoilActiveElements": "HEA;HEP",
    "ReceiveCoilName": "Head_32",
    "ReconMatrixPE": 384,
    "RepetitionTime": 13.15,
    "SAR": 0.577242,
    "ScanningSequence": "SE",
    "SequenceName": "_tse2d1_18",
    "SequenceVariant": "SK_SP_OSP",
    "SeriesDescription": "T2_coronal_matrix384",
    "SeriesNumber": 3,
    "ShimSetting": [
      -2751,
      8072,
      -15888,
      -462,
      637,
      -681,
      -484,
      -138
    ],
    "SliceThickness": 1.5,
    "SoftwareVersions": "syngo_MR_E11",
    "SpacingBetweenSlices": 1.5,
    "StationName": "AWP45239",
    "TxRefAmp": 330.342,
    "dataset": "ds004094",
    "modality": "T2w",
    "run_id": 1,
    "subject_id": "119"
  },
  "cjv": 0.3013299951449413,
  "cnr": 2.6618314615957233,
  "efc": 0.6922290917806071,
  "fber": 335.34765625,
  "fwhm_avg": 2.6728695260222093,
  "fwhm_x": 3.0064424787269153,
  "fwhm_y": 1.9320233779553027,
  "fwhm_z": 3.08014272138441,
  "icvs_csf": 0.34363258306943895,
  "icvs_gm": 0.14449618176174042,
  "icvs_wm": 0.5118712351688206,
  "inu_med": 0.9618102014064789,
  "inu_range": 0.34892506301403015,
  "provenance": {
    "md5sum": "266c8d756245e04411b9525845a59d94",
    "settings": {
      "testing": false
    },
    "software": "mriqc",
    "version": "23.0.0",
    "warnings": {
      "large_rot_frame": false,
      "small_air_mask": false
    },
    "webapi_port": null,
    "webapi_url": "https://mriqc.nimh.nih.gov/api/v1"
  },
  "qi_1": 0.0033249049316104885,
  "qi_2": 0.001824683194600035,
  "rpve_csf": 3.780839410471108,
  "rpve_gm": 10.863487804636122,
  "rpve_wm": 2.9844046865384013,
  "size_x": 384,
  "size_y": 60,
  "size_z": 384,
  "snr_csf": 7.723822748814727,
  "snr_gm": 3.4505327545490396,
  "snr_total": 5.469207572551761,
  "snr_wm": 5.233267214291517,
  "snrd_csf": 50.65409428158787,
  "snrd_gm": 124.28415351879376,
  "snrd_total": 67.44154566706122,
  "snrd_wm": 27.38638920080202,
  "spacing_x": 0.4322916567325592,
  "spacing_y": 1.4999973773956299,
  "spacing_z": 0.4322916567325592,
  "summary_bg_k": 19.40946373425471,
  "summary_bg_mad": 0.0,
  "summary_bg_mean": 13.292908689518933,
  "summary_bg_median": 0.0,
  "summary_bg_n": 1096941.0,
  "summary_bg_p05": 0.0,
  "summary_bg_p95": 57.96949904412031,
  "summary_bg_stdv": 23.924468641371632,
  "summary_csf_k": 0.588940424847971,
  "summary_csf_mad": 227.48512592462004,
  "summary_csf_mean": 1856.587157938309,
  "summary_csf_median": 1849.8014920204878,
  "summary_csf_n": 85183.0,
  "summary_csf_p05": 1477.0210558250546,
  "summary_csf_p95": 2259.7555222876363,
  "summary_csf_stdv": 239.4915955915044,
  "summary_gm_k": 1.7285698216739913,
  "summary_gm_mad": 886.0150769079057,
  "summary_gm_mean": 4203.841438090449,
  "summary_gm_median": 4538.646201737225,
  "summary_gm_n": 77118.0,
  "summary_gm_p05": 1072.9475351005794,
  "summary_gm_p95": 5818.048713073134,
  "summary_gm_stdv": 1315.3379775992803,
  "summary_wm_k": 0.6845912428348315,
  "summary_wm_mad": 180.25370086879354,
  "summary_wm_mean": 1007.8969883596294,
  "summary_wm_median": 1000.1044204458594,
  "summary_wm_n": 682643.0,
  "summary_wm_p05": 710.4658243209124,
  "summary_wm_p95": 1331.8361843451858,
  "summary_wm_stdv": 191.1050299878937,
  "tpm_overlap_csf": 0.09625002523088165,
  "tpm_overlap_gm": 0.11634220961201157,
  "tpm_overlap_wm": 0.48061309333037877,
  "wm2max": 0.1677715907976005
}