{
  "bids_meta": {
    "AcquisitionMatrixPE": 256,
    "AcquisitionNumber": 1,
    "AcquisitionTime": "19:10:47.110000",
    "BaseResolution": 256,
    "BodyPartExamined": "BRAIN",
    "ConsistencyInfo": "N4_VE11C_LATEST_20160120",
    "ConversionSoftware": "dcm2niix",
    "ConversionSoftwareVersion": "v1.0.20190410  GCC6.3.0",
    "DeviceSerialNumber": "45239",
    "DwellTime": 1.09e-05,
    "EchoTime": 0.00243,
    "FlipAngle": 9,
    "ImageOrientationPatientDICOM": [
      -0.0244322,
      0.999701,
      0,
      0,
      0,
      -1
    ],
    "ImageType": [
      "ORIGINAL",
      "PRIMARY",
      "M",
      "ND",
      "NORM"
    ],
    "ImagingFrequency": 123.172,
    "InPlanePhaseEncodingDirectionDICOM": "ROW",
    "InstitutionAddress": "E_24th_St._100_Austin_Southmiddle_US_78712",
    "InstitutionName": "The_Univ._of_Texas_at_Austin_IRC",
    "InstitutionalDepartmentName": "IRC",
    "InversionTime": 0.9,
    "MRAcquisitionType": "3D",
    "MagneticFieldStrength": 3,
    "Manufacturer": "Siemens",
    "ManufacturersModelName": "Skyra",
    "Modality": "MR",
    "PartialFourier": 1,
    "PatientPosition": "HFS",
    "PercentPhaseFOV": 100,
    "PhaseEncodingSteps": 255,
    "PhaseResolution": 1,
    "PixelBandwidth": 180,
    "ProcedureStepDescription": "Preston_fMRI",
    "ProtocolName": "mprage",
    "PulseSequenceDetails": "%SiemensSeq%_tfl",
    "ReceiveCoilActiveElements": "HEA;HEP",
    "ReceiveCoilName": "Head_32",
    "ReconMatrixPE": 256,
    "RefLinesPE": 48,
    "RepetitionTime": 1.9,
    "SAR": 0.10344,
    "ScanOptions": "IR",
    "ScanningSequence": "GR_IR",
    "SequenceName": "_tfl3d1_16ns",
    "SequenceVariant": "SK_SP_MP",
    "SeriesDescription": "mprage",
    "SeriesNumber": 2,
    "ShimSetting": [
      -2751,
      8072,
      -15888,
      -462,
      637,
      -681,
      -484,
      -138
    ],
    "SliceThickness": 1,
    "SoftwareVersions": "syngo_MR_E11",
    "StationName": "AWP45239",
    "TxRefAmp": 317.165,
    "dataset": "ds004094",
    "modality": "T1w",
    "subject_id": "128"
  },
  "cjv": 0.33692679347171334,
  "cnr": 4.016902029840394,
  "efc": 0.5574220639276046,
  "fber": -1.0,
  "fwhm_avg": 3.6620900000000005,
  "fwhm_x": 3.68612,
  "fwhm_y": 3.7678,
  "fwhm_z": 3.53235,
  "icvs_csf": 0.1764597819675179,
  "icvs_gm": 0.4681158354397333,
  "icvs_wm": 0.3554243825927488,
  "inu_med": 0.3942035138607025,
  "inu_range": 0.1009623110294342,
  "provenance": {
    "md5sum": "1c87cdb2f96afefa503e50a1cafa5855",
    "settings": {
      "testing": false
    },
    "software": "mriqc",
    "version": "23.0.0",
    "warnings": {
      "large_rot_frame": true,
      "small_air_mask": false
    },
    "webapi_port": null,
    "webapi_url": "https://mriqc.nimh.nih.gov/api/v1"
  },
  "qi_1": 0.011290917369467031,
  "qi_2": 0.009412800709841183,
  "rpve_csf": 33.23605497814576,
  "rpve_gm": 14.02079111277426,
  "rpve_wm": 20.47960381835779,
  "size_x": 192,
  "size_y": 256,
  "size_z": 256,
  "snr_csf": 1.2660791983067343,
  "snr_gm": 14.443633983785352,
  "snr_total": 14.908538211210287,
  "snr_wm": 29.015901451538774,
  "snrd_csf": 44.918257683734154,
  "snrd_gm": 103.20717213363413,
  "snrd_total": 95.29813238948594,
  "snrd_wm": 137.76896735108954,
  "spacing_x": 1.0,
  "spacing_y": 1.0,
  "spacing_z": 1.0,
  "summary_bg_k": 34.47013751857152,
  "summary_bg_mad": 0.0,
  "summary_bg_mean": 1.914673111898846,
  "summary_bg_median": 0.0,
  "summary_bg_n": 2251854.0,
  "summary_bg_p05": 0.0,
  "summary_bg_p95": 7.538305204361677,
  "summary_bg_stdv": 4.755326405692881,
  "summary_csf_k": 11.858052449809422,
  "summary_csf_mad": 136.9747517770457,
  "summary_csf_mean": 335.5685135498949,
  "summary_csf_median": 326.0404655598104,
  "summary_csf_n": 24235.0,
  "summary_csf_p05": 44.518074967339636,
  "summary_csf_p95": 651.5690276034175,
  "summary_csf_stdv": 257.5144898374624,
  "summary_gm_k": 0.011302022205890605,
  "summary_gm_mad": 52.08679365487659,
  "summary_gm_mean": 748.7526447873261,
  "summary_gm_median": 749.1322278901935,
  "summary_gm_n": 50503.0,
  "summary_gm_p05": 662.9150534830987,
  "summary_gm_p95": 833.0668736051766,
  "summary_gm_stdv": 51.86539703126536,
  "summary_wm_k": 0.46114776319936457,
  "summary_wm_mad": 32.43728467130039,
  "summary_wm_mean": 999.852739799613,
  "summary_wm_median": 1000.0000127144158,
  "summary_wm_n": 174781.0,
  "summary_wm_p05": 942.5686456225812,
  "summary_wm_p95": 1055.923718765378,
  "summary_wm_stdv": 34.46376303895285,
  "tpm_overlap_csf": 0.1359062670735702,
  "tpm_overlap_gm": 0.4715731164541038,
  "tpm_overlap_wm": 0.5077452256007552,
  "wm2max": 0.4932466319630597
}