{
  "bids_meta": {
    "AcquisitionMatrixPE": 384,
    "AcquisitionNumber": 1,
    "AcquisitionTime": "17:11:12.725000",
    "BaseResolution": 384,
    "BodyPartExamined": "BRAIN",
    "ConsistencyInfo": "N4_VE11C_LATEST_20160120",
    "ConversionSoftware": "dcm2niix",
    "ConversionSoftwareVersion": "v1.0.20190410  GCC6.3.0",
    "DeviceSerialNumber": "45239",
    "DwellTime": 6e-06,
    "EchoTime": 0.082,
    "EchoTrainLength": 18,
    "FlipAngle": 150,
    "ImageOrientationPatientDICOM": [
      0.999996,
      -0.00287498,
      -6.1284e-11,
      0.00153606,
      0.534284,
      -0.845303
    ],
    "ImageType": [
      "ORIGINAL",
      "PRIMARY",
      "M",
      "ND",
      "NORM"
    ],
    "ImagingFrequency": 123.172,
    "InPlanePhaseEncodingDirectionDICOM": "ROW",
    "InstitutionAddress": "E_24th_St._100_Austin_Southmiddle_US_78712",
    "InstitutionName": "The_Univ._of_Texas_at_Austin_IRC",
    "InstitutionalDepartmentName": "IRC",
    "MRAcquisitionType": "2D",
    "MagneticFieldStrength": 3,
    "Manufacturer": "Siemens",
    "ManufacturersModelName": "Skyra",
    "Modality": "MR",
    "PartialFourier": 1,
    "PatientPosition": "HFS",
    "PercentPhaseFOV": 100,
    "PhaseEncodingDirection": "i",
    "PhaseEncodingSteps": 396,
    "PhaseResolution": 1,
    "PixelBandwidth": 215,
    "ProcedureStepDescription": "Preston_fMRI",
    "ProtocolName": "T2_coronal_matrix384",
    "PulseSequenceDetails": "%SiemensSeq%_tse",
    "ReceiveCoilActiveElements": "HEA;HEP",
    "ReceiveCoilName": "Head_32",
    "ReconMatrixPE": 384,
    "RepetitionTime": 13.15,
    "SAR": 0.720415,
    "ScanningSequence": "SE",
    "SequenceName": "_tse2d1_18",
    "SequenceVariant": "SK_SP_OSP",
    "SeriesDescription": "T2_coronal_matrix384",
    "SeriesNumber": 3,
    "ShimSetting": [
      -2751,
      8072,
      -15888,
      -462,
      637,
      -681,
      -484,
      -138
    ],
    "SliceThickness": 1.5,
    "SoftwareVersions": "syngo_MR_E11",
    "SpacingBetweenSlices": 1.5,
    "StationName": "AWP45239",
    "TxRefAmp": 320.903,
    "dataset": "ds004094",
    "modality": "T2w",
    "run_id": 1,
    "subject_id": "116"
  },
  "cjv": 1.7915504086109604,
  "cnr": 0.7662184077941425,
  "efc": 0.6748933567113286,
  "fber": 213.21084089840755,
  "fwhm_avg": 2.9262702214567367,
  "fwhm_x": 3.3656675472229085,
  "fwhm_y": 2.1004488367394507,
  "fwhm_z": 3.312694280407851,
  "icvs_csf": 0.17861893426002257,
  "icvs_gm": 0.2930107265640877,
  "icvs_wm": 0.5283703391758897,
  "inu_med": 0.9027571678161621,
  "inu_range": 0.4113525569438927,
  "provenance": {
    "md5sum": "82c78e3d880d91a85ffc6a7a23d072d1",
    "settings": {
      "testing": false
    },
    "software": "mriqc",
    "version": "23.0.0",
    "warnings": {
      "large_rot_frame": false,
      "small_air_mask": false
    },
    "webapi_port": null,
    "webapi_url": "https://mriqc.nimh.nih.gov/api/v1"
  },
  "qi_1": 0.006408446014984421,
  "qi_2": 0.0015718126260222645,
  "rpve_csf": 10.09989489715923,
  "rpve_gm": 4.824999591377329,
  "rpve_wm": 3.1775942770796615,
  "size_x": 384,
  "size_y": 60,
  "size_z": 384,
  "snr_csf": 4.078925544277985,
  "snr_gm": 3.093098593318968,
  "snr_total": 4.465004104454568,
  "snr_wm": 6.2229881757667505,
  "snrd_csf": 111.61384929249306,
  "snrd_gm": 39.8199986284642,
  "snrd_total": 60.246224375204825,
  "snrd_wm": 29.30482520465723,
  "spacing_x": 0.4322916567325592,
  "spacing_y": 1.4999984502792358,
  "spacing_z": 0.4322916269302368,
  "summary_bg_k": 7.716170575911081,
  "summary_bg_mad": 0.0,
  "summary_bg_mean": 13.652640199181404,
  "summary_bg_median": 0.0,
  "summary_bg_n": 1149352.0,
  "summary_bg_p05": 0.0,
  "summary_bg_p95": 59.24611032754183,
  "summary_bg_stdv": 22.363479522692685,
  "summary_csf_k": 4.236143639609478,
  "summary_csf_mad": 399.0946512568761,
  "summary_csf_mean": 3538.493406053523,
  "summary_csf_median": 3810.006638467312,
  "summary_csf_n": 130973.0,
  "summary_csf_p05": 1375.7267980992794,
  "summary_csf_p95": 4584.584030663967,
  "summary_csf_stdv": 934.0675754124514,
  "summary_gm_k": -1.3971941650526354,
  "summary_gm_mad": 475.7809704308818,
  "summary_gm_mean": 1196.7976708665622,
  "summary_gm_median": 1359.2798750326037,
  "summary_gm_n": 24623.0,
  "summary_gm_p05": 563.1423077367247,
  "summary_gm_p95": 1784.229151390493,
  "summary_gm_stdv": 439.44679806041984,
  "summary_wm_k": -0.14995272123150727,
  "summary_wm_mad": 167.28143153153204,
  "summary_wm_mean": 1006.7850890143874,
  "summary_wm_median": 1000.338034003973,
  "summary_wm_n": 553738.0,
  "summary_wm_p05": 755.1554861292243,
  "summary_wm_p95": 1275.3549284487963,
  "summary_wm_stdv": 160.7486793305657,
  "tpm_overlap_csf": 0.16224455975130264,
  "tpm_overlap_gm": 0.2929083572501544,
  "tpm_overlap_wm": 0.4080041846041113,
  "wm2max": 0.2055777627458014
}