{
  "bids_meta": {
    "AcquisitionMatrixPE": 256,
    "AcquisitionNumber": 1,
    "AcquisitionTime": "17:05:3.137500",
    "BaseResolution": 256,
    "BodyPartExamined": "BRAIN",
    "ConsistencyInfo": "N4_VE11C_LATEST_20160120",
    "ConversionSoftware": "dcm2niix",
    "ConversionSoftwareVersion": "v1.0.20190410  GCC6.3.0",
    "DeviceSerialNumber": "45239",
    "DwellTime": 1.09e-05,
    "EchoTime": 0.00243,
    "FlipAngle": 9,
    "ImageOrientationPatientDICOM": [
      -0.0157074,
      0.999877,
      0,
      0,
      0,
      -1
    ],
    "ImageType": [
      "ORIGINAL",
      "PRIMARY",
      "M",
      "ND",
      "NORM"
    ],
    "ImagingFrequency": 123.172,
    "InPlanePhaseEncodingDirectionDICOM": "ROW",
    "InstitutionAddress": "E_24th_St._100_Austin_Southmiddle_US_78712",
    "InstitutionName": "The_Univ._of_Texas_at_Austin_IRC",
    "InstitutionalDepartmentName": "IRC",
    "InversionTime": 0.9,
    "MRAcquisitionType": "3D",
    "MagneticFieldStrength": 3,
    "Manufacturer": "Siemens",
    "ManufacturersModelName": "Skyra",
    "Modality": "MR",
    "PartialFourier": 1,
    "PatientPosition": "HFS",
    "PercentPhaseFOV": 100,
    "PhaseEncodingSteps": 255,
    "PhaseResolution": 1,
    "PixelBandwidth": 180,
    "ProcedureStepDescription": "Preston_fMRI",
    "ProtocolName": "mprage",
    "PulseSequenceDetails": "%SiemensSeq%_tfl",
    "ReceiveCoilActiveElements": "HEA;HEP",
    "ReceiveCoilName": "Head_32",
    "ReconMatrixPE": 256,
    "RefLinesPE": 48,
    "RepetitionTime": 1.9,
    "SAR": 0.129756,
    "ScanOptions": "IR",
    "ScanningSequence": "GR_IR",
    "SequenceName": "_tfl3d1_16ns",
    "SequenceVariant": "SK_SP_MP",
    "SeriesDescription": "mprage",
    "SeriesNumber": 2,
    "ShimSetting": [
      -2751,
      8072,
      -15888,
      -462,
      637,
      -681,
      -484,
      -138
    ],
    "SliceThickness": 1,
    "SoftwareVersions": "syngo_MR_E11",
    "StationName": "AWP45239",
    "TxRefAmp": 320.903,
    "dataset": "ds004094",
    "modality": "T1w",
    "subject_id": "116"
  },
  "cjv": 0.3785136607596599,
  "cnr": 3.56416926129397,
  "efc": 0.5348305164599401,
  "fber": -1.0,
  "fwhm_avg": 4.08716,
  "fwhm_x": 4.20352,
  "fwhm_y": 3.95154,
  "fwhm_z": 4.10642,
  "icvs_csf": 0.21241287030339254,
  "icvs_gm": 0.438353274044759,
  "icvs_wm": 0.3492338556518485,
  "inu_med": 0.42935144901275635,
  "inu_range": 0.13263583630323406,
  "provenance": {
    "md5sum": "27ab6b6360b1a23836254e986f8424d1",
    "settings": {
      "testing": false
    },
    "software": "mriqc",
    "version": "23.0.0",
    "warnings": {
      "large_rot_frame": true,
      "small_air_mask": false
    },
    "webapi_port": null,
    "webapi_url": "https://mriqc.nimh.nih.gov/api/v1"
  },
  "qi_1": 0.007126672763582747,
  "qi_2": 0.06481108449269979,
  "rpve_csf": 28.739970507572938,
  "rpve_gm": 14.623467763363642,
  "rpve_wm": 20.690642519325536,
  "size_x": 192,
  "size_y": 256,
  "size_z": 256,
  "snr_csf": 2.7898616464489776,
  "snr_gm": 15.982399546217843,
  "snr_total": 15.575163913043818,
  "snr_wm": 27.95323054646464,
  "snrd_csf": 65.04679470501165,
  "snrd_gm": 151.6505971812786,
  "snrd_total": 136.76033626967396,
  "snrd_wm": 193.58361692273155,
  "spacing_x": 1.0,
  "spacing_y": 1.0,
  "spacing_z": 1.0,
  "summary_bg_k": 16.49097750875016,
  "summary_bg_mad": 0.0,
  "summary_bg_mean": 1.414018310174549,
  "summary_bg_median": 0.0,
  "summary_bg_n": 2344661.0,
  "summary_bg_p05": 0.0,
  "summary_bg_p95": 7.72522022947669,
  "summary_bg_stdv": 3.384389624396549,
  "summary_csf_k": 1.9192511922053335,
  "summary_csf_mad": 88.63191709669611,
  "summary_csf_mean": 341.68095580357993,
  "summary_csf_median": 336.02727172523737,
  "summary_csf_n": 37261.0,
  "summary_csf_p05": 114.2936428822577,
  "summary_csf_p95": 554.1161812804639,
  "summary_csf_stdv": 120.44423888225889,
  "summary_gm_k": 0.10622283073894678,
  "summary_gm_mad": 48.339342458966804,
  "summary_gm_mean": 781.326069190284,
  "summary_gm_median": 783.416564296931,
  "summary_gm_n": 31792.0,
  "summary_gm_p05": 697.5279619507492,
  "summary_gm_p95": 858.3710087798536,
  "summary_gm_stdv": 49.01668494549106,
  "summary_wm_k": 0.6718696144333443,
  "summary_wm_mad": 33.655459573496934,
  "summary_wm_mean": 1001.4158274265152,
  "summary_wm_median": 1000.0396628342569,
  "summary_wm_n": 181564.0,
  "summary_wm_p05": 945.5273395739496,
  "summary_wm_p95": 1062.3564393520355,
  "summary_wm_stdv": 35.77536081953276,
  "tpm_overlap_csf": 0.1488566548301222,
  "tpm_overlap_gm": 0.4624345133515733,
  "tpm_overlap_wm": 0.49939535094639487,
  "wm2max": 0.44727678991379777
}