{
  "bids_meta": {
    "AcquisitionMatrixPE": 384,
    "AcquisitionNumber": 1,
    "AcquisitionTime": "17:16:16.735000",
    "BaseResolution": 384,
    "BodyPartExamined": "BRAIN",
    "ConsistencyInfo": "N4_VE11C_LATEST_20160120",
    "ConversionSoftware": "dcm2niix",
    "ConversionSoftwareVersion": "v1.0.20190410  GCC6.3.0",
    "DeviceSerialNumber": "45239",
    "DwellTime": 6e-06,
    "EchoTime": 0.082,
    "EchoTrainLength": 18,
    "FlipAngle": 150,
    "ImageOrientationPatientDICOM": [
      0.999723,
      0.023531,
      2.78241e-10,
      -0.0125992,
      0.535283,
      -0.844579
    ],
    "ImageType": [
      "ORIGINAL",
      "PRIMARY",
      "M",
      "ND",
      "NORM"
    ],
    "ImagingFrequency": 123.172,
    "InPlanePhaseEncodingDirectionDICOM": "ROW",
    "InstitutionAddress": "E_24th_St._100_Austin_Southmiddle_US_78712",
    "InstitutionName": "The_Univ._of_Texas_at_Austin_IRC",
    "InstitutionalDepartmentName": "IRC",
    "MRAcquisitionType": "2D",
    "MagneticFieldStrength": 3,
    "Manufacturer": "Siemens",
    "ManufacturersModelName": "Skyra",
    "Modality": "MR",
    "PartialFourier": 1,
    "PatientPosition": "HFS",
    "PercentPhaseFOV": 100,
    "PhaseEncodingDirection": "i",
    "PhaseEncodingSteps": 396,
    "PhaseResolution": 1,
    "PixelBandwidth": 215,
    "ProcedureStepDescription": "Preston_fMRI",
    "ProtocolName": "T2_coronal_matrix384",
    "PulseSequenceDetails": "%SiemensSeq%_tse",
    "ReceiveCoilActiveElements": "HEA;HEP",
    "ReceiveCoilName": "Head_32",
    "ReconMatrixPE": 384,
    "RepetitionTime": 13.15,
    "SAR": 0.633298,
    "ScanningSequence": "SE",
    "SequenceName": "_tse2d1_18",
    "SequenceVariant": "SK_SP_OSP",
    "SeriesDescription": "T2_coronal_matrix384",
    "SeriesNumber": 3,
    "ShimSetting": [
      -2751,
      8072,
      -15888,
      -462,
      637,
      -681,
      -484,
      -138
    ],
    "SliceThickness": 1.5,
    "SoftwareVersions": "syngo_MR_E11",
    "SpacingBetweenSlices": 1.5,
    "StationName": "AWP45239",
    "TxRefAmp": 343.881,
    "dataset": "ds004094",
    "modality": "T2w",
    "run_id": 1,
    "subject_id": "115"
  },
  "cjv": 0.6058923612738283,
  "cnr": 2.1658322036383977,
  "efc": 0.7065369532174771,
  "fber": 1420.5405081905542,
  "fwhm_avg": 2.866657134419894,
  "fwhm_x": 3.2200482667681283,
  "fwhm_y": 2.0905931671879157,
  "fwhm_z": 3.289329969303638,
  "icvs_csf": 0.1970130784096301,
  "icvs_gm": 0.5512111463178989,
  "icvs_wm": 0.251775775272471,
  "inu_med": 0.9142842292785645,
  "inu_range": 0.3462543666362762,
  "provenance": {
    "md5sum": "2e65e829be35cfd6768ed2cec2b6a9bb",
    "settings": {
      "testing": false
    },
    "software": "mriqc",
    "version": "23.0.0",
    "warnings": {
      "large_rot_frame": false,
      "small_air_mask": false
    },
    "webapi_port": null,
    "webapi_url": "https://mriqc.nimh.nih.gov/api/v1"
  },
  "qi_1": 0.0,
  "qi_2": 0.002569660317392256,
  "rpve_csf": 8.044994513425538,
  "rpve_gm": 3.0841267948203646,
  "rpve_wm": 5.842861203889713,
  "size_x": 384,
  "size_y": 60,
  "size_z": 384,
  "snr_csf": 3.888268211068669,
  "snr_gm": 7.056899755751809,
  "snr_total": 5.454430485454215,
  "snr_wm": 5.418123489542166,
  "snrd_csf": 105.77460351236263,
  "snrd_gm": 35.46046422022789,
  "snrd_total": 54.25053839787296,
  "snrd_wm": 21.51654746102836,
  "spacing_x": 0.4322916567325592,
  "spacing_y": 1.5000001192092896,
  "spacing_z": 0.4322916865348816,
  "summary_bg_k": 118.50425104796301,
  "summary_bg_mad": 0.0,
  "summary_bg_mean": 13.33688932418463,
  "summary_bg_median": 0.0,
  "summary_bg_n": 1110872.0,
  "summary_bg_p05": 0.0,
  "summary_bg_p95": 60.73012429475784,
  "summary_bg_stdv": 30.451487945232113,
  "summary_csf_k": 2.155848855708827,
  "summary_csf_mad": 657.5854051257731,
  "summary_csf_mean": 4431.4657779528125,
  "summary_csf_median": 4916.524350911379,
  "summary_csf_n": 135618.0,
  "summary_csf_p05": 1829.9783333837986,
  "summary_csf_p95": 5755.748707106708,
  "summary_csf_stdv": 1264.4462669810887,
  "summary_gm_k": 0.2807766123669415,
  "summary_gm_mad": 223.7476493851028,
  "summary_gm_mean": 1642.127941146144,
  "summary_gm_median": 1648.2428677976131,
  "summary_gm_n": 417467.0,
  "summary_gm_p05": 1252.132337987423,
  "summary_gm_p95": 2020.2091927617735,
  "summary_gm_stdv": 233.56444766746503,
  "summary_wm_k": 1.6410173535399357,
  "summary_wm_mad": 168.9488656246217,
  "summary_wm_mean": 995.6796920970178,
  "summary_wm_median": 1000.1136948466301,
  "summary_wm_n": 126814.0,
  "summary_wm_p05": 688.2747420072556,
  "summary_wm_p95": 1284.0895756781101,
  "summary_wm_stdv": 184.58600169202666,
  "tpm_overlap_csf": 0.15994172183208202,
  "tpm_overlap_gm": 0.4229759367869587,
  "tpm_overlap_wm": 0.3261581746656936,
  "wm2max": 0.16337222263505982
}