{
  "bids_meta": {
    "AcquisitionMatrixPE": 384,
    "AcquisitionNumber": 1,
    "AcquisitionTime": "17:21:55.735000",
    "BaseResolution": 384,
    "BodyPartExamined": "BRAIN",
    "ConsistencyInfo": "N4_VE11C_LATEST_20160120",
    "ConversionSoftware": "dcm2niix",
    "ConversionSoftwareVersion": "v1.0.20190410  GCC6.3.0",
    "DeviceSerialNumber": "45239",
    "DwellTime": 6e-06,
    "EchoTime": 0.082,
    "EchoTrainLength": 18,
    "FlipAngle": 150,
    "ImageOrientationPatientDICOM": [
      0.999723,
      0.023531,
      2.78241e-10,
      -0.0125992,
      0.535283,
      -0.844579
    ],
    "ImageType": [
      "ORIGINAL",
      "PRIMARY",
      "M",
      "ND",
      "NORM"
    ],
    "ImagingFrequency": 123.172,
    "InPlanePhaseEncodingDirectionDICOM": "ROW",
    "InstitutionAddress": "E_24th_St._100_Austin_Southmiddle_US_78712",
    "InstitutionName": "The_Univ._of_Texas_at_Austin_IRC",
    "InstitutionalDepartmentName": "IRC",
    "MRAcquisitionType": "2D",
    "MagneticFieldStrength": 3,
    "Manufacturer": "Siemens",
    "ManufacturersModelName": "Skyra",
    "Modality": "MR",
    "PartialFourier": 1,
    "PatientPosition": "HFS",
    "PercentPhaseFOV": 100,
    "PhaseEncodingDirection": "i",
    "PhaseEncodingSteps": 396,
    "PhaseResolution": 1,
    "PixelBandwidth": 215,
    "ProcedureStepDescription": "Preston_fMRI",
    "ProtocolName": "T2_coronal_matrix384",
    "PulseSequenceDetails": "%SiemensSeq%_tse",
    "ReceiveCoilActiveElements": "HEA;HEP",
    "ReceiveCoilName": "Head_32",
    "ReconMatrixPE": 384,
    "RepetitionTime": 13.15,
    "SAR": 0.633298,
    "ScanningSequence": "SE",
    "SequenceName": "_tse2d1_18",
    "SequenceVariant": "SK_SP_OSP",
    "SeriesDescription": "T2_coronal_matrix384",
    "SeriesNumber": 4,
    "ShimSetting": [
      -2751,
      8072,
      -15888,
      -462,
      637,
      -681,
      -484,
      -138
    ],
    "SliceThickness": 1.5,
    "SoftwareVersions": "syngo_MR_E11",
    "SpacingBetweenSlices": 1.5,
    "StationName": "AWP45239",
    "TxRefAmp": 343.881,
    "dataset": "ds004094",
    "modality": "T2w",
    "run_id": 2,
    "subject_id": "115"
  },
  "cjv": 0.18503905649851365,
  "cnr": 2.866708776050134,
  "efc": 0.7062446650795439,
  "fber": 1324.6776881699802,
  "fwhm_avg": 2.8540209905007816,
  "fwhm_x": 3.2138950136146778,
  "fwhm_y": 2.0709131687519418,
  "fwhm_z": 3.2772547891357244,
  "icvs_csf": 0.29915635247137135,
  "icvs_gm": 0.1704250594945403,
  "icvs_wm": 0.5304185880340884,
  "inu_med": 0.9025554656982422,
  "inu_range": 0.3249869108200072,
  "provenance": {
    "md5sum": "2ca8161c97ea60d12292084e38b76d41",
    "settings": {
      "testing": false
    },
    "software": "mriqc",
    "version": "23.0.0",
    "warnings": {
      "large_rot_frame": false,
      "small_air_mask": false
    },
    "webapi_port": null,
    "webapi_url": "https://mriqc.nimh.nih.gov/api/v1"
  },
  "qi_1": 0.0,
  "qi_2": 0.002392469838501917,
  "rpve_csf": 4.449697658951709,
  "rpve_gm": 10.01749907941714,
  "rpve_wm": 3.083949531732854,
  "size_x": 384,
  "size_y": 60,
  "size_z": 384,
  "snr_csf": 8.016332605882951,
  "snr_gm": 3.7765415091739554,
  "snr_total": 5.923889427514834,
  "snr_wm": 5.978794167487595,
  "snrd_csf": 36.81121481007048,
  "snrd_gm": 95.126663527567,
  "snrd_total": 51.35231480584184,
  "snrd_wm": 22.119066079888047,
  "spacing_x": 0.4322916567325592,
  "spacing_y": 1.5000001192092896,
  "spacing_z": 0.4322916865348816,
  "summary_bg_k": 162.4813123354088,
  "summary_bg_mad": 0.0,
  "summary_bg_mean": 11.996921788117037,
  "summary_bg_median": 0.0,
  "summary_bg_n": 1140888.0,
  "summary_bg_p05": 0.0,
  "summary_bg_p95": 50.88495436310768,
  "summary_bg_stdv": 29.621476687564996,
  "summary_csf_k": 0.9077095304348681,
  "summary_csf_mad": 191.24370149491298,
  "summary_csf_mean": 1675.033131723171,
  "summary_csf_median": 1664.3901046216488,
  "summary_csf_n": 44651.0,
  "summary_csf_p05": 1356.7237028628588,
  "summary_csf_p95": 2030.155773743987,
  "summary_csf_stdv": 207.62255617066327,
  "summary_gm_k": 2.9119702752654204,
  "summary_gm_mad": 451.5119753414575,
  "summary_gm_mean": 3854.5129197798487,
  "summary_gm_median": 4301.077220022678,
  "summary_gm_n": 121525.0,
  "summary_gm_p05": 743.4397642374048,
  "summary_gm_p95": 4908.984090691803,
  "summary_gm_stdv": 1138.8884547602913,
  "summary_wm_k": 0.5757044422545139,
  "summary_wm_mad": 159.29844486936452,
  "summary_wm_mean": 1004.2494104020424,
  "summary_wm_median": 1000.0961635410786,
  "summary_wm_n": 656632.0,
  "summary_wm_p05": 738.8418420851231,
  "summary_wm_p95": 1284.340095758438,
  "summary_wm_stdv": 167.27376357000503,
  "tpm_overlap_csf": 0.10167492716000599,
  "tpm_overlap_gm": 0.12267048278133222,
  "tpm_overlap_wm": 0.4586626102517547,
  "wm2max": 0.19177249691330564
}