{
  "bids_meta": {
    "AcquisitionMatrixPE": 256,
    "AcquisitionNumber": 1,
    "AcquisitionTime": "17:09:59.100000",
    "BaseResolution": 256,
    "BodyPartExamined": "BRAIN",
    "ConsistencyInfo": "N4_VE11C_LATEST_20160120",
    "ConversionSoftware": "dcm2niix",
    "ConversionSoftwareVersion": "v1.0.20190410  GCC6.3.0",
    "DeviceSerialNumber": "45239",
    "DwellTime": 1.09e-05,
    "EchoTime": 0.00243,
    "FlipAngle": 9,
    "ImageOrientationPatientDICOM": [
      -0.0104802,
      0.999945,
      -1.33182e-08,
      0.0401274,
      0.000420553,
      -0.999195
    ],
    "ImageType": [
      "ORIGINAL",
      "PRIMARY",
      "M",
      "ND",
      "NORM"
    ],
    "ImagingFrequency": 123.172,
    "InPlanePhaseEncodingDirectionDICOM": "ROW",
    "InstitutionAddress": "E_24th_St._100_Austin_Southmiddle_US_78712",
    "InstitutionName": "The_Univ._of_Texas_at_Austin_IRC",
    "InstitutionalDepartmentName": "IRC",
    "InversionTime": 0.9,
    "MRAcquisitionType": "3D",
    "MagneticFieldStrength": 3,
    "Manufacturer": "Siemens",
    "ManufacturersModelName": "Skyra",
    "Modality": "MR",
    "PartialFourier": 1,
    "PatientPosition": "HFS",
    "PercentPhaseFOV": 100,
    "PhaseEncodingSteps": 255,
    "PhaseResolution": 1,
    "PixelBandwidth": 180,
    "ProcedureStepDescription": "Preston_fMRI",
    "ProtocolName": "mprage",
    "PulseSequenceDetails": "%SiemensSeq%_tfl",
    "ReceiveCoilActiveElements": "HEA;HEP",
    "ReceiveCoilName": "Head_32",
    "ReconMatrixPE": 256,
    "RefLinesPE": 48,
    "RepetitionTime": 1.9,
    "SAR": 0.114065,
    "ScanOptions": "IR",
    "ScanningSequence": "GR_IR",
    "SequenceName": "_tfl3d1_16ns",
    "SequenceVariant": "SK_SP_MP",
    "SeriesDescription": "mprage",
    "SeriesNumber": 2,
    "ShimSetting": [
      -2751,
      8072,
      -15888,
      -462,
      637,
      -681,
      -484,
      -138
    ],
    "SliceThickness": 1,
    "SoftwareVersions": "syngo_MR_E11",
    "StationName": "AWP45239",
    "TxRefAmp": 343.881,
    "dataset": "ds004094",
    "modality": "T1w",
    "subject_id": "115"
  },
  "cjv": 0.3522407588668111,
  "cnr": 3.822198053328309,
  "efc": 0.5628065396688224,
  "fber": -1.0,
  "fwhm_avg": 4.242283333333333,
  "fwhm_x": 4.3017,
  "fwhm_y": 4.10878,
  "fwhm_z": 4.31637,
  "icvs_csf": 0.21178926938072457,
  "icvs_gm": 0.44727984864467196,
  "icvs_wm": 0.3409308819746034,
  "inu_med": 0.3743455111980438,
  "inu_range": 0.10945051908493042,
  "provenance": {
    "md5sum": "863c31f2a4d52dc7102229423faed3bc",
    "settings": {
      "testing": false
    },
    "software": "mriqc",
    "version": "23.0.0",
    "warnings": {
      "large_rot_frame": true,
      "small_air_mask": false
    },
    "webapi_port": null,
    "webapi_url": "https://mriqc.nimh.nih.gov/api/v1"
  },
  "qi_1": 0.013933142494746559,
  "qi_2": 0.03602951684696131,
  "rpve_csf": 28.379927388832574,
  "rpve_gm": 14.087762948534284,
  "rpve_wm": 20.437301967295088,
  "size_x": 192,
  "size_y": 256,
  "size_z": 256,
  "snr_csf": 2.9344961445303976,
  "snr_gm": 17.316746329691163,
  "snr_total": 16.181511955256443,
  "snr_wm": 28.293293391547763,
  "snrd_csf": 51.37645756104315,
  "snrd_gm": 112.358192720101,
  "snrd_total": 102.56970819242389,
  "snrd_wm": 143.97447429612754,
  "spacing_x": 1.0,
  "spacing_y": 1.0,
  "spacing_z": 1.0,
  "summary_bg_k": 20.466294403961182,
  "summary_bg_mad": 0.0,
  "summary_bg_mean": 1.883952492377661,
  "summary_bg_median": 0.0,
  "summary_bg_n": 1924492.0,
  "summary_bg_p05": 0.0,
  "summary_bg_p95": 9.498704716563225,
  "summary_bg_stdv": 4.550571743285321,
  "summary_csf_k": 0.9855039888818875,
  "summary_csf_mad": 96.62553197752526,
  "summary_csf_mean": 362.5985289597131,
  "summary_csf_median": 356.86042791604996,
  "summary_csf_n": 46806.0,
  "summary_csf_p05": 131.9251919426024,
  "summary_csf_p95": 563.5027038492262,
  "summary_csf_stdv": 121.60745770211938,
  "summary_gm_k": 0.11212778251754152,
  "summary_gm_mad": 44.269856701000066,
  "summary_gm_mean": 778.6629437984394,
  "summary_gm_median": 780.4390305876732,
  "summary_gm_n": 44966.0,
  "summary_gm_p05": 701.6770436316729,
  "summary_gm_p95": 849.7023128271103,
  "summary_gm_stdv": 45.06795546803919,
  "summary_wm_k": 0.7657756086741858,
  "summary_wm_mad": 33.08447433819031,
  "summary_wm_mean": 1001.008264727852,
  "summary_wm_median": 1000.0454477667809,
  "summary_wm_n": 183824.0,
  "summary_wm_p05": 944.825705036521,
  "summary_wm_p95": 1060.3554054647684,
  "summary_wm_stdv": 35.345575144149755,
  "tpm_overlap_csf": 0.1510703023349759,
  "tpm_overlap_gm": 0.4801435987113491,
  "tpm_overlap_wm": 0.5125738074301784,
  "wm2max": 0.4067057279633292
}