{
  "bids_meta": {
    "AcquisitionMatrixPE": 256,
    "AcquisitionNumber": 1,
    "AcquisitionTime": "13:04:2.150000",
    "BaseResolution": 256,
    "BodyPartExamined": "BRAIN",
    "ConsistencyInfo": "N4_VE11C_LATEST_20160120",
    "ConversionSoftware": "dcm2niix",
    "ConversionSoftwareVersion": "v1.0.20190410  GCC6.3.0",
    "DeviceSerialNumber": "45239",
    "DwellTime": 1.09e-05,
    "EchoTime": 0.00243,
    "FlipAngle": 9,
    "ImageOrientationPatientDICOM": [
      0.00174528,
      0.999998,
      0,
      0,
      0,
      -1
    ],
    "ImageType": [
      "ORIGINAL",
      "PRIMARY",
      "M",
      "ND",
      "NORM"
    ],
    "ImagingFrequency": 123.172,
    "InPlanePhaseEncodingDirectionDICOM": "ROW",
    "InstitutionAddress": "E_24th_St._100_Austin_Southmiddle_US_78712",
    "InstitutionName": "The_Univ._of_Texas_at_Austin_IRC",
    "InstitutionalDepartmentName": "IRC",
    "InversionTime": 0.9,
    "MRAcquisitionType": "3D",
    "MagneticFieldStrength": 3,
    "Manufacturer": "Siemens",
    "ManufacturersModelName": "Skyra",
    "Modality": "MR",
    "PartialFourier": 1,
    "PatientPosition": "HFS",
    "PercentPhaseFOV": 100,
    "PhaseEncodingSteps": 255,
    "PhaseResolution": 1,
    "PixelBandwidth": 180,
    "ProcedureStepDescription": "Preston_fMRI",
    "ProtocolName": "mprage",
    "PulseSequenceDetails": "%SiemensSeq%_tfl",
    "ReceiveCoilActiveElements": "HEA;HEP",
    "ReceiveCoilName": "Head_32",
    "ReconMatrixPE": 256,
    "RefLinesPE": 48,
    "RepetitionTime": 1.9,
    "SAR": 0.097037,
    "ScanOptions": "IR",
    "ScanningSequence": "GR_IR",
    "SequenceName": "_tfl3d1_16ns",
    "SequenceVariant": "SK_SP_MP",
    "SeriesDescription": "mprage",
    "SeriesNumber": 2,
    "ShimSetting": [
      -2751,
      8072,
      -15888,
      -462,
      637,
      -681,
      -484,
      -138
    ],
    "SliceThickness": 1,
    "SoftwareVersions": "syngo_MR_E11",
    "StationName": "AWP45239",
    "TxRefAmp": 362.878,
    "dataset": "ds004094",
    "modality": "T1w",
    "subject_id": "111"
  },
  "cjv": 0.34339085412149506,
  "cnr": 4.005098914194416,
  "efc": 0.5638853528152957,
  "fber": -1.0,
  "fwhm_avg": 4.353153333333334,
  "fwhm_x": 4.26252,
  "fwhm_y": 4.44476,
  "fwhm_z": 4.35218,
  "icvs_csf": 0.1729397384291777,
  "icvs_gm": 0.4476246355802369,
  "icvs_wm": 0.37943562599058545,
  "inu_med": 0.37313491106033325,
  "inu_range": 0.12458208501338958,
  "provenance": {
    "md5sum": "3311b5ad72ae061ce44e065cdaae812f",
    "settings": {
      "testing": false
    },
    "software": "mriqc",
    "version": "23.0.0",
    "warnings": {
      "large_rot_frame": true,
      "small_air_mask": false
    },
    "webapi_port": null,
    "webapi_url": "https://mriqc.nimh.nih.gov/api/v1"
  },
  "qi_1": 0.017877261400956104,
  "qi_2": 0.032374274143570005,
  "rpve_csf": 27.49267304609064,
  "rpve_gm": 11.731187118168894,
  "rpve_wm": 15.634164851803195,
  "size_x": 192,
  "size_y": 256,
  "size_z": 256,
  "snr_csf": 3.1868925519578206,
  "snr_gm": 15.439556787302354,
  "snr_total": 15.353896932428924,
  "snr_wm": 27.4352414580266,
  "snrd_csf": 46.78777055793313,
  "snrd_gm": 102.79149905253193,
  "snrd_total": 95.24377191234879,
  "snrd_wm": 136.1520461265813,
  "spacing_x": 1.0,
  "spacing_y": 1.0,
  "spacing_z": 1.0,
  "summary_bg_k": 22.1547200985173,
  "summary_bg_mad": 0.0,
  "summary_bg_mean": 2.123383609100955,
  "summary_bg_median": 0.0,
  "summary_bg_n": 2667184.0,
  "summary_bg_p05": 0.0,
  "summary_bg_p95": 9.010624464601278,
  "summary_bg_stdv": 4.812015592212911,
  "summary_csf_k": 3.735807207240515,
  "summary_csf_mad": 74.63855699185756,
  "summary_csf_mean": 344.0107460024178,
  "summary_csf_median": 343.65894102305174,
  "summary_csf_n": 29589.0,
  "summary_csf_p05": 132.71170480102302,
  "summary_csf_p95": 520.0430356420576,
  "summary_csf_stdv": 107.83329784843346,
  "summary_gm_k": 0.06178464579191534,
  "summary_gm_mad": 48.917166470175566,
  "summary_gm_mean": 755.3136401565163,
  "summary_gm_median": 755.0096379742026,
  "summary_gm_n": 49089.0,
  "summary_gm_p05": 676.28995359689,
  "summary_gm_p95": 835.9707712233067,
  "summary_gm_stdv": 48.90049359084683,
  "summary_wm_k": 0.36971748798196824,
  "summary_wm_mad": 35.22567694183838,
  "summary_wm_mean": 1000.5475547369705,
  "summary_wm_median": 1000.0448286384344,
  "summary_wm_n": 247766.0,
  "summary_wm_p05": 942.0361318364739,
  "summary_wm_p95": 1060.9225799962878,
  "summary_wm_stdv": 36.4510300389651,
  "tpm_overlap_csf": 0.15974331422157637,
  "tpm_overlap_gm": 0.4698146458963514,
  "tpm_overlap_wm": 0.5165888397865408,
  "wm2max": 0.3940716140543023
}