{
  "bids_meta": {
    "AcquisitionMatrixPE": 384,
    "AcquisitionNumber": 1,
    "AcquisitionTime": "13:12:52.697500",
    "BaseResolution": 384,
    "BodyPartExamined": "BRAIN",
    "ConsistencyInfo": "N4_VE11C_LATEST_20160120",
    "ConversionSoftware": "dcm2niix",
    "ConversionSoftwareVersion": "v1.0.20190410  GCC6.3.0",
    "DeviceSerialNumber": "45239",
    "DwellTime": 6e-06,
    "EchoTime": 0.082,
    "EchoTrainLength": 18,
    "FlipAngle": 150,
    "ImageOrientationPatientDICOM": [
      1,
      0.000259969,
      -8.64e-13,
      -0.000128015,
      0.492423,
      -0.870356
    ],
    "ImageType": [
      "ORIGINAL",
      "PRIMARY",
      "M",
      "ND",
      "NORM"
    ],
    "ImagingFrequency": 123.172,
    "InPlanePhaseEncodingDirectionDICOM": "ROW",
    "InstitutionAddress": "E_24th_St._100_Austin_Southmiddle_US_78712",
    "InstitutionName": "The_Univ._of_Texas_at_Austin_IRC",
    "InstitutionalDepartmentName": "IRC",
    "MRAcquisitionType": "2D",
    "MagneticFieldStrength": 3,
    "Manufacturer": "Siemens",
    "ManufacturersModelName": "Skyra",
    "Modality": "MR",
    "PartialFourier": 1,
    "PatientPosition": "HFS",
    "PercentPhaseFOV": 100,
    "PhaseEncodingDirection": "i",
    "PhaseEncodingSteps": 396,
    "PhaseResolution": 1,
    "PixelBandwidth": 215,
    "ProcedureStepDescription": "Preston_fMRI",
    "ProtocolName": "T2_coronal_matrix384",
    "PulseSequenceDetails": "%SiemensSeq%_tse",
    "ReceiveCoilActiveElements": "HEA;HEP",
    "ReceiveCoilName": "Head_32",
    "ReconMatrixPE": 384,
    "RepetitionTime": 13.15,
    "SAR": 0.538759,
    "ScanningSequence": "SE",
    "SequenceName": "_tse2d1_18",
    "SequenceVariant": "SK_SP_OSP",
    "SeriesDescription": "T2_coronal_matrix384",
    "SeriesNumber": 3,
    "ShimSetting": [
      -2751,
      8072,
      -15888,
      -462,
      637,
      -681,
      -484,
      -138
    ],
    "SliceThickness": 1.5,
    "SoftwareVersions": "syngo_MR_E11",
    "SpacingBetweenSlices": 1.5,
    "StationName": "AWP45239",
    "TxRefAmp": 362.878,
    "dataset": "ds004094",
    "modality": "T2w",
    "run_id": 1,
    "subject_id": "111"
  },
  "cjv": 0.5122764096363809,
  "cnr": 2.3872313961855403,
  "efc": 0.7250663825573508,
  "fber": 552.0383085788492,
  "fwhm_avg": 2.799103718242949,
  "fwhm_x": 3.0757708851357783,
  "fwhm_y": 2.0540011426614124,
  "fwhm_z": 3.267539126931656,
  "icvs_csf": 0.1499115020149727,
  "icvs_gm": 0.4764777174764744,
  "icvs_wm": 0.3736107805085529,
  "inu_med": 0.9411148130893707,
  "inu_range": 0.32487252354621876,
  "provenance": {
    "md5sum": "e8e3a41bb77f2cc8f090dbd420a6db0a",
    "settings": {
      "testing": false
    },
    "software": "mriqc",
    "version": "23.0.0",
    "warnings": {
      "large_rot_frame": false,
      "small_air_mask": false
    },
    "webapi_port": null,
    "webapi_url": "https://mriqc.nimh.nih.gov/api/v1"
  },
  "qi_1": 0.009598384894323363,
  "qi_2": 0.0004711563794854438,
  "rpve_csf": 9.398983922524632,
  "rpve_gm": 2.93880547700603,
  "rpve_wm": 3.6712615494374146,
  "size_x": 384,
  "size_y": 60,
  "size_z": 384,
  "snr_csf": 4.2374737129109254,
  "snr_gm": 7.722790933730676,
  "snr_total": 5.477808695281278,
  "snr_wm": 4.473161439202232,
  "snrd_csf": 28.13936215328866,
  "snrd_gm": 10.411047631927705,
  "snrd_total": 14.753759470008154,
  "snrd_wm": 5.710868624808102,
  "spacing_x": 0.4322916269302368,
  "spacing_y": 1.4999991655349731,
  "spacing_z": 0.4322916865348816,
  "summary_bg_k": 88.07626371874468,
  "summary_bg_mad": 0.0,
  "summary_bg_mean": 30.472811012888002,
  "summary_bg_median": 0.0,
  "summary_bg_n": 1044032.0,
  "summary_bg_p05": 0.0,
  "summary_bg_p95": 92.6334348320961,
  "summary_bg_stdv": 114.73011900940027,
  "summary_csf_k": 3.5100152860729272,
  "summary_csf_mad": 679.8257531498059,
  "summary_csf_mean": 4548.946195365839,
  "summary_csf_median": 4927.878177270293,
  "summary_csf_n": 96242.0,
  "summary_csf_p05": 2246.5978921603414,
  "summary_csf_p95": 5772.937714315951,
  "summary_csf_stdv": 1162.922276236031,
  "summary_gm_k": 0.6498494582188505,
  "summary_gm_mad": 219.41466106951407,
  "summary_gm_mean": 1827.0980194719086,
  "summary_gm_median": 1823.2244977131486,
  "summary_gm_n": 176057.0,
  "summary_gm_p05": 1445.5006393954159,
  "summary_gm_p95": 2218.6810421273112,
  "summary_gm_stdv": 236.08295697925132,
  "summary_wm_k": 1.3662016974079512,
  "summary_wm_mad": 202.2473440707816,
  "summary_wm_mean": 1002.5730711368228,
  "summary_wm_median": 1000.110262490809,
  "summary_wm_n": 378874.0,
  "summary_wm_p05": 642.9201488941908,
  "summary_wm_p95": 1366.453441672027,
  "summary_wm_stdv": 223.57989002579717,
  "tpm_overlap_csf": 0.1532701107351705,
  "tpm_overlap_gm": 0.4318037395763257,
  "tpm_overlap_wm": 0.41447735932187596,
  "wm2max": 0.16826439451660274
}