{
  "bids_meta": {
    "AcquisitionMatrixPE": 256,
    "AcquisitionNumber": 1,
    "AcquisitionTime": "17:03:51.037500",
    "BaseResolution": 256,
    "BodyPartExamined": "BRAIN",
    "ConsistencyInfo": "N4_VE11A_LATEST_20140830",
    "ConversionSoftware": "dcm2niix",
    "ConversionSoftwareVersion": "v1.0.20190410  GCC6.3.0",
    "DeviceSerialNumber": "45239",
    "DwellTime": 1.09e-05,
    "EchoTime": 0.00243,
    "FlipAngle": 9,
    "ImageOrientationPatientDICOM": [
      0.0104717,
      0.999945,
      0,
      0,
      0,
      -1
    ],
    "ImageType": [
      "ORIGINAL",
      "PRIMARY",
      "M",
      "ND",
      "NORM"
    ],
    "ImagingFrequency": 123.225,
    "InPlanePhaseEncodingDirectionDICOM": "ROW",
    "InstitutionAddress": "E_24th_St._100_Austin_Southmiddle_US_78712",
    "InstitutionName": "The_Univ._of_Texas_at_Austin_IRC",
    "InstitutionalDepartmentName": "IRC",
    "InversionTime": 0.9,
    "MRAcquisitionType": "3D",
    "MagneticFieldStrength": 3,
    "Manufacturer": "Siemens",
    "ManufacturersModelName": "Skyra",
    "Modality": "MR",
    "PartialFourier": 1,
    "PatientPosition": "HFS",
    "PercentPhaseFOV": 100,
    "PhaseEncodingSteps": 255,
    "PhaseResolution": 1,
    "PixelBandwidth": 180,
    "ProcedureStepDescription": "Preston_fMRI",
    "ProtocolName": "mprage",
    "PulseSequenceDetails": "%SiemensSeq%_tfl",
    "ReceiveCoilActiveElements": "HEA;HEP",
    "ReceiveCoilName": "Head_32",
    "ReconMatrixPE": 256,
    "RefLinesPE": 48,
    "RepetitionTime": 1.9,
    "SAR": 0.118108,
    "ScanOptions": "IR",
    "ScanningSequence": "GR_IR",
    "SequenceName": "_tfl3d1_16ns",
    "SequenceVariant": "SK_SP_MP",
    "SeriesDescription": "mprage",
    "SeriesNumber": 2,
    "ShimSetting": [
      -2849,
      8055,
      -15936,
      -670,
      286,
      -583,
      -301,
      11
    ],
    "SliceThickness": 1,
    "SoftwareVersions": "syngo_MR_E11",
    "StationName": "AWP45239",
    "TxRefAmp": 362.232,
    "dataset": "ds004094",
    "modality": "T1w",
    "subject_id": "104"
  },
  "cjv": 0.3376796841757627,
  "cnr": 3.892241255249376,
  "efc": 0.5755765464143044,
  "fber": -1.0,
  "fwhm_avg": 4.226356666666667,
  "fwhm_x": 4.29202,
  "fwhm_y": 4.24523,
  "fwhm_z": 4.14182,
  "icvs_csf": 0.20091826027823442,
  "icvs_gm": 0.45732269197219866,
  "icvs_wm": 0.34175904774956695,
  "inu_med": 0.3970050513744354,
  "inu_range": 0.12175552248954774,
  "provenance": {
    "md5sum": "aae68746d47a20e17018cf90b6c50fba",
    "settings": {
      "testing": false
    },
    "software": "mriqc",
    "version": "23.0.0",
    "warnings": {
      "large_rot_frame": true,
      "small_air_mask": false
    },
    "webapi_port": null,
    "webapi_url": "https://mriqc.nimh.nih.gov/api/v1"
  },
  "qi_1": 0.00704742189549323,
  "qi_2": 0.012364474877846702,
  "rpve_csf": 27.14693439660864,
  "rpve_gm": 13.046466706860297,
  "rpve_wm": 19.6689330346468,
  "size_x": 192,
  "size_y": 256,
  "size_z": 256,
  "snr_csf": 2.6537960341146296,
  "snr_gm": 15.814808886164856,
  "snr_total": 15.843213058751628,
  "snr_wm": 29.061034255975397,
  "snrd_csf": 28.540072362580258,
  "snrd_gm": 64.70366489755969,
  "snrd_total": 59.21383197879917,
  "snrd_wm": 84.39775867625757,
  "spacing_x": 1.0,
  "spacing_y": 1.0,
  "spacing_z": 1.0,
  "summary_bg_k": 236.96764606989157,
  "summary_bg_mad": 0.0,
  "summary_bg_mean": 1.8380830222827886,
  "summary_bg_median": 0.0,
  "summary_bg_n": 1766607.0,
  "summary_bg_p05": 0.0,
  "summary_bg_p95": 7.489639814943075,
  "summary_bg_stdv": 7.762780723513533,
  "summary_csf_k": 0.30394828468574975,
  "summary_csf_mad": 102.41752564512184,
  "summary_csf_mean": 339.26977653096714,
  "summary_csf_median": 338.17434595897794,
  "summary_csf_n": 32431.0,
  "summary_csf_p05": 100.59688807278872,
  "summary_csf_p95": 558.0732124038041,
  "summary_csf_stdv": 127.4284563772689,
  "summary_gm_k": 0.15445354975007897,
  "summary_gm_mad": 47.178574003834335,
  "summary_gm_mean": 764.5206046242739,
  "summary_gm_median": 766.6805914118886,
  "summary_gm_n": 44801.0,
  "summary_gm_p05": 681.4431677311659,
  "summary_gm_p95": 840.9306754656136,
  "summary_gm_stdv": 48.478109370187,
  "summary_wm_k": 0.8696274754417384,
  "summary_wm_mad": 31.62148150077785,
  "summary_wm_mean": 1000.9921116492267,
  "summary_wm_median": 1000.0379984378815,
  "summary_wm_n": 190368.0,
  "summary_wm_p05": 946.2798730656505,
  "summary_wm_p95": 1058.6624887660146,
  "summary_wm_stdv": 34.41155476554175,
  "tpm_overlap_csf": 0.16319389127068104,
  "tpm_overlap_gm": 0.4837182373001072,
  "tpm_overlap_wm": 0.5164728366777535,
  "wm2max": 0.4789377327143381
}