{
  "bids_meta": {
    "AcquisitionMatrixPE": 384,
    "AcquisitionNumber": 1,
    "AcquisitionTime": "17:12:21.700000",
    "BaseResolution": 384,
    "BodyPartExamined": "BRAIN",
    "ConsistencyInfo": "N4_VE11A_LATEST_20140830",
    "ConversionSoftware": "dcm2niix",
    "ConversionSoftwareVersion": "v1.0.20190410  GCC6.3.0",
    "DeviceSerialNumber": "45239",
    "DwellTime": 6e-06,
    "EchoTime": 0.082,
    "EchoTrainLength": 18,
    "FlipAngle": 150,
    "ImageOrientationPatientDICOM": [
      0.999998,
      0.00177056,
      3.5e-13,
      -0.000917148,
      0.517998,
      -0.855381
    ],
    "ImageType": [
      "ORIGINAL",
      "PRIMARY",
      "M",
      "ND",
      "NORM"
    ],
    "ImagingFrequency": 123.225,
    "InPlanePhaseEncodingDirectionDICOM": "ROW",
    "InstitutionAddress": "E_24th_St._100_Austin_Southmiddle_US_78712",
    "InstitutionName": "The_Univ._of_Texas_at_Austin_IRC",
    "InstitutionalDepartmentName": "IRC",
    "MRAcquisitionType": "2D",
    "MagneticFieldStrength": 3,
    "Manufacturer": "Siemens",
    "ManufacturersModelName": "Skyra",
    "Modality": "MR",
    "PartialFourier": 1,
    "PatientPosition": "HFS",
    "PercentPhaseFOV": 100,
    "PhaseEncodingDirection": "i",
    "PhaseEncodingSteps": 396,
    "PhaseResolution": 1,
    "PixelBandwidth": 215,
    "ProcedureStepDescription": "Preston_fMRI",
    "ProtocolName": "T2_coronal_matrix384",
    "PulseSequenceDetails": "%SiemensSeq%_tse",
    "ReceiveCoilActiveElements": "HEA;HEP",
    "ReceiveCoilName": "Head_32",
    "ReconMatrixPE": 384,
    "RepetitionTime": 13.15,
    "SAR": 0.655748,
    "ScanningSequence": "SE",
    "SequenceName": "_tse2d1_18",
    "SequenceVariant": "SK_SP_OSP",
    "SeriesDescription": "T2_coronal_matrix384",
    "SeriesNumber": 3,
    "ShimSetting": [
      -2849,
      8055,
      -15936,
      -670,
      286,
      -583,
      -301,
      11
    ],
    "SliceThickness": 1.5,
    "SoftwareVersions": "syngo_MR_E11",
    "SpacingBetweenSlices": 1.5,
    "StationName": "AWP45239",
    "TxRefAmp": 362.232,
    "dataset": "ds004094",
    "modality": "T2w",
    "run_id": 1,
    "subject_id": "104"
  },
  "cjv": 0.759327511086483,
  "cnr": 1.6130359279823405,
  "efc": 0.6813245878709788,
  "fber": 191.00343164487882,
  "fwhm_avg": 2.7851535835598202,
  "fwhm_x": 3.1319825066558424,
  "fwhm_y": 2.0436343155287866,
  "fwhm_z": 3.1798439284948308,
  "icvs_csf": 0.17075455094192596,
  "icvs_gm": 0.5081453969675915,
  "icvs_wm": 0.3211000520904825,
  "inu_med": 0.9441121220588684,
  "inu_range": 0.4417366206645964,
  "provenance": {
    "md5sum": "8fc15b6effaba6a7846b3291a98ce330",
    "settings": {
      "testing": false
    },
    "software": "mriqc",
    "version": "23.0.0",
    "warnings": {
      "large_rot_frame": false,
      "small_air_mask": false
    },
    "webapi_port": null,
    "webapi_url": "https://mriqc.nimh.nih.gov/api/v1"
  },
  "qi_1": 0.0011306760481648048,
  "qi_2": 0.0027673530142501997,
  "rpve_csf": 9.459789396218655,
  "rpve_gm": 3.517872071920337,
  "rpve_wm": 4.508167639535646,
  "size_x": 384,
  "size_y": 60,
  "size_z": 384,
  "snr_csf": 3.87108622242907,
  "snr_gm": 5.536165554134731,
  "snr_total": 4.203463629697126,
  "snr_wm": 3.2031391125275754,
  "snrd_csf": 105.42541196929274,
  "snrd_gm": 30.986222041647462,
  "snrd_total": 51.50721790599541,
  "snrd_wm": 18.11001970704604,
  "spacing_x": 0.4322916865348816,
  "spacing_y": 1.5000041723251343,
  "spacing_z": 0.4322916567325592,
  "summary_bg_k": 160.6130251579407,
  "summary_bg_mad": 0.0,
  "summary_bg_mean": 16.669784166764618,
  "summary_bg_median": 0.0,
  "summary_bg_n": 964374.0,
  "summary_bg_p05": 0.0,
  "summary_bg_p95": 71.59968057274818,
  "summary_bg_stdv": 36.199427401406574,
  "summary_csf_k": 3.238970337897298,
  "summary_csf_mad": 927.267650197359,
  "summary_csf_mean": 5440.827844977574,
  "summary_csf_median": 5825.259513661265,
  "summary_csf_n": 90248.0,
  "summary_csf_p05": 2346.020760476589,
  "summary_csf_p95": 7137.782803089915,
  "summary_csf_stdv": 1504.8043120815557,
  "summary_gm_k": -0.22510478135197198,
  "summary_gm_mad": 331.2868144869381,
  "summary_gm_mean": 1696.4302841647163,
  "summary_gm_median": 1712.1373430639505,
  "summary_gm_n": 508349.0,
  "summary_gm_p05": 1184.455682337284,
  "summary_gm_p95": 2169.94942702353,
  "summary_gm_stdv": 309.263811261349,
  "summary_wm_k": 8.241571194020281,
  "summary_wm_mad": 208.95338686222007,
  "summary_wm_mean": 1025.070701492049,
  "summary_wm_median": 1000.6654242128134,
  "summary_wm_n": 109578.0,
  "summary_wm_p05": 624.8336436599493,
  "summary_wm_p95": 1437.4700554244212,
  "summary_wm_stdv": 312.4000622679042,
  "tpm_overlap_csf": 0.16872536845653816,
  "tpm_overlap_gm": 0.36373891311928375,
  "tpm_overlap_wm": 0.30358611020693393,
  "wm2max": 0.1353230860275858
}