{
  "bids_meta": {
    "AcquisitionMatrixPE": 384,
    "AcquisitionNumber": 1,
    "AcquisitionTime": "17:18:6.610000",
    "BaseResolution": 384,
    "BodyPartExamined": "BRAIN",
    "ConsistencyInfo": "N4_VE11A_LATEST_20140830",
    "ConversionSoftware": "dcm2niix",
    "ConversionSoftwareVersion": "v1.0.20190410  GCC6.3.0",
    "DeviceSerialNumber": "45239",
    "DwellTime": 6e-06,
    "EchoTime": 0.082,
    "EchoTrainLength": 18,
    "FlipAngle": 150,
    "ImageOrientationPatientDICOM": [
      0.999998,
      0.00177056,
      3.5e-13,
      -0.000917148,
      0.517998,
      -0.855381
    ],
    "ImageType": [
      "ORIGINAL",
      "PRIMARY",
      "M",
      "ND",
      "NORM"
    ],
    "ImagingFrequency": 123.225,
    "InPlanePhaseEncodingDirectionDICOM": "ROW",
    "InstitutionAddress": "E_24th_St._100_Austin_Southmiddle_US_78712",
    "InstitutionName": "The_Univ._of_Texas_at_Austin_IRC",
    "InstitutionalDepartmentName": "IRC",
    "MRAcquisitionType": "2D",
    "MagneticFieldStrength": 3,
    "Manufacturer": "Siemens",
    "ManufacturersModelName": "Skyra",
    "Modality": "MR",
    "PartialFourier": 1,
    "PatientPosition": "HFS",
    "PercentPhaseFOV": 100,
    "PhaseEncodingDirection": "i",
    "PhaseEncodingSteps": 396,
    "PhaseResolution": 1,
    "PixelBandwidth": 215,
    "ProcedureStepDescription": "Preston_fMRI",
    "ProtocolName": "T2_coronal_matrix384",
    "PulseSequenceDetails": "%SiemensSeq%_tse",
    "ReceiveCoilActiveElements": "HEA;HEP",
    "ReceiveCoilName": "Head_32",
    "ReconMatrixPE": 384,
    "RepetitionTime": 13.15,
    "SAR": 0.655748,
    "ScanningSequence": "SE",
    "SequenceName": "_tse2d1_18",
    "SequenceVariant": "SK_SP_OSP",
    "SeriesDescription": "T2_coronal_matrix384",
    "SeriesNumber": 4,
    "ShimSetting": [
      -2849,
      8055,
      -15936,
      -670,
      286,
      -583,
      -301,
      11
    ],
    "SliceThickness": 1.5,
    "SoftwareVersions": "syngo_MR_E11",
    "SpacingBetweenSlices": 1.5,
    "StationName": "AWP45239",
    "TxRefAmp": 362.232,
    "dataset": "ds004094",
    "modality": "T2w",
    "run_id": 2,
    "subject_id": "104"
  },
  "cjv": 0.267726531895324,
  "cnr": 2.6514647400979308,
  "efc": 0.6831684193987582,
  "fber": 126.37138258006087,
  "fwhm_avg": 2.8066651239008973,
  "fwhm_x": 3.2033000937395166,
  "fwhm_y": 2.0415009881294104,
  "fwhm_z": 3.1751942898337653,
  "icvs_csf": 0.3011905826955498,
  "icvs_gm": 0.1619271465282075,
  "icvs_wm": 0.5368822707762427,
  "inu_med": 0.9396336078643799,
  "inu_range": 0.4398666024208069,
  "provenance": {
    "md5sum": "a7354976af2f01645d1ba836c35b6139",
    "settings": {
      "testing": false
    },
    "software": "mriqc",
    "version": "23.0.0",
    "warnings": {
      "large_rot_frame": false,
      "small_air_mask": false
    },
    "webapi_port": null,
    "webapi_url": "https://mriqc.nimh.nih.gov/api/v1"
  },
  "qi_1": 0.0021499479541437585,
  "qi_2": 0.0020338317750563544,
  "rpve_csf": 4.885638812005485,
  "rpve_gm": 10.547117489311013,
  "rpve_wm": 3.0493067491206767,
  "size_x": 384,
  "size_y": 60,
  "size_z": 384,
  "snr_csf": 1.8627210168862152,
  "snr_gm": 3.6684258330704487,
  "snr_total": 3.4477795545630934,
  "snr_wm": 4.812191813732616,
  "snrd_csf": 19.247671900711897,
  "snrd_gm": 112.5664265338839,
  "snrd_total": 53.795487663713864,
  "snrd_wm": 29.572364556545807,
  "spacing_x": 0.4322916865348816,
  "spacing_y": 1.5000041723251343,
  "spacing_z": 0.4322916567325592,
  "summary_bg_k": 56.0385610095416,
  "summary_bg_mad": 0.0,
  "summary_bg_mean": 12.211526409837743,
  "summary_bg_median": 0.0,
  "summary_bg_n": 1002929.0,
  "summary_bg_p05": 0.0,
  "summary_bg_p95": 57.92891263961792,
  "summary_bg_stdv": 22.163133747125727,
  "summary_csf_k": 1.739448490029118,
  "summary_csf_mad": 150.86972192416172,
  "summary_csf_mean": 757.730023388627,
  "summary_csf_median": 651.1449015140533,
  "summary_csf_n": 60909.0,
  "summary_csf_p05": 420.6254231929779,
  "summary_csf_p95": 1581.0491988658903,
  "summary_csf_stdv": 349.5636492861722,
  "summary_gm_k": 3.00370355023853,
  "summary_gm_mad": 519.2401260849193,
  "summary_gm_mean": 3449.399688777651,
  "summary_gm_median": 3808.0997586250305,
  "summary_gm_n": 92277.0,
  "summary_gm_p05": 464.26862168312084,
  "summary_gm_p95": 4465.481843948364,
  "summary_gm_stdv": 1038.0689968356091,
  "summary_wm_k": -0.5096026314203264,
  "summary_wm_mad": 232.4483121165716,
  "summary_wm_mean": 1010.2462839561883,
  "summary_wm_median": 1000.4271948337555,
  "summary_wm_n": 554770.0,
  "summary_wm_p05": 687.7135956287384,
  "summary_wm_p95": 1348.1715524196625,
  "summary_wm_stdv": 207.89410146100116,
  "tpm_overlap_csf": 0.06835631658649986,
  "tpm_overlap_gm": 0.11712053818150517,
  "tpm_overlap_wm": 0.3595013792413295,
  "wm2max": 0.21333697731620663
}