{
  "bids_meta": {
    "AcquisitionMatrixPE": 256,
    "AcquisitionNumber": 1,
    "AcquisitionTime": "18:19:3.102500",
    "BaseResolution": 256,
    "BodyPartExamined": "BRAIN",
    "ConsistencyInfo": "N4_VE11A_LATEST_20140830",
    "ConversionSoftware": "dcm2niix",
    "ConversionSoftwareVersion": "v1.0.20190410  GCC6.3.0",
    "DeviceSerialNumber": "45239",
    "DwellTime": 1.09e-05,
    "EchoTime": 0.00243,
    "FlipAngle": 9,
    "ImageOrientationPatientDICOM": [
      -0.00523601,
      0.999986,
      0,
      0,
      0,
      -1
    ],
    "ImageType": [
      "ORIGINAL",
      "PRIMARY",
      "M",
      "ND",
      "NORM"
    ],
    "ImagingFrequency": 123.225,
    "InPlanePhaseEncodingDirectionDICOM": "ROW",
    "InstitutionAddress": "E_24th_St._100_Austin_Southmiddle_US_78712",
    "InstitutionName": "The_Univ._of_Texas_at_Austin_IRC",
    "InstitutionalDepartmentName": "IRC",
    "InversionTime": 0.9,
    "MRAcquisitionType": "3D",
    "MagneticFieldStrength": 3,
    "Manufacturer": "Siemens",
    "ManufacturersModelName": "Skyra",
    "Modality": "MR",
    "PartialFourier": 1,
    "PatientPosition": "HFS",
    "PercentPhaseFOV": 100,
    "PhaseEncodingSteps": 255,
    "PhaseResolution": 1,
    "PixelBandwidth": 180,
    "ProcedureStepDescription": "Preston_fMRI",
    "ProtocolName": "mprage",
    "PulseSequenceDetails": "%SiemensSeq%_tfl",
    "ReceiveCoilActiveElements": "HEA;HEP",
    "ReceiveCoilName": "Head_32",
    "ReconMatrixPE": 256,
    "RefLinesPE": 48,
    "RepetitionTime": 1.9,
    "SAR": 0.105451,
    "ScanOptions": "IR",
    "ScanningSequence": "GR_IR",
    "SequenceName": "_tfl3d1_16ns",
    "SequenceVariant": "SK_SP_MP",
    "SeriesDescription": "mprage",
    "SeriesNumber": 3,
    "ShimSetting": [
      -2849,
      8055,
      -15936,
      -670,
      286,
      -583,
      -301,
      11
    ],
    "SliceThickness": 1,
    "SoftwareVersions": "syngo_MR_E11",
    "StationName": "AWP45239",
    "TxRefAmp": 399.701,
    "dataset": "ds004094",
    "modality": "T1w",
    "subject_id": "105"
  },
  "cjv": 0.3872341549672375,
  "cnr": 3.482907912861627,
  "efc": 0.5194593890032289,
  "fber": -1.0,
  "fwhm_avg": 4.12231,
  "fwhm_x": 4.12638,
  "fwhm_y": 4.09211,
  "fwhm_z": 4.14844,
  "icvs_csf": 0.20879081866388088,
  "icvs_gm": 0.42891757351284593,
  "icvs_wm": 0.3622916078232732,
  "inu_med": 0.37173178791999817,
  "inu_range": 0.10109542608261107,
  "provenance": {
    "md5sum": "f70a5a4e27b17cf6a452ece561ace9f0",
    "settings": {
      "testing": false
    },
    "software": "mriqc",
    "version": "23.0.0",
    "warnings": {
      "large_rot_frame": true,
      "small_air_mask": false
    },
    "webapi_port": null,
    "webapi_url": "https://mriqc.nimh.nih.gov/api/v1"
  },
  "qi_1": 0.028905493985018738,
  "qi_2": 0.0025690756388160882,
  "rpve_csf": 27.669427922378116,
  "rpve_gm": 14.164096982820023,
  "rpve_wm": 19.064740455617134,
  "size_x": 192,
  "size_y": 256,
  "size_z": 256,
  "snr_csf": 2.166913374579363,
  "snr_gm": 15.358393633215295,
  "snr_total": 14.614608505207196,
  "snr_wm": 26.318518507826933,
  "snrd_csf": 26.05243044387918,
  "snrd_gm": 62.15482036258813,
  "snrd_total": 56.04375643130783,
  "snrd_wm": 79.92401848745617,
  "spacing_x": 1.0,
  "spacing_y": 1.0,
  "spacing_z": 1.0,
  "summary_bg_k": 684.9742432584281,
  "summary_bg_mad": 0.0,
  "summary_bg_mean": 2.0208619992155747,
  "summary_bg_median": 0.0,
  "summary_bg_n": 3175739.0,
  "summary_bg_p05": 0.0,
  "summary_bg_p95": 8.714875150471926,
  "summary_bg_stdv": 8.197339039984215,
  "summary_csf_k": 32.76419356156379,
  "summary_csf_mad": 66.05310491331362,
  "summary_csf_mean": 338.8500239653577,
  "summary_csf_median": 325.9788422137499,
  "summary_csf_n": 39835.0,
  "summary_csf_p05": 123.83625030890107,
  "summary_csf_p95": 524.6609910100694,
  "summary_csf_stdv": 150.43275582620626,
  "summary_gm_k": 0.14600477330506312,
  "summary_gm_mad": 49.79193977244061,
  "summary_gm_mean": 775.3872757533406,
  "summary_gm_median": 777.7069561108947,
  "summary_gm_n": 30362.0,
  "summary_gm_p05": 689.1978338509798,
  "summary_gm_p95": 854.9930196404457,
  "summary_gm_stdv": 50.63642509341937,
  "summary_wm_k": 0.4843696747476276,
  "summary_wm_mad": 36.30399659357695,
  "summary_wm_mean": 1001.6311689010631,
  "summary_wm_median": 1000.0425514131784,
  "summary_wm_n": 197885.0,
  "summary_wm_p05": 942.0142363868654,
  "summary_wm_p95": 1065.978021454066,
  "summary_wm_stdv": 37.99758045974363,
  "tpm_overlap_csf": 0.15511419072263277,
  "tpm_overlap_gm": 0.46193512565624834,
  "tpm_overlap_wm": 0.5176001005656817,
  "wm2max": 0.41178427013496244
}