{
  "bids_meta": {
    "AcquisitionMatrixPE": 384,
    "AcquisitionNumber": 1,
    "AcquisitionTime": "18:33:49.675000",
    "BaseResolution": 384,
    "BodyPartExamined": "BRAIN",
    "ConsistencyInfo": "N4_VE11A_LATEST_20140830",
    "ConversionSoftware": "dcm2niix",
    "ConversionSoftwareVersion": "v1.0.20190410  GCC6.3.0",
    "DeviceSerialNumber": "45239",
    "DwellTime": 6e-06,
    "EchoTime": 0.082,
    "EchoTrainLength": 18,
    "FlipAngle": 150,
    "ImageOrientationPatientDICOM": [
      1,
      -0.000739066,
      6.843e-12,
      0.000356043,
      0.481747,
      -0.87631
    ],
    "ImageType": [
      "ORIGINAL",
      "PRIMARY",
      "M",
      "ND",
      "NORM"
    ],
    "ImagingFrequency": 123.225,
    "InPlanePhaseEncodingDirectionDICOM": "ROW",
    "InstitutionAddress": "E_24th_St._100_Austin_Southmiddle_US_78712",
    "InstitutionName": "The_Univ._of_Texas_at_Austin_IRC",
    "InstitutionalDepartmentName": "IRC",
    "MRAcquisitionType": "2D",
    "MagneticFieldStrength": 3,
    "Manufacturer": "Siemens",
    "ManufacturersModelName": "Skyra",
    "Modality": "MR",
    "PartialFourier": 1,
    "PatientPosition": "HFS",
    "PercentPhaseFOV": 100,
    "PhaseEncodingDirection": "i",
    "PhaseEncodingSteps": 396,
    "PhaseResolution": 1,
    "PixelBandwidth": 215,
    "ProcedureStepDescription": "Preston_fMRI",
    "ProtocolName": "T2_coronal_matrix384",
    "PulseSequenceDetails": "%SiemensSeq%_tse",
    "ReceiveCoilActiveElements": "HEA;HEP",
    "ReceiveCoilName": "Head_32",
    "ReconMatrixPE": 384,
    "RepetitionTime": 13.15,
    "SAR": 0.585473,
    "ScanningSequence": "SE",
    "SequenceName": "_tse2d1_18",
    "SequenceVariant": "SK_SP_OSP",
    "SeriesDescription": "T2_coronal_matrix384",
    "SeriesNumber": 5,
    "ShimSetting": [
      -2849,
      8055,
      -15936,
      -670,
      286,
      -583,
      -301,
      11
    ],
    "SliceThickness": 1.5,
    "SoftwareVersions": "syngo_MR_E11",
    "SpacingBetweenSlices": 1.5,
    "StationName": "AWP45239",
    "TxRefAmp": 399.701,
    "dataset": "ds004094",
    "modality": "T2w",
    "run_id": 2,
    "subject_id": "105"
  },
  "cjv": 0.9537605333820854,
  "cnr": 0.9828033729740802,
  "efc": 0.6824695756571052,
  "fber": 136.35826327768075,
  "fwhm_avg": 3.1374260456276986,
  "fwhm_x": 3.547188515249701,
  "fwhm_y": 2.2646731533532813,
  "fwhm_z": 3.6004164682801134,
  "icvs_csf": 0.16730155146004916,
  "icvs_gm": 0.2932151471143773,
  "icvs_wm": 0.5394833014255735,
  "inu_med": 0.8852770328521729,
  "inu_range": 0.5611145079135895,
  "provenance": {
    "md5sum": "db68e07bc38d5219a3a5bc39d0433aa9",
    "settings": {
      "testing": false
    },
    "software": "mriqc",
    "version": "23.0.0",
    "warnings": {
      "large_rot_frame": false,
      "small_air_mask": false
    },
    "webapi_port": null,
    "webapi_url": "https://mriqc.nimh.nih.gov/api/v1"
  },
  "qi_1": 0.050655938856364956,
  "qi_2": 0.00021559744746424547,
  "rpve_csf": 10.292767326593259,
  "rpve_gm": 4.542923158418715,
  "rpve_wm": 2.99380942545798,
  "size_x": 384,
  "size_y": 60,
  "size_z": 384,
  "snr_csf": 5.062756733823052,
  "snr_gm": 3.357041174049336,
  "snr_total": 4.676305298630479,
  "snr_wm": 5.60911798801905,
  "snrd_csf": 16.437500954034633,
  "snrd_gm": 5.374032904477161,
  "snrd_total": 8.458212283591234,
  "snrd_wm": 3.5631029922619075,
  "spacing_x": 0.4322916567325592,
  "spacing_y": 1.5000001192092896,
  "spacing_z": 0.4322916567325592,
  "summary_bg_k": 193.08339128831057,
  "summary_bg_mad": 0.0,
  "summary_bg_mean": 33.80866177181845,
  "summary_bg_median": 0.0,
  "summary_bg_n": 1230893.0,
  "summary_bg_p05": 0.0,
  "summary_bg_p95": 71.78423324227333,
  "summary_bg_stdv": 183.9049642529987,
  "summary_csf_k": 6.901998963374494,
  "summary_csf_mad": 417.09722673416655,
  "summary_csf_mean": 4358.723575327176,
  "summary_csf_median": 4614.2116746380925,
  "summary_csf_n": 150993.0,
  "summary_csf_p05": 2624.37762542814,
  "summary_csf_p95": 5289.52288620919,
  "summary_csf_stdv": 911.3999817987572,
  "summary_gm_k": -0.447658906526748,
  "summary_gm_mad": 305.2099728812513,
  "summary_gm_mean": 1383.6138267856243,
  "summary_gm_median": 1508.5581097193062,
  "summary_gm_n": 20120.0,
  "summary_gm_p05": 546.0477245144546,
  "summary_gm_p95": 1952.8060404587536,
  "summary_gm_stdv": 449.3601782117064,
  "summary_wm_k": 0.0111614867486316,
  "summary_wm_mad": 179.6347938147148,
  "summary_wm_mean": 1009.1717604428522,
  "summary_wm_median": 1000.2074811011553,
  "summary_wm_n": 633908.0,
  "summary_wm_p05": 732.6763575002551,
  "summary_wm_p95": 1314.1078998744488,
  "summary_wm_stdv": 178.31799835831956,
  "tpm_overlap_csf": 0.14901467051037362,
  "tpm_overlap_gm": 0.2955022163111823,
  "tpm_overlap_wm": 0.41392959784343536,
  "wm2max": 0.179569792345656
}