{
  "bids_meta": {
    "AcquisitionMatrixPE": 256,
    "AcquisitionNumber": 1,
    "AcquisitionTime": "17:10:13.125000",
    "BaseResolution": 256,
    "BodyPartExamined": "BRAIN",
    "ConsistencyInfo": "N4_VE11C_LATEST_20160120",
    "ConversionSoftware": "dcm2niix",
    "ConversionSoftwareVersion": "v1.0.20190410  GCC6.3.0",
    "DeviceSerialNumber": "45239",
    "DwellTime": 1.09e-05,
    "EchoTime": 0.00243,
    "FlipAngle": 9,
    "ImageOrientationPatientDICOM": [
      -0.043807,
      0.99904,
      -2.58982e-08,
      0.107768,
      0.00472548,
      -0.994165
    ],
    "ImageType": [
      "ORIGINAL",
      "PRIMARY",
      "M",
      "ND",
      "NORM"
    ],
    "ImagingFrequency": 123.172,
    "InPlanePhaseEncodingDirectionDICOM": "ROW",
    "InstitutionAddress": "E_24th_St._100_Austin_Southmiddle_US_78712",
    "InstitutionName": "The_Univ._of_Texas_at_Austin_IRC",
    "InstitutionalDepartmentName": "IRC",
    "InversionTime": 0.9,
    "MRAcquisitionType": "3D",
    "MagneticFieldStrength": 3,
    "Manufacturer": "Siemens",
    "ManufacturersModelName": "Skyra",
    "Modality": "MR",
    "PartialFourier": 1,
    "PatientPosition": "HFS",
    "PercentPhaseFOV": 100,
    "PhaseEncodingSteps": 255,
    "PhaseResolution": 1,
    "PixelBandwidth": 180,
    "ProcedureStepDescription": "Preston_fMRI",
    "ProtocolName": "mprage",
    "PulseSequenceDetails": "%SiemensSeq%_tfl",
    "ReceiveCoilActiveElements": "HEA;HEP",
    "ReceiveCoilName": "Head_32",
    "ReconMatrixPE": 256,
    "RefLinesPE": 48,
    "RepetitionTime": 1.9,
    "SAR": 0.107251,
    "ScanOptions": "IR",
    "ScanningSequence": "GR_IR",
    "SequenceName": "_tfl3d1_16ns",
    "SequenceVariant": "SK_SP_MP",
    "SeriesDescription": "mprage",
    "SeriesNumber": 2,
    "ShimSetting": [
      -2751,
      8072,
      -15888,
      -462,
      637,
      -681,
      -484,
      -138
    ],
    "SliceThickness": 1,
    "SoftwareVersions": "syngo_MR_E11",
    "StationName": "AWP45239",
    "TxRefAmp": 318.896,
    "dataset": "ds004094",
    "modality": "T1w",
    "subject_id": "113"
  },
  "cjv": 0.3799933667425923,
  "cnr": 3.6296352721391587,
  "efc": 0.5430281438520272,
  "fber": -1.0,
  "fwhm_avg": 4.142016666666667,
  "fwhm_x": 4.12413,
  "fwhm_y": 4.11852,
  "fwhm_z": 4.1834,
  "icvs_csf": 0.2063252114543282,
  "icvs_gm": 0.4335903061743467,
  "icvs_wm": 0.3600844823713251,
  "inu_med": 0.38177773356437683,
  "inu_range": 0.11306557357311248,
  "provenance": {
    "md5sum": "5305ea675307ede0bf022c87a798aa43",
    "settings": {
      "testing": false
    },
    "software": "mriqc",
    "version": "23.0.0",
    "warnings": {
      "large_rot_frame": true,
      "small_air_mask": false
    },
    "webapi_port": null,
    "webapi_url": "https://mriqc.nimh.nih.gov/api/v1"
  },
  "qi_1": 0.018308583135884363,
  "qi_2": 0.03307140500135491,
  "rpve_csf": 28.83219657242961,
  "rpve_gm": 14.378968462876164,
  "rpve_wm": 19.74712313230669,
  "size_x": 192,
  "size_y": 256,
  "size_z": 256,
  "snr_csf": 3.0080481637317007,
  "snr_gm": 15.618938012497791,
  "snr_total": 15.047521751631024,
  "snr_wm": 26.515579078663578,
  "snrd_csf": 46.251828651642015,
  "snrd_gm": 107.66928651594147,
  "snrd_total": 97.71030063649887,
  "snrd_wm": 139.20978674191315,
  "spacing_x": 1.0,
  "spacing_y": 1.0,
  "spacing_z": 1.0,
  "summary_bg_k": 16.238919714817342,
  "summary_bg_mad": 0.0,
  "summary_bg_mean": 1.9075702899863067,
  "summary_bg_median": 0.0,
  "summary_bg_n": 2271947.0,
  "summary_bg_p05": 0.0,
  "summary_bg_p95": 10.126703914254904,
  "summary_bg_stdv": 4.706334708343043,
  "summary_csf_k": 6.761279380738548,
  "summary_csf_mad": 81.18876720204939,
  "summary_csf_mean": 340.31809068052746,
  "summary_csf_median": 332.2614748738706,
  "summary_csf_n": 31899.0,
  "summary_csf_p05": 148.8193530678749,
  "summary_csf_p95": 530.7208746645599,
  "summary_csf_stdv": 110.45576690417647,
  "summary_gm_k": -0.034791663032784026,
  "summary_gm_mad": 50.87639662529826,
  "summary_gm_mean": 771.8247870456378,
  "summary_gm_median": 773.4690060764551,
  "summary_gm_n": 23387.0,
  "summary_gm_p05": 688.9038293138146,
  "summary_gm_p95": 849.188914917782,
  "summary_gm_stdv": 49.52017025603415,
  "summary_wm_k": 0.9189150170703488,
  "summary_wm_mad": 35.22212074059111,
  "summary_wm_mean": 1002.0336340367332,
  "summary_wm_median": 1000.0480069257319,
  "summary_wm_n": 177593.0,
  "summary_wm_p05": 944.1831568963826,
  "summary_wm_p95": 1066.4235117286444,
  "summary_wm_stdv": 37.71538190410618,
  "tpm_overlap_csf": 0.14904134688071655,
  "tpm_overlap_gm": 0.45361940109679555,
  "tpm_overlap_wm": 0.49392318015903103,
  "wm2max": 0.40699217518136416
}