{
  "bids_meta": {
    "AcquisitionMatrixPE": 384,
    "AcquisitionNumber": 1,
    "AcquisitionTime": "17:18:53.772500",
    "BaseResolution": 384,
    "BodyPartExamined": "BRAIN",
    "ConsistencyInfo": "N4_VE11C_LATEST_20160120",
    "ConversionSoftware": "dcm2niix",
    "ConversionSoftwareVersion": "v1.0.20190410  GCC6.3.0",
    "DeviceSerialNumber": "45239",
    "DwellTime": 6e-06,
    "EchoTime": 0.082,
    "EchoTrainLength": 18,
    "FlipAngle": 150,
    "ImageOrientationPatientDICOM": [
      0.999133,
      0.0416357,
      -4.91648e-10,
      -0.0160402,
      0.384918,
      -0.922812
    ],
    "ImageType": [
      "ORIGINAL",
      "PRIMARY",
      "M",
      "ND",
      "NORM"
    ],
    "ImagingFrequency": 123.172,
    "InPlanePhaseEncodingDirectionDICOM": "ROW",
    "InstitutionAddress": "E_24th_St._100_Austin_Southmiddle_US_78712",
    "InstitutionName": "The_Univ._of_Texas_at_Austin_IRC",
    "InstitutionalDepartmentName": "IRC",
    "MRAcquisitionType": "2D",
    "MagneticFieldStrength": 3,
    "Manufacturer": "Siemens",
    "ManufacturersModelName": "Skyra",
    "Modality": "MR",
    "PartialFourier": 1,
    "PatientPosition": "HFS",
    "PercentPhaseFOV": 100,
    "PhaseEncodingDirection": "i",
    "PhaseEncodingSteps": 396,
    "PhaseResolution": 1,
    "PixelBandwidth": 215,
    "ProcedureStepDescription": "Preston_fMRI",
    "ProtocolName": "T2_coronal_matrix384",
    "PulseSequenceDetails": "%SiemensSeq%_tse",
    "ReceiveCoilActiveElements": "HEA;HEP",
    "ReceiveCoilName": "Head_32",
    "ReconMatrixPE": 384,
    "RepetitionTime": 13.15,
    "SAR": 0.595465,
    "ScanningSequence": "SE",
    "SequenceName": "_tse2d1_18",
    "SequenceVariant": "SK_SP_OSP",
    "SeriesDescription": "T2_coronal_matrix384",
    "SeriesNumber": 3,
    "ShimSetting": [
      -2751,
      8072,
      -15888,
      -462,
      637,
      -681,
      -484,
      -138
    ],
    "SliceThickness": 1.5,
    "SoftwareVersions": "syngo_MR_E11",
    "SpacingBetweenSlices": 1.5,
    "StationName": "AWP45239",
    "TxRefAmp": 318.896,
    "dataset": "ds004094",
    "modality": "T2w",
    "run_id": 1,
    "subject_id": "113"
  },
  "cjv": 0.5262864136067833,
  "cnr": 2.650825777457843,
  "efc": 0.6646294518066554,
  "fber": 195.65088325171484,
  "fwhm_avg": 2.9787066697040103,
  "fwhm_x": 3.3884993549765015,
  "fwhm_y": 2.1512562387373246,
  "fwhm_z": 3.3963644153982053,
  "icvs_csf": 0.20826424024599208,
  "icvs_gm": 0.721217321426299,
  "icvs_wm": 0.07051843832770884,
  "inu_med": 0.8991694450378418,
  "inu_range": 0.27279566526412946,
  "provenance": {
    "md5sum": "065c3b62a07f1d186eee5aab95c67ce5",
    "settings": {
      "testing": false
    },
    "software": "mriqc",
    "version": "23.0.0",
    "warnings": {
      "large_rot_frame": false,
      "small_air_mask": false
    },
    "webapi_port": null,
    "webapi_url": "https://mriqc.nimh.nih.gov/api/v1"
  },
  "qi_1": 0.008739236752273687,
  "qi_2": 0.0005329912286393988,
  "rpve_csf": 6.7252481621722975,
  "rpve_gm": 2.6438042053791553,
  "rpve_wm": 16.583833881030625,
  "size_x": 384,
  "size_y": 60,
  "size_z": 384,
  "snr_csf": 5.384766395654733,
  "snr_gm": 4.548570886829371,
  "snr_total": 3.6874448060075466,
  "snr_wm": 1.1289971355385375,
  "snrd_csf": 57.1418336207751,
  "snrd_gm": 14.631440337109803,
  "snrd_total": 24.98260675671673,
  "snrd_wm": 3.1745463122652837,
  "spacing_x": 0.4322916567325592,
  "spacing_y": 1.5000026226043701,
  "spacing_z": 0.4322916567325592,
  "summary_bg_k": 599.5264544000872,
  "summary_bg_mad": 0.0,
  "summary_bg_mean": 100.4843101155648,
  "summary_bg_median": 0.0,
  "summary_bg_n": 1521125.0,
  "summary_bg_p05": 0.0,
  "summary_bg_p95": 423.56450748443604,
  "summary_bg_stdv": 207.2180803236347,
  "summary_csf_k": 1.6160108808561464,
  "summary_csf_mad": 2150.381310980808,
  "summary_csf_mean": 16986.71116272903,
  "summary_csf_median": 18073.825647711754,
  "summary_csf_n": 125293.0,
  "summary_csf_p05": 9950.410221159458,
  "summary_csf_p95": 20720.507249760627,
  "summary_csf_stdv": 3356.4600937774885,
  "summary_gm_k": -0.1886720073915975,
  "summary_gm_mad": 1067.4514939598816,
  "summary_gm_mean": 4668.109188580637,
  "summary_gm_median": 4627.889671564102,
  "summary_gm_n": 787376.0,
  "summary_gm_p05": 3070.096967101097,
  "summary_gm_p95": 6364.653294682503,
  "summary_gm_stdv": 1017.4375310183838,
  "summary_wm_k": 0.2249069032688671,
  "summary_wm_mad": 839.6990260616574,
  "summary_wm_mean": 1239.18367424613,
  "summary_wm_median": 1004.1014248728752,
  "summary_wm_n": 2603.0,
  "summary_wm_p05": 151.37956869602203,
  "summary_wm_p95": 2888.2923422336585,
  "summary_wm_stdv": 889.2037905704525,
  "tpm_overlap_csf": 0.1557311090299123,
  "tpm_overlap_gm": 0.4360368679632412,
  "tpm_overlap_wm": 0.09083961359800982,
  "wm2max": 0.046341291774778456
}