{
  "bids_meta": {
    "AcquisitionMatrixPE": 384,
    "AcquisitionNumber": 1,
    "AcquisitionTime": "18:01:23.782500",
    "BaseResolution": 384,
    "BodyPartExamined": "BRAIN",
    "ConsistencyInfo": "N4_VE11A_LATEST_20140830",
    "ConversionSoftware": "dcm2niix",
    "ConversionSoftwareVersion": "v1.0.20190410  GCC6.3.0",
    "DeviceSerialNumber": "45239",
    "DwellTime": 6e-06,
    "EchoTime": 0.082,
    "EchoTrainLength": 18,
    "FlipAngle": 150,
    "ImageOrientationPatientDICOM": [
      0.999969,
      0.00782737,
      -1.29538e-10,
      -0.00452084,
      0.577551,
      -0.816342
    ],
    "ImageType": [
      "ORIGINAL",
      "PRIMARY",
      "M",
      "ND",
      "NORM"
    ],
    "ImagingFrequency": 123.225,
    "InPlanePhaseEncodingDirectionDICOM": "ROW",
    "InstitutionAddress": "E_24th_St._100_Austin_Southmiddle_US_78712",
    "InstitutionName": "The_Univ._of_Texas_at_Austin_IRC",
    "InstitutionalDepartmentName": "IRC",
    "MRAcquisitionType": "2D",
    "MagneticFieldStrength": 3,
    "Manufacturer": "Siemens",
    "ManufacturersModelName": "Skyra",
    "Modality": "MR",
    "PartialFourier": 1,
    "PatientPosition": "HFS",
    "PercentPhaseFOV": 100,
    "PhaseEncodingDirection": "i",
    "PhaseEncodingSteps": 396,
    "PhaseResolution": 1,
    "PixelBandwidth": 215,
    "ProcedureStepDescription": "Preston_fMRI",
    "ProtocolName": "T2_coronal_matrix384",
    "PulseSequenceDetails": "%SiemensSeq%_tse",
    "ReceiveCoilActiveElements": "HEA;HEP",
    "ReceiveCoilName": "Head_32",
    "ReconMatrixPE": 384,
    "RepetitionTime": 13.15,
    "SAR": 0.775323,
    "ScanningSequence": "SE",
    "SequenceName": "_tse2d1_18",
    "SequenceVariant": "SK_SP_OSP",
    "SeriesDescription": "T2_coronal_matrix384",
    "SeriesNumber": 3,
    "ShimSetting": [
      -2851,
      8065,
      -15920,
      -530,
      404,
      -610,
      -324,
      -43
    ],
    "SliceThickness": 1.5,
    "SoftwareVersions": "syngo_MR_E11",
    "SpacingBetweenSlices": 1.5,
    "StationName": "AWP45239",
    "TxRefAmp": 341.097,
    "dataset": "ds004094",
    "modality": "T2w",
    "run_id": 1,
    "subject_id": "102"
  },
  "cjv": 0.1995758743742871,
  "cnr": 2.8986423280371496,
  "efc": 0.6864315562359451,
  "fber": 1219.0339484444444,
  "fwhm_avg": 2.770139923119064,
  "fwhm_x": 3.1506969398732227,
  "fwhm_y": 2.0495078182518705,
  "fwhm_z": 3.1102150112321003,
  "icvs_csf": 0.433103045325426,
  "icvs_gm": 0.14838471025886713,
  "icvs_wm": 0.4185122444157069,
  "inu_med": 0.9509045779705048,
  "inu_range": 0.3675321817398072,
  "provenance": {
    "md5sum": "7d77aa0a0b75f80f363cb75ab1387198",
    "settings": {
      "testing": false
    },
    "software": "mriqc",
    "version": "23.0.0",
    "warnings": {
      "large_rot_frame": false,
      "small_air_mask": false
    },
    "webapi_port": null,
    "webapi_url": "https://mriqc.nimh.nih.gov/api/v1"
  },
  "qi_1": 0.0,
  "qi_2": 0.002873793579316131,
  "rpve_csf": 3.8137647025436285,
  "rpve_gm": 11.350510329801445,
  "rpve_wm": 4.108425047967704,
  "size_x": 384,
  "size_y": 60,
  "size_z": 384,
  "snr_csf": 8.60696337580349,
  "snr_gm": 3.6614628349161356,
  "snr_total": 5.944289661092966,
  "snr_wm": 5.564442772559271,
  "snrd_csf": 30.830181236404908,
  "snrd_gm": 84.813853265242,
  "snrd_total": 44.23412235994539,
  "snrd_wm": 17.058332578189265,
  "spacing_x": 0.4322916567325592,
  "spacing_y": 1.4999942779541016,
  "spacing_z": 0.4322916567325592,
  "summary_bg_k": 290.7246996595674,
  "summary_bg_mad": 0.0,
  "summary_bg_mean": 13.9963259689584,
  "summary_bg_median": 0.0,
  "summary_bg_n": 1311208.0,
  "summary_bg_p05": 0.0,
  "summary_bg_p95": 58.50129036605358,
  "summary_bg_stdv": 38.40565183113996,
  "summary_csf_k": 0.8326659357912884,
  "summary_csf_mad": 191.70390944447252,
  "summary_csf_mean": 1813.0971926979573,
  "summary_csf_median": 1807.3384511321783,
  "summary_csf_n": 154219.0,
  "summary_csf_p05": 1479.793240584433,
  "summary_csf_p95": 2166.5115677788854,
  "summary_csf_stdv": 209.98492877923417,
  "summary_gm_k": 2.4056543254904286,
  "summary_gm_mad": 630.278320979309,
  "summary_gm_mean": 4433.39810477006,
  "summary_gm_median": 4971.989526093006,
  "summary_gm_n": 68586.0,
  "summary_gm_p05": 823.4883492384106,
  "summary_gm_p95": 5872.325418418273,
  "summary_gm_stdv": 1357.9144466959553,
  "summary_wm_k": 1.0217992786661467,
  "summary_wm_mad": 162.4349672351246,
  "summary_wm_mean": 999.0957763283757,
  "summary_wm_median": 999.9999722465873,
  "summary_wm_n": 456348.0,
  "summary_wm_p05": 702.2222027331591,
  "summary_wm_p95": 1287.441824734211,
  "summary_wm_stdv": 179.71231216940248,
  "tpm_overlap_csf": 0.09472354641612876,
  "tpm_overlap_gm": 0.09590101626341595,
  "tpm_overlap_wm": 0.4672599979385239,
  "wm2max": 0.16743968709978888
}