{
  "bids_meta": {
    "AcquisitionMatrixPE": 256,
    "AcquisitionNumber": 1,
    "AcquisitionTime": "19:14:33.085000",
    "BaseResolution": 256,
    "BodyPartExamined": "BRAIN",
    "ConsistencyInfo": "N4_VE11C_LATEST_20160120",
    "ConversionSoftware": "dcm2niix",
    "ConversionSoftwareVersion": "v1.0.20190410  GCC6.3.0",
    "DeviceSerialNumber": "45239",
    "DwellTime": 1.09e-05,
    "EchoTime": 0.00243,
    "FlipAngle": 9,
    "ImageOrientationPatientDICOM": [
      -0.080199,
      0.996779,
      0,
      0,
      0,
      -1
    ],
    "ImageType": [
      "ORIGINAL",
      "PRIMARY",
      "M",
      "ND",
      "NORM"
    ],
    "ImagingFrequency": 123.172,
    "InPlanePhaseEncodingDirectionDICOM": "ROW",
    "InstitutionAddress": "E_24th_St._100_Austin_Southmiddle_US_78712",
    "InstitutionName": "The_Univ._of_Texas_at_Austin_IRC",
    "InstitutionalDepartmentName": "IRC",
    "InversionTime": 0.9,
    "MRAcquisitionType": "3D",
    "MagneticFieldStrength": 3,
    "Manufacturer": "Siemens",
    "ManufacturersModelName": "Skyra",
    "Modality": "MR",
    "PartialFourier": 1,
    "PatientPosition": "HFS",
    "PercentPhaseFOV": 100,
    "PhaseEncodingSteps": 255,
    "PhaseResolution": 1,
    "PixelBandwidth": 180,
    "ProcedureStepDescription": "Preston_fMRI",
    "ProtocolName": "mprage",
    "PulseSequenceDetails": "%SiemensSeq%_tfl",
    "ReceiveCoilActiveElements": "HEA;HEP",
    "ReceiveCoilName": "Head_32",
    "ReconMatrixPE": 256,
    "RefLinesPE": 48,
    "RepetitionTime": 1.9,
    "SAR": 0.103414,
    "ScanOptions": "IR",
    "ScanningSequence": "GR_IR",
    "SequenceName": "_tfl3d1_16ns",
    "SequenceVariant": "SK_SP_MP",
    "SeriesDescription": "mprage",
    "SeriesNumber": 2,
    "ShimSetting": [
      -2751,
      8072,
      -15888,
      -462,
      637,
      -681,
      -484,
      -138
    ],
    "SliceThickness": 1,
    "SoftwareVersions": "syngo_MR_E11",
    "StationName": "AWP45239",
    "TxRefAmp": 315.646,
    "dataset": "ds004094",
    "modality": "T1w",
    "subject_id": "129"
  },
  "cjv": 0.3304019974675828,
  "cnr": 4.040703760195057,
  "efc": 0.5407168256360149,
  "fber": -1.0,
  "fwhm_avg": 4.012256666666667,
  "fwhm_x": 3.95229,
  "fwhm_y": 4.14878,
  "fwhm_z": 3.9357,
  "icvs_csf": 0.16638899533010773,
  "icvs_gm": 0.48145355636123105,
  "icvs_wm": 0.35215744830866125,
  "inu_med": 0.3802579641342163,
  "inu_range": 0.10521529465913776,
  "provenance": {
    "md5sum": "dd635d9b32b0763925c4da1c6174e504",
    "settings": {
      "testing": false
    },
    "software": "mriqc",
    "version": "23.0.0",
    "warnings": {
      "large_rot_frame": true,
      "small_air_mask": false
    },
    "webapi_port": null,
    "webapi_url": "https://mriqc.nimh.nih.gov/api/v1"
  },
  "qi_1": 0.008617201578818226,
  "qi_2": 0.03634987311626654,
  "rpve_csf": 40.90942820656026,
  "rpve_gm": 16.243117179056984,
  "rpve_wm": 24.155995846698396,
  "size_x": 192,
  "size_y": 256,
  "size_z": 256,
  "snr_csf": 2.117061084885291,
  "snr_gm": 16.203472012791007,
  "snr_total": 14.950023771329953,
  "snr_wm": 26.529538216313565,
  "snrd_csf": 51.68332599659954,
  "snrd_gm": 120.84445032607356,
  "snrd_total": 110.72844034639667,
  "snrd_wm": 159.6575447165169,
  "spacing_x": 1.0,
  "spacing_y": 1.0,
  "spacing_z": 1.0,
  "summary_bg_k": 36.3925250215136,
  "summary_bg_mad": 0.0,
  "summary_bg_mean": 1.5603439371672243,
  "summary_bg_median": 0.0,
  "summary_bg_n": 2136669.0,
  "summary_bg_p05": 0.0,
  "summary_bg_p95": 7.755695343017578,
  "summary_bg_stdv": 4.103538034848284,
  "summary_csf_k": 1.1230097720655365,
  "summary_csf_mad": 141.2449587294096,
  "summary_csf_mean": 314.83905002888923,
  "summary_csf_median": 323.725706577301,
  "summary_csf_n": 13277.0,
  "summary_csf_p05": 59.54733395576477,
  "summary_csf_p95": 556.5457148551941,
  "summary_csf_stdv": 152.90702636639688,
  "summary_gm_k": 0.07991748573271229,
  "summary_gm_mad": 46.381416976115325,
  "summary_gm_mean": 755.8341363534563,
  "summary_gm_median": 756.9260358810425,
  "summary_gm_n": 46881.0,
  "summary_gm_p05": 678.101324558258,
  "summary_gm_p95": 830.2322716712952,
  "summary_gm_stdv": 46.71331936736089,
  "summary_wm_k": 0.8978328757529099,
  "summary_wm_mad": 33.943015522449116,
  "summary_wm_mean": 1000.6576016001194,
  "summary_wm_median": 1000.0372552871704,
  "summary_wm_n": 155459.0,
  "summary_wm_p05": 939.6323204040527,
  "summary_wm_p95": 1063.984454870224,
  "summary_wm_stdv": 37.69511669317811,
  "tpm_overlap_csf": 0.13921360907165564,
  "tpm_overlap_gm": 0.48290515104173426,
  "tpm_overlap_wm": 0.5018686856483979,
  "wm2max": 0.4465311423005844
}