{
  "bids_meta": {
    "AcquisitionMatrixPE": 384,
    "AcquisitionNumber": 1,
    "AcquisitionTime": "19:27:52.730000",
    "BaseResolution": 384,
    "BodyPartExamined": "BRAIN",
    "ConsistencyInfo": "N4_VE11C_LATEST_20160120",
    "ConversionSoftware": "dcm2niix",
    "ConversionSoftwareVersion": "v1.0.20190410  GCC6.3.0",
    "DeviceSerialNumber": "45239",
    "DwellTime": 6e-06,
    "EchoTime": 0.082,
    "EchoTrainLength": 18,
    "FlipAngle": 150,
    "ImageOrientationPatientDICOM": [
      0.999915,
      -0.0130148,
      -2.22949e-10,
      0.00662322,
      0.508855,
      -0.860827
    ],
    "ImageType": [
      "ORIGINAL",
      "PRIMARY",
      "M",
      "ND",
      "NORM"
    ],
    "ImagingFrequency": 123.172,
    "InPlanePhaseEncodingDirectionDICOM": "ROW",
    "InstitutionAddress": "E_24th_St._100_Austin_Southmiddle_US_78712",
    "InstitutionName": "The_Univ._of_Texas_at_Austin_IRC",
    "InstitutionalDepartmentName": "IRC",
    "MRAcquisitionType": "2D",
    "MagneticFieldStrength": 3,
    "Manufacturer": "Siemens",
    "ManufacturersModelName": "Skyra",
    "Modality": "MR",
    "PartialFourier": 1,
    "PatientPosition": "HFS",
    "PercentPhaseFOV": 100,
    "PhaseEncodingDirection": "i",
    "PhaseEncodingSteps": 396,
    "PhaseResolution": 1,
    "PixelBandwidth": 215,
    "ProcedureStepDescription": "Preston_fMRI",
    "ProtocolName": "T2_coronal_matrix384",
    "PulseSequenceDetails": "%SiemensSeq%_tse",
    "ReceiveCoilActiveElements": "HEA;HEP",
    "ReceiveCoilName": "Head_32",
    "ReconMatrixPE": 384,
    "RepetitionTime": 13.15,
    "SAR": 0.574164,
    "ScanningSequence": "SE",
    "SequenceName": "_tse2d1_18",
    "SequenceVariant": "SK_SP_OSP",
    "SeriesDescription": "T2_coronal_matrix384",
    "SeriesNumber": 4,
    "ShimSetting": [
      -2751,
      8072,
      -15888,
      -462,
      637,
      -681,
      -484,
      -138
    ],
    "SliceThickness": 1.5,
    "SoftwareVersions": "syngo_MR_E11",
    "SpacingBetweenSlices": 1.5,
    "StationName": "AWP45239",
    "TxRefAmp": 315.646,
    "dataset": "ds004094",
    "modality": "T2w",
    "run_id": 2,
    "subject_id": "129"
  },
  "cjv": 0.4127114767182049,
  "cnr": 2.1827402267361333,
  "efc": 0.6392435128941197,
  "fber": 1227.395907202216,
  "fwhm_avg": 2.596930484928762,
  "fwhm_x": 2.9072270547601873,
  "fwhm_y": 1.948231320523646,
  "fwhm_z": 2.935333079502452,
  "icvs_csf": 0.46226851980957046,
  "icvs_gm": 0.12345992326155004,
  "icvs_wm": 0.4142715569288795,
  "inu_med": 0.9753715395927429,
  "inu_range": 0.30699436366558075,
  "provenance": {
    "md5sum": "2c33ccc42de8054b63141d7fd64c10b2",
    "settings": {
      "testing": false
    },
    "software": "mriqc",
    "version": "23.0.0",
    "warnings": {
      "large_rot_frame": false,
      "small_air_mask": false
    },
    "webapi_port": null,
    "webapi_url": "https://mriqc.nimh.nih.gov/api/v1"
  },
  "qi_1": 0.00012203631843845122,
  "qi_2": 0.0029645061664411413,
  "rpve_csf": 4.421945193462407,
  "rpve_gm": 15.703811591710378,
  "rpve_wm": 5.048642558523271,
  "size_x": 384,
  "size_y": 60,
  "size_z": 384,
  "snr_csf": 8.131968718836843,
  "snr_gm": 2.7008474506516764,
  "snr_total": 5.304328940838462,
  "snr_wm": 5.080170653026868,
  "snrd_csf": 36.89861574633854,
  "snrd_gm": 102.97967870132297,
  "snrd_total": 53.06952471530965,
  "snrd_wm": 19.33027969826743,
  "spacing_x": 0.4322916567325592,
  "spacing_y": 1.5000015497207642,
  "spacing_z": 0.4322916567325592,
  "summary_bg_k": 166.72972350968098,
  "summary_bg_mad": 0.0,
  "summary_bg_mean": 18.626693233100397,
  "summary_bg_median": 0.0,
  "summary_bg_n": 1686542.0,
  "summary_bg_p05": 0.0,
  "summary_bg_p95": 77.19149686396122,
  "summary_bg_stdv": 33.89171794307225,
  "summary_csf_k": 0.5529121856175463,
  "summary_csf_mad": 221.99055733204438,
  "summary_csf_mean": 1920.54623361219,
  "summary_csf_median": 1908.8505498468876,
  "summary_csf_n": 161387.0,
  "summary_csf_p05": 1556.9419175684452,
  "summary_csf_p95": 2324.2042480409145,
  "summary_csf_stdv": 234.7333962960498,
  "summary_gm_k": 0.6581620774998989,
  "summary_gm_mad": 1599.084523154557,
  "summary_gm_mean": 4864.330064580682,
  "summary_gm_median": 5327.37644315511,
  "summary_gm_n": 35571.0,
  "summary_gm_p05": 211.3249403871596,
  "summary_gm_p95": 6682.668792888522,
  "summary_gm_stdv": 1972.4555556219136,
  "summary_wm_k": 0.5286671437295531,
  "summary_wm_mad": 186.87340701963058,
  "summary_wm_mean": 1003.3463626292229,
  "summary_wm_median": 999.9999806061387,
  "summary_wm_n": 379404.0,
  "summary_wm_p05": 685.3124536648393,
  "summary_wm_p95": 1328.2224549427629,
  "summary_wm_stdv": 196.8435178753393,
  "tpm_overlap_csf": 0.09436513783520543,
  "tpm_overlap_gm": 0.09655630286401759,
  "tpm_overlap_wm": 0.47809677672864637,
  "wm2max": 0.15063954507080393
}