{
  "bids_meta": {
    "AcquisitionMatrixPE": 256,
    "AcquisitionNumber": 1,
    "AcquisitionTime": "17:06:22.245000",
    "BaseResolution": 256,
    "BodyPartExamined": "BRAIN",
    "ConsistencyInfo": "N4_VE11C_LATEST_20160120",
    "ConversionSoftware": "dcm2niix",
    "ConversionSoftwareVersion": "v1.0.20190410  GCC6.3.0",
    "DeviceSerialNumber": "45239",
    "DwellTime": 1.09e-05,
    "EchoTime": 0.00243,
    "FlipAngle": 9,
    "ImageOrientationPatientDICOM": [
      -0.00349062,
      0.999994,
      0,
      0,
      0,
      -1
    ],
    "ImageType": [
      "ORIGINAL",
      "PRIMARY",
      "M",
      "ND",
      "NORM"
    ],
    "ImagingFrequency": 123.172,
    "InPlanePhaseEncodingDirectionDICOM": "ROW",
    "InstitutionAddress": "E_24th_St._100_Austin_Southmiddle_US_78712",
    "InstitutionName": "The_Univ._of_Texas_at_Austin_IRC",
    "InstitutionalDepartmentName": "IRC",
    "InversionTime": 0.9,
    "MRAcquisitionType": "3D",
    "MagneticFieldStrength": 3,
    "Manufacturer": "Siemens",
    "ManufacturersModelName": "Skyra",
    "Modality": "MR",
    "PartialFourier": 1,
    "PatientPosition": "HFS",
    "PercentPhaseFOV": 100,
    "PhaseEncodingSteps": 255,
    "PhaseResolution": 1,
    "PixelBandwidth": 180,
    "ProcedureStepDescription": "Preston_fMRI",
    "ProtocolName": "mprage",
    "PulseSequenceDetails": "%SiemensSeq%_tfl",
    "ReceiveCoilActiveElements": "HEA;HEP",
    "ReceiveCoilName": "Head_32",
    "ReconMatrixPE": 256,
    "RefLinesPE": 48,
    "RepetitionTime": 1.9,
    "SAR": 0.103313,
    "ScanOptions": "IR",
    "ScanningSequence": "GR_IR",
    "SequenceName": "_tfl3d1_16ns",
    "SequenceVariant": "SK_SP_MP",
    "SeriesDescription": "mprage",
    "SeriesNumber": 2,
    "ShimSetting": [
      -2751,
      8072,
      -15888,
      -462,
      637,
      -681,
      -484,
      -138
    ],
    "SliceThickness": 1,
    "SoftwareVersions": "syngo_MR_E11",
    "StationName": "AWP45239",
    "TxRefAmp": 360.583,
    "dataset": "ds004094",
    "modality": "T1w",
    "subject_id": "136"
  },
  "cjv": 0.35365727338439273,
  "cnr": 3.7679363933310808,
  "efc": 0.5721191677707386,
  "fber": -1.0,
  "fwhm_avg": 3.9475766666666665,
  "fwhm_x": 3.86829,
  "fwhm_y": 4.01516,
  "fwhm_z": 3.95928,
  "icvs_csf": 0.1828617290315955,
  "icvs_gm": 0.4389908793678166,
  "icvs_wm": 0.3781473916005879,
  "inu_med": 0.3472200334072113,
  "inu_range": 0.09522424638271332,
  "provenance": {
    "md5sum": "98aecf7ff17e3e949d8053e5d023f365",
    "settings": {
      "testing": false
    },
    "software": "mriqc",
    "version": "23.0.0",
    "warnings": {
      "large_rot_frame": true,
      "small_air_mask": false
    },
    "webapi_port": null,
    "webapi_url": "https://mriqc.nimh.nih.gov/api/v1"
  },
  "qi_1": 0.008372193732556602,
  "qi_2": 0.012466397042595919,
  "rpve_csf": 26.366396931943314,
  "rpve_gm": 12.059429842037439,
  "rpve_wm": 16.063488246489378,
  "size_x": 192,
  "size_y": 256,
  "size_z": 256,
  "snr_csf": 2.6346253862825857,
  "snr_gm": 15.587690114774253,
  "snr_total": 15.729085791301513,
  "snr_wm": 28.9649418728477,
  "snrd_csf": 48.34912160645656,
  "snrd_gm": 107.89688932620875,
  "snrd_total": 98.67769485167132,
  "snrd_wm": 139.78707362234863,
  "spacing_x": 1.0,
  "spacing_y": 1.0,
  "spacing_z": 1.0,
  "summary_bg_k": 447.6631623517956,
  "summary_bg_mad": 0.0,
  "summary_bg_mean": 1.5790016671563192,
  "summary_bg_median": 0.0,
  "summary_bg_n": 2714463.0,
  "summary_bg_p05": 0.0,
  "summary_bg_p95": 6.82154081761837,
  "summary_bg_stdv": 4.686851238244842,
  "summary_csf_k": 15.119200145985886,
  "summary_csf_mad": 79.11107345642854,
  "summary_csf_mean": 350.80937207180614,
  "summary_csf_median": 345.89001690223813,
  "summary_csf_n": 34782.0,
  "summary_csf_p05": 132.1502994893119,
  "summary_csf_p95": 549.7763975786044,
  "summary_csf_stdv": 131.2843360621108,
  "summary_gm_k": 0.1888698991584974,
  "summary_gm_mad": 48.43305775528509,
  "summary_gm_mean": 771.434505956402,
  "summary_gm_median": 771.8952409625053,
  "summary_gm_n": 37722.0,
  "summary_gm_p05": 689.1670046968386,
  "summary_gm_p95": 851.6693710796535,
  "summary_gm_stdv": 49.5188834166159,
  "summary_wm_k": 0.6610254499346877,
  "summary_wm_mad": 32.25124727556107,
  "summary_wm_mean": 1000.5582056483197,
  "summary_wm_median": 1000.037883862853,
  "summary_wm_n": 249200.0,
  "summary_wm_p05": 945.0107879340649,
  "summary_wm_p95": 1058.1725706085563,
  "summary_wm_stdv": 34.52573396329638,
  "tpm_overlap_csf": 0.17602282732278787,
  "tpm_overlap_gm": 0.4672521316927324,
  "tpm_overlap_wm": 0.5155388343252527,
  "wm2max": 0.4820294381924726
}