{
  "bids_meta": {
    "AcquisitionMatrixPE": 384,
    "AcquisitionNumber": 1,
    "AcquisitionTime": "17:13:34.427500",
    "BaseResolution": 384,
    "BodyPartExamined": "BRAIN",
    "ConsistencyInfo": "N4_VE11C_LATEST_20160120",
    "ConversionSoftware": "dcm2niix",
    "ConversionSoftwareVersion": "v1.0.20190410  GCC6.3.0",
    "DeviceSerialNumber": "45239",
    "DwellTime": 6e-06,
    "EchoTime": 0.082,
    "EchoTrainLength": 18,
    "FlipAngle": 150,
    "ImageOrientationPatientDICOM": [
      1,
      -0.000500391,
      4.129e-12,
      0.000242593,
      0.484807,
      -0.874621
    ],
    "ImageType": [
      "ORIGINAL",
      "PRIMARY",
      "M",
      "ND",
      "NORM"
    ],
    "ImagingFrequency": 123.172,
    "InPlanePhaseEncodingDirectionDICOM": "ROW",
    "InstitutionAddress": "E_24th_St._100_Austin_Southmiddle_US_78712",
    "InstitutionName": "The_Univ._of_Texas_at_Austin_IRC",
    "InstitutionalDepartmentName": "IRC",
    "MRAcquisitionType": "2D",
    "MagneticFieldStrength": 3,
    "Manufacturer": "Siemens",
    "ManufacturersModelName": "Skyra",
    "Modality": "MR",
    "PartialFourier": 1,
    "PatientPosition": "HFS",
    "PercentPhaseFOV": 100,
    "PhaseEncodingDirection": "i",
    "PhaseEncodingSteps": 396,
    "PhaseResolution": 1,
    "PixelBandwidth": 215,
    "ProcedureStepDescription": "Preston_fMRI",
    "ProtocolName": "T2_coronal_matrix384",
    "PulseSequenceDetails": "%SiemensSeq%_tse",
    "ReceiveCoilActiveElements": "HEA;HEP",
    "ReceiveCoilName": "Head_32",
    "ReconMatrixPE": 384,
    "RepetitionTime": 13.15,
    "SAR": 0.573602,
    "ScanningSequence": "SE",
    "SequenceName": "_tse2d1_18",
    "SequenceVariant": "SK_SP_OSP",
    "SeriesDescription": "T2_coronal_matrix384",
    "SeriesNumber": 3,
    "ShimSetting": [
      -2751,
      8072,
      -15888,
      -462,
      637,
      -681,
      -484,
      -138
    ],
    "SliceThickness": 1.5,
    "SoftwareVersions": "syngo_MR_E11",
    "SpacingBetweenSlices": 1.5,
    "StationName": "AWP45239",
    "TxRefAmp": 360.583,
    "dataset": "ds004094",
    "modality": "T2w",
    "run_id": 1,
    "subject_id": "136"
  },
  "cjv": 0.2157060643366304,
  "cnr": 3.3568301582551947,
  "efc": 0.712586051716002,
  "fber": 130.7680912536708,
  "fwhm_avg": 2.8218458769388093,
  "fwhm_x": 3.1136154932379547,
  "fwhm_y": 2.007443988432861,
  "fwhm_z": 3.344478149145612,
  "icvs_csf": 0.2517397293322252,
  "icvs_gm": 0.15556302905215122,
  "icvs_wm": 0.5926972416156235,
  "inu_med": 0.9378374814987183,
  "inu_range": 0.3251131236553192,
  "provenance": {
    "md5sum": "d86c9ea1baf7fa5f5e8c8773b0b1080e",
    "settings": {
      "testing": false
    },
    "software": "mriqc",
    "version": "23.0.0",
    "warnings": {
      "large_rot_frame": false,
      "small_air_mask": false
    },
    "webapi_port": null,
    "webapi_url": "https://mriqc.nimh.nih.gov/api/v1"
  },
  "qi_1": 0.025286868829669424,
  "qi_2": 0.0004237609691855566,
  "rpve_csf": 4.897141238430542,
  "rpve_gm": 10.940826919456335,
  "rpve_wm": 2.7565524147692195,
  "size_x": 384,
  "size_y": 60,
  "size_z": 384,
  "snr_csf": 7.0573048520417,
  "snr_gm": 4.33587121203646,
  "snr_total": 5.3016150292104305,
  "snr_wm": 4.511669023553133,
  "snrd_csf": 11.915502527670748,
  "snrd_gm": 30.88725078649294,
  "snrd_total": 16.402657348773356,
  "snrd_wm": 6.405218732156383,
  "spacing_x": 0.4322916567325592,
  "spacing_y": 1.4999970197677612,
  "spacing_z": 0.4322916567325592,
  "summary_bg_k": 153.86726131351875,
  "summary_bg_mad": 0.0,
  "summary_bg_mean": 21.253552117365306,
  "summary_bg_median": 0.0,
  "summary_bg_n": 902437.0,
  "summary_bg_p05": 0.0,
  "summary_bg_p95": 72.99353015422821,
  "summary_bg_stdv": 102.2990769791855,
  "summary_csf_k": 1.3296138532514687,
  "summary_csf_mad": 239.83518955533495,
  "summary_csf_mean": 1874.8993412165348,
  "summary_csf_median": 1860.5971372127533,
  "summary_csf_n": 45851.0,
  "summary_csf_p05": 1476.1607610583305,
  "summary_csf_p95": 2326.3140228390694,
  "summary_csf_stdv": 263.63844080807394,
  "summary_gm_k": 3.952983733117037,
  "summary_gm_mad": 617.5124985814203,
  "summary_gm_mean": 4480.539974324772,
  "summary_gm_median": 4823.021962881088,
  "summary_gm_n": 112079.0,
  "summary_gm_p05": 2230.207766807079,
  "summary_gm_p95": 5668.078164780139,
  "summary_gm_stdv": 1112.348640170144,
  "summary_wm_k": 0.6376473791917818,
  "summary_wm_mad": 207.09978999848397,
  "summary_wm_mean": 1014.6781140762421,
  "summary_wm_median": 1000.1702914834023,
  "summary_wm_n": 834858.0,
  "summary_wm_p05": 676.5807771682739,
  "summary_wm_p95": 1401.748227596283,
  "summary_wm_stdv": 221.68507646629476,
  "tpm_overlap_csf": 0.10893504470983695,
  "tpm_overlap_gm": 0.1113726830748826,
  "tpm_overlap_wm": 0.4466952059070723,
  "wm2max": 0.16744486257143748
}