{
  "bids_meta": {
    "AcquisitionMatrixPE": 384,
    "AcquisitionNumber": 1,
    "AcquisitionTime": "19:11:6.702500",
    "BaseResolution": 384,
    "BodyPartExamined": "BRAIN",
    "ConsistencyInfo": "N4_VE11C_LATEST_20160120",
    "ConversionSoftware": "dcm2niix",
    "ConversionSoftwareVersion": "v1.0.20190410  GCC6.3.0",
    "DeviceSerialNumber": "45239",
    "DwellTime": 6e-06,
    "EchoTime": 0.082,
    "EchoTrainLength": 18,
    "FlipAngle": 150,
    "ImageOrientationPatientDICOM": [
      1,
      0.000352528,
      7.22e-13,
      -0.000195598,
      0.554844,
      -0.831955
    ],
    "ImageType": [
      "ORIGINAL",
      "PRIMARY",
      "M",
      "ND",
      "NORM"
    ],
    "ImagingFrequency": 123.172,
    "InPlanePhaseEncodingDirectionDICOM": "ROW",
    "InstitutionAddress": "E_24th_St._100_Austin_Southmiddle_US_78712",
    "InstitutionName": "The_Univ._of_Texas_at_Austin_IRC",
    "InstitutionalDepartmentName": "IRC",
    "MRAcquisitionType": "2D",
    "MagneticFieldStrength": 3,
    "Manufacturer": "Siemens",
    "ManufacturersModelName": "Skyra",
    "Modality": "MR",
    "PartialFourier": 1,
    "PatientPosition": "HFS",
    "PercentPhaseFOV": 100,
    "PhaseEncodingDirection": "i",
    "PhaseEncodingSteps": 396,
    "PhaseResolution": 1,
    "PixelBandwidth": 215,
    "ProcedureStepDescription": "Preston_fMRI",
    "ProtocolName": "T2_coronal_matrix384",
    "PulseSequenceDetails": "%SiemensSeq%_tse",
    "ReceiveCoilActiveElements": "HEA;HEP",
    "ReceiveCoilName": "Head_32",
    "ReconMatrixPE": 384,
    "RepetitionTime": 13.15,
    "SAR": 0.577242,
    "ScanningSequence": "SE",
    "SequenceName": "_tse2d1_18",
    "SequenceVariant": "SK_SP_OSP",
    "SeriesDescription": "T2_coronal_matrix384",
    "SeriesNumber": 4,
    "ShimSetting": [
      -2751,
      8072,
      -15888,
      -462,
      637,
      -681,
      -484,
      -138
    ],
    "SliceThickness": 1.5,
    "SoftwareVersions": "syngo_MR_E11",
    "SpacingBetweenSlices": 1.5,
    "StationName": "AWP45239",
    "TxRefAmp": 330.342,
    "dataset": "ds004094",
    "modality": "T2w",
    "run_id": 2,
    "subject_id": "119"
  },
  "cjv": 0.31058840429721535,
  "cnr": 2.6216181032449177,
  "efc": 0.6934431689758419,
  "fber": 1230.6769529665116,
  "fwhm_avg": 2.6791365683940698,
  "fwhm_x": 3.0174535633173,
  "fwhm_y": 1.933290046836617,
  "fwhm_z": 3.086666095028294,
  "icvs_csf": 0.3307002601507889,
  "icvs_gm": 0.14602659492505188,
  "icvs_wm": 0.5232731449241592,
  "inu_med": 0.9580772519111633,
  "inu_range": 0.3688603401184082,
  "provenance": {
    "md5sum": "3fdf244c9eee4529224589b7e4a3d5f9",
    "settings": {
      "testing": false
    },
    "software": "mriqc",
    "version": "23.0.0",
    "warnings": {
      "large_rot_frame": false,
      "small_air_mask": false
    },
    "webapi_port": null,
    "webapi_url": "https://mriqc.nimh.nih.gov/api/v1"
  },
  "qi_1": 0.00020445030819286693,
  "qi_2": 0.0019331702624012456,
  "rpve_csf": 3.8966094802118048,
  "rpve_gm": 10.920031942871594,
  "rpve_wm": 2.9321930871199964,
  "size_x": 384,
  "size_y": 60,
  "size_z": 384,
  "snr_csf": 7.715007986772508,
  "snr_gm": 3.4085700853481726,
  "snr_total": 5.42886476807708,
  "snr_wm": 5.163016232110557,
  "snrd_csf": 32.87885849619422,
  "snrd_gm": 79.94472847418139,
  "snrd_total": 43.532851362211524,
  "snrd_wm": 17.774967116258953,
  "spacing_x": 0.4322916567325592,
  "spacing_y": 1.4999973773956299,
  "spacing_z": 0.4322916567325592,
  "summary_bg_k": 181.3948651232199,
  "summary_bg_mad": 0.0,
  "summary_bg_mean": 14.374605404666859,
  "summary_bg_median": 0.0,
  "summary_bg_n": 1097912.0,
  "summary_bg_p05": 0.0,
  "summary_bg_p95": 57.87678560614586,
  "summary_bg_stdv": 36.86117830073762,
  "summary_csf_k": 0.6490116990783927,
  "summary_csf_mad": 224.55529337207267,
  "summary_csf_mean": 1857.7238723834027,
  "summary_csf_median": 1849.9253977537155,
  "summary_csf_n": 79340.0,
  "summary_csf_p05": 1479.5352872908115,
  "summary_csf_p95": 2261.9910573363304,
  "summary_csf_stdv": 239.781182686354,
  "summary_gm_k": 1.6126078404153121,
  "summary_gm_mad": 904.0681445331652,
  "summary_gm_mean": 4166.131012547534,
  "summary_gm_median": 4498.081453710794,
  "summary_gm_n": 79535.0,
  "summary_gm_p05": 995.6725691735745,
  "summary_gm_p95": 5726.9558999150995,
  "summary_gm_stdv": 1319.6305382088526,
  "summary_wm_k": 0.7216079205431587,
  "summary_wm_mad": 182.3622861023025,
  "summary_wm_mean": 1010.0813506104627,
  "summary_wm_median": 1000.1065917909145,
  "summary_wm_n": 708051.0,
  "summary_wm_p05": 711.8951216638088,
  "summary_wm_p95": 1340.9720804989338,
  "summary_wm_stdv": 193.70574109985807,
  "tpm_overlap_csf": 0.09843872222732333,
  "tpm_overlap_gm": 0.1152043264770351,
  "tpm_overlap_wm": 0.48151638308361744,
  "wm2max": 0.16911693518658397
}