{
  "bids_meta": {
    "AcquisitionMatrixPE": 256,
    "AcquisitionNumber": 1,
    "AcquisitionTime": "18:57:11.140000",
    "BaseResolution": 256,
    "BodyPartExamined": "BRAIN",
    "ConsistencyInfo": "N4_VE11C_LATEST_20160120",
    "ConversionSoftware": "dcm2niix",
    "ConversionSoftwareVersion": "v1.0.20190410  GCC6.3.0",
    "DeviceSerialNumber": "45239",
    "DwellTime": 1.09e-05,
    "EchoTime": 0.00243,
    "FlipAngle": 9,
    "ImageOrientationPatientDICOM": [
      0.00174528,
      0.999998,
      0,
      0,
      0,
      -1
    ],
    "ImageType": [
      "ORIGINAL",
      "PRIMARY",
      "M",
      "ND",
      "NORM"
    ],
    "ImagingFrequency": 123.172,
    "InPlanePhaseEncodingDirectionDICOM": "ROW",
    "InstitutionAddress": "E_24th_St._100_Austin_Southmiddle_US_78712",
    "InstitutionName": "The_Univ._of_Texas_at_Austin_IRC",
    "InstitutionalDepartmentName": "IRC",
    "InversionTime": 0.9,
    "MRAcquisitionType": "3D",
    "MagneticFieldStrength": 3,
    "Manufacturer": "Siemens",
    "ManufacturersModelName": "Skyra",
    "Modality": "MR",
    "PartialFourier": 1,
    "PatientPosition": "HFS",
    "PercentPhaseFOV": 100,
    "PhaseEncodingSteps": 255,
    "PhaseResolution": 1,
    "PixelBandwidth": 180,
    "ProcedureStepDescription": "Preston_fMRI",
    "ProtocolName": "mprage",
    "PulseSequenceDetails": "%SiemensSeq%_tfl",
    "ReceiveCoilActiveElements": "HEA;HEP",
    "ReceiveCoilName": "Head_32",
    "ReconMatrixPE": 256,
    "RefLinesPE": 48,
    "RepetitionTime": 1.9,
    "SAR": 0.103968,
    "ScanOptions": "IR",
    "ScanningSequence": "GR_IR",
    "SequenceName": "_tfl3d1_16ns",
    "SequenceVariant": "SK_SP_MP",
    "SeriesDescription": "mprage",
    "SeriesNumber": 2,
    "ShimSetting": [
      -2751,
      8072,
      -15888,
      -462,
      637,
      -681,
      -484,
      -138
    ],
    "SliceThickness": 1,
    "SoftwareVersions": "syngo_MR_E11",
    "StationName": "AWP45239",
    "TxRefAmp": 330.342,
    "dataset": "ds004094",
    "modality": "T1w",
    "subject_id": "119"
  },
  "cjv": 0.3377183782518277,
  "cnr": 3.9524653800002865,
  "efc": 0.5638734965385992,
  "fber": -1.0,
  "fwhm_avg": 4.043333333333333,
  "fwhm_x": 4.1232,
  "fwhm_y": 3.98287,
  "fwhm_z": 4.02393,
  "icvs_csf": 0.1789002895782198,
  "icvs_gm": 0.45557377486360423,
  "icvs_wm": 0.365525935558176,
  "inu_med": 0.35541608929634094,
  "inu_range": 0.09984064102172852,
  "provenance": {
    "md5sum": "93b8902ac91491a38d906191214421ce",
    "settings": {
      "testing": false
    },
    "software": "mriqc",
    "version": "23.0.0",
    "warnings": {
      "large_rot_frame": true,
      "small_air_mask": false
    },
    "webapi_port": null,
    "webapi_url": "https://mriqc.nimh.nih.gov/api/v1"
  },
  "qi_1": 0.010045808766192621,
  "qi_2": 0.024305202387854344,
  "rpve_csf": 28.83960795259262,
  "rpve_gm": 12.6764269727368,
  "rpve_wm": 17.98253329132807,
  "size_x": 192,
  "size_y": 256,
  "size_z": 256,
  "snr_csf": 2.4264757163057813,
  "snr_gm": 14.736078915901334,
  "snr_total": 15.849324096729015,
  "snr_wm": 30.385417657979932,
  "snrd_csf": 71.64228007133612,
  "snrd_gm": 159.3678260214032,
  "snrd_total": 147.06123781803717,
  "snrd_wm": 210.1736073613722,
  "spacing_x": 1.0,
  "spacing_y": 1.0,
  "spacing_z": 1.0,
  "summary_bg_k": 29.65399702642445,
  "summary_bg_mad": 0.0,
  "summary_bg_mean": 1.171484208828661,
  "summary_bg_median": 0.0,
  "summary_bg_n": 2174752.0,
  "summary_bg_p05": 0.0,
  "summary_bg_p95": 7.005191706120968,
  "summary_bg_stdv": 3.1171202325592913,
  "summary_csf_k": 5.109919818555767,
  "summary_csf_mad": 98.32348886238304,
  "summary_csf_mean": 333.3264873712487,
  "summary_csf_median": 340.87191723287106,
  "summary_csf_n": 21825.0,
  "summary_csf_p05": 70.52130046486855,
  "summary_csf_p95": 552.3504761904477,
  "summary_csf_stdv": 140.477032448791,
  "summary_gm_k": 0.09236293363710768,
  "summary_gm_mad": 50.585194403998145,
  "summary_gm_mean": 757.5330952625822,
  "summary_gm_median": 758.2675530016422,
  "summary_gm_n": 49294.0,
  "summary_gm_p05": 672.2850476950407,
  "summary_gm_p95": 841.9031412899494,
  "summary_gm_stdv": 51.45601255352015,
  "summary_wm_k": 0.5583582032144001,
  "summary_wm_mad": 31.052297554929552,
  "summary_wm_mean": 1000.7846212178573,
  "summary_wm_median": 1000.0000058859587,
  "summary_wm_n": 223903.0,
  "summary_wm_p05": 948.2611534371972,
  "summary_wm_p95": 1055.7926240935922,
  "summary_wm_stdv": 32.910450138603096,
  "tpm_overlap_csf": 0.16198473301836092,
  "tpm_overlap_gm": 0.4741308538403548,
  "tpm_overlap_wm": 0.5276514484701756,
  "wm2max": 0.5244729372887453
}