{
  "bids_meta": {
    "AcquisitionMatrixPE": 384,
    "AcquisitionNumber": 1,
    "AcquisitionTime": "19:22:46.750000",
    "BaseResolution": 384,
    "BodyPartExamined": "BRAIN",
    "ConsistencyInfo": "N4_VE11C_LATEST_20160120",
    "ConversionSoftware": "dcm2niix",
    "ConversionSoftwareVersion": "v1.0.20190410  GCC6.3.0",
    "DeviceSerialNumber": "45239",
    "DwellTime": 6e-06,
    "EchoTime": 0.082,
    "EchoTrainLength": 18,
    "FlipAngle": 150,
    "ImageOrientationPatientDICOM": [
      0.999992,
      -0.00398061,
      3.9762e-11,
      0.00203167,
      0.510386,
      -0.859943
    ],
    "ImageType": [
      "ORIGINAL",
      "PRIMARY",
      "M",
      "ND",
      "NORM"
    ],
    "ImagingFrequency": 123.172,
    "InPlanePhaseEncodingDirectionDICOM": "ROW",
    "InstitutionAddress": "E_24th_St._100_Austin_Southmiddle_US_78712",
    "InstitutionName": "The_Univ._of_Texas_at_Austin_IRC",
    "InstitutionalDepartmentName": "IRC",
    "MRAcquisitionType": "2D",
    "MagneticFieldStrength": 3,
    "Manufacturer": "Siemens",
    "ManufacturersModelName": "Skyra",
    "Modality": "MR",
    "PartialFourier": 1,
    "PatientPosition": "HFS",
    "PercentPhaseFOV": 100,
    "PhaseEncodingDirection": "i",
    "PhaseEncodingSteps": 396,
    "PhaseResolution": 1,
    "PixelBandwidth": 215,
    "ProcedureStepDescription": "Preston_fMRI",
    "ProtocolName": "T2_coronal_matrix384",
    "PulseSequenceDetails": "%SiemensSeq%_tse",
    "ReceiveCoilActiveElements": "HEA;HEP",
    "ReceiveCoilName": "Head_32",
    "ReconMatrixPE": 384,
    "RepetitionTime": 13.15,
    "SAR": 0.574306,
    "ScanningSequence": "SE",
    "SequenceName": "_tse2d1_18",
    "SequenceVariant": "SK_SP_OSP",
    "SeriesDescription": "T2_coronal_matrix384",
    "SeriesNumber": 4,
    "ShimSetting": [
      -2751,
      8072,
      -15888,
      -462,
      637,
      -681,
      -484,
      -138
    ],
    "SliceThickness": 1.5,
    "SoftwareVersions": "syngo_MR_E11",
    "SpacingBetweenSlices": 1.5,
    "StationName": "AWP45239",
    "TxRefAmp": 317.165,
    "dataset": "ds004094",
    "modality": "T2w",
    "run_id": 2,
    "subject_id": "128"
  },
  "cjv": 0.28874863253266425,
  "cnr": 2.6900411426988224,
  "efc": 0.6840857615929693,
  "fber": 298.6002885275762,
  "fwhm_avg": 2.646478980668999,
  "fwhm_x": 2.943429465230677,
  "fwhm_y": 1.9475331898545938,
  "fwhm_z": 3.048474286921726,
  "icvs_csf": 0.2455236232964394,
  "icvs_gm": 0.16496694304714235,
  "icvs_wm": 0.5895094336564183,
  "inu_med": 0.9428810477256775,
  "inu_range": 0.38850721120834353,
  "provenance": {
    "md5sum": "3c7af1f020493b6cdc0de928cab97d72",
    "settings": {
      "testing": false
    },
    "software": "mriqc",
    "version": "23.0.0",
    "warnings": {
      "large_rot_frame": false,
      "small_air_mask": false
    },
    "webapi_port": null,
    "webapi_url": "https://mriqc.nimh.nih.gov/api/v1"
  },
  "qi_1": 0.023587088208447432,
  "qi_2": 0.00019928419643591025,
  "rpve_csf": 5.810444663398706,
  "rpve_gm": 11.524089000662928,
  "rpve_wm": 3.147185809539511,
  "size_x": 384,
  "size_y": 60,
  "size_z": 384,
  "snr_csf": 7.5082910667258185,
  "snr_gm": 3.559237870601938,
  "snr_total": 5.319151134051259,
  "snr_wm": 4.889924464826019,
  "snrd_csf": 5.772323981049077,
  "snrd_gm": 14.168047736739917,
  "snrd_total": 7.7055263406711845,
  "snrd_wm": 3.1762073042245627,
  "spacing_x": 0.4322916567325592,
  "spacing_y": 1.5000052452087402,
  "spacing_z": 0.4322916567325592,
  "summary_bg_k": 109.32113952106886,
  "summary_bg_mad": 0.0,
  "summary_bg_mean": 41.91645500029404,
  "summary_bg_median": 0.0,
  "summary_bg_n": 1298933.0,
  "summary_bg_p05": 0.0,
  "summary_bg_p95": 89.39347393810749,
  "summary_bg_stdv": 206.3059331746316,
  "summary_csf_k": 1.2807587040931603,
  "summary_csf_mad": 218.97080807223102,
  "summary_csf_mean": 1831.1035961041246,
  "summary_csf_median": 1817.7354906499386,
  "summary_csf_n": 27967.0,
  "summary_csf_p05": 1463.945986814797,
  "summary_csf_p95": 2247.570815850048,
  "summary_csf_stdv": 242.09277135665187,
  "summary_gm_k": 1.9818584997984825,
  "summary_gm_mad": 805.8247050525177,
  "summary_gm_mean": 4077.411734779427,
  "summary_gm_median": 4461.593508757651,
  "summary_gm_n": 78064.0,
  "summary_gm_p05": 827.0430552214384,
  "summary_gm_p95": 5385.598821751773,
  "summary_gm_stdv": 1253.5169309716855,
  "summary_wm_k": 0.5976512267857781,
  "summary_wm_mad": 193.6466218201101,
  "summary_wm_mean": 1015.0729680158686,
  "summary_wm_median": 1000.2045556530356,
  "summary_wm_n": 662583.0,
  "summary_wm_p05": 707.4767268076539,
  "summary_wm_p95": 1373.222861662507,
  "summary_wm_stdv": 204.543814136715,
  "tpm_overlap_csf": 0.10612374012742831,
  "tpm_overlap_gm": 0.11005645359103117,
  "tpm_overlap_wm": 0.44819184396089323,
  "wm2max": 0.17732502524759597
}