{
  "bids_meta": {
    "AcquisitionMatrixPE": 384,
    "AcquisitionNumber": 1,
    "AcquisitionTime": "19:17:25.710000",
    "BaseResolution": 384,
    "BodyPartExamined": "BRAIN",
    "ConsistencyInfo": "N4_VE11C_LATEST_20160120",
    "ConversionSoftware": "dcm2niix",
    "ConversionSoftwareVersion": "v1.0.20190410  GCC6.3.0",
    "DeviceSerialNumber": "45239",
    "DwellTime": 6e-06,
    "EchoTime": 0.082,
    "EchoTrainLength": 18,
    "FlipAngle": 150,
    "ImageOrientationPatientDICOM": [
      0.999992,
      -0.00398061,
      3.9762e-11,
      0.00203167,
      0.510386,
      -0.859943
    ],
    "ImageType": [
      "ORIGINAL",
      "PRIMARY",
      "M",
      "ND",
      "NORM"
    ],
    "ImagingFrequency": 123.172,
    "InPlanePhaseEncodingDirectionDICOM": "ROW",
    "InstitutionAddress": "E_24th_St._100_Austin_Southmiddle_US_78712",
    "InstitutionName": "The_Univ._of_Texas_at_Austin_IRC",
    "InstitutionalDepartmentName": "IRC",
    "MRAcquisitionType": "2D",
    "MagneticFieldStrength": 3,
    "Manufacturer": "Siemens",
    "ManufacturersModelName": "Skyra",
    "Modality": "MR",
    "PartialFourier": 1,
    "PatientPosition": "HFS",
    "PercentPhaseFOV": 100,
    "PhaseEncodingDirection": "i",
    "PhaseEncodingSteps": 396,
    "PhaseResolution": 1,
    "PixelBandwidth": 215,
    "ProcedureStepDescription": "Preston_fMRI",
    "ProtocolName": "T2_coronal_matrix384",
    "PulseSequenceDetails": "%SiemensSeq%_tse",
    "ReceiveCoilActiveElements": "HEA;HEP",
    "ReceiveCoilName": "Head_32",
    "ReconMatrixPE": 384,
    "RepetitionTime": 13.15,
    "SAR": 0.574306,
    "ScanningSequence": "SE",
    "SequenceName": "_tse2d1_18",
    "SequenceVariant": "SK_SP_OSP",
    "SeriesDescription": "T2_coronal_matrix384",
    "SeriesNumber": 3,
    "ShimSetting": [
      -2751,
      8072,
      -15888,
      -462,
      637,
      -681,
      -484,
      -138
    ],
    "SliceThickness": 1.5,
    "SoftwareVersions": "syngo_MR_E11",
    "SpacingBetweenSlices": 1.5,
    "StationName": "AWP45239",
    "TxRefAmp": 317.165,
    "dataset": "ds004094",
    "modality": "T2w",
    "run_id": 1,
    "subject_id": "128"
  },
  "cjv": 0.27662238332402245,
  "cnr": 2.78130557930424,
  "efc": 0.6834142424898725,
  "fber": 498.7265264648463,
  "fwhm_avg": 2.6441011300163213,
  "fwhm_x": 2.949883441282604,
  "fwhm_y": 1.9411398788774274,
  "fwhm_z": 3.0412800698889324,
  "icvs_csf": 0.2667937762408793,
  "icvs_gm": 0.15908195330897898,
  "icvs_wm": 0.5741242704501417,
  "inu_med": 0.95412278175354,
  "inu_range": 0.3926644921302793,
  "provenance": {
    "md5sum": "27816fbaf46f7f5aa0315eb61542f19a",
    "settings": {
      "testing": false
    },
    "software": "mriqc",
    "version": "23.0.0",
    "warnings": {
      "large_rot_frame": false,
      "small_air_mask": false
    },
    "webapi_port": null,
    "webapi_url": "https://mriqc.nimh.nih.gov/api/v1"
  },
  "qi_1": 0.010058852571935561,
  "qi_2": 0.0001805802059513493,
  "rpve_csf": 5.413500071595628,
  "rpve_gm": 12.018017227791978,
  "rpve_wm": 3.216554072065334,
  "size_x": 384,
  "size_y": 60,
  "size_z": 384,
  "snr_csf": 7.537475920820671,
  "snr_gm": 3.6654531145683307,
  "snr_total": 5.396903390430541,
  "snr_wm": 4.987781135902622,
  "snrd_csf": 5.299204427105195,
  "snrd_gm": 13.171063715807762,
  "snrd_total": 7.118646341638957,
  "snrd_wm": 2.885670882003914,
  "spacing_x": 0.4322916567325592,
  "spacing_y": 1.5000052452087402,
  "spacing_z": 0.4322916567325592,
  "summary_bg_k": 98.74787188835269,
  "summary_bg_mad": 0.0,
  "summary_bg_mean": 47.90727266964996,
  "summary_bg_median": 0.0,
  "summary_bg_n": 1311247.0,
  "summary_bg_p05": 0.0,
  "summary_bg_p95": 102.25442498922348,
  "summary_bg_stdv": 227.07657129617942,
  "summary_csf_k": 1.2028947118168585,
  "summary_csf_mad": 222.2560318105071,
  "summary_csf_mean": 1849.1636214546868,
  "summary_csf_median": 1836.7551732808352,
  "summary_csf_n": 35816.0,
  "summary_csf_p05": 1475.2918195910752,
  "summary_csf_p95": 2268.3674779720604,
  "summary_csf_stdv": 243.67965494695284,
  "summary_gm_k": 2.1521561489701346,
  "summary_gm_mad": 797.8536435654793,
  "summary_gm_mean": 4190.908582096766,
  "summary_gm_median": 4565.217241644859,
  "summary_gm_n": 74876.0,
  "summary_gm_p05": 1193.9663457218558,
  "summary_gm_p95": 5532.130454713479,
  "summary_gm_stdv": 1245.4631429372191,
  "summary_wm_k": 0.7237775252421952,
  "summary_wm_mad": 188.30957512243032,
  "summary_wm_mean": 1013.022557227241,
  "summary_wm_median": 1000.2012554556131,
  "summary_wm_n": 647862.0,
  "summary_wm_p05": 709.1384630650282,
  "summary_wm_p95": 1360.8091341331601,
  "summary_wm_stdv": 200.530146828444,
  "tpm_overlap_csf": 0.10582418537196153,
  "tpm_overlap_gm": 0.1046454315347358,
  "tpm_overlap_wm": 0.45171923215656096,
  "wm2max": 0.17260064608010003
}