{
  "bids_meta": {
    "AcquisitionMatrixPE": 384,
    "AcquisitionNumber": 1,
    "AcquisitionTime": "18:55:45.675000",
    "BaseResolution": 384,
    "BodyPartExamined": "BRAIN",
    "ConsistencyInfo": "N4_VE11A_LATEST_20140830",
    "ConversionSoftware": "dcm2niix",
    "ConversionSoftwareVersion": "v1.0.20190410  GCC6.3.0",
    "DeviceSerialNumber": "45239",
    "DwellTime": 6e-06,
    "EchoTime": 0.082,
    "EchoTrainLength": 18,
    "FlipAngle": 150,
    "ImageOrientationPatientDICOM": [
      0.999998,
      0.00201422,
      2.6904e-11,
      -0.00109696,
      0.544608,
      -0.83869
    ],
    "ImageType": [
      "ORIGINAL",
      "PRIMARY",
      "M",
      "ND",
      "NORM"
    ],
    "ImagingFrequency": 123.224,
    "InPlanePhaseEncodingDirectionDICOM": "ROW",
    "InstitutionAddress": "E_24th_St._100_Austin_Southmiddle_US_78712",
    "InstitutionName": "The_Univ._of_Texas_at_Austin_IRC",
    "InstitutionalDepartmentName": "IRC",
    "MRAcquisitionType": "2D",
    "MagneticFieldStrength": 3,
    "Manufacturer": "Siemens",
    "ManufacturersModelName": "Skyra",
    "Modality": "MR",
    "PartialFourier": 1,
    "PatientPosition": "HFS",
    "PercentPhaseFOV": 100,
    "PhaseEncodingDirection": "i",
    "PhaseEncodingSteps": 396,
    "PhaseResolution": 1,
    "PixelBandwidth": 215,
    "ProcedureStepDescription": "Preston_fMRI",
    "ProtocolName": "T2_coronal_matrix384",
    "PulseSequenceDetails": "%SiemensSeq%_tse",
    "ReceiveCoilActiveElements": "HEA;HEP",
    "ReceiveCoilName": "Head_32",
    "ReconMatrixPE": 384,
    "RepetitionTime": 13.15,
    "SAR": 0.656482,
    "ScanningSequence": "SE",
    "SequenceName": "_tse2d1_18",
    "SequenceVariant": "SK_SP_OSP",
    "SeriesDescription": "T2_coronal_matrix384",
    "SeriesNumber": 4,
    "ShimSetting": [
      -2849,
      8055,
      -15936,
      -670,
      286,
      -583,
      -301,
      11
    ],
    "SliceThickness": 1.5,
    "SoftwareVersions": "syngo_MR_E11",
    "SpacingBetweenSlices": 1.5,
    "StationName": "AWP45239",
    "TxRefAmp": 382.982,
    "dataset": "ds004094",
    "modality": "T2w",
    "run_id": 2,
    "subject_id": "109"
  },
  "cjv": 0.24273852719014083,
  "cnr": 3.4281083116433866,
  "efc": 0.6940671474639699,
  "fber": 23.162648290934747,
  "fwhm_avg": 2.840510860340835,
  "fwhm_x": 3.1446362168423803,
  "fwhm_y": 2.1019083371133305,
  "fwhm_z": 3.2749880270667946,
  "icvs_csf": 0.2812359513616382,
  "icvs_gm": 0.1400056200822897,
  "icvs_wm": 0.5787584285560721,
  "inu_med": 0.9239848256111145,
  "inu_range": 0.3320091813802719,
  "provenance": {
    "md5sum": "8c615f44c5dd897421d80392fffc9040",
    "settings": {
      "testing": false
    },
    "software": "mriqc",
    "version": "23.0.0",
    "warnings": {
      "large_rot_frame": false,
      "small_air_mask": false
    },
    "webapi_port": null,
    "webapi_url": "https://mriqc.nimh.nih.gov/api/v1"
  },
  "qi_1": 0.013870843670883402,
  "qi_2": 0.0003525459996984918,
  "rpve_csf": 4.458390760895394,
  "rpve_gm": 11.82806665003338,
  "rpve_wm": 2.7948844962363384,
  "size_x": 384,
  "size_y": 60,
  "size_z": 384,
  "snr_csf": 6.617670172424447,
  "snr_gm": 4.282119954193809,
  "snr_total": 5.06500649021577,
  "snr_wm": 4.295229344029052,
  "snrd_csf": 40.579075206277494,
  "snrd_gm": 110.43791480952117,
  "snrd_total": 57.17134383721864,
  "snrd_wm": 20.497041495857257,
  "spacing_x": 0.4322916567325592,
  "spacing_y": 1.4999988079071045,
  "spacing_z": 0.4322916567325592,
  "summary_bg_k": 32.95013580085699,
  "summary_bg_mad": 0.0,
  "summary_bg_mean": 16.778985263058086,
  "summary_bg_median": 0.0,
  "summary_bg_n": 1023061.0,
  "summary_bg_p05": 0.0,
  "summary_bg_p95": 82.64657445251942,
  "summary_bg_stdv": 31.966249013076215,
  "summary_csf_k": 1.241799357999077,
  "summary_csf_mad": 273.86424441968506,
  "summary_csf_mean": 1997.8829759318276,
  "summary_csf_median": 1979.9858819693327,
  "summary_csf_n": 45380.0,
  "summary_csf_p05": 1547.5512201152742,
  "summary_csf_p95": 2511.6552982479334,
  "summary_csf_stdv": 299.19352500782725,
  "summary_gm_k": 4.065059351852435,
  "summary_gm_mad": 844.1092963757787,
  "summary_gm_mean": 5071.285480039467,
  "summary_gm_median": 5388.627292402089,
  "summary_gm_n": 95813.0,
  "summary_gm_p05": 2551.330363191664,
  "summary_gm_p95": 6351.5893879532805,
  "summary_gm_stdv": 1258.3951943026775,
  "summary_wm_k": 0.5375103223399496,
  "summary_wm_mad": 221.1510501464251,
  "summary_wm_mean": 1008.6500052080085,
  "summary_wm_median": 1000.1177350059152,
  "summary_wm_n": 800881.0,
  "summary_wm_p05": 643.0421505123377,
  "summary_wm_p95": 1404.2853847146034,
  "summary_wm_stdv": 232.84370414586556,
  "tpm_overlap_csf": 0.1041506918651804,
  "tpm_overlap_gm": 0.09739232281418676,
  "tpm_overlap_wm": 0.4623719473441399,
  "wm2max": 0.15424611548316422
}