{
  "bids_meta": {
    "AcquisitionMatrixPE": 256,
    "AcquisitionNumber": 1,
    "AcquisitionTime": "18:43:30.157500",
    "BaseResolution": 256,
    "BodyPartExamined": "BRAIN",
    "ConsistencyInfo": "N4_VE11A_LATEST_20140830",
    "ConversionSoftware": "dcm2niix",
    "ConversionSoftwareVersion": "v1.0.20190410  GCC6.3.0",
    "DeviceSerialNumber": "45239",
    "DwellTime": 1.09e-05,
    "EchoTime": 0.00243,
    "FlipAngle": 9,
    "ImageOrientationPatientDICOM": [
      0.0104717,
      0.999945,
      0,
      0,
      0,
      -1
    ],
    "ImageType": [
      "ORIGINAL",
      "PRIMARY",
      "M",
      "ND",
      "NORM"
    ],
    "ImagingFrequency": 123.224,
    "InPlanePhaseEncodingDirectionDICOM": "ROW",
    "InstitutionAddress": "E_24th_St._100_Austin_Southmiddle_US_78712",
    "InstitutionName": "The_Univ._of_Texas_at_Austin_IRC",
    "InstitutionalDepartmentName": "IRC",
    "InversionTime": 0.9,
    "MRAcquisitionType": "3D",
    "MagneticFieldStrength": 3,
    "Manufacturer": "Siemens",
    "ManufacturersModelName": "Skyra",
    "Modality": "MR",
    "PartialFourier": 1,
    "PatientPosition": "HFS",
    "PercentPhaseFOV": 100,
    "PhaseEncodingSteps": 255,
    "PhaseResolution": 1,
    "PixelBandwidth": 180,
    "ProcedureStepDescription": "Preston_fMRI",
    "ProtocolName": "mprage",
    "PulseSequenceDetails": "%SiemensSeq%_tfl",
    "ReceiveCoilActiveElements": "HEA;HEP",
    "ReceiveCoilName": "Head_32",
    "ReconMatrixPE": 256,
    "RefLinesPE": 48,
    "RepetitionTime": 1.9,
    "SAR": 0.118241,
    "ScanOptions": "IR",
    "ScanningSequence": "GR_IR",
    "SequenceName": "_tfl3d1_16ns",
    "SequenceVariant": "SK_SP_MP",
    "SeriesDescription": "mprage",
    "SeriesNumber": 2,
    "ShimSetting": [
      -2849,
      8055,
      -15936,
      -670,
      286,
      -583,
      -301,
      11
    ],
    "SliceThickness": 1,
    "SoftwareVersions": "syngo_MR_E11",
    "StationName": "AWP45239",
    "TxRefAmp": 382.982,
    "dataset": "ds004094",
    "modality": "T1w",
    "subject_id": "109"
  },
  "cjv": 0.3942271442863848,
  "cnr": 3.401859919681524,
  "efc": 0.5664629143288927,
  "fber": -1.0,
  "fwhm_avg": 4.144886666666667,
  "fwhm_x": 4.10801,
  "fwhm_y": 4.26356,
  "fwhm_z": 4.06309,
  "icvs_csf": 0.1892343966229864,
  "icvs_gm": 0.4247009552505245,
  "icvs_wm": 0.3860646481264891,
  "inu_med": 0.3702481985092163,
  "inu_range": 0.10940201878547662,
  "provenance": {
    "md5sum": "817463b81bd279105b86cacc502a4e4a",
    "settings": {
      "testing": false
    },
    "software": "mriqc",
    "version": "23.0.0",
    "warnings": {
      "large_rot_frame": true,
      "small_air_mask": false
    },
    "webapi_port": null,
    "webapi_url": "https://mriqc.nimh.nih.gov/api/v1"
  },
  "qi_1": 0.011231738903327966,
  "qi_2": 0.03835067807932489,
  "rpve_csf": 26.956146745460035,
  "rpve_gm": 12.880887720168486,
  "rpve_wm": 16.643754170479202,
  "size_x": 192,
  "size_y": 256,
  "size_z": 256,
  "snr_csf": 2.5302889692681494,
  "snr_gm": 13.075230528727083,
  "snr_total": 15.162552023874786,
  "snr_wm": 29.882136573629126,
  "snrd_csf": 52.62447743752488,
  "snrd_gm": 128.3549066430196,
  "snrd_total": 115.93887645794321,
  "snrd_wm": 166.83724529328512,
  "spacing_x": 1.0,
  "spacing_y": 1.0,
  "spacing_z": 1.0,
  "summary_bg_k": 26.116013531640892,
  "summary_bg_mad": 0.0,
  "summary_bg_mean": 1.5859093805586333,
  "summary_bg_median": 0.0,
  "summary_bg_n": 2277562.0,
  "summary_bg_p05": 0.0,
  "summary_bg_p95": 8.307501923292875,
  "summary_bg_stdv": 3.926961906147355,
  "summary_csf_k": 4.87427463794535,
  "summary_csf_mad": 86.70726321455076,
  "summary_csf_mean": 317.7009815695954,
  "summary_csf_median": 315.43708795309067,
  "summary_csf_n": 33710.0,
  "summary_csf_p05": 91.23579661976547,
  "summary_csf_p95": 525.2738405130804,
  "summary_csf_stdv": 124.66260299212863,
  "summary_gm_k": -0.14740459657764093,
  "summary_gm_mad": 59.86784180962268,
  "summary_gm_mean": 767.0967794213265,
  "summary_gm_median": 769.3738721497357,
  "summary_gm_n": 34332.0,
  "summary_gm_p05": 668.8159011080861,
  "summary_gm_p95": 861.9735869957133,
  "summary_gm_stdv": 58.84123155372266,
  "summary_wm_k": 0.7561897308530043,
  "summary_wm_mad": 31.067549434471548,
  "summary_wm_mean": 1001.2117795354752,
  "summary_wm_median": 1000.0413758009672,
  "summary_wm_n": 243812.0,
  "summary_wm_p05": 948.6257917582989,
  "summary_wm_p95": 1057.73924985528,
  "summary_wm_stdv": 33.466125238050125,
  "tpm_overlap_csf": 0.16186160016668438,
  "tpm_overlap_gm": 0.4561972527113016,
  "tpm_overlap_wm": 0.5116276302324042,
  "wm2max": 0.44954759117849247
}