{
  "aor": 0.0008990604026845638,
  "aqi": 0.00891958634228188,
  "bids_meta": {
    "AcquisitionMatrixPE": 128,
    "AcquisitionNumber": 1,
    "AcquisitionTime": "15:29:48.280000",
    "BandwidthPerPixelPhaseEncode": 20.292,
    "BaseResolution": 128,
    "BodyPartExamined": "BRAIN",
    "CogAtlasID": "http://www.cognitiveatlas.org/task/id/TODO",
    "ConsistencyInfo": "N4_VE11A_LATEST_20140830",
    "ConversionSoftware": "dcm2niix",
    "ConversionSoftwareVersion": "v1.0.20190410  GCC6.3.0",
    "DerivedVendorReportedEchoSpacing": 0.000770008,
    "DeviceSerialNumber": "45239",
    "DwellTime": 2.6e-06,
    "EchoTime": 0.03,
    "EchoTrainLength": 55,
    "EffectiveEchoSpacing": 0.000385004,
    "FlipAngle": 73,
    "ImageComments": "Unaliased_MB3_PE4_LB_SENSE1",
    "ImageOrientationPatientDICOM": [
      1,
      0,
      0,
      0,
      0.992757,
      0.120137
    ],
    "ImageType": [
      "ORIGINAL",
      "PRIMARY",
      "M",
      "MB",
      "ND",
      "MOSAIC"
    ],
    "ImagingFrequency": 123.225,
    "InPlanePhaseEncodingDirectionDICOM": "COL",
    "InstitutionAddress": "E_24th_St._100_Austin_Southmiddle_US_78712",
    "InstitutionName": "The_Univ._of_Texas_at_Austin_IRC",
    "InstitutionalDepartmentName": "IRC",
    "MRAcquisitionType": "2D",
    "MagneticFieldStrength": 3,
    "Manufacturer": "Siemens",
    "ManufacturersModelName": "Skyra",
    "Modality": "MR",
    "MultibandAccelerationFactor": 3,
    "ParallelReductionFactorInPlane": 2,
    "PartialFourier": 0.875,
    "PatientPosition": "HFS",
    "PercentPhaseFOV": 100,
    "PhaseEncodingDirection": "j-",
    "PhaseEncodingSteps": 111,
    "PhaseResolution": 1,
    "PixelBandwidth": 1500,
    "ProcedureStepDescription": "Preston_fMRI",
    "ProtocolName": "functional_run",
    "PulseSequenceDetails": "%CustomerSeq%_cmrr_mbep2d_bold",
    "ReceiveCoilActiveElements": "HEA;HEP",
    "ReceiveCoilName": "Head_32",
    "ReconMatrixPE": 128,
    "RefLinesPE": 92,
    "RepetitionTime": 2,
    "SAR": 0.139786,
    "ScanOptions": "PFP_FS",
    "ScanningSequence": "EP",
    "SequenceName": "epfid2d1_128",
    "SequenceVariant": "SK_SS",
    "SeriesDescription": "functional_run",
    "SeriesNumber": 21,
    "ShimSetting": [
      -2826,
      8062,
      -15429,
      -496,
      428,
      -496,
      -147,
      -83
    ],
    "SliceThickness": 1.7,
    "SliceTiming": [
      0,
      1.03,
      0.08,
      1.11,
      0.16,
      1.1875,
      0.2375,
      1.2675,
      0.3175,
      1.3475,
      0.3975,
      1.425,
      0.475,
      1.505,
      0.555,
      1.585,
      0.635,
      1.6625,
      0.7125,
      1.7425,
      0.7925,
      1.8225,
      0.8725,
      1.9,
      0.95,
      0,
      1.03,
      0.08,
      1.11,
      0.16,
      1.1875,
      0.2375,
      1.2675,
      0.3175,
      1.3475,
      0.3975,
      1.425,
      0.475,
      1.505,
      0.555,
      1.585,
      0.635,
      1.6625,
      0.7125,
      1.7425,
      0.7925,
      1.8225,
      0.8725,
      1.9,
      0.95,
      0,
      1.03,
      0.08,
      1.11,
      0.16,
      1.1875,
      0.2375,
      1.2675,
      0.3175,
      1.3475,
      0.3975,
      1.425,
      0.475,
      1.505,
      0.555,
      1.585,
      0.635,
      1.6625,
      0.7125,
      1.7425,
      0.7925,
      1.8225,
      0.8725,
      1.9,
      0.95
    ],
    "SoftwareVersions": "syngo_MR_E11",
    "SpacingBetweenSlices": 1.7,
    "StationName": "AWP45239",
    "TaskName": "struct",
    "TotalReadoutTime": 0.0488955,
    "TxRefAmp": 374.234,
    "WipMemBlock": "c0c17bfc-df9c-4a4f-b39a-355b9df70d34||Sequence: ve11a/master r/5a7612f; Mar  3 2017 11:38:58 by eja",
    "dataset": "ds004094",
    "modality": "bold",
    "run_id": 6,
    "subject_id": "107",
    "task_id": "struct"
  },
  "dummy_trs": 0,
  "dvars_nstd": 44.127911410471384,
  "dvars_std": 1.0066355493939396,
  "dvars_vstd": 0.9969504751178451,
  "efc": 0.4680246434802123,
  "fber": 15742.2822265625,
  "fd_mean": 0.0877659156861784,
  "fd_num": 12,
  "fd_perc": 4.026845637583893,
  "fwhm_avg": 3.172563035067917,
  "fwhm_x": 2.833140363636364,
  "fwhm_y": 3.381172363636364,
  "fwhm_z": 3.303376377931023,
  "gcor": 0.00688237,
  "gsr_x": -0.0031698469538241625,
  "gsr_y": 0.03857742249965668,
  "provenance": {
    "md5sum": "6e70ea652b9458cb9ddc4b67f9d65191",
    "settings": {
      "fd_thres": 0.2,
      "testing": false
    },
    "software": "mriqc",
    "version": "23.0.0",
    "webapi_port": null,
    "webapi_url": "https://mriqc.nimh.nih.gov/api/v1"
  },
  "size_t": 298,
  "size_x": 128,
  "size_y": 128,
  "size_z": 75,
  "snr": 2.3801972723807716,
  "spacing_tr": 2.0,
  "spacing_x": 1.71875,
  "spacing_y": 1.71875,
  "spacing_z": 1.7000000476837158,
  "summary_bg_k": 32.27013528339534,
  "summary_bg_mad": 34.42821407114664,
  "summary_bg_mean": 390.796630859375,
  "summary_bg_median": 60.671142578125,
  "summary_bg_n": 850624.0,
  "summary_bg_p05": 31.734899520874023,
  "summary_bg_p95": 2312.0551147460933,
  "summary_bg_stdv": 1021.4060668945312,
  "summary_fg_k": 0.757080053242793,
  "summary_fg_mad": 2932.2885683724726,
  "summary_fg_mean": 8140.1181640625,
  "summary_fg_median": 7667.48828125,
  "summary_fg_n": 243564.0,
  "summary_fg_p05": 3809.1935180664063,
  "summary_fg_p95": 14138.635253906248,
  "summary_fg_stdv": 3221.360107421875,
  "tsnr": 27.977120635681786
}