{
  "aor": 0.0007149664429530201,
  "aqi": 0.009254694731543623,
  "bids_meta": {
    "AcquisitionMatrixPE": 128,
    "AcquisitionNumber": 1,
    "AcquisitionTime": "20:10:30.775000",
    "BandwidthPerPixelPhaseEncode": 20.292,
    "BaseResolution": 128,
    "BodyPartExamined": "BRAIN",
    "CogAtlasID": "http://www.cognitiveatlas.org/task/id/TODO",
    "ConsistencyInfo": "N4_VE11C_LATEST_20160120",
    "ConversionSoftware": "dcm2niix",
    "ConversionSoftwareVersion": "v1.0.20190410  GCC6.3.0",
    "DerivedVendorReportedEchoSpacing": 0.000770008,
    "DeviceSerialNumber": "45239",
    "DwellTime": 2.6e-06,
    "EchoTime": 0.03,
    "EchoTrainLength": 55,
    "EffectiveEchoSpacing": 0.000385004,
    "FlipAngle": 73,
    "ImageComments": "Unaliased_MB3_PE4_LB_SENSE1",
    "ImageOrientationPatientDICOM": [
      1,
      0,
      0,
      0,
      0.986572,
      0.163326
    ],
    "ImageType": [
      "ORIGINAL",
      "PRIMARY",
      "M",
      "MB",
      "ND",
      "MOSAIC"
    ],
    "ImagingFrequency": 123.172,
    "InPlanePhaseEncodingDirectionDICOM": "COL",
    "InstitutionAddress": "E_24th_St._100_Austin_Southmiddle_US_78712",
    "InstitutionName": "The_Univ._of_Texas_at_Austin_IRC",
    "InstitutionalDepartmentName": "IRC",
    "MRAcquisitionType": "2D",
    "MagneticFieldStrength": 3,
    "Manufacturer": "Siemens",
    "ManufacturersModelName": "Skyra",
    "Modality": "MR",
    "MultibandAccelerationFactor": 3,
    "ParallelReductionFactorInPlane": 2,
    "PartialFourier": 0.875,
    "PatientPosition": "HFS",
    "PercentPhaseFOV": 100,
    "PhaseEncodingDirection": "j-",
    "PhaseEncodingSteps": 111,
    "PhaseResolution": 1,
    "PixelBandwidth": 1500,
    "ProcedureStepDescription": "Preston_fMRI",
    "ProtocolName": "functional_run",
    "PulseSequenceDetails": "%CustomerSeq%_cmrr_mbep2d_bold",
    "ReceiveCoilActiveElements": "HEA;HEP",
    "ReceiveCoilName": "Head_32",
    "ReconMatrixPE": 128,
    "RefLinesPE": 92,
    "RepetitionTime": 2,
    "SAR": 0.141619,
    "ScanOptions": "PFP_FS",
    "ScanningSequence": "EP",
    "SequenceName": "epfid2d1_128",
    "SequenceVariant": "SK_SS",
    "SeriesDescription": "functional_run",
    "SeriesNumber": 12,
    "ShimSetting": [
      -2748,
      7983,
      -15501,
      -47,
      805,
      -806,
      -275,
      -194
    ],
    "SliceThickness": 1.7,
    "SliceTiming": [
      0,
      1.03,
      0.0775,
      1.1075,
      0.1575,
      1.1875,
      0.2375,
      1.2675,
      0.315,
      1.345,
      0.395,
      1.425,
      0.475,
      1.505,
      0.555,
      1.5825,
      0.6325,
      1.6625,
      0.7125,
      1.7425,
      0.7925,
      1.82,
      0.87,
      1.9,
      0.95,
      0,
      1.03,
      0.0775,
      1.1075,
      0.1575,
      1.1875,
      0.2375,
      1.2675,
      0.315,
      1.345,
      0.395,
      1.425,
      0.475,
      1.505,
      0.555,
      1.5825,
      0.6325,
      1.6625,
      0.7125,
      1.7425,
      0.7925,
      1.82,
      0.87,
      1.9,
      0.95,
      0,
      1.03,
      0.0775,
      1.1075,
      0.1575,
      1.1875,
      0.2375,
      1.2675,
      0.315,
      1.345,
      0.395,
      1.425,
      0.475,
      1.505,
      0.555,
      1.5825,
      0.6325,
      1.6625,
      0.7125,
      1.7425,
      0.7925,
      1.82,
      0.87,
      1.9,
      0.95
    ],
    "SoftwareVersions": "syngo_MR_E11",
    "SpacingBetweenSlices": 1.7,
    "StationName": "AWP45239",
    "TaskName": "struct",
    "TotalReadoutTime": 0.0488955,
    "TxRefAmp": 312.538,
    "WipMemBlock": "7ee2142e-9220-49b0-b910-7f22430f22c8||Sequence: R016 ve11c/master r/e634e98; Dec 19 2017 11:00:25 by eja",
    "dataset": "ds004094",
    "modality": "bold",
    "run_id": 3,
    "subject_id": "125",
    "task_id": "struct"
  },
  "dummy_trs": 0,
  "dvars_nstd": 46.10590954666668,
  "dvars_std": 1.014823328855219,
  "dvars_vstd": 0.986418185353535,
  "efc": 0.4461090614615652,
  "fber": 19454.537109375,
  "fd_mean": 0.1791504766821625,
  "fd_num": 91,
  "fd_perc": 30.536912751677853,
  "fwhm_avg": 3.1726558312715465,
  "fwhm_x": 2.8952959999999996,
  "fwhm_y": 3.4015301818181816,
  "fwhm_z": 3.2211413119964587,
  "gcor": 0.0157958,
  "gsr_x": -0.012117787264287472,
  "gsr_y": 0.04508153721690178,
  "provenance": {
    "md5sum": "5153af146fd968dad02d3c9b7e4b56d6",
    "settings": {
      "fd_thres": 0.2,
      "testing": false
    },
    "software": "mriqc",
    "version": "23.0.0",
    "webapi_port": null,
    "webapi_url": "https://mriqc.nimh.nih.gov/api/v1"
  },
  "size_t": 298,
  "size_x": 128,
  "size_y": 128,
  "size_z": 75,
  "snr": 2.5455944488985667,
  "spacing_tr": 2.0,
  "spacing_x": 1.71875,
  "spacing_y": 1.71875,
  "spacing_z": 1.6999999284744263,
  "summary_bg_k": 64.30417793685054,
  "summary_bg_mad": 30.87096188390044,
  "summary_bg_mean": 283.71099853515625,
  "summary_bg_median": 56.0268440246582,
  "summary_bg_n": 866598.0,
  "summary_bg_p05": 30.194631576538086,
  "summary_bg_p95": 1377.25601196289,
  "summary_bg_stdv": 780.2599487304688,
  "summary_fg_k": 0.30532125719704384,
  "summary_fg_mad": 2962.517944417027,
  "summary_fg_mean": 8254.103515625,
  "summary_fg_median": 7821.80712890625,
  "summary_fg_n": 230216.0,
  "summary_fg_p05": 4054.4530029296875,
  "summary_fg_p95": 13930.2314453125,
  "summary_fg_stdv": 3072.67724609375,
  "tsnr": 27.592976119020022
}