{
  "bids_meta": {
    "AcquisitionMatrixPE": 384,
    "AcquisitionNumber": 1,
    "AcquisitionTime": "18:27:59.772500",
    "BaseResolution": 384,
    "BodyPartExamined": "BRAIN",
    "ConsistencyInfo": "N4_VE11A_LATEST_20140830",
    "ConversionSoftware": "dcm2niix",
    "ConversionSoftwareVersion": "v1.0.20190410  GCC6.3.0",
    "DeviceSerialNumber": "45239",
    "DwellTime": 6e-06,
    "EchoTime": 0.082,
    "EchoTrainLength": 18,
    "FlipAngle": 150,
    "ImageOrientationPatientDICOM": [
      1,
      -0.000739066,
      6.843e-12,
      0.000356043,
      0.481747,
      -0.87631
    ],
    "ImageType": [
      "ORIGINAL",
      "PRIMARY",
      "M",
      "ND",
      "NORM"
    ],
    "ImagingFrequency": 123.225,
    "InPlanePhaseEncodingDirectionDICOM": "ROW",
    "InstitutionAddress": "E_24th_St._100_Austin_Southmiddle_US_78712",
    "InstitutionName": "The_Univ._of_Texas_at_Austin_IRC",
    "InstitutionalDepartmentName": "IRC",
    "MRAcquisitionType": "2D",
    "MagneticFieldStrength": 3,
    "Manufacturer": "Siemens",
    "ManufacturersModelName": "Skyra",
    "Modality": "MR",
    "PartialFourier": 1,
    "PatientPosition": "HFS",
    "PercentPhaseFOV": 100,
    "PhaseEncodingDirection": "i",
    "PhaseEncodingSteps": 396,
    "PhaseResolution": 1,
    "PixelBandwidth": 215,
    "ProcedureStepDescription": "Preston_fMRI",
    "ProtocolName": "T2_coronal_matrix384",
    "PulseSequenceDetails": "%SiemensSeq%_tse",
    "ReceiveCoilActiveElements": "HEA;HEP",
    "ReceiveCoilName": "Head_32",
    "ReconMatrixPE": 384,
    "RepetitionTime": 13.15,
    "SAR": 0.585473,
    "ScanningSequence": "SE",
    "SequenceName": "_tse2d1_18",
    "SequenceVariant": "SK_SP_OSP",
    "SeriesDescription": "T2_coronal_matrix384",
    "SeriesNumber": 4,
    "ShimSetting": [
      -2849,
      8055,
      -15936,
      -670,
      286,
      -583,
      -301,
      11
    ],
    "SliceThickness": 1.5,
    "SoftwareVersions": "syngo_MR_E11",
    "SpacingBetweenSlices": 1.5,
    "StationName": "AWP45239",
    "TxRefAmp": 399.701,
    "dataset": "ds004094",
    "modality": "T2w",
    "run_id": 1,
    "subject_id": "105"
  },
  "cjv": 1.2560176609407963,
  "cnr": 0.857699704912768,
  "efc": 0.6833098189575274,
  "fber": 182.51851988646078,
  "fwhm_avg": 3.1238668758165793,
  "fwhm_x": 3.541682972954508,
  "fwhm_y": 2.2496264878824164,
  "fwhm_z": 3.5802911666128128,
  "icvs_csf": 0.1646020166776252,
  "icvs_gm": 0.28578882918638554,
  "icvs_wm": 0.5496091541359892,
  "inu_med": 0.8869450688362122,
  "inu_range": 0.5476189583539963,
  "provenance": {
    "md5sum": "ba01a8b3231a2b0a782d0ff629433825",
    "settings": {
      "testing": false
    },
    "software": "mriqc",
    "version": "23.0.0",
    "warnings": {
      "large_rot_frame": false,
      "small_air_mask": false
    },
    "webapi_port": null,
    "webapi_url": "https://mriqc.nimh.nih.gov/api/v1"
  },
  "qi_1": 0.03361169414119373,
  "qi_2": 0.00025670590525562147,
  "rpve_csf": 10.498220764054409,
  "rpve_gm": 4.675687696710446,
  "rpve_wm": 2.9491368454534177,
  "size_x": 384,
  "size_y": 60,
  "size_z": 384,
  "snr_csf": 5.26099126267456,
  "snr_gm": 3.021959849104457,
  "snr_total": 4.56300627714915,
  "snr_wm": 5.406067719668435,
  "snrd_csf": 18.453836540550313,
  "snrd_gm": 6.021315435912182,
  "snrd_total": 9.527700611227763,
  "snrd_wm": 4.1079498572207935,
  "spacing_x": 0.4322916567325592,
  "spacing_y": 1.5000001192092896,
  "spacing_z": 0.4322916567325592,
  "summary_bg_k": 185.26000926243043,
  "summary_bg_mad": 0.0,
  "summary_bg_mean": 34.373946595390244,
  "summary_bg_median": 0.0,
  "summary_bg_n": 1196729.0,
  "summary_bg_p05": 0.0,
  "summary_bg_p95": 85.93355409055948,
  "summary_bg_stdv": 159.49623716525076,
  "summary_csf_k": 7.2419325547264055,
  "summary_csf_mad": 433.11806001969364,
  "summary_csf_mean": 4259.122302633433,
  "summary_csf_median": 4492.678913094103,
  "summary_csf_n": 147036.0,
  "summary_csf_p05": 2666.262705296278,
  "summary_csf_p95": 5159.875711290166,
  "summary_csf_stdv": 853.9576310386796,
  "summary_gm_k": -1.0286616892208913,
  "summary_gm_mad": 396.58822709718925,
  "summary_gm_mean": 1304.4742947588481,
  "summary_gm_median": 1465.9193945154548,
  "summary_gm_n": 16763.0,
  "summary_gm_p05": 503.9886820986867,
  "summary_gm_p95": 1931.4045934475957,
  "summary_gm_stdv": 485.07450204725484,
  "summary_wm_k": -0.03704168202625979,
  "summary_wm_mad": 188.48794938292232,
  "summary_wm_mean": 1007.086278125197,
  "summary_wm_median": 1000.1009632349014,
  "summary_wm_n": 610026.0,
  "summary_wm_p05": 717.156405583024,
  "summary_wm_p95": 1318.8932432159781,
  "summary_wm_stdv": 184.99585935189776,
  "tpm_overlap_csf": 0.10947359295286185,
  "tpm_overlap_gm": 0.26630348417878696,
  "tpm_overlap_wm": 0.3796500443356775,
  "wm2max": 0.18490610390936585
}