{
  "bids_meta": {
    "AcquisitionMatrixPE": 384,
    "AcquisitionNumber": 1,
    "AcquisitionTime": "15:45:7.750000",
    "BaseResolution": 384,
    "BodyPartExamined": "BRAIN",
    "ConsistencyInfo": "N4_VE11C_LATEST_20160120",
    "ConversionSoftware": "dcm2niix",
    "ConversionSoftwareVersion": "v1.0.20190410  GCC6.3.0",
    "DeviceSerialNumber": "45239",
    "DwellTime": 6e-06,
    "EchoTime": 0.082,
    "EchoTrainLength": 18,
    "FlipAngle": 150,
    "ImageOrientationPatientDICOM": [
      1,
      -0.000657414,
      1.1845e-11,
      0.000355159,
      0.540237,
      -0.841513
    ],
    "ImageType": [
      "ORIGINAL",
      "PRIMARY",
      "M",
      "ND",
      "NORM"
    ],
    "ImagingFrequency": 123.172,
    "InPlanePhaseEncodingDirectionDICOM": "ROW",
    "InstitutionAddress": "E_24th_St._100_Austin_Southmiddle_US_78712",
    "InstitutionName": "The_Univ._of_Texas_at_Austin_IRC",
    "InstitutionalDepartmentName": "IRC",
    "MRAcquisitionType": "2D",
    "MagneticFieldStrength": 3,
    "Manufacturer": "Siemens",
    "ManufacturersModelName": "Skyra",
    "Modality": "MR",
    "PartialFourier": 1,
    "PatientPosition": "HFS",
    "PercentPhaseFOV": 100,
    "PhaseEncodingDirection": "i",
    "PhaseEncodingSteps": 396,
    "PhaseResolution": 1,
    "PixelBandwidth": 215,
    "ProcedureStepDescription": "Preston_fMRI",
    "ProtocolName": "T2_coronal_matrix384",
    "PulseSequenceDetails": "%SiemensSeq%_tse",
    "ReceiveCoilActiveElements": "HEA;HEP",
    "ReceiveCoilName": "Head_32",
    "ReconMatrixPE": 384,
    "RepetitionTime": 13.15,
    "SAR": 0.645916,
    "ScanningSequence": "SE",
    "SequenceName": "_tse2d1_18",
    "SequenceVariant": "SK_SP_OSP",
    "SeriesDescription": "T2_coronal_matrix384",
    "SeriesNumber": 4,
    "ShimSetting": [
      -2751,
      8072,
      -15888,
      -462,
      637,
      -681,
      -484,
      -138
    ],
    "SliceThickness": 1.5,
    "SoftwareVersions": "syngo_MR_E11",
    "SpacingBetweenSlices": 1.5,
    "StationName": "AWP45239",
    "TxRefAmp": 347.606,
    "dataset": "ds004094",
    "modality": "T2w",
    "run_id": 2,
    "subject_id": "112"
  },
  "cjv": 0.4713101238048218,
  "cnr": 2.6626965731433625,
  "efc": 0.7296232465613506,
  "fber": 14.748942347130425,
  "fwhm_avg": 2.7877145906181533,
  "fwhm_x": 3.078107058687028,
  "fwhm_y": 2.0608939884738886,
  "fwhm_z": 3.224142724693545,
  "icvs_csf": 0.14326498029019863,
  "icvs_gm": 0.44477877808038363,
  "icvs_wm": 0.41195624162941774,
  "inu_med": 0.9596900939941406,
  "inu_range": 0.3482381761074065,
  "provenance": {
    "md5sum": "b5729d66d65d729531f1cfc710030c6c",
    "settings": {
      "testing": false
    },
    "software": "mriqc",
    "version": "23.0.0",
    "warnings": {
      "large_rot_frame": false,
      "small_air_mask": false
    },
    "webapi_port": null,
    "webapi_url": "https://mriqc.nimh.nih.gov/api/v1"
  },
  "qi_1": 0.0009456588054614688,
  "qi_2": 0.0005740601274509281,
  "rpve_csf": 9.893795888690445,
  "rpve_gm": 3.047204644418524,
  "rpve_wm": 3.414484714892664,
  "size_x": 384,
  "size_y": 60,
  "size_z": 384,
  "snr_csf": 3.648495003474977,
  "snr_gm": 8.19171420545568,
  "snr_total": 5.648490752840019,
  "snr_wm": 5.1052630495893965,
  "snrd_csf": 43.78227986632541,
  "snrd_gm": 16.02145432273912,
  "snrd_total": 22.883896463624918,
  "snrd_wm": 8.847955201810226,
  "spacing_x": 0.4322916567325592,
  "spacing_y": 1.4999995231628418,
  "spacing_z": 0.4322916567325592,
  "summary_bg_k": 289.1068886801607,
  "summary_bg_mad": 0.0,
  "summary_bg_mean": 14.826718899049851,
  "summary_bg_median": 0.0,
  "summary_bg_n": 827829.0,
  "summary_bg_p05": 0.0,
  "summary_bg_p95": 59.01152990758419,
  "summary_bg_stdv": 74.04382167292034,
  "summary_csf_k": 3.03677456344204,
  "summary_csf_mad": 677.7561968266305,
  "summary_csf_mean": 4508.706089859491,
  "summary_csf_median": 4948.293703198433,
  "summary_csf_n": 96035.0,
  "summary_csf_p05": 583.7689914107323,
  "summary_csf_p95": 5882.353766433895,
  "summary_csf_stdv": 1356.2490658334857,
  "summary_gm_k": 0.7303930224136921,
  "summary_gm_mad": 203.2422452905826,
  "summary_gm_mean": 1817.7244263081723,
  "summary_gm_median": 1810.752244591713,
  "summary_gm_n": 181683.0,
  "summary_gm_p05": 1467.1841497719288,
  "summary_gm_p95": 2191.530704498291,
  "summary_gm_stdv": 221.0461956918812,
  "summary_wm_k": 0.9226692457632826,
  "summary_wm_mad": 178.87348315749026,
  "summary_wm_mean": 999.9391697557714,
  "summary_wm_median": 1000.0000261515379,
  "summary_wm_n": 502550.0,
  "summary_wm_p05": 680.2876561880112,
  "summary_wm_p95": 1318.4568316489458,
  "summary_wm_stdv": 195.87610305517293,
  "tpm_overlap_csf": 0.18293565051096947,
  "tpm_overlap_gm": 0.44303367508900526,
  "tpm_overlap_wm": 0.4541938365426759,
  "wm2max": 0.1645217417660053
}