{
  "bids_meta": {
    "AcquisitionMatrixPE": 384,
    "AcquisitionNumber": 1,
    "AcquisitionTime": "15:39:51.420000",
    "BaseResolution": 384,
    "BodyPartExamined": "BRAIN",
    "ConsistencyInfo": "N4_VE11C_LATEST_20160120",
    "ConversionSoftware": "dcm2niix",
    "ConversionSoftwareVersion": "v1.0.20190410  GCC6.3.0",
    "DeviceSerialNumber": "45239",
    "DwellTime": 6e-06,
    "EchoTime": 0.082,
    "EchoTrainLength": 18,
    "FlipAngle": 150,
    "ImageOrientationPatientDICOM": [
      1,
      -0.000657414,
      1.1845e-11,
      0.000355159,
      0.540237,
      -0.841513
    ],
    "ImageType": [
      "ORIGINAL",
      "PRIMARY",
      "M",
      "ND",
      "NORM"
    ],
    "ImagingFrequency": 123.172,
    "InPlanePhaseEncodingDirectionDICOM": "ROW",
    "InstitutionAddress": "E_24th_St._100_Austin_Southmiddle_US_78712",
    "InstitutionName": "The_Univ._of_Texas_at_Austin_IRC",
    "InstitutionalDepartmentName": "IRC",
    "MRAcquisitionType": "2D",
    "MagneticFieldStrength": 3,
    "Manufacturer": "Siemens",
    "ManufacturersModelName": "Skyra",
    "Modality": "MR",
    "PartialFourier": 1,
    "PatientPosition": "HFS",
    "PercentPhaseFOV": 100,
    "PhaseEncodingDirection": "i",
    "PhaseEncodingSteps": 396,
    "PhaseResolution": 1,
    "PixelBandwidth": 215,
    "ProcedureStepDescription": "Preston_fMRI",
    "ProtocolName": "T2_coronal_matrix384",
    "PulseSequenceDetails": "%SiemensSeq%_tse",
    "ReceiveCoilActiveElements": "HEA;HEP",
    "ReceiveCoilName": "Head_32",
    "ReconMatrixPE": 384,
    "RepetitionTime": 13.15,
    "SAR": 0.645916,
    "ScanningSequence": "SE",
    "SequenceName": "_tse2d1_18",
    "SequenceVariant": "SK_SP_OSP",
    "SeriesDescription": "T2_coronal_matrix384",
    "SeriesNumber": 3,
    "ShimSetting": [
      -2751,
      8072,
      -15888,
      -462,
      637,
      -681,
      -484,
      -138
    ],
    "SliceThickness": 1.5,
    "SoftwareVersions": "syngo_MR_E11",
    "SpacingBetweenSlices": 1.5,
    "StationName": "AWP45239",
    "TxRefAmp": 347.606,
    "dataset": "ds004094",
    "modality": "T2w",
    "run_id": 1,
    "subject_id": "112"
  },
  "cjv": 0.46734200365937445,
  "cnr": 2.752992116728776,
  "efc": 0.7282241487906177,
  "fber": 26.47330272793612,
  "fwhm_avg": 2.770574804010017,
  "fwhm_x": 3.05231428700997,
  "fwhm_y": 2.0567806538329614,
  "fwhm_z": 3.20262947118712,
  "icvs_csf": 0.14332555253430482,
  "icvs_gm": 0.44527743474383424,
  "icvs_wm": 0.4113970127218609,
  "inu_med": 0.9541864991188049,
  "inu_range": 0.34606800675392135,
  "provenance": {
    "md5sum": "35b92ac23529dbae5da831c35af0d6b1",
    "settings": {
      "testing": false
    },
    "software": "mriqc",
    "version": "23.0.0",
    "warnings": {
      "large_rot_frame": false,
      "small_air_mask": false
    },
    "webapi_port": null,
    "webapi_url": "https://mriqc.nimh.nih.gov/api/v1"
  },
  "qi_1": 0.00556229682896469,
  "qi_2": 0.0013034734153703712,
  "rpve_csf": 9.859459990270299,
  "rpve_gm": 3.0476127199929905,
  "rpve_wm": 3.426287179437452,
  "size_x": 384,
  "size_y": 60,
  "size_z": 384,
  "snr_csf": 3.5480952262875793,
  "snr_gm": 8.265162458899937,
  "snr_total": 5.65402340635374,
  "snr_wm": 5.148812533873703,
  "snrd_csf": 164.9439224515784,
  "snrd_gm": 59.40667541922072,
  "snrd_total": 85.74261040579613,
  "snrd_wm": 32.87723334658922,
  "spacing_x": 0.4322916567325592,
  "spacing_y": 1.4999995231628418,
  "spacing_z": 0.4322916567325592,
  "summary_bg_k": 54.2946187295578,
  "summary_bg_mad": 0.0,
  "summary_bg_mean": 8.879775702150491,
  "summary_bg_median": 0.0,
  "summary_bg_n": 774711.0,
  "summary_bg_p05": 0.0,
  "summary_bg_p95": 51.58684462308884,
  "summary_bg_stdv": 19.92675009434596,
  "summary_csf_k": 2.7742871658017014,
  "summary_csf_mad": 671.4057955123158,
  "summary_csf_mean": 4536.321492723676,
  "summary_csf_median": 5016.964898109436,
  "summary_csf_n": 95407.0,
  "summary_csf_p05": 455.51068395376205,
  "summary_csf_p95": 5926.139757037163,
  "summary_csf_stdv": 1413.9808222829893,
  "summary_gm_k": 0.8016855735502251,
  "summary_gm_mad": 199.6764942311092,
  "summary_gm_mean": 1813.5946623241714,
  "summary_gm_median": 1806.9244435429573,
  "summary_gm_n": 180795.0,
  "summary_gm_p05": 1466.012723147869,
  "summary_gm_p95": 2182.7236429750906,
  "summary_gm_stdv": 218.61874528873847,
  "summary_wm_k": 0.9400119384903993,
  "summary_wm_mad": 177.43318296286222,
  "summary_wm_mean": 1000.8319585971734,
  "summary_wm_median": 1000.0000193715096,
  "summary_wm_n": 502579.0,
  "summary_wm_p05": 684.7086110711098,
  "summary_wm_p95": 1317.599563896656,
  "summary_wm_stdv": 194.2193501751323,
  "tpm_overlap_csf": 0.1437988758834682,
  "tpm_overlap_gm": 0.3983694164364192,
  "tpm_overlap_wm": 0.40082595007459937,
  "wm2max": 0.16423327072093477
}