{
  "bids_meta": {
    "AcquisitionMatrixPE": 256,
    "AcquisitionNumber": 1,
    "AcquisitionTime": "15:30:58.095000",
    "BaseResolution": 256,
    "BodyPartExamined": "BRAIN",
    "ConsistencyInfo": "N4_VE11C_LATEST_20160120",
    "ConversionSoftware": "dcm2niix",
    "ConversionSoftwareVersion": "v1.0.20190410  GCC6.3.0",
    "DeviceSerialNumber": "45239",
    "DwellTime": 1.09e-05,
    "EchoTime": 0.00243,
    "FlipAngle": 9,
    "ImageOrientationPatientDICOM": [
      -0.00349062,
      0.999994,
      0,
      0,
      0,
      -1
    ],
    "ImageType": [
      "ORIGINAL",
      "PRIMARY",
      "M",
      "ND",
      "NORM"
    ],
    "ImagingFrequency": 123.172,
    "InPlanePhaseEncodingDirectionDICOM": "ROW",
    "InstitutionAddress": "E_24th_St._100_Austin_Southmiddle_US_78712",
    "InstitutionName": "The_Univ._of_Texas_at_Austin_IRC",
    "InstitutionalDepartmentName": "IRC",
    "InversionTime": 0.9,
    "MRAcquisitionType": "3D",
    "MagneticFieldStrength": 3,
    "Manufacturer": "Siemens",
    "ManufacturersModelName": "Skyra",
    "Modality": "MR",
    "PartialFourier": 1,
    "PatientPosition": "HFS",
    "PercentPhaseFOV": 100,
    "PhaseEncodingSteps": 255,
    "PhaseResolution": 1,
    "PixelBandwidth": 180,
    "ProcedureStepDescription": "Preston_fMRI",
    "ProtocolName": "mprage",
    "PulseSequenceDetails": "%SiemensSeq%_tfl",
    "ReceiveCoilActiveElements": "HEA;HEP",
    "ReceiveCoilName": "Head_32",
    "ReconMatrixPE": 256,
    "RefLinesPE": 48,
    "RepetitionTime": 1.9,
    "SAR": 0.116337,
    "ScanOptions": "IR",
    "ScanningSequence": "GR_IR",
    "SequenceName": "_tfl3d1_16ns",
    "SequenceVariant": "SK_SP_MP",
    "SeriesDescription": "mprage",
    "SeriesNumber": 2,
    "ShimSetting": [
      -2751,
      8072,
      -15888,
      -462,
      637,
      -681,
      -484,
      -138
    ],
    "SliceThickness": 1,
    "SoftwareVersions": "syngo_MR_E11",
    "StationName": "AWP45239",
    "TxRefAmp": 347.606,
    "dataset": "ds004094",
    "modality": "T1w",
    "subject_id": "112"
  },
  "cjv": 0.34377928992753803,
  "cnr": 4.00523740464362,
  "efc": 0.5669051042982798,
  "fber": -1.0,
  "fwhm_avg": 4.078516666666666,
  "fwhm_x": 4.15505,
  "fwhm_y": 4.04591,
  "fwhm_z": 4.03459,
  "icvs_csf": 0.1640693006056737,
  "icvs_gm": 0.46100874644950984,
  "icvs_wm": 0.3749219529448164,
  "inu_med": 0.37005409598350525,
  "inu_range": 0.12007099390029907,
  "provenance": {
    "md5sum": "5616b06bc9b5ecbdb874e8d30b6a86c7",
    "settings": {
      "testing": false
    },
    "software": "mriqc",
    "version": "23.0.0",
    "warnings": {
      "large_rot_frame": true,
      "small_air_mask": false
    },
    "webapi_port": null,
    "webapi_url": "https://mriqc.nimh.nih.gov/api/v1"
  },
  "qi_1": 0.015789160286868425,
  "qi_2": 0.003307560862497071,
  "rpve_csf": 29.67404131543172,
  "rpve_gm": 11.95794553635404,
  "rpve_wm": 16.326854982805294,
  "size_x": 192,
  "size_y": 256,
  "size_z": 256,
  "snr_csf": 2.829793837316254,
  "snr_gm": 16.31721962849609,
  "snr_total": 15.794769206987219,
  "snr_wm": 28.23729415514931,
  "snrd_csf": 52.50838239192477,
  "snrd_gm": 116.048083770025,
  "snrd_total": 106.80427924838123,
  "snrd_wm": 151.85637158319392,
  "spacing_x": 1.0,
  "spacing_y": 1.0,
  "spacing_z": 1.0,
  "summary_bg_k": 43.571503247437086,
  "summary_bg_mad": 0.0,
  "summary_bg_mean": 1.1274470394179348,
  "summary_bg_median": 0.0,
  "summary_bg_n": 2572616.0,
  "summary_bg_p05": 0.0,
  "summary_bg_p95": 8.982996195554733,
  "summary_bg_stdv": 4.314184338028701,
  "summary_csf_k": 1.6359604794316018,
  "summary_csf_mad": 89.52419281331696,
  "summary_csf_mean": 349.0592653628309,
  "summary_csf_median": 345.7766061089933,
  "summary_csf_n": 26314.0,
  "summary_csf_p05": 119.25385765731335,
  "summary_csf_p95": 558.5659116525202,
  "summary_csf_stdv": 122.18912603619411,
  "summary_gm_k": -0.0003707643429518015,
  "summary_gm_mad": 47.15733572101857,
  "summary_gm_mean": 764.7340738056248,
  "summary_gm_median": 764.1963192075491,
  "summary_gm_n": 54028.0,
  "summary_gm_p05": 688.9866418763995,
  "summary_gm_p95": 841.9267352670431,
  "summary_gm_stdv": 46.83330030169436,
  "summary_wm_k": 0.5496694926053585,
  "summary_wm_mad": 33.90707568413295,
  "summary_wm_mean": 1000.8874948733092,
  "summary_wm_median": 999.9999693408608,
  "summary_wm_n": 235235.0,
  "summary_wm_p05": 944.9562018364668,
  "summary_wm_p95": 1060.0393826887012,
  "summary_wm_stdv": 35.414081756918925,
  "tpm_overlap_csf": 0.15619961596423293,
  "tpm_overlap_gm": 0.46946727066851285,
  "tpm_overlap_wm": 0.5142047541096607,
  "wm2max": 0.39634813306113614
}