{
  "aor": 0.0006483221476510067,
  "aqi": 0.008307525939597316,
  "bids_meta": {
    "AcquisitionMatrixPE": 128,
    "AcquisitionNumber": 1,
    "AcquisitionTime": "20:19:37.377500",
    "BandwidthPerPixelPhaseEncode": 20.292,
    "BaseResolution": 128,
    "BodyPartExamined": "BRAIN",
    "CogAtlasID": "http://www.cognitiveatlas.org/task/id/TODO",
    "ConsistencyInfo": "N4_VE11A_LATEST_20140830",
    "ConversionSoftware": "dcm2niix",
    "ConversionSoftwareVersion": "v1.0.20190410  GCC6.3.0",
    "DerivedVendorReportedEchoSpacing": 0.000770008,
    "DeviceSerialNumber": "45239",
    "DwellTime": 2.6e-06,
    "EchoTime": 0.03,
    "EchoTrainLength": 55,
    "EffectiveEchoSpacing": 0.000385004,
    "FlipAngle": 73,
    "ImageComments": "Unaliased_MB3_PE4_LB_SENSE1",
    "ImageOrientationPatientDICOM": [
      1,
      0,
      0,
      0,
      0.995056,
      0.0993197
    ],
    "ImageType": [
      "ORIGINAL",
      "PRIMARY",
      "M",
      "MB",
      "ND",
      "MOSAIC"
    ],
    "ImagingFrequency": 123.225,
    "InPlanePhaseEncodingDirectionDICOM": "COL",
    "InstitutionAddress": "E_24th_St._100_Austin_Southmiddle_US_78712",
    "InstitutionName": "The_Univ._of_Texas_at_Austin_IRC",
    "InstitutionalDepartmentName": "IRC",
    "MRAcquisitionType": "2D",
    "MagneticFieldStrength": 3,
    "Manufacturer": "Siemens",
    "ManufacturersModelName": "Skyra",
    "Modality": "MR",
    "MultibandAccelerationFactor": 3,
    "ParallelReductionFactorInPlane": 2,
    "PartialFourier": 0.875,
    "PatientPosition": "HFS",
    "PercentPhaseFOV": 100,
    "PhaseEncodingDirection": "j-",
    "PhaseEncodingSteps": 111,
    "PhaseResolution": 1,
    "PixelBandwidth": 1500,
    "ProcedureStepDescription": "Preston_fMRI",
    "ProtocolName": "functional_run",
    "PulseSequenceDetails": "%CustomerSeq%_cmrr_mbep2d_bold",
    "ReceiveCoilActiveElements": "HEA;HEP",
    "ReceiveCoilName": "Head_32",
    "ReconMatrixPE": 128,
    "RefLinesPE": 92,
    "RepetitionTime": 2,
    "SAR": 0.156066,
    "ScanOptions": "PFP_FS",
    "ScanningSequence": "EP",
    "SequenceName": "epfid2d1_128",
    "SequenceVariant": "SK_SS",
    "SeriesDescription": "functional_run",
    "SeriesNumber": 25,
    "ShimSetting": [
      -2832,
      8086,
      -15495,
      -605,
      404,
      -323,
      167,
      -117
    ],
    "SliceThickness": 1.7,
    "SliceTiming": [
      0,
      1.0275,
      0.0775,
      1.1075,
      0.1575,
      1.1875,
      0.2375,
      1.265,
      0.315,
      1.345,
      0.395,
      1.425,
      0.475,
      1.5025,
      0.5525,
      1.5825,
      0.6325,
      1.6625,
      0.7125,
      1.74,
      0.79,
      1.82,
      0.87,
      1.9,
      0.95,
      0,
      1.0275,
      0.0775,
      1.1075,
      0.1575,
      1.1875,
      0.2375,
      1.265,
      0.315,
      1.345,
      0.395,
      1.425,
      0.475,
      1.5025,
      0.5525,
      1.5825,
      0.6325,
      1.6625,
      0.7125,
      1.74,
      0.79,
      1.82,
      0.87,
      1.9,
      0.95,
      0,
      1.0275,
      0.0775,
      1.1075,
      0.1575,
      1.1875,
      0.2375,
      1.265,
      0.315,
      1.345,
      0.395,
      1.425,
      0.475,
      1.5025,
      0.5525,
      1.5825,
      0.6325,
      1.6625,
      0.7125,
      1.74,
      0.79,
      1.82,
      0.87,
      1.9,
      0.95
    ],
    "SoftwareVersions": "syngo_MR_E11",
    "SpacingBetweenSlices": 1.7,
    "StationName": "AWP45239",
    "TaskName": "struct",
    "TotalReadoutTime": 0.0488955,
    "TxRefAmp": 388.2,
    "WipMemBlock": "37cad6ea-1420-473d-bdfc-651cd2cc1c30||Sequence: R016 ve11a/master r/fdfe5be5; Nov 27 2017 15:45:20 by eja",
    "dataset": "ds004094",
    "modality": "bold",
    "run_id": 4,
    "subject_id": "109",
    "task_id": "struct"
  },
  "dummy_trs": 0,
  "dvars_nstd": 45.55764649774411,
  "dvars_std": 1.0435282878787886,
  "dvars_vstd": 1.0065855630303033,
  "efc": 0.47066765976265623,
  "fber": 14908.154296875,
  "fd_mean": 0.05042843287618293,
  "fd_num": 3,
  "fd_perc": 1.0067114093959733,
  "fwhm_avg": 3.071881601858198,
  "fwhm_x": 2.774528,
  "fwhm_y": 3.3174227755447925,
  "fwhm_z": 3.123694030029801,
  "gcor": 0.00281939,
  "gsr_x": 0.01399826630949974,
  "gsr_y": 0.02798459492623806,
  "provenance": {
    "md5sum": "743bc969d42851c1268eebacee51d16f",
    "settings": {
      "fd_thres": 0.2,
      "testing": false
    },
    "software": "mriqc",
    "version": "23.0.0",
    "webapi_port": null,
    "webapi_url": "https://mriqc.nimh.nih.gov/api/v1"
  },
  "size_t": 298,
  "size_x": 128,
  "size_y": 128,
  "size_z": 75,
  "snr": 2.4531977679998116,
  "spacing_tr": 2.0,
  "spacing_x": 1.71875,
  "spacing_y": 1.7187498807907104,
  "spacing_z": 1.7000000476837158,
  "summary_bg_k": 55.64280295615348,
  "summary_bg_mad": 39.45313748531803,
  "summary_bg_mean": 350.0693054199219,
  "summary_bg_median": 61.9731559753418,
  "summary_bg_n": 840386.0,
  "summary_bg_p05": 25.98322105407715,
  "summary_bg_p95": 1841.8640441894531,
  "summary_bg_stdv": 937.0824584960938,
  "summary_fg_k": 0.5224967759299606,
  "summary_fg_mad": 2989.9258155071743,
  "summary_fg_mean": 8152.7001953125,
  "summary_fg_median": 7646.80224609375,
  "summary_fg_n": 249775.0,
  "summary_fg_p05": 4029.3248291015625,
  "summary_fg_p95": 13959.023339843749,
  "summary_fg_stdv": 3117.069091796875,
  "tsnr": 28.733076749369502
}