{
  "aor": 0.0006484899328859059,
  "aqi": 0.008811525704697988,
  "bids_meta": {
    "AcquisitionMatrixPE": 128,
    "AcquisitionNumber": 1,
    "AcquisitionTime": "20:41:45.382500",
    "BandwidthPerPixelPhaseEncode": 20.292,
    "BaseResolution": 128,
    "BodyPartExamined": "BRAIN",
    "CogAtlasID": "http://www.cognitiveatlas.org/task/id/TODO",
    "ConsistencyInfo": "N4_VE11A_LATEST_20140830",
    "ConversionSoftware": "dcm2niix",
    "ConversionSoftwareVersion": "v1.0.20190410  GCC6.3.0",
    "DerivedVendorReportedEchoSpacing": 0.000770008,
    "DeviceSerialNumber": "45239",
    "DwellTime": 2.6e-06,
    "EchoTime": 0.03,
    "EchoTrainLength": 55,
    "EffectiveEchoSpacing": 0.000385004,
    "FlipAngle": 73,
    "ImageComments": "Unaliased_MB3_PE4_LB_SENSE1",
    "ImageOrientationPatientDICOM": [
      1,
      0,
      0,
      0,
      0.995056,
      0.0993197
    ],
    "ImageType": [
      "ORIGINAL",
      "PRIMARY",
      "M",
      "MB",
      "ND",
      "MOSAIC"
    ],
    "ImagingFrequency": 123.225,
    "InPlanePhaseEncodingDirectionDICOM": "COL",
    "InstitutionAddress": "E_24th_St._100_Austin_Southmiddle_US_78712",
    "InstitutionName": "The_Univ._of_Texas_at_Austin_IRC",
    "InstitutionalDepartmentName": "IRC",
    "MRAcquisitionType": "2D",
    "MagneticFieldStrength": 3,
    "Manufacturer": "Siemens",
    "ManufacturersModelName": "Skyra",
    "Modality": "MR",
    "MultibandAccelerationFactor": 3,
    "ParallelReductionFactorInPlane": 2,
    "PartialFourier": 0.875,
    "PatientPosition": "HFS",
    "PercentPhaseFOV": 100,
    "PhaseEncodingDirection": "j-",
    "PhaseEncodingSteps": 111,
    "PhaseResolution": 1,
    "PixelBandwidth": 1500,
    "ProcedureStepDescription": "Preston_fMRI",
    "ProtocolName": "functional_run",
    "PulseSequenceDetails": "%CustomerSeq%_cmrr_mbep2d_bold",
    "ReceiveCoilActiveElements": "HEA;HEP",
    "ReceiveCoilName": "Head_32",
    "ReconMatrixPE": 128,
    "RefLinesPE": 92,
    "RepetitionTime": 2,
    "SAR": 0.156066,
    "ScanOptions": "PFP_FS",
    "ScanningSequence": "EP",
    "SequenceName": "epfid2d1_128",
    "SequenceVariant": "SK_SS",
    "SeriesDescription": "functional_run",
    "SeriesNumber": 29,
    "ShimSetting": [
      -2832,
      8086,
      -15495,
      -605,
      404,
      -323,
      167,
      -117
    ],
    "SliceThickness": 1.7,
    "SliceTiming": [
      0,
      1.0275,
      0.0775,
      1.1075,
      0.1575,
      1.1875,
      0.2375,
      1.265,
      0.315,
      1.345,
      0.395,
      1.425,
      0.475,
      1.5025,
      0.5525,
      1.5825,
      0.6325,
      1.6625,
      0.7125,
      1.7425,
      0.79,
      1.82,
      0.87,
      1.9,
      0.95,
      0,
      1.0275,
      0.0775,
      1.1075,
      0.1575,
      1.1875,
      0.2375,
      1.265,
      0.315,
      1.345,
      0.395,
      1.425,
      0.475,
      1.5025,
      0.5525,
      1.5825,
      0.6325,
      1.6625,
      0.7125,
      1.7425,
      0.79,
      1.82,
      0.87,
      1.9,
      0.95,
      0,
      1.0275,
      0.0775,
      1.1075,
      0.1575,
      1.1875,
      0.2375,
      1.265,
      0.315,
      1.345,
      0.395,
      1.425,
      0.475,
      1.5025,
      0.5525,
      1.5825,
      0.6325,
      1.6625,
      0.7125,
      1.7425,
      0.79,
      1.82,
      0.87,
      1.9,
      0.95
    ],
    "SoftwareVersions": "syngo_MR_E11",
    "SpacingBetweenSlices": 1.7,
    "StationName": "AWP45239",
    "TaskName": "struct",
    "TotalReadoutTime": 0.0488955,
    "TxRefAmp": 388.2,
    "WipMemBlock": "ce5cfda9-18b6-4444-9b51-15b7e03babbc||Sequence: R016 ve11a/master r/fdfe5be5; Nov 27 2017 15:45:20 by eja",
    "dataset": "ds004094",
    "modality": "bold",
    "run_id": 6,
    "subject_id": "109",
    "task_id": "struct"
  },
  "dummy_trs": 0,
  "dvars_nstd": 44.49315679249158,
  "dvars_std": 1.013834472861953,
  "dvars_vstd": 0.9931257900673398,
  "efc": 0.4725174538714976,
  "fber": 14300.740234375,
  "fd_mean": 0.050955073505309784,
  "fd_num": 2,
  "fd_perc": 0.6711409395973155,
  "fwhm_avg": 3.0482156986143214,
  "fwhm_x": 2.743895272727273,
  "fwhm_y": 3.321181321260024,
  "fwhm_z": 3.0795705018556676,
  "gcor": 0.00394772,
  "gsr_x": 0.013282151892781258,
  "gsr_y": 0.028195863589644432,
  "provenance": {
    "md5sum": "eb458b351b8596da681a01257ca8444a",
    "settings": {
      "fd_thres": 0.2,
      "testing": false
    },
    "software": "mriqc",
    "version": "23.0.0",
    "webapi_port": null,
    "webapi_url": "https://mriqc.nimh.nih.gov/api/v1"
  },
  "size_t": 298,
  "size_x": 128,
  "size_y": 128,
  "size_z": 75,
  "snr": 2.450393055906198,
  "spacing_tr": 2.0,
  "spacing_x": 1.71875,
  "spacing_y": 1.7187498807907104,
  "spacing_z": 1.7000000476837158,
  "summary_bg_k": 55.436984321074064,
  "summary_bg_mad": 42.06013386068651,
  "summary_bg_mean": 359.13360595703125,
  "summary_bg_median": 63.59395980834961,
  "summary_bg_n": 838666.0,
  "summary_bg_p05": 24.05704689025879,
  "summary_bg_p95": 1903.8120727539062,
  "summary_bg_stdv": 954.3937377929688,
  "summary_fg_k": 0.542282459366024,
  "summary_fg_mad": 3006.8838023081967,
  "summary_fg_mean": 8212.2568359375,
  "summary_fg_median": 7700.927734375,
  "summary_fg_n": 250352.0,
  "summary_fg_p05": 4076.010949707031,
  "summary_fg_p95": 14053.4630859375,
  "summary_fg_stdv": 3142.725341796875,
  "tsnr": 28.00176292913966
}