{
  "bids_meta": {
    "AcquisitionMatrixPE": 256,
    "AcquisitionNumber": 1,
    "AcquisitionTime": "19:23:38.105000",
    "BaseResolution": 256,
    "BodyPartExamined": "BRAIN",
    "ConsistencyInfo": "N4_VE11C_LATEST_20160120",
    "ConversionSoftware": "dcm2niix",
    "ConversionSoftwareVersion": "v1.0.20190410  GCC6.3.0",
    "DeviceSerialNumber": "45239",
    "DwellTime": 1.09e-05,
    "EchoTime": 0.00243,
    "FlipAngle": 9,
    "ImageOrientationPatientDICOM": [
      -0.0174524,
      0.999848,
      0,
      0,
      0,
      -1
    ],
    "ImageType": [
      "ORIGINAL",
      "PRIMARY",
      "M",
      "ND",
      "NORM"
    ],
    "ImagingFrequency": 123.172,
    "InPlanePhaseEncodingDirectionDICOM": "ROW",
    "InstitutionAddress": "E_24th_St._100_Austin_Southmiddle_US_78712",
    "InstitutionName": "The_Univ._of_Texas_at_Austin_IRC",
    "InstitutionalDepartmentName": "IRC",
    "InversionTime": 0.9,
    "MRAcquisitionType": "3D",
    "MagneticFieldStrength": 3,
    "Manufacturer": "Siemens",
    "ManufacturersModelName": "Skyra",
    "Modality": "MR",
    "PartialFourier": 1,
    "PatientPosition": "HFS",
    "PercentPhaseFOV": 100,
    "PhaseEncodingSteps": 255,
    "PhaseResolution": 1,
    "PixelBandwidth": 180,
    "ProcedureStepDescription": "Preston_fMRI",
    "ProtocolName": "mprage",
    "PulseSequenceDetails": "%SiemensSeq%_tfl",
    "ReceiveCoilActiveElements": "HEA;HEP",
    "ReceiveCoilName": "Head_32",
    "ReconMatrixPE": 256,
    "RefLinesPE": 48,
    "RepetitionTime": 1.9,
    "SAR": 0.0943,
    "ScanOptions": "IR",
    "ScanningSequence": "GR_IR",
    "SequenceName": "_tfl3d1_16ns",
    "SequenceVariant": "SK_SP_MP",
    "SeriesDescription": "mprage",
    "SeriesNumber": 2,
    "ShimSetting": [
      -2751,
      8072,
      -15888,
      -462,
      637,
      -681,
      -484,
      -138
    ],
    "SliceThickness": 1,
    "SoftwareVersions": "syngo_MR_E11",
    "StationName": "AWP45239",
    "TxRefAmp": 351.96,
    "dataset": "ds004094",
    "modality": "T1w",
    "subject_id": "121"
  },
  "cjv": 0.36237771019456355,
  "cnr": 3.6942218672252953,
  "efc": 0.5740828717563685,
  "fber": -1.0,
  "fwhm_avg": 4.066976666666666,
  "fwhm_x": 4.08859,
  "fwhm_y": 4.11166,
  "fwhm_z": 4.00068,
  "icvs_csf": 0.17093478312770477,
  "icvs_gm": 0.44197146662094355,
  "icvs_wm": 0.3870937502513517,
  "inu_med": 0.34963950514793396,
  "inu_range": 0.10216130316257477,
  "provenance": {
    "md5sum": "5aeb69b60584df35d7ed02d89101994e",
    "settings": {
      "testing": false
    },
    "software": "mriqc",
    "version": "23.0.0",
    "warnings": {
      "large_rot_frame": true,
      "small_air_mask": false
    },
    "webapi_port": null,
    "webapi_url": "https://mriqc.nimh.nih.gov/api/v1"
  },
  "qi_1": 0.04041852075226821,
  "qi_2": 0.03692420016187484,
  "rpve_csf": 24.653637989364935,
  "rpve_gm": 10.587987099300001,
  "rpve_wm": 13.805351543569806,
  "size_x": 192,
  "size_y": 256,
  "size_z": 256,
  "snr_csf": 3.1409920434974934,
  "snr_gm": 15.34483710821829,
  "snr_total": 15.667556607186404,
  "snr_wm": 28.51684066984343,
  "snrd_csf": 85.32338320308422,
  "snrd_gm": 195.68252629650434,
  "snrd_total": 178.04608419071778,
  "snrd_wm": 253.13234307256474,
  "spacing_x": 1.0,
  "spacing_y": 1.0,
  "spacing_z": 1.0,
  "summary_bg_k": 49.74180779516601,
  "summary_bg_mad": 0.0,
  "summary_bg_mean": 0.6308234789593561,
  "summary_bg_median": 0.0,
  "summary_bg_n": 2230868.0,
  "summary_bg_p05": 0.0,
  "summary_bg_p95": 6.809782728552818,
  "summary_bg_stdv": 2.588225531117333,
  "summary_csf_k": 34.78377814676089,
  "summary_csf_mad": 55.405970017098696,
  "summary_csf_mean": 355.3274429566679,
  "summary_csf_median": 337.0842450633645,
  "summary_csf_n": 48689.0,
  "summary_csf_p05": 242.57774817198515,
  "summary_csf_p95": 537.1008511818945,
  "summary_csf_stdv": 107.3166626250022,
  "summary_gm_k": 0.10703994962396379,
  "summary_gm_mad": 49.4959998819415,
  "summary_gm_mean": 773.4851695258059,
  "summary_gm_median": 773.0764319524169,
  "summary_gm_n": 52394.0,
  "summary_gm_p05": 691.8988390602171,
  "summary_gm_p95": 858.9876543022692,
  "summary_gm_stdv": 50.37974981011124,
  "summary_wm_k": 0.7056661874595971,
  "summary_wm_mad": 32.751084498996114,
  "summary_wm_mean": 1001.7653903304571,
  "summary_wm_median": 1000.0415075272322,
  "summary_wm_n": 289302.0,
  "summary_wm_p05": 947.5148297734559,
  "summary_wm_p95": 1061.9939211308956,
  "summary_wm_stdv": 35.06839312020208,
  "tpm_overlap_csf": 0.1578575388028733,
  "tpm_overlap_gm": 0.44377823826433394,
  "tpm_overlap_wm": 0.4865621956069632,
  "wm2max": 0.43078684243475773
}