{
  "bids_meta": {
    "AcquisitionMatrixPE": 256,
    "AcquisitionNumber": 1,
    "AcquisitionTime": "18:33:20.117500",
    "BaseResolution": 256,
    "BodyPartExamined": "BRAIN",
    "ConsistencyInfo": "N4_VE11C_LATEST_20160120",
    "ConversionSoftware": "dcm2niix",
    "ConversionSoftwareVersion": "v1.0.20190410  GCC6.3.0",
    "DeviceSerialNumber": "45239",
    "DwellTime": 1.09e-05,
    "EchoTime": 0.00243,
    "FlipAngle": 9,
    "ImageOrientationPatientDICOM": [
      0.0104717,
      0.999945,
      0,
      0,
      0,
      -1
    ],
    "ImageType": [
      "ORIGINAL",
      "PRIMARY",
      "M",
      "ND",
      "NORM"
    ],
    "ImagingFrequency": 123.172,
    "InPlanePhaseEncodingDirectionDICOM": "ROW",
    "InstitutionAddress": "E_24th_St._100_Austin_Southmiddle_US_78712",
    "InstitutionName": "The_Univ._of_Texas_at_Austin_IRC",
    "InstitutionalDepartmentName": "IRC",
    "InversionTime": 0.9,
    "MRAcquisitionType": "3D",
    "MagneticFieldStrength": 3,
    "Manufacturer": "Siemens",
    "ManufacturersModelName": "Skyra",
    "Modality": "MR",
    "PartialFourier": 1,
    "PatientPosition": "HFS",
    "PercentPhaseFOV": 100,
    "PhaseEncodingSteps": 255,
    "PhaseResolution": 1,
    "PixelBandwidth": 180,
    "ProcedureStepDescription": "Preston_fMRI",
    "ProtocolName": "mprage",
    "PulseSequenceDetails": "%SiemensSeq%_tfl",
    "ReceiveCoilActiveElements": "HEA;HEP",
    "ReceiveCoilName": "Head_32",
    "ReconMatrixPE": 256,
    "RefLinesPE": 48,
    "RepetitionTime": 1.9,
    "SAR": 0.0988069,
    "ScanOptions": "IR",
    "ScanningSequence": "GR_IR",
    "SequenceName": "_tfl3d1_16ns",
    "SequenceVariant": "SK_SP_MP",
    "SeriesDescription": "mprage",
    "SeriesNumber": 2,
    "ShimSetting": [
      -2751,
      8072,
      -15888,
      -462,
      637,
      -681,
      -484,
      -138
    ],
    "SliceThickness": 1,
    "SoftwareVersions": "syngo_MR_E11",
    "StationName": "AWP45239",
    "TxRefAmp": 331.251,
    "dataset": "ds004094",
    "modality": "T1w",
    "subject_id": "110"
  },
  "cjv": 0.36347963382028686,
  "cnr": 3.7675401151824524,
  "efc": 0.5702083644305427,
  "fber": -1.0,
  "fwhm_avg": 4.426796666666667,
  "fwhm_x": 4.46002,
  "fwhm_y": 4.39784,
  "fwhm_z": 4.42253,
  "icvs_csf": 0.19118694352554821,
  "icvs_gm": 0.43312426194341785,
  "icvs_wm": 0.37568879453103393,
  "inu_med": 0.3574281334877014,
  "inu_range": 0.11082969903945916,
  "provenance": {
    "md5sum": "58ff2af2c10977f5a435133312007fae",
    "settings": {
      "testing": false
    },
    "software": "mriqc",
    "version": "23.0.0",
    "warnings": {
      "large_rot_frame": true,
      "small_air_mask": false
    },
    "webapi_port": null,
    "webapi_url": "https://mriqc.nimh.nih.gov/api/v1"
  },
  "qi_1": 0.002983315136531189,
  "qi_2": 0.0222115258866353,
  "rpve_csf": 26.668688049383455,
  "rpve_gm": 12.680481385822526,
  "rpve_wm": 16.72190538381457,
  "size_x": 192,
  "size_y": 256,
  "size_z": 256,
  "snr_csf": 3.4608459528115896,
  "snr_gm": 15.659357048035135,
  "snr_total": 15.873823383467018,
  "snr_wm": 28.501267149554327,
  "snrd_csf": 61.45102380346164,
  "snrd_gm": 134.61639949079776,
  "snrd_total": 123.50626154619681,
  "snrd_wm": 174.451361344331,
  "spacing_x": 1.0,
  "spacing_y": 1.0,
  "spacing_z": 1.0,
  "summary_bg_k": 32.86268605913374,
  "summary_bg_mad": 0.0,
  "summary_bg_mean": 1.4310837125110951,
  "summary_bg_median": 0.0,
  "summary_bg_n": 2882012.0,
  "summary_bg_p05": 0.0,
  "summary_bg_p95": 6.927263543009758,
  "summary_bg_stdv": 3.755542701377645,
  "summary_csf_k": 2.4607317808011757,
  "summary_csf_mad": 75.45582585579852,
  "summary_csf_mean": 361.8679037137031,
  "summary_csf_median": 352.26548843458295,
  "summary_csf_n": 38402.0,
  "summary_csf_p05": 206.79295403137803,
  "summary_csf_p95": 542.6238631419837,
  "summary_csf_stdv": 101.78462337140897,
  "summary_gm_k": 0.016323247086813986,
  "summary_gm_mad": 49.3606860806682,
  "summary_gm_mean": 770.2623430944824,
  "summary_gm_median": 771.6830214187503,
  "summary_gm_n": 45695.0,
  "summary_gm_p05": 687.6015930064023,
  "summary_gm_p95": 849.5440499149263,
  "summary_gm_stdv": 49.27881618384104,
  "summary_wm_k": 0.4146791043732829,
  "summary_wm_mad": 33.64072236071018,
  "summary_wm_mean": 1000.8818091699068,
  "summary_wm_median": 1000.0353160686791,
  "summary_wm_n": 249536.0,
  "summary_wm_p05": 944.7497446546331,
  "summary_wm_p95": 1059.6946061737835,
  "summary_wm_stdv": 35.08732811876553,
  "tpm_overlap_csf": 0.15818661348340227,
  "tpm_overlap_gm": 0.4653473735225335,
  "tpm_overlap_wm": 0.5189893275707597,
  "wm2max": 0.517626182243931
}