{
  "bids_meta": {
    "AcquisitionMatrixPE": 384,
    "AcquisitionNumber": 1,
    "AcquisitionTime": "18:47:34.705000",
    "BaseResolution": 384,
    "BodyPartExamined": "BRAIN",
    "ConsistencyInfo": "N4_VE11C_LATEST_20160120",
    "ConversionSoftware": "dcm2niix",
    "ConversionSoftwareVersion": "v1.0.20190410  GCC6.3.0",
    "DeviceSerialNumber": "45239",
    "DwellTime": 6e-06,
    "EchoTime": 0.082,
    "EchoTrainLength": 18,
    "FlipAngle": 150,
    "ImageOrientationPatientDICOM": [
      0.999999,
      0.00152434,
      2.2406e-11,
      -0.000743624,
      0.487832,
      -0.872937
    ],
    "ImageType": [
      "ORIGINAL",
      "PRIMARY",
      "M",
      "ND",
      "NORM"
    ],
    "ImagingFrequency": 123.172,
    "InPlanePhaseEncodingDirectionDICOM": "ROW",
    "InstitutionAddress": "E_24th_St._100_Austin_Southmiddle_US_78712",
    "InstitutionName": "The_Univ._of_Texas_at_Austin_IRC",
    "InstitutionalDepartmentName": "IRC",
    "MRAcquisitionType": "2D",
    "MagneticFieldStrength": 3,
    "Manufacturer": "Siemens",
    "ManufacturersModelName": "Skyra",
    "Modality": "MR",
    "PartialFourier": 1,
    "PatientPosition": "HFS",
    "PercentPhaseFOV": 100,
    "PhaseEncodingDirection": "i",
    "PhaseEncodingSteps": 396,
    "PhaseResolution": 1,
    "PixelBandwidth": 215,
    "ProcedureStepDescription": "Preston_fMRI",
    "ProtocolName": "T2_coronal_matrix384",
    "PulseSequenceDetails": "%SiemensSeq%_tse",
    "ReceiveCoilActiveElements": "HEA;HEP",
    "ReceiveCoilName": "Head_32",
    "ReconMatrixPE": 384,
    "RepetitionTime": 13.15,
    "SAR": 0.548585,
    "ScanningSequence": "SE",
    "SequenceName": "_tse2d1_18",
    "SequenceVariant": "SK_SP_OSP",
    "SeriesDescription": "T2_coronal_matrix384",
    "SeriesNumber": 4,
    "ShimSetting": [
      -2751,
      8072,
      -15888,
      -462,
      637,
      -681,
      -484,
      -138
    ],
    "SliceThickness": 1.5,
    "SoftwareVersions": "syngo_MR_E11",
    "SpacingBetweenSlices": 1.5,
    "StationName": "AWP45239",
    "TxRefAmp": 331.251,
    "dataset": "ds004094",
    "modality": "T2w",
    "run_id": 2,
    "subject_id": "110"
  },
  "cjv": 0.49909381613059867,
  "cnr": 2.419655492165534,
  "efc": 0.7126084152333493,
  "fber": 20.061855244912962,
  "fwhm_avg": 2.8521735539333997,
  "fwhm_x": 3.17905720328746,
  "fwhm_y": 2.0361544660664608,
  "fwhm_z": 3.3413089924462787,
  "icvs_csf": 0.16800135128755897,
  "icvs_gm": 0.5392642136048171,
  "icvs_wm": 0.2927344351076239,
  "inu_med": 0.9539640545845032,
  "inu_range": 0.3329998970031737,
  "provenance": {
    "md5sum": "980eab8d13d2636be122e14d299fae82",
    "settings": {
      "testing": false
    },
    "software": "mriqc",
    "version": "23.0.0",
    "warnings": {
      "large_rot_frame": false,
      "small_air_mask": false
    },
    "webapi_port": null,
    "webapi_url": "https://mriqc.nimh.nih.gov/api/v1"
  },
  "qi_1": 0.01834983282481811,
  "qi_2": 0.0005549570066363495,
  "rpve_csf": 8.269613853522118,
  "rpve_gm": 2.8896564679313865,
  "rpve_wm": 4.875819568305187,
  "size_x": 384,
  "size_y": 60,
  "size_z": 384,
  "snr_csf": 4.489031031705415,
  "snr_gm": 7.3407664794964615,
  "snr_total": 5.4804890318782284,
  "snr_wm": 4.61166958443281,
  "snrd_csf": 53.69291584162863,
  "snrd_gm": 18.895800521938273,
  "snrd_total": 27.679033934690878,
  "snrd_wm": 10.448385440505737,
  "spacing_x": 0.4322916865348816,
  "spacing_y": 1.4999991655349731,
  "spacing_z": 0.4322916567325592,
  "summary_bg_k": 283.81549208905517,
  "summary_bg_mad": 0.0,
  "summary_bg_mean": 15.507921780794183,
  "summary_bg_median": 0.0,
  "summary_bg_n": 886232.0,
  "summary_bg_p05": 0.0,
  "summary_bg_p95": 62.7046680226922,
  "summary_bg_stdv": 62.70216468663045,
  "summary_csf_k": 3.1717872176649307,
  "summary_csf_mad": 748.0442794425127,
  "summary_csf_mean": 4827.140306579983,
  "summary_csf_median": 5138.87192286551,
  "summary_csf_n": 102171.0,
  "summary_csf_p05": 2624.7422063425183,
  "summary_csf_p95": 6108.065350659192,
  "summary_csf_stdv": 1144.756349002912,
  "summary_gm_k": 0.8325238295841348,
  "summary_gm_mad": 216.501277030958,
  "summary_gm_mean": 1797.4561071996816,
  "summary_gm_median": 1808.4899514243007,
  "summary_gm_n": 283020.0,
  "summary_gm_p05": 1365.6761352717876,
  "summary_gm_p95": 2184.717959560454,
  "summary_gm_stdv": 246.36211511245313,
  "summary_wm_k": 2.6262886544805895,
  "summary_wm_mad": 187.01106986062817,
  "summary_wm_mean": 1001.0202014670881,
  "summary_wm_median": 999.9999764934182,
  "summary_wm_n": 226710.0,
  "summary_wm_p05": 653.4202393401415,
  "summary_wm_p95": 1345.664007179439,
  "summary_wm_stdv": 216.8407238900892,
  "tpm_overlap_csf": 0.15857891145012815,
  "tpm_overlap_gm": 0.4461788164867257,
  "tpm_overlap_wm": 0.36696987817053367,
  "wm2max": 0.15715538273863983
}