{
  "bids_meta": {
    "AcquisitionMatrixPE": 384,
    "AcquisitionNumber": 1,
    "AcquisitionTime": "18:42:19.747500",
    "BaseResolution": 384,
    "BodyPartExamined": "BRAIN",
    "ConsistencyInfo": "N4_VE11C_LATEST_20160120",
    "ConversionSoftware": "dcm2niix",
    "ConversionSoftwareVersion": "v1.0.20190410  GCC6.3.0",
    "DeviceSerialNumber": "45239",
    "DwellTime": 6e-06,
    "EchoTime": 0.082,
    "EchoTrainLength": 18,
    "FlipAngle": 150,
    "ImageOrientationPatientDICOM": [
      0.999999,
      0.00152434,
      2.2406e-11,
      -0.000743624,
      0.487832,
      -0.872937
    ],
    "ImageType": [
      "ORIGINAL",
      "PRIMARY",
      "M",
      "ND",
      "NORM"
    ],
    "ImagingFrequency": 123.172,
    "InPlanePhaseEncodingDirectionDICOM": "ROW",
    "InstitutionAddress": "E_24th_St._100_Austin_Southmiddle_US_78712",
    "InstitutionName": "The_Univ._of_Texas_at_Austin_IRC",
    "InstitutionalDepartmentName": "IRC",
    "MRAcquisitionType": "2D",
    "MagneticFieldStrength": 3,
    "Manufacturer": "Siemens",
    "ManufacturersModelName": "Skyra",
    "Modality": "MR",
    "PartialFourier": 1,
    "PatientPosition": "HFS",
    "PercentPhaseFOV": 100,
    "PhaseEncodingDirection": "i",
    "PhaseEncodingSteps": 396,
    "PhaseResolution": 1,
    "PixelBandwidth": 215,
    "ProcedureStepDescription": "Preston_fMRI",
    "ProtocolName": "T2_coronal_matrix384",
    "PulseSequenceDetails": "%SiemensSeq%_tse",
    "ReceiveCoilActiveElements": "HEA;HEP",
    "ReceiveCoilName": "Head_32",
    "ReconMatrixPE": 384,
    "RepetitionTime": 13.15,
    "SAR": 0.548585,
    "ScanningSequence": "SE",
    "SequenceName": "_tse2d1_18",
    "SequenceVariant": "SK_SP_OSP",
    "SeriesDescription": "T2_coronal_matrix384",
    "SeriesNumber": 3,
    "ShimSetting": [
      -2751,
      8072,
      -15888,
      -462,
      637,
      -681,
      -484,
      -138
    ],
    "SliceThickness": 1.5,
    "SoftwareVersions": "syngo_MR_E11",
    "SpacingBetweenSlices": 1.5,
    "StationName": "AWP45239",
    "TxRefAmp": 331.251,
    "dataset": "ds004094",
    "modality": "T2w",
    "run_id": 1,
    "subject_id": "110"
  },
  "cjv": 0.4888522466501155,
  "cnr": 2.405104967745116,
  "efc": 0.7114888202299638,
  "fber": 35.64327222490242,
  "fwhm_avg": 2.8610899943145394,
  "fwhm_x": 3.1865984077601417,
  "fwhm_y": 2.043241136675513,
  "fwhm_z": 3.353430438507963,
  "icvs_csf": 0.165545408665721,
  "icvs_gm": 0.5275141538964279,
  "icvs_wm": 0.3069404374378511,
  "inu_med": 0.9541004598140717,
  "inu_range": 0.34271666407585144,
  "provenance": {
    "md5sum": "415cc4de90343979eaf9547f128fe9a7",
    "settings": {
      "testing": false
    },
    "software": "mriqc",
    "version": "23.0.0",
    "warnings": {
      "large_rot_frame": false,
      "small_air_mask": false
    },
    "webapi_port": null,
    "webapi_url": "https://mriqc.nimh.nih.gov/api/v1"
  },
  "qi_1": 0.013623136904224425,
  "qi_2": 0.0005290225972645186,
  "rpve_csf": 8.449818596857622,
  "rpve_gm": 2.91966347373212,
  "rpve_wm": 4.61370590238629,
  "size_x": 384,
  "size_y": 60,
  "size_z": 384,
  "snr_csf": 4.224437772459898,
  "snr_gm": 7.57261394665411,
  "snr_total": 5.452663235301254,
  "snr_wm": 4.560937986789751,
  "snrd_csf": 34.07353390366925,
  "snrd_gm": 12.154199560354849,
  "snrd_total": 17.639879037671083,
  "snrd_wm": 6.6919036489891495,
  "spacing_x": 0.4322916865348816,
  "spacing_y": 1.4999991655349731,
  "spacing_z": 0.4322916567325592,
  "summary_bg_k": 372.1753663481532,
  "summary_bg_mad": 0.0,
  "summary_bg_mean": 20.237994323277366,
  "summary_bg_median": 0.0,
  "summary_bg_n": 882686.0,
  "summary_bg_p05": 0.0,
  "summary_bg_p95": 63.49393351376057,
  "summary_bg_stdv": 97.91138830662707,
  "summary_csf_k": 2.1546077582437064,
  "summary_csf_mad": 811.7723091116192,
  "summary_csf_mean": 4865.105802974257,
  "summary_csf_median": 5092.354827210307,
  "summary_csf_n": 104693.0,
  "summary_csf_p05": 2662.174586760998,
  "summary_csf_p95": 6639.651333153248,
  "summary_csf_stdv": 1205.4457376395417,
  "summary_gm_k": 0.9151803206451414,
  "summary_gm_mad": 209.92906961105126,
  "summary_gm_mean": 1811.4877934500098,
  "summary_gm_median": 1816.4683762192726,
  "summary_gm_n": 249337.0,
  "summary_gm_p05": 1402.756512582302,
  "summary_gm_p95": 2198.8455713689327,
  "summary_gm_stdv": 239.8728822590103,
  "summary_wm_k": 2.417574818780313,
  "summary_wm_mad": 189.14574241994052,
  "summary_wm_mean": 1002.9950887189732,
  "summary_wm_median": 1000.1178024709225,
  "summary_wm_n": 249481.0,
  "summary_wm_p05": 655.2008500993252,
  "summary_wm_p95": 1356.6969058960676,
  "summary_wm_stdv": 219.2785345840933,
  "tpm_overlap_csf": 0.1600476843778988,
  "tpm_overlap_gm": 0.4426741377306689,
  "tpm_overlap_wm": 0.37665627060080004,
  "wm2max": 0.14757517816791238
}