{
  "bids_meta": {
    "AcquisitionMatrixPE": 384,
    "AcquisitionNumber": 1,
    "AcquisitionTime": "19:22:40.712500",
    "BaseResolution": 384,
    "BodyPartExamined": "BRAIN",
    "ConsistencyInfo": "N4_VE11C_LATEST_20160120",
    "ConversionSoftware": "dcm2niix",
    "ConversionSoftwareVersion": "v1.0.20190410  GCC6.3.0",
    "DeviceSerialNumber": "45239",
    "DwellTime": 6e-06,
    "EchoTime": 0.082,
    "EchoTrainLength": 18,
    "FlipAngle": 150,
    "ImageOrientationPatientDICOM": [
      0.999915,
      -0.0130148,
      -2.22949e-10,
      0.00662322,
      0.508855,
      -0.860827
    ],
    "ImageType": [
      "ORIGINAL",
      "PRIMARY",
      "M",
      "ND",
      "NORM"
    ],
    "ImagingFrequency": 123.172,
    "InPlanePhaseEncodingDirectionDICOM": "ROW",
    "InstitutionAddress": "E_24th_St._100_Austin_Southmiddle_US_78712",
    "InstitutionName": "The_Univ._of_Texas_at_Austin_IRC",
    "InstitutionalDepartmentName": "IRC",
    "MRAcquisitionType": "2D",
    "MagneticFieldStrength": 3,
    "Manufacturer": "Siemens",
    "ManufacturersModelName": "Skyra",
    "Modality": "MR",
    "PartialFourier": 1,
    "PatientPosition": "HFS",
    "PercentPhaseFOV": 100,
    "PhaseEncodingDirection": "i",
    "PhaseEncodingSteps": 396,
    "PhaseResolution": 1,
    "PixelBandwidth": 215,
    "ProcedureStepDescription": "Preston_fMRI",
    "ProtocolName": "T2_coronal_matrix384",
    "PulseSequenceDetails": "%SiemensSeq%_tse",
    "ReceiveCoilActiveElements": "HEA;HEP",
    "ReceiveCoilName": "Head_32",
    "ReconMatrixPE": 384,
    "RepetitionTime": 13.15,
    "SAR": 0.574164,
    "ScanningSequence": "SE",
    "SequenceName": "_tse2d1_18",
    "SequenceVariant": "SK_SP_OSP",
    "SeriesDescription": "T2_coronal_matrix384",
    "SeriesNumber": 3,
    "ShimSetting": [
      -2751,
      8072,
      -15888,
      -462,
      637,
      -681,
      -484,
      -138
    ],
    "SliceThickness": 1.5,
    "SoftwareVersions": "syngo_MR_E11",
    "SpacingBetweenSlices": 1.5,
    "StationName": "AWP45239",
    "TxRefAmp": 315.646,
    "dataset": "ds004094",
    "modality": "T2w",
    "run_id": 1,
    "subject_id": "129"
  },
  "cjv": 0.41962168834233454,
  "cnr": 2.203202568955259,
  "efc": 0.6395635973805719,
  "fber": 1153.412616918756,
  "fwhm_avg": 2.6152764789249043,
  "fwhm_x": 2.9255248865059746,
  "fwhm_y": 1.9588779761907507,
  "fwhm_z": 2.9614265740779873,
  "icvs_csf": 0.4605124066877581,
  "icvs_gm": 0.12390149519710324,
  "icvs_wm": 0.41558609811513864,
  "inu_med": 0.973613053560257,
  "inu_range": 0.2973771333694457,
  "provenance": {
    "md5sum": "cd75ca6f0a69d68488b12d68a3c73f45",
    "settings": {
      "testing": false
    },
    "software": "mriqc",
    "version": "23.0.0",
    "warnings": {
      "large_rot_frame": false,
      "small_air_mask": false
    },
    "webapi_port": null,
    "webapi_url": "https://mriqc.nimh.nih.gov/api/v1"
  },
  "qi_1": 0.000567826838974157,
  "qi_2": 0.0014987791831220835,
  "rpve_csf": 4.411077207410026,
  "rpve_gm": 15.652041776557201,
  "rpve_wm": 5.015668651545467,
  "size_x": 384,
  "size_y": 60,
  "size_z": 384,
  "snr_csf": 8.092180908706945,
  "snr_gm": 2.730676993430334,
  "snr_total": 5.299351095222131,
  "snr_wm": 5.075195383529116,
  "snrd_csf": 25.92577216308623,
  "snrd_gm": 71.47000176898547,
  "snrd_total": 36.962498057388444,
  "snrd_wm": 13.49172024009363,
  "spacing_x": 0.4322916567325592,
  "spacing_y": 1.5000015497207642,
  "spacing_z": 0.4322916567325592,
  "summary_bg_k": 366.9838262882403,
  "summary_bg_mad": 0.0,
  "summary_bg_mean": 20.955915912670804,
  "summary_bg_median": 0.0,
  "summary_bg_n": 1770386.0,
  "summary_bg_p05": 0.0,
  "summary_bg_p95": 78.91662134975195,
  "summary_bg_stdv": 48.55324563586053,
  "summary_csf_k": 0.546772450656078,
  "summary_csf_mad": 224.6343108078603,
  "summary_csf_mean": 1932.788345012903,
  "summary_csf_median": 1921.4019922167063,
  "summary_csf_n": 159012.0,
  "summary_csf_p05": 1564.0998196452856,
  "summary_csf_p95": 2338.8209988176823,
  "summary_csf_stdv": 237.43858079732124,
  "summary_gm_k": 0.6887989392698666,
  "summary_gm_mad": 1616.768642877183,
  "summary_gm_mean": 4842.182584108548,
  "summary_gm_median": 5296.760417349637,
  "summary_gm_n": 36781.0,
  "summary_gm_p05": 230.37705478817225,
  "summary_gm_p95": 6658.6297564432025,
  "summary_gm_stdv": 1939.6978938094462,
  "summary_wm_k": 0.5635091344651388,
  "summary_wm_mad": 186.28979297980982,
  "summary_wm_mean": 1001.9907342140935,
  "summary_wm_median": 999.8937730640173,
  "summary_wm_n": 377118.0,
  "summary_wm_p05": 682.6340853497386,
  "summary_wm_p95": 1326.2878207191825,
  "summary_wm_stdv": 197.01555739194555,
  "tpm_overlap_csf": 0.09503250093766603,
  "tpm_overlap_gm": 0.08684207985161761,
  "tpm_overlap_wm": 0.47721727901033306,
  "wm2max": 0.15099605427774035
}