{
  "bids_meta": {
    "AcquisitionMatrixPE": 256,
    "AcquisitionNumber": 1,
    "AcquisitionTime": "17:39:39.075000",
    "BaseResolution": 256,
    "BodyPartExamined": "BRAIN",
    "ConsistencyInfo": "N4_VE11C_LATEST_20160120",
    "ConversionSoftware": "dcm2niix",
    "ConversionSoftwareVersion": "v1.0.20190410  GCC6.3.0",
    "DeviceSerialNumber": "45239",
    "DwellTime": 1.09e-05,
    "EchoTime": 0.00243,
    "FlipAngle": 9,
    "ImageOrientationPatientDICOM": [
      0.0244322,
      0.999701,
      0,
      0,
      0,
      -1
    ],
    "ImageType": [
      "ORIGINAL",
      "PRIMARY",
      "M",
      "ND",
      "NORM"
    ],
    "ImagingFrequency": 123.172,
    "InPlanePhaseEncodingDirectionDICOM": "ROW",
    "InstitutionAddress": "E_24th_St._100_Austin_Southmiddle_US_78712",
    "InstitutionName": "The_Univ._of_Texas_at_Austin_IRC",
    "InstitutionalDepartmentName": "IRC",
    "InversionTime": 0.9,
    "MRAcquisitionType": "3D",
    "MagneticFieldStrength": 3,
    "Manufacturer": "Siemens",
    "ManufacturersModelName": "Skyra",
    "Modality": "MR",
    "PartialFourier": 1,
    "PatientPosition": "HFS",
    "PercentPhaseFOV": 100,
    "PhaseEncodingSteps": 255,
    "PhaseResolution": 1,
    "PixelBandwidth": 180,
    "ProcedureStepDescription": "Preston_fMRI",
    "ProtocolName": "mprage",
    "PulseSequenceDetails": "%SiemensSeq%_tfl",
    "ReceiveCoilActiveElements": "HEA;HEP",
    "ReceiveCoilName": "Head_32",
    "ReconMatrixPE": 256,
    "RefLinesPE": 48,
    "RepetitionTime": 1.9,
    "SAR": 0.111301,
    "ScanOptions": "IR",
    "ScanningSequence": "GR_IR",
    "SequenceName": "_tfl3d1_16ns",
    "SequenceVariant": "SK_SP_MP",
    "SeriesDescription": "mprage",
    "SeriesNumber": 2,
    "ShimSetting": [
      -2751,
      8072,
      -15888,
      -462,
      637,
      -681,
      -484,
      -138
    ],
    "SliceThickness": 1,
    "SoftwareVersions": "syngo_MR_E11",
    "StationName": "AWP45239",
    "TxRefAmp": 343.771,
    "dataset": "ds004094",
    "modality": "T1w",
    "subject_id": "114"
  },
  "cjv": 0.3205236553336687,
  "cnr": 4.179365307220428,
  "efc": 0.5250484819744999,
  "fber": -1.0,
  "fwhm_avg": 4.14468,
  "fwhm_x": 4.07058,
  "fwhm_y": 4.20683,
  "fwhm_z": 4.15663,
  "icvs_csf": 0.17393219864936518,
  "icvs_gm": 0.47275189134974865,
  "icvs_wm": 0.3533159100008862,
  "inu_med": 0.3838469386100769,
  "inu_range": 0.11281232237815852,
  "provenance": {
    "md5sum": "ef9b2432e3f317642657592332dcbdab",
    "settings": {
      "testing": false
    },
    "software": "mriqc",
    "version": "23.0.0",
    "warnings": {
      "large_rot_frame": true,
      "small_air_mask": false
    },
    "webapi_port": null,
    "webapi_url": "https://mriqc.nimh.nih.gov/api/v1"
  },
  "qi_1": 0.029604819810305463,
  "qi_2": 0.027536428779077984,
  "rpve_csf": 34.85442516546706,
  "rpve_gm": 14.233471457091305,
  "rpve_wm": 20.559986586360168,
  "size_x": 192,
  "size_y": 256,
  "size_z": 256,
  "snr_csf": 2.6007171716639923,
  "snr_gm": 16.365422074252816,
  "snr_total": 15.340969628055626,
  "snr_wm": 27.056769638250074,
  "snrd_csf": 46.584855346014486,
  "snrd_gm": 94.16421206763933,
  "snrd_total": 88.62915895691908,
  "snrd_wm": 125.13840945710348,
  "spacing_x": 1.0,
  "spacing_y": 1.0,
  "spacing_z": 1.0,
  "summary_bg_k": 21.637149655321497,
  "summary_bg_mad": 0.0,
  "summary_bg_mean": 2.153637714280854,
  "summary_bg_median": 0.0,
  "summary_bg_n": 2883593.0,
  "summary_bg_p05": 0.0,
  "summary_bg_p95": 10.114632211625576,
  "summary_bg_stdv": 5.235294135946668,
  "summary_csf_k": 1.0168799730483276,
  "summary_csf_mad": 129.42955611113237,
  "summary_csf_mean": 366.5747430563715,
  "summary_csf_median": 372.26663030311465,
  "summary_csf_n": 25302.0,
  "summary_csf_p05": 95.89634634926915,
  "summary_csf_p95": 573.3069867379963,
  "summary_csf_stdv": 143.1371614798685,
  "summary_gm_k": 0.19934995604881411,
  "summary_gm_mad": 44.630881417631855,
  "summary_gm_mean": 752.2804455910775,
  "summary_gm_median": 752.4804716296494,
  "summary_gm_n": 52929.0,
  "summary_gm_p05": 676.9578844495118,
  "summary_gm_p95": 828.3209472507237,
  "summary_gm_stdv": 45.9794657166206,
  "summary_wm_k": 0.49093479194016876,
  "summary_wm_mad": 34.704973390350524,
  "summary_wm_mean": 1000.3502548860052,
  "summary_wm_median": 999.9999713227153,
  "summary_wm_n": 184781.0,
  "summary_wm_p05": 939.9383219517767,
  "summary_wm_p95": 1061.9400523900986,
  "summary_wm_stdv": 36.95922605629641,
  "tpm_overlap_csf": 0.13691848146664176,
  "tpm_overlap_gm": 0.4900937350931036,
  "tpm_overlap_wm": 0.5132566939739538,
  "wm2max": 0.385717205120107
}