{
  "bids_meta": {
    "AcquisitionMatrixPE": 256,
    "AcquisitionNumber": 1,
    "AcquisitionTime": "19:50:15.097500",
    "BaseResolution": 256,
    "BodyPartExamined": "BRAIN",
    "ConsistencyInfo": "N4_VE11C_LATEST_20160120",
    "ConversionSoftware": "dcm2niix",
    "ConversionSoftwareVersion": "v1.0.20190410  GCC6.3.0",
    "DeviceSerialNumber": "45239",
    "DwellTime": 1.09e-05,
    "EchoTime": 0.00243,
    "FlipAngle": 9,
    "ImageOrientationPatientDICOM": [
      -0.0191974,
      0.999816,
      0,
      0,
      0,
      -1
    ],
    "ImageType": [
      "ORIGINAL",
      "PRIMARY",
      "M",
      "ND",
      "NORM"
    ],
    "ImagingFrequency": 123.172,
    "InPlanePhaseEncodingDirectionDICOM": "ROW",
    "InstitutionAddress": "E_24th_St._100_Austin_Southmiddle_US_78712",
    "InstitutionName": "The_Univ._of_Texas_at_Austin_IRC",
    "InstitutionalDepartmentName": "IRC",
    "InversionTime": 0.9,
    "MRAcquisitionType": "3D",
    "MagneticFieldStrength": 3,
    "Manufacturer": "Siemens",
    "ManufacturersModelName": "Skyra",
    "Modality": "MR",
    "PartialFourier": 1,
    "PatientPosition": "HFS",
    "PercentPhaseFOV": 100,
    "PhaseEncodingSteps": 255,
    "PhaseResolution": 1,
    "PixelBandwidth": 180,
    "ProcedureStepDescription": "Preston_fMRI",
    "ProtocolName": "mprage",
    "PulseSequenceDetails": "%SiemensSeq%_tfl",
    "ReceiveCoilActiveElements": "HEA;HEP",
    "ReceiveCoilName": "Head_32",
    "ReconMatrixPE": 256,
    "RefLinesPE": 48,
    "RepetitionTime": 1.9,
    "SAR": 0.0874173,
    "ScanOptions": "IR",
    "ScanningSequence": "GR_IR",
    "SequenceName": "_tfl3d1_16ns",
    "SequenceVariant": "SK_SP_MP",
    "SeriesDescription": "mprage",
    "SeriesNumber": 2,
    "ShimSetting": [
      -2751,
      8072,
      -15888,
      -462,
      637,
      -681,
      -484,
      -138
    ],
    "SliceThickness": 1,
    "SoftwareVersions": "syngo_MR_E11",
    "StationName": "AWP45239",
    "TxRefAmp": 316.428,
    "dataset": "ds004094",
    "modality": "T1w",
    "subject_id": "124"
  },
  "cjv": 0.37360514665124084,
  "cnr": 3.560577060484563,
  "efc": 0.5408332725664096,
  "fber": -1.0,
  "fwhm_avg": 4.277533333333333,
  "fwhm_x": 4.25873,
  "fwhm_y": 4.31075,
  "fwhm_z": 4.26312,
  "icvs_csf": 0.23751657112005317,
  "icvs_gm": 0.40559043403726225,
  "icvs_wm": 0.3568929948426846,
  "inu_med": 0.38569948077201843,
  "inu_range": 0.10149786621332169,
  "provenance": {
    "md5sum": "dc66e0de6934520d4c38ddc0fe301485",
    "settings": {
      "testing": false
    },
    "software": "mriqc",
    "version": "23.0.0",
    "warnings": {
      "large_rot_frame": true,
      "small_air_mask": false
    },
    "webapi_port": null,
    "webapi_url": "https://mriqc.nimh.nih.gov/api/v1"
  },
  "qi_1": 0.004400470067801374,
  "qi_2": 0.045070478033108714,
  "rpve_csf": 26.302169044590006,
  "rpve_gm": 15.223590105211095,
  "rpve_wm": 20.45328367262519,
  "size_x": 192,
  "size_y": 256,
  "size_z": 256,
  "snr_csf": 2.6790556382307154,
  "snr_gm": 14.116162048021929,
  "snr_total": 15.833062828773448,
  "snr_wm": 30.7039708000677,
  "snrd_csf": 55.09478156411191,
  "snrd_gm": 136.19966750106596,
  "snrd_total": 122.51173879529779,
  "snrd_wm": 176.24076732071552,
  "spacing_x": 1.0,
  "spacing_y": 1.0,
  "spacing_z": 1.0,
  "summary_bg_k": 33.69067724709848,
  "summary_bg_mad": 0.0,
  "summary_bg_mean": 1.41744621107276,
  "summary_bg_median": 0.0,
  "summary_bg_n": 2074827.0,
  "summary_bg_p05": 0.0,
  "summary_bg_p95": 7.761679440736771,
  "summary_bg_stdv": 3.7172806648513954,
  "summary_csf_k": 0.5541094215188416,
  "summary_csf_mad": 89.86796371138894,
  "summary_csf_mean": 326.7157125213955,
  "summary_csf_median": 312.61087957024574,
  "summary_csf_n": 47814.0,
  "summary_csf_p05": 116.12950858473778,
  "summary_csf_p95": 537.8104644864798,
  "summary_csf_stdv": 116.6857477916286,
  "summary_gm_k": 0.06959467304173206,
  "summary_gm_mad": 54.852336387256294,
  "summary_gm_mean": 770.6957437352155,
  "summary_gm_median": 772.8045496493578,
  "summary_gm_n": 19605.0,
  "summary_gm_p05": 677.5206944197416,
  "summary_gm_p95": 856.5937272310257,
  "summary_gm_stdv": 54.744684666781225,
  "summary_wm_k": 0.9554248735045667,
  "summary_wm_mad": 30.029051288927523,
  "summary_wm_mean": 1000.9712430456323,
  "summary_wm_median": 999.9999949932098,
  "summary_wm_n": 184611.0,
  "summary_wm_p05": 949.58603900671,
  "summary_wm_p95": 1055.2557605355978,
  "summary_wm_stdv": 32.568988978770555,
  "tpm_overlap_csf": 0.15960809507716012,
  "tpm_overlap_gm": 0.4615624910652243,
  "tpm_overlap_wm": 0.5132556402553271,
  "wm2max": 0.443507942264853
}