{
  "bids_meta": {
    "AcquisitionMatrixPE": 384,
    "AcquisitionNumber": 1,
    "AcquisitionTime": "20:04:8.755000",
    "BaseResolution": 384,
    "BodyPartExamined": "BRAIN",
    "ConsistencyInfo": "N4_VE11C_LATEST_20160120",
    "ConversionSoftware": "dcm2niix",
    "ConversionSoftwareVersion": "v1.0.20190410  GCC6.3.0",
    "DeviceSerialNumber": "45239",
    "DwellTime": 6e-06,
    "EchoTime": 0.082,
    "EchoTrainLength": 18,
    "FlipAngle": 150,
    "ImageOrientationPatientDICOM": [
      0.999995,
      -0.00310514,
      -8.8624e-11,
      0.00158036,
      0.508945,
      -0.860797
    ],
    "ImageType": [
      "ORIGINAL",
      "PRIMARY",
      "M",
      "ND",
      "NORM"
    ],
    "ImagingFrequency": 123.172,
    "InPlanePhaseEncodingDirectionDICOM": "ROW",
    "InstitutionAddress": "E_24th_St._100_Austin_Southmiddle_US_78712",
    "InstitutionName": "The_Univ._of_Texas_at_Austin_IRC",
    "InstitutionalDepartmentName": "IRC",
    "MRAcquisitionType": "2D",
    "MagneticFieldStrength": 3,
    "Manufacturer": "Siemens",
    "ManufacturersModelName": "Skyra",
    "Modality": "MR",
    "PartialFourier": 1,
    "PatientPosition": "HFS",
    "PercentPhaseFOV": 100,
    "PhaseEncodingDirection": "i",
    "PhaseEncodingSteps": 396,
    "PhaseResolution": 1,
    "PixelBandwidth": 215,
    "ProcedureStepDescription": "Preston_fMRI",
    "ProtocolName": "T2_coronal_matrix384",
    "PulseSequenceDetails": "%SiemensSeq%_tse",
    "ReceiveCoilActiveElements": "HEA;HEP",
    "ReceiveCoilName": "Head_32",
    "ReconMatrixPE": 384,
    "RepetitionTime": 13.15,
    "SAR": 0.485349,
    "ScanningSequence": "SE",
    "SequenceName": "_tse2d1_18",
    "SequenceVariant": "SK_SP_OSP",
    "SeriesDescription": "T2_coronal_matrix384",
    "SeriesNumber": 4,
    "ShimSetting": [
      -2751,
      8072,
      -15888,
      -462,
      637,
      -681,
      -484,
      -138
    ],
    "SliceThickness": 1.5,
    "SoftwareVersions": "syngo_MR_E11",
    "SpacingBetweenSlices": 1.5,
    "StationName": "AWP45239",
    "TxRefAmp": 316.428,
    "dataset": "ds004094",
    "modality": "T2w",
    "run_id": 2,
    "subject_id": "124"
  },
  "cjv": 0.13840822090008936,
  "cnr": 3.8105708246034715,
  "efc": 0.6295820260237563,
  "fber": 1114.9083878643667,
  "fwhm_avg": 2.94069211430919,
  "fwhm_x": 3.289654051500207,
  "fwhm_y": 2.1404528230096127,
  "fwhm_z": 3.391969468417751,
  "icvs_csf": 0.22986462008663577,
  "icvs_gm": 0.15815784019584253,
  "icvs_wm": 0.6119775397175217,
  "inu_med": 0.8385452032089233,
  "inu_range": 0.2673944115638728,
  "provenance": {
    "md5sum": "1dae23ac877a1dc1d36ee2cf8a036416",
    "settings": {
      "testing": false
    },
    "software": "mriqc",
    "version": "23.0.0",
    "warnings": {
      "large_rot_frame": false,
      "small_air_mask": false
    },
    "webapi_port": null,
    "webapi_url": "https://mriqc.nimh.nih.gov/api/v1"
  },
  "qi_1": 0.0009933088847638217,
  "qi_2": 0.0003118753310366523,
  "rpve_csf": 6.206026599743221,
  "rpve_gm": 13.011583303106795,
  "rpve_wm": 3.358252965242312,
  "size_x": 384,
  "size_y": 60,
  "size_z": 384,
  "snr_csf": 6.497569830268608,
  "snr_gm": 4.945241827566286,
  "snr_total": 5.485812932438814,
  "snr_wm": 5.014627139481548,
  "snrd_csf": 9.22576616242825,
  "snrd_gm": 24.063574257643594,
  "snrd_total": 12.75506379582871,
  "snrd_wm": 4.975850967414285,
  "spacing_x": 0.4322916567325592,
  "spacing_y": 1.5000003576278687,
  "spacing_z": 0.4322916269302368,
  "summary_bg_k": 318.3892274418619,
  "summary_bg_mad": 0.0,
  "summary_bg_mean": 26.180954531144852,
  "summary_bg_median": 0.0,
  "summary_bg_n": 1995273.0,
  "summary_bg_p05": 0.0,
  "summary_bg_p95": 72.4594117552042,
  "summary_bg_stdv": 131.68958033051325,
  "summary_csf_k": 1.255388696418879,
  "summary_csf_mad": 257.0557100862885,
  "summary_csf_mean": 1880.7571131864274,
  "summary_csf_median": 1854.4798825979233,
  "summary_csf_n": 26807.0,
  "summary_csf_p05": 1472.6698950961231,
  "summary_csf_p95": 2394.608172658085,
  "summary_csf_stdv": 285.405981197122,
  "summary_gm_k": 8.397698928334105,
  "summary_gm_mad": 336.40122984702725,
  "summary_gm_mean": 4538.972154187455,
  "summary_gm_median": 4837.041561484337,
  "summary_gm_n": 109060.0,
  "summary_gm_p05": 2617.0525535173715,
  "summary_gm_p95": 5370.615431725979,
  "summary_gm_stdv": 978.1158442876224,
  "summary_wm_k": 0.20699282226025328,
  "summary_wm_mad": 194.64912151042657,
  "summary_wm_mean": 1006.0173347802372,
  "summary_wm_median": 1000.2004554867744,
  "summary_wm_n": 835482.0,
  "summary_wm_p05": 688.820414888114,
  "summary_wm_p95": 1344.6582676619291,
  "summary_wm_stdv": 199.45647584340665,
  "tpm_overlap_csf": 0.11012033909596906,
  "tpm_overlap_gm": 0.1116840682201786,
  "tpm_overlap_wm": 0.46592303519499667,
  "wm2max": 0.17978094826343854
}