{
  "bids_meta": {
    "AcquisitionMatrixPE": 384,
    "AcquisitionNumber": 1,
    "AcquisitionTime": "19:58:56.742500",
    "BaseResolution": 384,
    "BodyPartExamined": "BRAIN",
    "ConsistencyInfo": "N4_VE11C_LATEST_20160120",
    "ConversionSoftware": "dcm2niix",
    "ConversionSoftwareVersion": "v1.0.20190410  GCC6.3.0",
    "DeviceSerialNumber": "45239",
    "DwellTime": 6e-06,
    "EchoTime": 0.082,
    "EchoTrainLength": 18,
    "FlipAngle": 150,
    "ImageOrientationPatientDICOM": [
      0.999995,
      -0.00310514,
      -8.8624e-11,
      0.00158036,
      0.508945,
      -0.860797
    ],
    "ImageType": [
      "ORIGINAL",
      "PRIMARY",
      "M",
      "ND",
      "NORM"
    ],
    "ImagingFrequency": 123.172,
    "InPlanePhaseEncodingDirectionDICOM": "ROW",
    "InstitutionAddress": "E_24th_St._100_Austin_Southmiddle_US_78712",
    "InstitutionName": "The_Univ._of_Texas_at_Austin_IRC",
    "InstitutionalDepartmentName": "IRC",
    "MRAcquisitionType": "2D",
    "MagneticFieldStrength": 3,
    "Manufacturer": "Siemens",
    "ManufacturersModelName": "Skyra",
    "Modality": "MR",
    "PartialFourier": 1,
    "PatientPosition": "HFS",
    "PercentPhaseFOV": 100,
    "PhaseEncodingDirection": "i",
    "PhaseEncodingSteps": 396,
    "PhaseResolution": 1,
    "PixelBandwidth": 215,
    "ProcedureStepDescription": "Preston_fMRI",
    "ProtocolName": "T2_coronal_matrix384",
    "PulseSequenceDetails": "%SiemensSeq%_tse",
    "ReceiveCoilActiveElements": "HEA;HEP",
    "ReceiveCoilName": "Head_32",
    "ReconMatrixPE": 384,
    "RepetitionTime": 13.15,
    "SAR": 0.485349,
    "ScanningSequence": "SE",
    "SequenceName": "_tse2d1_18",
    "SequenceVariant": "SK_SP_OSP",
    "SeriesDescription": "T2_coronal_matrix384",
    "SeriesNumber": 3,
    "ShimSetting": [
      -2751,
      8072,
      -15888,
      -462,
      637,
      -681,
      -484,
      -138
    ],
    "SliceThickness": 1.5,
    "SoftwareVersions": "syngo_MR_E11",
    "SpacingBetweenSlices": 1.5,
    "StationName": "AWP45239",
    "TxRefAmp": 316.428,
    "dataset": "ds004094",
    "modality": "T2w",
    "run_id": 1,
    "subject_id": "124"
  },
  "cjv": 0.13765569301589806,
  "cnr": 3.8199771023282842,
  "efc": 0.6276764919364046,
  "fber": 1171.3555003611984,
  "fwhm_avg": 2.9063052325080307,
  "fwhm_x": 3.224188989754849,
  "fwhm_y": 2.1339861578847192,
  "fwhm_z": 3.360740549884525,
  "icvs_csf": 0.24596498887144178,
  "icvs_gm": 0.16251156996335872,
  "icvs_wm": 0.5915234411651995,
  "inu_med": 0.8258901238441467,
  "inu_range": 0.2624630331993103,
  "provenance": {
    "md5sum": "9f0187070d209ef084c19badeaf8501e",
    "settings": {
      "testing": false
    },
    "software": "mriqc",
    "version": "23.0.0",
    "warnings": {
      "large_rot_frame": true,
      "small_air_mask": false
    },
    "webapi_port": null,
    "webapi_url": "https://mriqc.nimh.nih.gov/api/v1"
  },
  "qi_1": 0.00022322933791573557,
  "qi_2": 0.002857412442467286,
  "rpve_csf": 5.95108273925495,
  "rpve_gm": 12.551818231171229,
  "rpve_wm": 3.444813638723543,
  "size_x": 384,
  "size_y": 60,
  "size_z": 384,
  "snr_csf": 6.688802088094891,
  "snr_gm": 4.904152081873993,
  "snr_total": 5.592008558209422,
  "snr_wm": 5.183071504659381,
  "snrd_csf": 15.070983086171946,
  "snrd_gm": 40.358850190831006,
  "snrd_total": 21.224304833699186,
  "snrd_wm": 8.243081224094608,
  "spacing_x": 0.4322916567325592,
  "spacing_y": 1.5000003576278687,
  "spacing_z": 0.4322916269302368,
  "summary_bg_k": 812.7742228945439,
  "summary_bg_mad": 0.0,
  "summary_bg_mean": 17.021312678793898,
  "summary_bg_median": 0.0,
  "summary_bg_n": 1962255.0,
  "summary_bg_p05": 0.0,
  "summary_bg_p95": 56.069006502628326,
  "summary_bg_stdv": 79.48528479257787,
  "summary_csf_k": 1.275210936005097,
  "summary_csf_mad": 246.4913665265507,
  "summary_csf_mean": 1852.9461513628032,
  "summary_csf_median": 1828.5068311095238,
  "summary_csf_n": 33357.0,
  "summary_csf_p05": 1457.9995500445366,
  "summary_csf_p95": 2344.5265338122845,
  "summary_csf_stdv": 273.3642584545671,
  "summary_gm_k": 7.73085557018684,
  "summary_gm_mad": 348.9550414322756,
  "summary_gm_mean": 4572.634358975683,
  "summary_gm_median": 4896.590544074774,
  "summary_gm_n": 111137.0,
  "summary_gm_p05": 2570.630450510979,
  "summary_gm_p95": 5385.82856748104,
  "summary_gm_stdv": 998.4536435153851,
  "summary_wm_k": 0.30844186896640036,
  "summary_wm_mad": 187.4186980816454,
  "summary_wm_mean": 1005.5804923200129,
  "summary_wm_median": 1000.1026636064053,
  "summary_wm_n": 793518.0,
  "summary_wm_p05": 698.6033905446529,
  "summary_wm_p95": 1330.149892359972,
  "summary_wm_stdv": 192.95547679344878,
  "tpm_overlap_csf": 0.10834279985186875,
  "tpm_overlap_gm": 0.12097803870625878,
  "tpm_overlap_wm": 0.48382983798147106,
  "wm2max": 0.1785487721169365
}