{
  "bids_meta": {
    "AcquisitionMatrixPE": 256,
    "AcquisitionNumber": 1,
    "AcquisitionTime": "17:10:41.087500",
    "BaseResolution": 256,
    "BodyPartExamined": "BRAIN",
    "ConsistencyInfo": "N4_VE11C_LATEST_20160120",
    "ConversionSoftware": "dcm2niix",
    "ConversionSoftwareVersion": "v1.0.20190410  GCC6.3.0",
    "DeviceSerialNumber": "45239",
    "DwellTime": 1.09e-05,
    "EchoTime": 0.00243,
    "FlipAngle": 9,
    "ImageOrientationPatientDICOM": [
      -0.0104717,
      0.999945,
      0,
      0,
      0,
      -1
    ],
    "ImageType": [
      "ORIGINAL",
      "PRIMARY",
      "M",
      "ND",
      "NORM"
    ],
    "ImagingFrequency": 123.172,
    "InPlanePhaseEncodingDirectionDICOM": "ROW",
    "InstitutionAddress": "E_24th_St._100_Austin_Southmiddle_US_78712",
    "InstitutionName": "The_Univ._of_Texas_at_Austin_IRC",
    "InstitutionalDepartmentName": "IRC",
    "InversionTime": 0.9,
    "MRAcquisitionType": "3D",
    "MagneticFieldStrength": 3,
    "Manufacturer": "Siemens",
    "ManufacturersModelName": "Skyra",
    "Modality": "MR",
    "PartialFourier": 1,
    "PatientPosition": "HFS",
    "PercentPhaseFOV": 100,
    "PhaseEncodingSteps": 255,
    "PhaseResolution": 1,
    "PixelBandwidth": 180,
    "ProcedureStepDescription": "Preston_fMRI",
    "ProtocolName": "mprage",
    "PulseSequenceDetails": "%SiemensSeq%_tfl",
    "ReceiveCoilActiveElements": "HEA;HEP",
    "ReceiveCoilName": "Head_32",
    "ReconMatrixPE": 256,
    "RefLinesPE": 48,
    "RepetitionTime": 1.9,
    "SAR": 0.103577,
    "ScanOptions": "IR",
    "ScanningSequence": "GR_IR",
    "SequenceName": "_tfl3d1_16ns",
    "SequenceVariant": "SK_SP_MP",
    "SeriesDescription": "mprage",
    "SeriesNumber": 2,
    "ShimSetting": [
      -2751,
      8072,
      -15888,
      -462,
      637,
      -681,
      -484,
      -138
    ],
    "SliceThickness": 1,
    "SoftwareVersions": "syngo_MR_E11",
    "StationName": "AWP45239",
    "TxRefAmp": 316.518,
    "dataset": "ds004094",
    "modality": "T1w",
    "subject_id": "131"
  },
  "cjv": 0.3179490673153362,
  "cnr": 4.235921688420654,
  "efc": 0.5488200616516523,
  "fber": -1.0,
  "fwhm_avg": 4.1522033333333335,
  "fwhm_x": 4.11663,
  "fwhm_y": 4.19664,
  "fwhm_z": 4.14334,
  "icvs_csf": 0.17445165418662986,
  "icvs_gm": 0.47602527478542916,
  "icvs_wm": 0.34952307102794095,
  "inu_med": 0.3919289708137512,
  "inu_range": 0.11899465918540952,
  "provenance": {
    "md5sum": "726d7a37ae42b4bf7f663ffc4636e45e",
    "settings": {
      "testing": false
    },
    "software": "mriqc",
    "version": "23.0.0",
    "warnings": {
      "large_rot_frame": true,
      "small_air_mask": false
    },
    "webapi_port": null,
    "webapi_url": "https://mriqc.nimh.nih.gov/api/v1"
  },
  "qi_1": 0.005927718699839486,
  "qi_2": 0.02774073069829133,
  "rpve_csf": 34.21790183183823,
  "rpve_gm": 14.173550867002648,
  "rpve_wm": 20.97591280781899,
  "size_x": 192,
  "size_y": 256,
  "size_z": 256,
  "snr_csf": 2.6888128529809516,
  "snr_gm": 17.34396745016759,
  "snr_total": 16.01101634179562,
  "snr_wm": 28.00026872223832,
  "snrd_csf": 57.74316994708465,
  "snrd_gm": 137.81758982569505,
  "snrd_total": 125.62939156185894,
  "snrd_wm": 181.3274149127971,
  "spacing_x": 1.0,
  "spacing_y": 1.0,
  "spacing_z": 1.0,
  "summary_bg_k": 18.52110567240434,
  "summary_bg_mad": 0.0,
  "summary_bg_mean": 1.4511651644870047,
  "summary_bg_median": 0.0,
  "summary_bg_n": 2067265.0,
  "summary_bg_p05": 0.0,
  "summary_bg_p95": 8.44934407621622,
  "summary_bg_stdv": 3.613147810228383,
  "summary_csf_k": 1.2637310875926673,
  "summary_csf_mad": 77.90611072211347,
  "summary_csf_mean": 318.7087430719006,
  "summary_csf_median": 318.4598017297685,
  "summary_csf_n": 25055.0,
  "summary_csf_p05": 83.85772820785643,
  "summary_csf_p95": 519.8479060377925,
  "summary_csf_stdv": 118.43644904432033,
  "summary_gm_k": 0.15159271054400536,
  "summary_gm_mad": 42.89011761807012,
  "summary_gm_mean": 758.7701124746021,
  "summary_gm_median": 760.0788521133363,
  "summary_gm_n": 52653.0,
  "summary_gm_p05": 685.306180536002,
  "summary_gm_p95": 829.0979227244852,
  "summary_gm_stdv": 43.823400640680696,
  "summary_wm_k": 0.558324200179861,
  "summary_wm_mad": 33.405376726174225,
  "summary_wm_mean": 1000.3547131204359,
  "summary_wm_median": 1000.040223877877,
  "summary_wm_n": 177473.0,
  "summary_wm_p05": 941.6592798084021,
  "summary_wm_p95": 1059.225867383182,
  "summary_wm_stdv": 35.7152788907478,
  "tpm_overlap_csf": 0.15903493352584983,
  "tpm_overlap_gm": 0.48975563946728773,
  "tpm_overlap_wm": 0.5199649871024011,
  "wm2max": 0.4409374096930897
}