{
  "bids_meta": {
    "AcquisitionMatrixPE": 384,
    "AcquisitionNumber": 1,
    "AcquisitionTime": "17:19:41.760000",
    "BaseResolution": 384,
    "BodyPartExamined": "BRAIN",
    "ConsistencyInfo": "N4_VE11C_LATEST_20160120",
    "ConversionSoftware": "dcm2niix",
    "ConversionSoftwareVersion": "v1.0.20190410  GCC6.3.0",
    "DeviceSerialNumber": "45239",
    "DwellTime": 6e-06,
    "EchoTime": 0.082,
    "EchoTrainLength": 18,
    "FlipAngle": 150,
    "ImageOrientationPatientDICOM": [
      0.999999,
      -0.00148951,
      2.3863e-11,
      0.000719812,
      0.483255,
      -0.875479
    ],
    "ImageType": [
      "ORIGINAL",
      "PRIMARY",
      "M",
      "ND",
      "NORM"
    ],
    "ImagingFrequency": 123.172,
    "InPlanePhaseEncodingDirectionDICOM": "ROW",
    "InstitutionAddress": "E_24th_St._100_Austin_Southmiddle_US_78712",
    "InstitutionName": "The_Univ._of_Texas_at_Austin_IRC",
    "InstitutionalDepartmentName": "IRC",
    "MRAcquisitionType": "2D",
    "MagneticFieldStrength": 3,
    "Manufacturer": "Siemens",
    "ManufacturersModelName": "Skyra",
    "Modality": "MR",
    "PartialFourier": 1,
    "PatientPosition": "HFS",
    "PercentPhaseFOV": 100,
    "PhaseEncodingDirection": "i",
    "PhaseEncodingSteps": 396,
    "PhaseResolution": 1,
    "PixelBandwidth": 215,
    "ProcedureStepDescription": "Preston_fMRI",
    "ProtocolName": "T2_coronal_matrix384",
    "PulseSequenceDetails": "%SiemensSeq%_tse",
    "ReceiveCoilActiveElements": "HEA;HEP",
    "ReceiveCoilName": "Head_32",
    "ReconMatrixPE": 384,
    "RepetitionTime": 13.15,
    "SAR": 0.575067,
    "ScanningSequence": "SE",
    "SequenceName": "_tse2d1_18",
    "SequenceVariant": "SK_SP_OSP",
    "SeriesDescription": "T2_coronal_matrix384",
    "SeriesNumber": 3,
    "ShimSetting": [
      -2751,
      8072,
      -15888,
      -462,
      637,
      -681,
      -484,
      -138
    ],
    "SliceThickness": 1.5,
    "SoftwareVersions": "syngo_MR_E11",
    "SpacingBetweenSlices": 1.5,
    "StationName": "AWP45239",
    "TxRefAmp": 316.518,
    "dataset": "ds004094",
    "modality": "T2w",
    "run_id": 1,
    "subject_id": "131"
  },
  "cjv": 0.4717842422880069,
  "cnr": 2.5834815271566702,
  "efc": 0.6403392123788216,
  "fber": 1249.123371176573,
  "fwhm_avg": 2.7952965688081224,
  "fwhm_x": 3.0728791067596597,
  "fwhm_y": 2.055580163362834,
  "fwhm_z": 3.2574304363018736,
  "icvs_csf": 0.14144855922263383,
  "icvs_gm": 0.46484587419324214,
  "icvs_wm": 0.39370556658412403,
  "inu_med": 0.9147718548774719,
  "inu_range": 0.3064689874649049,
  "provenance": {
    "md5sum": "c1d07967ad8866d06cfb0604a3f7b6df",
    "settings": {
      "testing": false
    },
    "software": "mriqc",
    "version": "23.0.0",
    "warnings": {
      "large_rot_frame": false,
      "small_air_mask": false
    },
    "webapi_port": null,
    "webapi_url": "https://mriqc.nimh.nih.gov/api/v1"
  },
  "qi_1": 0.005926929742427993,
  "qi_2": 0.0003833787173294981,
  "rpve_csf": 12.539603662468297,
  "rpve_gm": 3.8970752338573025,
  "rpve_wm": 4.703557748301698,
  "size_x": 384,
  "size_y": 60,
  "size_z": 384,
  "snr_csf": 3.2143611278554185,
  "snr_gm": 8.478695353726822,
  "snr_total": 5.576824576830513,
  "snr_wm": 5.037417248909296,
  "snrd_csf": 26.28952801768494,
  "snrd_gm": 9.218641318718053,
  "snrd_total": 13.516815049569574,
  "snrd_wm": 5.042275812305731,
  "spacing_x": 0.4322916567325592,
  "spacing_y": 1.4999998807907104,
  "spacing_z": 0.4322916567325592,
  "summary_bg_k": 353.6834518563356,
  "summary_bg_mad": 0.0,
  "summary_bg_mean": 31.226876875198556,
  "summary_bg_median": 0.0,
  "summary_bg_n": 1946530.0,
  "summary_bg_p05": 0.0,
  "summary_bg_p95": 96.82281911373138,
  "summary_bg_stdv": 129.9287103956639,
  "summary_csf_k": 1.7085624564345245,
  "summary_csf_mad": 1708.1557864778065,
  "summary_csf_mean": 5160.621243826248,
  "summary_csf_median": 5213.821842670441,
  "summary_csf_n": 68671.0,
  "summary_csf_p05": 1253.6525854468346,
  "summary_csf_p95": 6872.85475820303,
  "summary_csf_stdv": 1622.0280400430092,
  "summary_gm_k": 0.5331473073592758,
  "summary_gm_mad": 204.4079337884573,
  "summary_gm_mean": 1838.3067597129186,
  "summary_gm_median": 1828.269926905632,
  "summary_gm_n": 159436.0,
  "summary_gm_p05": 1501.5074068307877,
  "summary_gm_p95": 2205.9368991851807,
  "summary_gm_stdv": 215.63036729922425,
  "summary_wm_k": 0.619641490657656,
  "summary_wm_mad": 186.35677058594428,
  "summary_wm_mean": 1003.1812320153886,
  "summary_wm_median": 999.9999904632568,
  "summary_wm_n": 349178.0,
  "summary_wm_p05": 682.0500862598419,
  "summary_wm_p95": 1332.6762396097183,
  "summary_wm_stdv": 198.5141410996551,
  "tpm_overlap_csf": 0.16672343119845065,
  "tpm_overlap_gm": 0.4431697640773641,
  "tpm_overlap_wm": 0.4572798686802624,
  "wm2max": 0.14555274261603376
}