{
  "bids_meta": {
    "AcquisitionMatrixPE": 384,
    "AcquisitionNumber": 1,
    "AcquisitionTime": "17:24:55.767500",
    "BaseResolution": 384,
    "BodyPartExamined": "BRAIN",
    "ConsistencyInfo": "N4_VE11C_LATEST_20160120",
    "ConversionSoftware": "dcm2niix",
    "ConversionSoftwareVersion": "v1.0.20190410  GCC6.3.0",
    "DeviceSerialNumber": "45239",
    "DwellTime": 6e-06,
    "EchoTime": 0.082,
    "EchoTrainLength": 18,
    "FlipAngle": 150,
    "ImageOrientationPatientDICOM": [
      0.999999,
      -0.00148951,
      2.3863e-11,
      0.000719812,
      0.483255,
      -0.875479
    ],
    "ImageType": [
      "ORIGINAL",
      "PRIMARY",
      "M",
      "ND",
      "NORM"
    ],
    "ImagingFrequency": 123.172,
    "InPlanePhaseEncodingDirectionDICOM": "ROW",
    "InstitutionAddress": "E_24th_St._100_Austin_Southmiddle_US_78712",
    "InstitutionName": "The_Univ._of_Texas_at_Austin_IRC",
    "InstitutionalDepartmentName": "IRC",
    "MRAcquisitionType": "2D",
    "MagneticFieldStrength": 3,
    "Manufacturer": "Siemens",
    "ManufacturersModelName": "Skyra",
    "Modality": "MR",
    "PartialFourier": 1,
    "PatientPosition": "HFS",
    "PercentPhaseFOV": 100,
    "PhaseEncodingDirection": "i",
    "PhaseEncodingSteps": 396,
    "PhaseResolution": 1,
    "PixelBandwidth": 215,
    "ProcedureStepDescription": "Preston_fMRI",
    "ProtocolName": "T2_coronal_matrix384",
    "PulseSequenceDetails": "%SiemensSeq%_tse",
    "ReceiveCoilActiveElements": "HEA;HEP",
    "ReceiveCoilName": "Head_32",
    "ReconMatrixPE": 384,
    "RepetitionTime": 13.15,
    "SAR": 0.575067,
    "ScanningSequence": "SE",
    "SequenceName": "_tse2d1_18",
    "SequenceVariant": "SK_SP_OSP",
    "SeriesDescription": "T2_coronal_matrix384",
    "SeriesNumber": 4,
    "ShimSetting": [
      -2751,
      8072,
      -15888,
      -462,
      637,
      -681,
      -484,
      -138
    ],
    "SliceThickness": 1.5,
    "SoftwareVersions": "syngo_MR_E11",
    "SpacingBetweenSlices": 1.5,
    "StationName": "AWP45239",
    "TxRefAmp": 316.518,
    "dataset": "ds004094",
    "modality": "T2w",
    "run_id": 2,
    "subject_id": "131"
  },
  "cjv": 0.46933357483796356,
  "cnr": 2.7157719603938806,
  "efc": 0.6423625839904854,
  "fber": 1213.1347211768996,
  "fwhm_avg": 2.7747823244779113,
  "fwhm_x": 3.095155733777603,
  "fwhm_y": 2.044026829111324,
  "fwhm_z": 3.185164410544807,
  "icvs_csf": 0.14113217170514,
  "icvs_gm": 0.46375237778934325,
  "icvs_wm": 0.3951154505055168,
  "inu_med": 0.9251228272914886,
  "inu_range": 0.2969095855951309,
  "provenance": {
    "md5sum": "cae0d05948807053548313c37f878c7c",
    "settings": {
      "testing": false
    },
    "software": "mriqc",
    "version": "23.0.0",
    "warnings": {
      "large_rot_frame": false,
      "small_air_mask": false
    },
    "webapi_port": null,
    "webapi_url": "https://mriqc.nimh.nih.gov/api/v1"
  },
  "qi_1": 0.011560748335623152,
  "qi_2": 0.00039123954432505724,
  "rpve_csf": 12.659717742751935,
  "rpve_gm": 3.9139596355553468,
  "rpve_wm": 4.698654836847504,
  "size_x": 384,
  "size_y": 60,
  "size_z": 384,
  "snr_csf": 3.230165727646461,
  "snr_gm": 8.460323467478608,
  "snr_total": 5.6131372290473935,
  "snr_wm": 5.148922492017115,
  "snrd_csf": 40.55701834418768,
  "snrd_gm": 14.263486489984405,
  "snrd_total": 20.88746807999335,
  "snrd_wm": 7.841899405807957,
  "spacing_x": 0.4322916567325592,
  "spacing_y": 1.4999998807907104,
  "spacing_z": 0.4322916567325592,
  "summary_bg_k": 679.0720087846445,
  "summary_bg_mad": 0.0,
  "summary_bg_mean": 23.769538730357226,
  "summary_bg_median": 0.0,
  "summary_bg_n": 1901489.0,
  "summary_bg_p05": 0.0,
  "summary_bg_p95": 78.44690910726786,
  "summary_bg_stdv": 83.54307565315706,
  "summary_csf_k": 1.7834816929196835,
  "summary_csf_mad": 1616.529824169934,
  "summary_csf_mean": 5037.850141931105,
  "summary_csf_median": 5171.836050927639,
  "summary_csf_n": 68890.0,
  "summary_csf_p05": 848.5850063949827,
  "summary_csf_p95": 6685.821777046844,
  "summary_csf_stdv": 1601.0938601733492,
  "summary_gm_k": 0.5479015787704569,
  "summary_gm_mad": 203.24103167252804,
  "summary_gm_mean": 1830.0154182425388,
  "summary_gm_median": 1818.8815808594227,
  "summary_gm_n": 162789.0,
  "summary_gm_p05": 1496.604019202292,
  "summary_gm_p95": 2198.7321554631003,
  "summary_gm_stdv": 214.98894235184588,
  "summary_wm_k": 0.6182474934719813,
  "summary_wm_mad": 181.08759139112945,
  "summary_wm_mean": 1003.7516751320793,
  "summary_wm_median": 999.9999928623438,
  "summary_wm_n": 351570.0,
  "summary_wm_p05": 690.4007195457816,
  "summary_wm_p95": 1328.3393611323074,
  "summary_wm_stdv": 194.2151143700177,
  "tpm_overlap_csf": 0.16672769035929594,
  "tpm_overlap_gm": 0.44508638100567693,
  "tpm_overlap_wm": 0.4593675691996822,
  "wm2max": 0.149503291644807
}