{
  "bids_meta": {
    "AcquisitionMatrixPE": 384,
    "AcquisitionNumber": 1,
    "AcquisitionTime": "19:10:55.720000",
    "BaseResolution": 384,
    "BodyPartExamined": "BRAIN",
    "ConsistencyInfo": "N4_VE11C_LATEST_20160120",
    "ConversionSoftware": "dcm2niix",
    "ConversionSoftwareVersion": "v1.0.20190410  GCC6.3.0",
    "DeviceSerialNumber": "45239",
    "DwellTime": 6e-06,
    "EchoTime": 0.082,
    "EchoTrainLength": 18,
    "FlipAngle": 150,
    "ImageOrientationPatientDICOM": [
      0.999969,
      -0.00786566,
      8.405e-12,
      0.00446347,
      0.567445,
      -0.823399
    ],
    "ImageType": [
      "ORIGINAL",
      "PRIMARY",
      "M",
      "ND",
      "NORM"
    ],
    "ImagingFrequency": 123.172,
    "InPlanePhaseEncodingDirectionDICOM": "ROW",
    "InstitutionAddress": "E_24th_St._100_Austin_Southmiddle_US_78712",
    "InstitutionName": "The_Univ._of_Texas_at_Austin_IRC",
    "InstitutionalDepartmentName": "IRC",
    "MRAcquisitionType": "2D",
    "MagneticFieldStrength": 3,
    "Manufacturer": "Siemens",
    "ManufacturersModelName": "Skyra",
    "Modality": "MR",
    "PartialFourier": 1,
    "PatientPosition": "HFS",
    "PercentPhaseFOV": 100,
    "PhaseEncodingDirection": "i",
    "PhaseEncodingSteps": 396,
    "PhaseResolution": 1,
    "PixelBandwidth": 215,
    "ProcedureStepDescription": "Preston_fMRI",
    "ProtocolName": "T2_coronal_matrix384",
    "PulseSequenceDetails": "%SiemensSeq%_tse",
    "ReceiveCoilActiveElements": "HEA;HEP",
    "ReceiveCoilName": "Head_32",
    "ReconMatrixPE": 384,
    "RepetitionTime": 13.15,
    "SAR": 0.537844,
    "ScanningSequence": "SE",
    "SequenceName": "_tse2d1_18",
    "SequenceVariant": "SK_SP_OSP",
    "SeriesDescription": "T2_coronal_matrix384",
    "SeriesNumber": 4,
    "ShimSetting": [
      -2751,
      8072,
      -15888,
      -462,
      637,
      -681,
      -484,
      -138
    ],
    "SliceThickness": 1.5,
    "SoftwareVersions": "syngo_MR_E11",
    "SpacingBetweenSlices": 1.5,
    "StationName": "AWP45239",
    "TxRefAmp": 332.876,
    "dataset": "ds004094",
    "modality": "T2w",
    "run_id": 2,
    "subject_id": "117"
  },
  "cjv": 0.22289619196113605,
  "cnr": 2.728073236070679,
  "efc": 0.689044703989957,
  "fber": 265.6555037652921,
  "fwhm_avg": 2.655293808961442,
  "fwhm_x": 2.993904647113493,
  "fwhm_y": 1.9656036986358743,
  "fwhm_z": 3.006373081134959,
  "icvs_csf": 0.452440844722312,
  "icvs_gm": 0.14649017700145467,
  "icvs_wm": 0.40106897827623333,
  "inu_med": 0.966410756111145,
  "inu_range": 0.3271212726831436,
  "provenance": {
    "md5sum": "d0b17b72f4264ee1a96cfa5a86f37d96",
    "settings": {
      "testing": false
    },
    "software": "mriqc",
    "version": "23.0.0",
    "warnings": {
      "large_rot_frame": false,
      "small_air_mask": false
    },
    "webapi_port": null,
    "webapi_url": "https://mriqc.nimh.nih.gov/api/v1"
  },
  "qi_1": 0.002378650904848494,
  "qi_2": 0.0008049842660824096,
  "rpve_csf": 4.204905251368927,
  "rpve_gm": 13.344153383225194,
  "rpve_wm": 4.778379005377588,
  "size_x": 384,
  "size_y": 60,
  "size_z": 384,
  "snr_csf": 7.901911116414105,
  "snr_gm": 3.5360567412670965,
  "snr_total": 5.400194115577221,
  "snr_wm": 4.762614489050459,
  "snrd_csf": 5.745037856984588,
  "snrd_gm": 15.09581865823088,
  "snrd_total": 8.00485962970834,
  "snrd_wm": 3.1737223739095484,
  "spacing_x": 0.4322916567325592,
  "spacing_y": 1.5000022649765015,
  "spacing_z": 0.4322916567325592,
  "summary_bg_k": 55.27462054103087,
  "summary_bg_mad": 0.0,
  "summary_bg_mean": 73.09930849087816,
  "summary_bg_median": 0.0,
  "summary_bg_n": 1119764.0,
  "summary_bg_p05": 0.0,
  "summary_bg_p95": 504.783411026001,
  "summary_bg_stdv": 206.44743144440852,
  "summary_csf_k": 0.5205968184637126,
  "summary_csf_mad": 216.58136581465777,
  "summary_csf_mean": 1820.5834486440626,
  "summary_csf_median": 1810.3837752342224,
  "summary_csf_n": 132133.0,
  "summary_csf_p05": 1463.2914340496063,
  "summary_csf_p95": 2210.684759616852,
  "summary_csf_stdv": 229.10621214770404,
  "summary_gm_k": 2.49066574375503,
  "summary_gm_mad": 636.436853849033,
  "summary_gm_mean": 4341.201098625843,
  "summary_gm_median": 4757.013940215111,
  "summary_gm_n": 53164.0,
  "summary_gm_p05": 626.9106836915016,
  "summary_gm_p95": 5938.407057523727,
  "summary_gm_stdv": 1345.2751324482288,
  "summary_wm_k": 0.40326142689023925,
  "summary_wm_mad": 200.963283511614,
  "summary_wm_mean": 1001.91581022511,
  "summary_wm_median": 1000.1075077056885,
  "summary_wm_n": 324365.0,
  "summary_wm_p05": 659.2497146129608,
  "summary_wm_p95": 1348.5972476005554,
  "summary_wm_stdv": 209.9909552546704,
  "tpm_overlap_csf": 0.09555670630290064,
  "tpm_overlap_gm": 0.09213091443292082,
  "tpm_overlap_wm": 0.45863050144616796,
  "wm2max": 0.16561348546609944
}