{
  "bids_meta": {
    "AcquisitionMatrixPE": 256,
    "AcquisitionNumber": 1,
    "AcquisitionTime": "18:58:9.155000",
    "BaseResolution": 256,
    "BodyPartExamined": "BRAIN",
    "ConsistencyInfo": "N4_VE11C_LATEST_20160120",
    "ConversionSoftware": "dcm2niix",
    "ConversionSoftwareVersion": "v1.0.20190410  GCC6.3.0",
    "DeviceSerialNumber": "45239",
    "DwellTime": 1.09e-05,
    "EchoTime": 0.00243,
    "FlipAngle": 9,
    "ImageOrientationPatientDICOM": [
      -0.0366437,
      0.999328,
      0,
      0,
      0,
      -1
    ],
    "ImageType": [
      "ORIGINAL",
      "PRIMARY",
      "M",
      "ND",
      "NORM"
    ],
    "ImagingFrequency": 123.172,
    "InPlanePhaseEncodingDirectionDICOM": "ROW",
    "InstitutionAddress": "E_24th_St._100_Austin_Southmiddle_US_78712",
    "InstitutionName": "The_Univ._of_Texas_at_Austin_IRC",
    "InstitutionalDepartmentName": "IRC",
    "InversionTime": 0.9,
    "MRAcquisitionType": "3D",
    "MagneticFieldStrength": 3,
    "Manufacturer": "Siemens",
    "ManufacturersModelName": "Skyra",
    "Modality": "MR",
    "PartialFourier": 1,
    "PatientPosition": "HFS",
    "PercentPhaseFOV": 100,
    "PhaseEncodingSteps": 255,
    "PhaseResolution": 1,
    "PixelBandwidth": 180,
    "ProcedureStepDescription": "Preston_fMRI",
    "ProtocolName": "mprage",
    "PulseSequenceDetails": "%SiemensSeq%_tfl",
    "ReceiveCoilActiveElements": "HEA;HEP",
    "ReceiveCoilName": "Head_32",
    "ReconMatrixPE": 256,
    "RefLinesPE": 48,
    "RepetitionTime": 1.9,
    "SAR": 0.0968724,
    "ScanOptions": "IR",
    "ScanningSequence": "GR_IR",
    "SequenceName": "_tfl3d1_16ns",
    "SequenceVariant": "SK_SP_MP",
    "SeriesDescription": "mprage",
    "SeriesNumber": 2,
    "ShimSetting": [
      -2751,
      8072,
      -15888,
      -462,
      637,
      -681,
      -484,
      -138
    ],
    "SliceThickness": 1,
    "SoftwareVersions": "syngo_MR_E11",
    "StationName": "AWP45239",
    "TxRefAmp": 332.876,
    "dataset": "ds004094",
    "modality": "T1w",
    "subject_id": "117"
  },
  "cjv": 0.3459202883946758,
  "cnr": 3.9169218653504325,
  "efc": 0.5565538578829493,
  "fber": -1.0,
  "fwhm_avg": 4.39405,
  "fwhm_x": 4.39118,
  "fwhm_y": 4.41534,
  "fwhm_z": 4.37563,
  "icvs_csf": 0.1919390392843325,
  "icvs_gm": 0.4628720463655509,
  "icvs_wm": 0.34518891435011656,
  "inu_med": 0.41713860630989075,
  "inu_range": 0.13164653927087777,
  "provenance": {
    "md5sum": "3847c4668689d9188e34e4c784bbcb01",
    "settings": {
      "testing": false
    },
    "software": "mriqc",
    "version": "23.0.0",
    "warnings": {
      "large_rot_frame": true,
      "small_air_mask": false
    },
    "webapi_port": null,
    "webapi_url": "https://mriqc.nimh.nih.gov/api/v1"
  },
  "qi_1": 0.062195120958253504,
  "qi_2": 0.016648977330056648,
  "rpve_csf": 34.98975443615871,
  "rpve_gm": 15.802226054558767,
  "rpve_wm": 23.01470666683835,
  "size_x": 192,
  "size_y": 256,
  "size_z": 256,
  "snr_csf": 2.3473715604112213,
  "snr_gm": 16.928741929794867,
  "snr_total": 15.200554146434714,
  "snr_wm": 26.325548949098053,
  "snrd_csf": 22.32538626063539,
  "snrd_gm": 51.926616229007365,
  "snrd_total": 47.359147854934804,
  "snrd_wm": 67.82544107516165,
  "spacing_x": 1.0,
  "spacing_y": 1.0,
  "spacing_z": 1.0,
  "summary_bg_k": 241.43144461188186,
  "summary_bg_mad": 0.0,
  "summary_bg_mean": 3.587443258402224,
  "summary_bg_median": 0.0,
  "summary_bg_n": 1824636.0,
  "summary_bg_p05": 0.0,
  "summary_bg_p95": 18.519406899809837,
  "summary_bg_stdv": 9.659617662695364,
  "summary_csf_k": 0.16327289119874822,
  "summary_csf_mad": 119.92838495088421,
  "summary_csf_mean": 318.6373085720492,
  "summary_csf_median": 329.1752609834075,
  "summary_csf_n": 24803.0,
  "summary_csf_p05": 63.239456566423186,
  "summary_csf_p95": 545.12306009233,
  "summary_csf_stdv": 140.22859894560946,
  "summary_gm_k": 0.18347485864808855,
  "summary_gm_mad": 44.38630617399273,
  "summary_gm_mean": 763.5437186228273,
  "summary_gm_median": 765.6287443190813,
  "summary_gm_n": 43268.0,
  "summary_gm_p05": 686.6262019056827,
  "summary_gm_p95": 833.6611769199371,
  "summary_gm_stdv": 45.226036283493926,
  "summary_wm_k": 0.2557701805099417,
  "summary_wm_mad": 36.70406087464784,
  "summary_wm_mean": 1000.406672030213,
  "summary_wm_median": 1000.0479725897312,
  "summary_wm_n": 156724.0,
  "summary_wm_p05": 938.2526459395885,
  "summary_wm_p95": 1063.5225200727582,
  "summary_wm_stdv": 37.987613631282585,
  "tpm_overlap_csf": 0.1362037554363078,
  "tpm_overlap_gm": 0.48620742449146265,
  "tpm_overlap_wm": 0.5125178405467454,
  "wm2max": 0.39782421986830807
}