{
  "bids_meta": {
    "AcquisitionMatrixPE": 384,
    "AcquisitionNumber": 1,
    "AcquisitionTime": "19:04:39.720000",
    "BaseResolution": 384,
    "BodyPartExamined": "BRAIN",
    "ConsistencyInfo": "N4_VE11C_LATEST_20160120",
    "ConversionSoftware": "dcm2niix",
    "ConversionSoftwareVersion": "v1.0.20190410  GCC6.3.0",
    "DeviceSerialNumber": "45239",
    "DwellTime": 6e-06,
    "EchoTime": 0.082,
    "EchoTrainLength": 18,
    "FlipAngle": 150,
    "ImageOrientationPatientDICOM": [
      0.999969,
      -0.00786566,
      8.405e-12,
      0.00446347,
      0.567445,
      -0.823399
    ],
    "ImageType": [
      "ORIGINAL",
      "PRIMARY",
      "M",
      "ND",
      "NORM"
    ],
    "ImagingFrequency": 123.172,
    "InPlanePhaseEncodingDirectionDICOM": "ROW",
    "InstitutionAddress": "E_24th_St._100_Austin_Southmiddle_US_78712",
    "InstitutionName": "The_Univ._of_Texas_at_Austin_IRC",
    "InstitutionalDepartmentName": "IRC",
    "MRAcquisitionType": "2D",
    "MagneticFieldStrength": 3,
    "Manufacturer": "Siemens",
    "ManufacturersModelName": "Skyra",
    "Modality": "MR",
    "PartialFourier": 1,
    "PatientPosition": "HFS",
    "PercentPhaseFOV": 100,
    "PhaseEncodingDirection": "i",
    "PhaseEncodingSteps": 396,
    "PhaseResolution": 1,
    "PixelBandwidth": 215,
    "ProcedureStepDescription": "Preston_fMRI",
    "ProtocolName": "T2_coronal_matrix384",
    "PulseSequenceDetails": "%SiemensSeq%_tse",
    "ReceiveCoilActiveElements": "HEA;HEP",
    "ReceiveCoilName": "Head_32",
    "ReconMatrixPE": 384,
    "RepetitionTime": 13.15,
    "SAR": 0.537844,
    "ScanningSequence": "SE",
    "SequenceName": "_tse2d1_18",
    "SequenceVariant": "SK_SP_OSP",
    "SeriesDescription": "T2_coronal_matrix384",
    "SeriesNumber": 3,
    "ShimSetting": [
      -2751,
      8072,
      -15888,
      -462,
      637,
      -681,
      -484,
      -138
    ],
    "SliceThickness": 1.5,
    "SoftwareVersions": "syngo_MR_E11",
    "SpacingBetweenSlices": 1.5,
    "StationName": "AWP45239",
    "TxRefAmp": 332.876,
    "dataset": "ds004094",
    "modality": "T2w",
    "run_id": 1,
    "subject_id": "117"
  },
  "cjv": 0.216976466243501,
  "cnr": 2.759420933079774,
  "efc": 0.6871100301791515,
  "fber": 268.29554601899196,
  "fwhm_avg": 2.6247383921831697,
  "fwhm_x": 2.938918621753523,
  "fwhm_y": 1.9546237152154773,
  "fwhm_z": 2.9806728395805093,
  "icvs_csf": 0.4526664797738037,
  "icvs_gm": 0.1464176609059282,
  "icvs_wm": 0.40091585932026813,
  "inu_med": 0.9663403034210205,
  "inu_range": 0.31949663162231445,
  "provenance": {
    "md5sum": "5039998e4ee138351fccf3489876b23c",
    "settings": {
      "testing": false
    },
    "software": "mriqc",
    "version": "23.0.0",
    "warnings": {
      "large_rot_frame": false,
      "small_air_mask": false
    },
    "webapi_port": null,
    "webapi_url": "https://mriqc.nimh.nih.gov/api/v1"
  },
  "qi_1": 0.004557906850611588,
  "qi_2": 0.0007277608629887184,
  "rpve_csf": 4.22162063508359,
  "rpve_gm": 13.314924527642823,
  "rpve_wm": 4.8042634681408405,
  "size_x": 384,
  "size_y": 60,
  "size_z": 384,
  "snr_csf": 7.90929187138328,
  "snr_gm": 3.5751851062226954,
  "snr_total": 5.445927492521023,
  "snr_wm": 4.853305499957098,
  "snrd_csf": 5.115477733773704,
  "snrd_gm": 13.61244053903037,
  "snrd_total": 7.186269253873619,
  "snrd_wm": 2.830889488816785,
  "spacing_x": 0.4322916567325592,
  "spacing_y": 1.5000022649765015,
  "spacing_z": 0.4322916567325592,
  "summary_bg_k": 77.6312066909772,
  "summary_bg_mad": 0.0,
  "summary_bg_mean": 72.29617927942225,
  "summary_bg_median": 0.0,
  "summary_bg_n": 1133065.0,
  "summary_bg_p05": 0.0,
  "summary_bg_p95": 481.7423245757818,
  "summary_bg_stdv": 231.42421837496417,
  "summary_csf_k": 0.55261701226036,
  "summary_csf_mad": 215.426323148686,
  "summary_csf_mean": 1815.830108216565,
  "summary_csf_median": 1807.0213106051087,
  "summary_csf_n": 134692.0,
  "summary_csf_p05": 1458.1807062741368,
  "summary_csf_p95": 2203.5973132923245,
  "summary_csf_stdv": 228.46730554412844,
  "summary_gm_k": 2.6431511052255514,
  "summary_gm_mad": 629.0898444819197,
  "summary_gm_mean": 4387.923048255639,
  "summary_gm_median": 4808.538209632039,
  "summary_gm_n": 52251.0,
  "summary_gm_p05": 656.4091323167086,
  "summary_gm_p95": 5947.93573866412,
  "summary_gm_stdv": 1344.9631425247105,
  "summary_wm_k": 0.39313875501654705,
  "summary_wm_mad": 197.2733220183344,
  "summary_wm_mean": 1000.9612167246391,
  "summary_wm_median": 999.9999805465341,
  "summary_wm_n": 330133.0,
  "summary_wm_p05": 663.4088071182373,
  "summary_wm_p95": 1338.6065402179956,
  "summary_wm_stdv": 206.04482161964606,
  "tpm_overlap_csf": 0.09423704185376318,
  "tpm_overlap_gm": 0.08672624239011771,
  "tpm_overlap_wm": 0.46596054837004847,
  "wm2max": 0.16524915396873713
}