{
  "bids_meta": {
    "AcquisitionMatrixPE": 384,
    "AcquisitionNumber": 1,
    "AcquisitionTime": "18:06:44.785000",
    "BaseResolution": 384,
    "BodyPartExamined": "BRAIN",
    "ConsistencyInfo": "N4_VE11A_LATEST_20140830",
    "ConversionSoftware": "dcm2niix",
    "ConversionSoftwareVersion": "v1.0.20190410  GCC6.3.0",
    "DeviceSerialNumber": "45239",
    "DwellTime": 6e-06,
    "EchoTime": 0.082,
    "EchoTrainLength": 18,
    "FlipAngle": 150,
    "ImageOrientationPatientDICOM": [
      0.999969,
      0.00782737,
      -1.29538e-10,
      -0.00452084,
      0.577551,
      -0.816342
    ],
    "ImageType": [
      "ORIGINAL",
      "PRIMARY",
      "M",
      "ND",
      "NORM"
    ],
    "ImagingFrequency": 123.225,
    "InPlanePhaseEncodingDirectionDICOM": "ROW",
    "InstitutionAddress": "E_24th_St._100_Austin_Southmiddle_US_78712",
    "InstitutionName": "The_Univ._of_Texas_at_Austin_IRC",
    "InstitutionalDepartmentName": "IRC",
    "MRAcquisitionType": "2D",
    "MagneticFieldStrength": 3,
    "Manufacturer": "Siemens",
    "ManufacturersModelName": "Skyra",
    "Modality": "MR",
    "PartialFourier": 1,
    "PatientPosition": "HFS",
    "PercentPhaseFOV": 100,
    "PhaseEncodingDirection": "i",
    "PhaseEncodingSteps": 396,
    "PhaseResolution": 1,
    "PixelBandwidth": 215,
    "ProcedureStepDescription": "Preston_fMRI",
    "ProtocolName": "T2_coronal_matrix384",
    "PulseSequenceDetails": "%SiemensSeq%_tse",
    "ReceiveCoilActiveElements": "HEA;HEP",
    "ReceiveCoilName": "Head_32",
    "ReconMatrixPE": 384,
    "RepetitionTime": 13.15,
    "SAR": 0.775323,
    "ScanningSequence": "SE",
    "SequenceName": "_tse2d1_18",
    "SequenceVariant": "SK_SP_OSP",
    "SeriesDescription": "T2_coronal_matrix384",
    "SeriesNumber": 4,
    "ShimSetting": [
      -2851,
      8065,
      -15920,
      -530,
      404,
      -610,
      -324,
      -43
    ],
    "SliceThickness": 1.5,
    "SoftwareVersions": "syngo_MR_E11",
    "SpacingBetweenSlices": 1.5,
    "StationName": "AWP45239",
    "TxRefAmp": 341.097,
    "dataset": "ds004094",
    "modality": "T2w",
    "run_id": 2,
    "subject_id": "102"
  },
  "cjv": 0.20489457948972886,
  "cnr": 2.9302811884810414,
  "efc": 0.6861079838164869,
  "fber": 568.0855570247934,
  "fwhm_avg": 2.786101760768433,
  "fwhm_x": 3.141258867367178,
  "fwhm_y": 2.06269453522187,
  "fwhm_z": 3.1543518797162498,
  "icvs_csf": 0.4375127643121227,
  "icvs_gm": 0.1470392534513752,
  "icvs_wm": 0.4154479822365021,
  "inu_med": 0.9579303860664368,
  "inu_range": 0.39318185448646537,
  "provenance": {
    "md5sum": "36d151c2b4771eab0ae765b83f538e0e",
    "settings": {
      "testing": false
    },
    "software": "mriqc",
    "version": "23.0.0",
    "warnings": {
      "large_rot_frame": false,
      "small_air_mask": false
    },
    "webapi_port": null,
    "webapi_url": "https://mriqc.nimh.nih.gov/api/v1"
  },
  "qi_1": 0.00019137004891111141,
  "qi_2": 0.0032926278815494136,
  "rpve_csf": 3.7656465659785137,
  "rpve_gm": 11.393253716652975,
  "rpve_wm": 4.121800655691486,
  "size_x": 384,
  "size_y": 60,
  "size_z": 384,
  "snr_csf": 8.551114847541768,
  "snr_gm": 3.6975905715410544,
  "snr_total": 5.894497343364357,
  "snr_wm": 5.4347866110102485,
  "snrd_csf": 39.363645251189986,
  "snrd_gm": 108.3893097687463,
  "snrd_total": 56.47770640350385,
  "snrd_wm": 21.680164190575276,
  "spacing_x": 0.4322916567325592,
  "spacing_y": 1.4999942779541016,
  "spacing_z": 0.4322916567325592,
  "summary_bg_k": 315.3272943151124,
  "summary_bg_mad": 0.0,
  "summary_bg_mean": 12.959780286899086,
  "summary_bg_median": 0.0,
  "summary_bg_n": 1274932.0,
  "summary_bg_p05": 0.0,
  "summary_bg_p95": 58.829777866601944,
  "summary_bg_stdv": 30.218240771977438,
  "summary_csf_k": 0.8424131027254389,
  "summary_csf_mad": 193.64986604771738,
  "summary_csf_mean": 1823.0610677657055,
  "summary_csf_median": 1815.6526028215885,
  "summary_csf_n": 152639.0,
  "summary_csf_p05": 1487.5226143598557,
  "summary_csf_p95": 2181.3741821944714,
  "summary_csf_stdv": 212.32864809381923,
  "summary_gm_k": 2.6503006418295305,
  "summary_gm_mad": 652.1119879428012,
  "summary_gm_mean": 4510.731421400423,
  "summary_gm_median": 4999.469209313393,
  "summary_gm_n": 68508.0,
  "summary_gm_p05": 1003.0530221723022,
  "summary_gm_p95": 6053.8390007168055,
  "summary_gm_stdv": 1352.0785019965122,
  "summary_wm_k": 0.9906278919617129,
  "summary_wm_mad": 167.35756716156388,
  "summary_wm_mean": 1000.8746683831525,
  "summary_wm_median": 1000.0000327974558,
  "summary_wm_n": 438723.0,
  "summary_wm_p05": 700.8601695299149,
  "summary_wm_p95": 1299.1398960649967,
  "summary_wm_stdv": 183.999660832978,
  "tpm_overlap_csf": 0.09578306552969391,
  "tpm_overlap_gm": 0.10190851356538345,
  "tpm_overlap_wm": 0.4672078115632255,
  "wm2max": 0.16239286761282312
}