{
  "bids_meta": {
    "AcquisitionMatrixPE": 256,
    "AcquisitionNumber": 1,
    "AcquisitionTime": "17:53:16.167500",
    "BaseResolution": 256,
    "BodyPartExamined": "BRAIN",
    "ConsistencyInfo": "N4_VE11A_LATEST_20140830",
    "ConversionSoftware": "dcm2niix",
    "ConversionSoftwareVersion": "v1.0.20190410  GCC6.3.0",
    "DeviceSerialNumber": "45239",
    "DwellTime": 1.09e-05,
    "EchoTime": 0.00243,
    "FlipAngle": 9,
    "ImageOrientationPatientDICOM": [
      -0.0802525,
      0.996775,
      4.06487e-08,
      0.0364079,
      0.00293132,
      -0.999333
    ],
    "ImageType": [
      "ORIGINAL",
      "PRIMARY",
      "M",
      "ND",
      "NORM"
    ],
    "ImagingFrequency": 123.225,
    "InPlanePhaseEncodingDirectionDICOM": "ROW",
    "InstitutionAddress": "E_24th_St._100_Austin_Southmiddle_US_78712",
    "InstitutionName": "The_Univ._of_Texas_at_Austin_IRC",
    "InstitutionalDepartmentName": "IRC",
    "InversionTime": 0.9,
    "MRAcquisitionType": "3D",
    "MagneticFieldStrength": 3,
    "Manufacturer": "Siemens",
    "ManufacturersModelName": "Skyra",
    "Modality": "MR",
    "PartialFourier": 1,
    "PatientPosition": "HFS",
    "PercentPhaseFOV": 100,
    "PhaseEncodingSteps": 255,
    "PhaseResolution": 1,
    "PixelBandwidth": 180,
    "ProcedureStepDescription": "Preston_fMRI",
    "ProtocolName": "mprage",
    "PulseSequenceDetails": "%SiemensSeq%_tfl",
    "ReceiveCoilActiveElements": "HEA;HEP",
    "ReceiveCoilName": "Head_32",
    "ReconMatrixPE": 256,
    "RefLinesPE": 48,
    "RepetitionTime": 1.9,
    "SAR": 0.139645,
    "ScanOptions": "IR",
    "ScanningSequence": "GR_IR",
    "SequenceName": "_tfl3d1_16ns",
    "SequenceVariant": "SK_SP_MP",
    "SeriesDescription": "mprage",
    "SeriesNumber": 2,
    "ShimSetting": [
      -2851,
      8065,
      -15920,
      -530,
      404,
      -610,
      -324,
      -43
    ],
    "SliceThickness": 1,
    "SoftwareVersions": "syngo_MR_E11",
    "StationName": "AWP45239",
    "TxRefAmp": 341.097,
    "dataset": "ds004094",
    "modality": "T1w",
    "subject_id": "102"
  },
  "cjv": 0.33330641484511025,
  "cnr": 4.038758536411406,
  "efc": 0.5624341078915042,
  "fber": -1.0,
  "fwhm_avg": 4.18864,
  "fwhm_x": 4.33353,
  "fwhm_y": 4.05019,
  "fwhm_z": 4.1822,
  "icvs_csf": 0.19004251592674581,
  "icvs_gm": 0.4731939457167879,
  "icvs_wm": 0.3367635383564663,
  "inu_med": 0.3701099455356598,
  "inu_range": 0.11129410862922667,
  "provenance": {
    "md5sum": "c5d91d48fec8094cb7ed10bad076bfa2",
    "settings": {
      "testing": false
    },
    "software": "mriqc",
    "version": "23.0.0",
    "warnings": {
      "large_rot_frame": true,
      "small_air_mask": false
    },
    "webapi_port": null,
    "webapi_url": "https://mriqc.nimh.nih.gov/api/v1"
  },
  "qi_1": 0.02586844979233178,
  "qi_2": 0.028231845800938238,
  "rpve_csf": 31.16350149771794,
  "rpve_gm": 13.879827143665077,
  "rpve_wm": 21.248902251552135,
  "size_x": 192,
  "size_y": 256,
  "size_z": 256,
  "snr_csf": 2.279310164355379,
  "snr_gm": 16.020584147356235,
  "snr_total": 15.680716011037603,
  "snr_wm": 28.742253721401198,
  "snrd_csf": 70.86550028657018,
  "snrd_gm": 164.99046499254598,
  "snrd_total": 150.8179817335459,
  "snrd_wm": 216.59797992152156,
  "spacing_x": 1.0,
  "spacing_y": 1.0,
  "spacing_z": 1.0,
  "summary_bg_k": 64.55482551801433,
  "summary_bg_mad": 0.0,
  "summary_bg_mean": 0.6524601825968154,
  "summary_bg_median": 0.0,
  "summary_bg_n": 1712553.0,
  "summary_bg_p05": 0.0,
  "summary_bg_p95": 7.38968887552619,
  "summary_bg_stdv": 3.0246654376101927,
  "summary_csf_k": 1.2377854875335332,
  "summary_csf_mad": 134.35311265915914,
  "summary_csf_mean": 321.23892897703706,
  "summary_csf_median": 327.1752713415772,
  "summary_csf_n": 29884.0,
  "summary_csf_p05": 72.31643506512046,
  "summary_csf_p95": 549.502390579879,
  "summary_csf_stdv": 143.53895416451533,
  "summary_gm_k": 0.037803892865636346,
  "summary_gm_mad": 47.43364665647428,
  "summary_gm_mean": 760.9027027114191,
  "summary_gm_median": 761.7359636835754,
  "summary_gm_n": 64709.0,
  "summary_gm_p05": 681.3464003093541,
  "summary_gm_p95": 837.5977408103645,
  "summary_gm_stdv": 47.54696026040925,
  "summary_wm_k": 0.687245736211537,
  "summary_wm_mad": 31.981297144885865,
  "summary_wm_mean": 1001.5552063657425,
  "summary_wm_median": 1000.000036213547,
  "summary_wm_n": 177146.0,
  "summary_wm_p05": 947.076195076108,
  "summary_wm_p95": 1061.5523001998663,
  "summary_wm_stdv": 34.79188595897424,
  "tpm_overlap_csf": 0.14304076965909876,
  "tpm_overlap_gm": 0.4908796831404519,
  "tpm_overlap_wm": 0.5180702757761972,
  "wm2max": 0.42855312294061654
}