{
  "bids_meta": {
    "AcquisitionMatrixPE": 384,
    "AcquisitionNumber": 1,
    "AcquisitionTime": "17:24:59.742500",
    "BaseResolution": 384,
    "BodyPartExamined": "BRAIN",
    "ConsistencyInfo": "N4_VE11C_LATEST_20160120",
    "ConversionSoftware": "dcm2niix",
    "ConversionSoftwareVersion": "v1.0.20190410  GCC6.3.0",
    "DeviceSerialNumber": "45239",
    "DwellTime": 6e-06,
    "EchoTime": 0.082,
    "EchoTrainLength": 18,
    "FlipAngle": 150,
    "ImageOrientationPatientDICOM": [
      0.999974,
      -0.00722955,
      2.2239e-11,
      0.00365749,
      0.505895,
      -0.862587
    ],
    "ImageType": [
      "ORIGINAL",
      "PRIMARY",
      "M",
      "ND",
      "NORM"
    ],
    "ImagingFrequency": 123.172,
    "InPlanePhaseEncodingDirectionDICOM": "ROW",
    "InstitutionAddress": "E_24th_St._100_Austin_Southmiddle_US_78712",
    "InstitutionName": "The_Univ._of_Texas_at_Austin_IRC",
    "InstitutionalDepartmentName": "IRC",
    "MRAcquisitionType": "2D",
    "MagneticFieldStrength": 3,
    "Manufacturer": "Siemens",
    "ManufacturersModelName": "Skyra",
    "Modality": "MR",
    "PartialFourier": 1,
    "PatientPosition": "HFS",
    "PercentPhaseFOV": 100,
    "PhaseEncodingDirection": "i",
    "PhaseEncodingSteps": 396,
    "PhaseResolution": 1,
    "PixelBandwidth": 215,
    "ProcedureStepDescription": "Preston_fMRI",
    "ProtocolName": "T2_coronal_matrix384",
    "PulseSequenceDetails": "%SiemensSeq%_tse",
    "ReceiveCoilActiveElements": "HEA;HEP",
    "ReceiveCoilName": "Head_32",
    "ReconMatrixPE": 384,
    "RepetitionTime": 13.15,
    "SAR": 0.56025,
    "ScanningSequence": "SE",
    "SequenceName": "_tse2d1_18",
    "SequenceVariant": "SK_SP_OSP",
    "SeriesDescription": "T2_coronal_matrix384",
    "SeriesNumber": 4,
    "ShimSetting": [
      -2751,
      8072,
      -15888,
      -462,
      637,
      -681,
      -484,
      -138
    ],
    "SliceThickness": 1.5,
    "SoftwareVersions": "syngo_MR_E11",
    "SpacingBetweenSlices": 1.5,
    "StationName": "AWP45239",
    "TxRefAmp": 338.167,
    "dataset": "ds004094",
    "modality": "T2w",
    "run_id": 2,
    "subject_id": "126"
  },
  "cjv": 0.778032497902516,
  "cnr": 1.858543932744547,
  "efc": 0.6469549899584919,
  "fber": 128.9491033023739,
  "fwhm_avg": 3.0160912105269717,
  "fwhm_x": 3.2849581477778367,
  "fwhm_y": 2.1744419009002773,
  "fwhm_z": 3.5888735829028007,
  "icvs_csf": 0.1867955918553139,
  "icvs_gm": 0.6837858464709218,
  "icvs_wm": 0.12941856167376428,
  "inu_med": 0.83701092004776,
  "inu_range": 0.32643844187259674,
  "provenance": {
    "md5sum": "a3dccab2ba330c97482ef425885149e0",
    "settings": {
      "testing": false
    },
    "software": "mriqc",
    "version": "23.0.0",
    "warnings": {
      "large_rot_frame": false,
      "small_air_mask": false
    },
    "webapi_port": null,
    "webapi_url": "https://mriqc.nimh.nih.gov/api/v1"
  },
  "qi_1": 0.03544994213173054,
  "qi_2": 0.0003678692090261833,
  "rpve_csf": 6.885219663094734,
  "rpve_gm": 2.5107488396725843,
  "rpve_wm": 8.980627177117878,
  "size_x": 384,
  "size_y": 60,
  "size_z": 384,
  "snr_csf": 6.203544272507899,
  "snr_gm": 4.542450916874504,
  "snr_total": 4.39252214079044,
  "snr_wm": 2.4315712329889174,
  "snrd_csf": 66.42545537927376,
  "snrd_gm": 16.257698334119574,
  "snrd_total": 30.037110717032835,
  "snrd_wm": 7.428178437705168,
  "spacing_x": 0.4322916567325592,
  "spacing_y": 1.499998688697815,
  "spacing_z": 0.4322916269302368,
  "summary_bg_k": 1615.6475400089973,
  "summary_bg_mad": 0.0,
  "summary_bg_mean": 41.76373025082476,
  "summary_bg_median": 0.0,
  "summary_bg_n": 1785211.0,
  "summary_bg_p05": 0.0,
  "summary_bg_p95": 162.46851606667042,
  "summary_bg_stdv": 88.23577625974193,
  "summary_csf_k": 3.565109571447178,
  "summary_csf_mad": 819.1924208423883,
  "summary_csf_mean": 8460.183069821749,
  "summary_csf_median": 8946.383713066578,
  "summary_csf_n": 121720.0,
  "summary_csf_p05": 5391.138972309977,
  "summary_csf_p95": 9862.549612554161,
  "summary_csf_stdv": 1442.1347813680431,
  "summary_gm_k": -0.21067590666066183,
  "summary_gm_mad": 506.56021073907374,
  "summary_gm_mean": 2181.2493597508765,
  "summary_gm_median": 2189.6365897357464,
  "summary_gm_n": 519021.0,
  "summary_gm_p05": 1391.3278347104788,
  "summary_gm_p95": 2955.0198315382004,
  "summary_gm_stdv": 482.0381156369668,
  "summary_wm_k": -0.28312038922274807,
  "summary_wm_mad": 418.6657455265804,
  "summary_wm_mean": 970.6572819648953,
  "summary_wm_median": 1000.4498157128692,
  "summary_wm_n": 6962.0,
  "summary_wm_p05": 246.13170540332794,
  "summary_wm_p95": 1607.0259304873643,
  "summary_wm_stdv": 411.41215556941023,
  "tpm_overlap_csf": 0.17888832797632867,
  "tpm_overlap_gm": 0.4582055257988782,
  "tpm_overlap_wm": 0.190454797074389,
  "wm2max": 0.09851301159697495
}