{
  "bids_meta": {
    "AcquisitionMatrixPE": 384,
    "AcquisitionNumber": 1,
    "AcquisitionTime": "17:19:1.722500",
    "BaseResolution": 384,
    "BodyPartExamined": "BRAIN",
    "ConsistencyInfo": "N4_VE11C_LATEST_20160120",
    "ConversionSoftware": "dcm2niix",
    "ConversionSoftwareVersion": "v1.0.20190410  GCC6.3.0",
    "DeviceSerialNumber": "45239",
    "DwellTime": 6e-06,
    "EchoTime": 0.082,
    "EchoTrainLength": 18,
    "FlipAngle": 150,
    "ImageOrientationPatientDICOM": [
      0.999974,
      -0.00722955,
      2.2239e-11,
      0.00365749,
      0.505895,
      -0.862587
    ],
    "ImageType": [
      "ORIGINAL",
      "PRIMARY",
      "M",
      "ND",
      "NORM"
    ],
    "ImagingFrequency": 123.172,
    "InPlanePhaseEncodingDirectionDICOM": "ROW",
    "InstitutionAddress": "E_24th_St._100_Austin_Southmiddle_US_78712",
    "InstitutionName": "The_Univ._of_Texas_at_Austin_IRC",
    "InstitutionalDepartmentName": "IRC",
    "MRAcquisitionType": "2D",
    "MagneticFieldStrength": 3,
    "Manufacturer": "Siemens",
    "ManufacturersModelName": "Skyra",
    "Modality": "MR",
    "PartialFourier": 1,
    "PatientPosition": "HFS",
    "PercentPhaseFOV": 100,
    "PhaseEncodingDirection": "i",
    "PhaseEncodingSteps": 396,
    "PhaseResolution": 1,
    "PixelBandwidth": 215,
    "ProcedureStepDescription": "Preston_fMRI",
    "ProtocolName": "T2_coronal_matrix384",
    "PulseSequenceDetails": "%SiemensSeq%_tse",
    "ReceiveCoilActiveElements": "HEA;HEP",
    "ReceiveCoilName": "Head_32",
    "ReconMatrixPE": 384,
    "RepetitionTime": 13.15,
    "SAR": 0.56025,
    "ScanningSequence": "SE",
    "SequenceName": "_tse2d1_18",
    "SequenceVariant": "SK_SP_OSP",
    "SeriesDescription": "T2_coronal_matrix384",
    "SeriesNumber": 3,
    "ShimSetting": [
      -2751,
      8072,
      -15888,
      -462,
      637,
      -681,
      -484,
      -138
    ],
    "SliceThickness": 1.5,
    "SoftwareVersions": "syngo_MR_E11",
    "SpacingBetweenSlices": 1.5,
    "StationName": "AWP45239",
    "TxRefAmp": 338.167,
    "dataset": "ds004094",
    "modality": "T2w",
    "run_id": 1,
    "subject_id": "126"
  },
  "cjv": 0.6728896898243021,
  "cnr": 2.151904250167314,
  "efc": 0.6455566450425335,
  "fber": 285.29764847115314,
  "fwhm_avg": 2.9725630362439532,
  "fwhm_x": 3.2648097135798837,
  "fwhm_y": 2.156235218317302,
  "fwhm_z": 3.4966441768346743,
  "icvs_csf": 0.19625938022144945,
  "icvs_gm": 0.7136405986339208,
  "icvs_wm": 0.09010002114462977,
  "inu_med": 0.8368550837039948,
  "inu_range": 0.3143251478672028,
  "provenance": {
    "md5sum": "1a4932533573a8ef2a5f5d69ebd4d6f8",
    "settings": {
      "testing": false
    },
    "software": "mriqc",
    "version": "23.0.0",
    "warnings": {
      "large_rot_frame": false,
      "small_air_mask": false
    },
    "webapi_port": null,
    "webapi_url": "https://mriqc.nimh.nih.gov/api/v1"
  },
  "qi_1": 0.029885775655465158,
  "qi_2": 0.00042141868908065604,
  "rpve_csf": 6.794595948925261,
  "rpve_gm": 2.5688678699060907,
  "rpve_wm": 12.749643420163652,
  "size_x": 384,
  "size_y": 60,
  "size_z": 384,
  "snr_csf": 5.566105787763877,
  "snr_gm": 4.070234833479077,
  "snr_total": 3.7320634161143516,
  "snr_wm": 1.5598496271001,
  "snrd_csf": 32.005667331152274,
  "snrd_gm": 7.261299862173107,
  "snrd_total": 13.816621601905615,
  "snrd_wm": 2.1828976123914594,
  "spacing_x": 0.4322916567325592,
  "spacing_y": 1.499998688697815,
  "spacing_z": 0.4322916269302368,
  "summary_bg_k": 623.3858843740109,
  "summary_bg_mad": 0.0,
  "summary_bg_mean": 79.45605141345482,
  "summary_bg_median": 0.0,
  "summary_bg_n": 1787098.0,
  "summary_bg_p05": 0.0,
  "summary_bg_p95": 267.03162437677383,
  "summary_bg_stdv": 300.57875169660366,
  "summary_csf_k": 2.5790568567084096,
  "summary_csf_mad": 1567.373844195292,
  "summary_csf_mean": 13745.127249886093,
  "summary_csf_median": 14684.306250751019,
  "summary_csf_n": 131802.0,
  "summary_csf_p05": 8063.883644996584,
  "summary_csf_p95": 16299.877991855145,
  "summary_csf_stdv": 2638.155131186168,
  "summary_gm_k": -0.3114645222216348,
  "summary_gm_mad": 881.9859721651297,
  "summary_gm_mean": 3368.8166201722925,
  "summary_gm_median": 3331.5084435343742,
  "summary_gm_n": 768855.0,
  "summary_gm_p05": 2098.2359642088413,
  "summary_gm_p95": 4731.143449664116,
  "summary_gm_stdv": 818.5046841995568,
  "summary_wm_k": 1.6202803047924483,
  "summary_wm_mad": 685.8387851038663,
  "summary_wm_mean": 1081.4939843195664,
  "summary_wm_median": 1001.5206595361233,
  "summary_wm_n": 2285.0,
  "summary_wm_p05": 208.394156062603,
  "summary_wm_p95": 2224.3308519840216,
  "summary_wm_stdv": 641.9218026074957,
  "tpm_overlap_csf": 0.17105936602121388,
  "tpm_overlap_gm": 0.44651768444309053,
  "tpm_overlap_wm": 0.12673602172501003,
  "wm2max": 0.05965795862168919
}