{
  "bids_meta": {
    "AcquisitionMatrixPE": 384,
    "AcquisitionNumber": 1,
    "AcquisitionTime": "19:11:54.732500",
    "BaseResolution": 384,
    "BodyPartExamined": "BRAIN",
    "ConsistencyInfo": "N4_VE11A_LATEST_20140830",
    "ConversionSoftware": "dcm2niix",
    "ConversionSoftwareVersion": "v1.0.20190410  GCC6.3.0",
    "DeviceSerialNumber": "45239",
    "DwellTime": 6e-06,
    "EchoTime": 0.082,
    "EchoTrainLength": 18,
    "FlipAngle": 150,
    "ImageOrientationPatientDICOM": [
      1,
      -0.000513519,
      -1.2349e-11,
      0.000212134,
      0.413099,
      -0.910686
    ],
    "ImageType": [
      "ORIGINAL",
      "PRIMARY",
      "M",
      "ND",
      "NORM"
    ],
    "ImagingFrequency": 123.225,
    "InPlanePhaseEncodingDirectionDICOM": "ROW",
    "InstitutionAddress": "E_24th_St._100_Austin_Southmiddle_US_78712",
    "InstitutionName": "The_Univ._of_Texas_at_Austin_IRC",
    "InstitutionalDepartmentName": "IRC",
    "MRAcquisitionType": "2D",
    "MagneticFieldStrength": 3,
    "Manufacturer": "Siemens",
    "ManufacturersModelName": "Skyra",
    "Modality": "MR",
    "PartialFourier": 1,
    "PatientPosition": "HFS",
    "PercentPhaseFOV": 100,
    "PhaseEncodingDirection": "i",
    "PhaseEncodingSteps": 396,
    "PhaseResolution": 1,
    "PixelBandwidth": 215,
    "ProcedureStepDescription": "Preston_fMRI",
    "ProtocolName": "T2_coronal_matrix384",
    "PulseSequenceDetails": "%SiemensSeq%_tse",
    "ReceiveCoilActiveElements": "HEA;HEP",
    "ReceiveCoilName": "Head_32",
    "ReconMatrixPE": 384,
    "RepetitionTime": 13.15,
    "SAR": 0.594685,
    "ScanningSequence": "SE",
    "SequenceName": "_tse2d1_18",
    "SequenceVariant": "SK_SP_OSP",
    "SeriesDescription": "T2_coronal_matrix384",
    "SeriesNumber": 4,
    "ShimSetting": [
      -2849,
      8055,
      -15936,
      -670,
      286,
      -583,
      -301,
      11
    ],
    "SliceThickness": 1.5,
    "SoftwareVersions": "syngo_MR_E11",
    "SpacingBetweenSlices": 1.5,
    "StationName": "AWP45239",
    "TxRefAmp": 373.04,
    "dataset": "ds004094",
    "modality": "T2w",
    "run_id": 2,
    "subject_id": "108"
  },
  "cjv": 0.5098666049105395,
  "cnr": 2.419650530817331,
  "efc": 0.7062320500892542,
  "fber": 360.37320959818754,
  "fwhm_avg": 2.900064205026723,
  "fwhm_x": 3.1425774216143467,
  "fwhm_y": 2.167172472176364,
  "fwhm_z": 3.3904427212894594,
  "icvs_csf": 0.12825964633703227,
  "icvs_gm": 0.47056443174822066,
  "icvs_wm": 0.40117592191474705,
  "inu_med": 0.9906762540340424,
  "inu_range": 0.5865139752626417,
  "provenance": {
    "md5sum": "28b62676e1f28129a3f874ca116c95ce",
    "settings": {
      "testing": false
    },
    "software": "mriqc",
    "version": "23.0.0",
    "warnings": {
      "large_rot_frame": false,
      "small_air_mask": false
    },
    "webapi_port": null,
    "webapi_url": "https://mriqc.nimh.nih.gov/api/v1"
  },
  "qi_1": 0.021559136645173258,
  "qi_2": 0.000241218171813505,
  "rpve_csf": 10.625178377483282,
  "rpve_gm": 2.9313420606431344,
  "rpve_wm": 3.4926098118347726,
  "size_x": 384,
  "size_y": 60,
  "size_z": 384,
  "snr_csf": 3.9981629109462253,
  "snr_gm": 7.9302303219305506,
  "snr_total": 5.498997263903852,
  "snr_wm": 4.56859855883478,
  "snrd_csf": 27.530294561987525,
  "snrd_gm": 10.580451254583075,
  "snrd_total": 14.649479491743383,
  "snrd_wm": 5.837692658659546,
  "spacing_x": 0.4322916567325592,
  "spacing_y": 1.5000005960464478,
  "spacing_z": 0.4322916269302368,
  "summary_bg_k": 310.96671703090664,
  "summary_bg_mad": 0.0,
  "summary_bg_mean": 27.971169363108952,
  "summary_bg_median": 0.0,
  "summary_bg_n": 1262523.0,
  "summary_bg_p05": 0.0,
  "summary_bg_p95": 91.84570835530758,
  "summary_bg_stdv": 112.23932909231772,
  "summary_csf_k": 2.0233711721900782,
  "summary_csf_mad": 797.0919500563688,
  "summary_csf_mean": 4757.033184724643,
  "summary_csf_median": 4716.547258481383,
  "summary_csf_n": 88017.0,
  "summary_csf_p05": 2747.1290092527865,
  "summary_csf_p95": 6643.799406856298,
  "summary_csf_stdv": 1179.6719068411026,
  "summary_gm_k": 0.6422431638972057,
  "summary_gm_mad": 211.2414749623562,
  "summary_gm_mean": 1818.837213288975,
  "summary_gm_median": 1812.6648897975683,
  "summary_gm_n": 150052.0,
  "summary_gm_p05": 1454.830994591117,
  "summary_gm_p95": 2203.920068755746,
  "summary_gm_stdv": 228.57581382627959,
  "summary_wm_k": 0.7551554436142287,
  "summary_wm_mad": 203.04515670984856,
  "summary_wm_mean": 1001.4671694158224,
  "summary_wm_median": 1000.1256340742111,
  "summary_wm_n": 423968.0,
  "summary_wm_p05": 645.3071930408478,
  "summary_wm_p95": 1360.472407758236,
  "summary_wm_stdv": 218.91274571652082,
  "tpm_overlap_csf": 0.14709060759322573,
  "tpm_overlap_gm": 0.4299079859536626,
  "tpm_overlap_wm": 0.4309841797845334,
  "wm2max": 0.14792514541636467
}