{
  "bids_meta": {
    "AcquisitionMatrixPE": 384,
    "AcquisitionNumber": 1,
    "AcquisitionTime": "17:16:59.770000",
    "BaseResolution": 384,
    "BodyPartExamined": "BRAIN",
    "ConsistencyInfo": "N4_VE11C_LATEST_20160120",
    "ConversionSoftware": "dcm2niix",
    "ConversionSoftwareVersion": "v1.0.20190410  GCC6.3.0",
    "DeviceSerialNumber": "45239",
    "DwellTime": 6e-06,
    "EchoTime": 0.082,
    "EchoTrainLength": 18,
    "FlipAngle": 150,
    "ImageOrientationPatientDICOM": [
      0.999996,
      -0.00287498,
      -6.1284e-11,
      0.00153606,
      0.534284,
      -0.845303
    ],
    "ImageType": [
      "ORIGINAL",
      "PRIMARY",
      "M",
      "ND",
      "NORM"
    ],
    "ImagingFrequency": 123.172,
    "InPlanePhaseEncodingDirectionDICOM": "ROW",
    "InstitutionAddress": "E_24th_St._100_Austin_Southmiddle_US_78712",
    "InstitutionName": "The_Univ._of_Texas_at_Austin_IRC",
    "InstitutionalDepartmentName": "IRC",
    "MRAcquisitionType": "2D",
    "MagneticFieldStrength": 3,
    "Manufacturer": "Siemens",
    "ManufacturersModelName": "Skyra",
    "Modality": "MR",
    "PartialFourier": 1,
    "PatientPosition": "HFS",
    "PercentPhaseFOV": 100,
    "PhaseEncodingDirection": "i",
    "PhaseEncodingSteps": 396,
    "PhaseResolution": 1,
    "PixelBandwidth": 215,
    "ProcedureStepDescription": "Preston_fMRI",
    "ProtocolName": "T2_coronal_matrix384",
    "PulseSequenceDetails": "%SiemensSeq%_tse",
    "ReceiveCoilActiveElements": "HEA;HEP",
    "ReceiveCoilName": "Head_32",
    "ReconMatrixPE": 384,
    "RepetitionTime": 13.15,
    "SAR": 0.720415,
    "ScanningSequence": "SE",
    "SequenceName": "_tse2d1_18",
    "SequenceVariant": "SK_SP_OSP",
    "SeriesDescription": "T2_coronal_matrix384",
    "SeriesNumber": 4,
    "ShimSetting": [
      -2751,
      8072,
      -15888,
      -462,
      637,
      -681,
      -484,
      -138
    ],
    "SliceThickness": 1.5,
    "SoftwareVersions": "syngo_MR_E11",
    "SpacingBetweenSlices": 1.5,
    "StationName": "AWP45239",
    "TxRefAmp": 320.903,
    "dataset": "ds004094",
    "modality": "T2w",
    "run_id": 2,
    "subject_id": "116"
  },
  "cjv": 0.7621722056123608,
  "cnr": 1.278258916657971,
  "efc": 0.6741939577271026,
  "fber": 1254.7506648746032,
  "fwhm_avg": 2.884643494255497,
  "fwhm_x": 3.3078824856540376,
  "fwhm_y": 2.086142155291877,
  "fwhm_z": 3.2599058418205757,
  "icvs_csf": 0.1822370696366351,
  "icvs_gm": 0.28162639413039675,
  "icvs_wm": 0.5361365362329682,
  "inu_med": 0.8983458280563354,
  "inu_range": 0.4008437275886536,
  "provenance": {
    "md5sum": "30bf6cdf1cb565da579ccc096f00f03a",
    "settings": {
      "testing": false
    },
    "software": "mriqc",
    "version": "23.0.0",
    "warnings": {
      "large_rot_frame": false,
      "small_air_mask": false
    },
    "webapi_port": null,
    "webapi_url": "https://mriqc.nimh.nih.gov/api/v1"
  },
  "qi_1": 0.0,
  "qi_2": 0.0020582675243911233,
  "rpve_csf": 10.000951802326044,
  "rpve_gm": 4.938909824963624,
  "rpve_wm": 3.1784826647834623,
  "size_x": 384,
  "size_y": 60,
  "size_z": 384,
  "snr_csf": 3.799665057138072,
  "snr_gm": 4.214450589680172,
  "snr_total": 4.743015232823153,
  "snr_wm": 6.214930051651215,
  "snrd_csf": 48.54205886056065,
  "snrd_gm": 18.59769483088054,
  "snrd_total": 26.498150328763135,
  "snrd_wm": 12.354697294848219,
  "spacing_x": 0.4322916567325592,
  "spacing_y": 1.4999984502792358,
  "spacing_z": 0.4322916269302368,
  "summary_bg_k": 598.0969380225265,
  "summary_bg_mad": 0.0,
  "summary_bg_mean": 15.68610706367506,
  "summary_bg_median": 0.0,
  "summary_bg_n": 1178212.0,
  "summary_bg_p05": 0.0,
  "summary_bg_p95": 58.63694608211517,
  "summary_bg_stdv": 53.040948647228646,
  "summary_csf_k": 3.344398099619325,
  "summary_csf_mad": 439.5060687580053,
  "summary_csf_mean": 3608.1481916520734,
  "summary_csf_median": 3930.0470119714737,
  "summary_csf_n": 133993.0,
  "summary_csf_p05": 859.4427474439145,
  "summary_csf_p95": 4763.22315081954,
  "summary_csf_stdv": 1034.310205695768,
  "summary_gm_k": 0.43233481334084534,
  "summary_gm_mad": 221.78660786082108,
  "summary_gm_mean": 1425.5098412648958,
  "summary_gm_median": 1505.7007616758347,
  "summary_gm_n": 24005.0,
  "summary_gm_p05": 660.6429258584976,
  "summary_gm_p95": 1867.6381686329842,
  "summary_gm_stdv": 357.2635073250199,
  "summary_wm_k": -0.04912293128376799,
  "summary_wm_mad": 163.44846860115524,
  "summary_wm_mean": 1009.5921190779075,
  "summary_wm_median": 1000.2571445703506,
  "summary_wm_n": 605728.0,
  "summary_wm_p05": 762.1945725381374,
  "summary_wm_p95": 1286.0693934559822,
  "summary_wm_stdv": 160.94409922425228,
  "tpm_overlap_csf": 0.1570303501985929,
  "tpm_overlap_gm": 0.3038591397655732,
  "tpm_overlap_wm": 0.42520921239045917,
  "wm2max": 0.19724786151401427
}