{
  "bids_meta": {
    "AcquisitionMatrixPE": 384,
    "AcquisitionNumber": 1,
    "AcquisitionTime": "13:18:4.705000",
    "BaseResolution": 384,
    "BodyPartExamined": "BRAIN",
    "ConsistencyInfo": "N4_VE11C_LATEST_20160120",
    "ConversionSoftware": "dcm2niix",
    "ConversionSoftwareVersion": "v1.0.20190410  GCC6.3.0",
    "DeviceSerialNumber": "45239",
    "DwellTime": 6e-06,
    "EchoTime": 0.082,
    "EchoTrainLength": 18,
    "FlipAngle": 150,
    "ImageOrientationPatientDICOM": [
      1,
      0.000259969,
      -8.64e-13,
      -0.000128015,
      0.492423,
      -0.870356
    ],
    "ImageType": [
      "ORIGINAL",
      "PRIMARY",
      "M",
      "ND",
      "NORM"
    ],
    "ImagingFrequency": 123.172,
    "InPlanePhaseEncodingDirectionDICOM": "ROW",
    "InstitutionAddress": "E_24th_St._100_Austin_Southmiddle_US_78712",
    "InstitutionName": "The_Univ._of_Texas_at_Austin_IRC",
    "InstitutionalDepartmentName": "IRC",
    "MRAcquisitionType": "2D",
    "MagneticFieldStrength": 3,
    "Manufacturer": "Siemens",
    "ManufacturersModelName": "Skyra",
    "Modality": "MR",
    "PartialFourier": 1,
    "PatientPosition": "HFS",
    "PercentPhaseFOV": 100,
    "PhaseEncodingDirection": "i",
    "PhaseEncodingSteps": 396,
    "PhaseResolution": 1,
    "PixelBandwidth": 215,
    "ProcedureStepDescription": "Preston_fMRI",
    "ProtocolName": "T2_coronal_matrix384",
    "PulseSequenceDetails": "%SiemensSeq%_tse",
    "ReceiveCoilActiveElements": "HEA;HEP",
    "ReceiveCoilName": "Head_32",
    "ReconMatrixPE": 384,
    "RepetitionTime": 13.15,
    "SAR": 0.538759,
    "ScanningSequence": "SE",
    "SequenceName": "_tse2d1_18",
    "SequenceVariant": "SK_SP_OSP",
    "SeriesDescription": "T2_coronal_matrix384",
    "SeriesNumber": 4,
    "ShimSetting": [
      -2751,
      8072,
      -15888,
      -462,
      637,
      -681,
      -484,
      -138
    ],
    "SliceThickness": 1.5,
    "SoftwareVersions": "syngo_MR_E11",
    "SpacingBetweenSlices": 1.5,
    "StationName": "AWP45239",
    "TxRefAmp": 362.878,
    "dataset": "ds004094",
    "modality": "T2w",
    "run_id": 2,
    "subject_id": "111"
  },
  "cjv": 0.5189306132741042,
  "cnr": 2.1562888652373555,
  "efc": 0.725928930526256,
  "fber": 91.54423031557613,
  "fwhm_avg": 2.832154913160087,
  "fwhm_x": 3.132167998753559,
  "fwhm_y": 2.066014482677887,
  "fwhm_z": 3.2982822580488156,
  "icvs_csf": 0.14947428033961832,
  "icvs_gm": 0.47648317952089997,
  "icvs_wm": 0.37404254013948174,
  "inu_med": 0.9575139880180359,
  "inu_range": 0.3511473834514618,
  "provenance": {
    "md5sum": "865848d93c5c1d9722dd9241568780c1",
    "settings": {
      "testing": false
    },
    "software": "mriqc",
    "version": "23.0.0",
    "warnings": {
      "large_rot_frame": false,
      "small_air_mask": false
    },
    "webapi_port": null,
    "webapi_url": "https://mriqc.nimh.nih.gov/api/v1"
  },
  "qi_1": 0.02447184960979488,
  "qi_2": 0.0002508347638642714,
  "rpve_csf": 9.482258646708097,
  "rpve_gm": 2.9599626891682878,
  "rpve_wm": 3.6956390867395323,
  "size_x": 384,
  "size_y": 60,
  "size_z": 384,
  "snr_csf": 4.3250973086706175,
  "snr_gm": 7.725712792522447,
  "snr_total": 5.498700313730013,
  "snr_wm": 4.445290839996976,
  "snrd_csf": 16.41061676607892,
  "snrd_gm": 6.119219274456693,
  "snrd_total": 8.632029356340976,
  "snrd_wm": 3.3662520284873128,
  "spacing_x": 0.4322916269302368,
  "spacing_y": 1.4999991655349731,
  "spacing_z": 0.4322916865348816,
  "summary_bg_k": 238.60938835283346,
  "summary_bg_mad": 0.0,
  "summary_bg_mean": 32.38484658210089,
  "summary_bg_median": 0.0,
  "summary_bg_n": 993901.0,
  "summary_bg_p05": 0.0,
  "summary_bg_p95": 79.87744957208633,
  "summary_bg_stdv": 194.61894264050432,
  "summary_csf_k": 3.719561686933214,
  "summary_csf_mad": 700.5007639326249,
  "summary_csf_mean": 4547.481372376221,
  "summary_csf_median": 4875.041110664606,
  "summary_csf_n": 95204.0,
  "summary_csf_p05": 2383.7728796750307,
  "summary_csf_p95": 5806.1057934165,
  "summary_csf_stdv": 1127.145855815214,
  "summary_gm_k": 0.6565665217318561,
  "summary_gm_mad": 218.5211970859763,
  "summary_gm_mean": 1821.493112150132,
  "summary_gm_median": 1817.8137941658497,
  "summary_gm_n": 173634.0,
  "summary_gm_p05": 1440.8578848838806,
  "summary_gm_p95": 2211.1828780174255,
  "summary_gm_stdv": 235.29331316899788,
  "summary_wm_k": 1.2522666861254779,
  "summary_wm_mad": 205.86740839057455,
  "summary_wm_mean": 1002.2129373420953,
  "summary_wm_median": 1000.0000159442425,
  "summary_wm_n": 370457.0,
  "summary_wm_p05": 641.7551256716251,
  "summary_wm_p95": 1368.968180269003,
  "summary_wm_stdv": 224.95685934909076,
  "tpm_overlap_csf": 0.1432849734890193,
  "tpm_overlap_gm": 0.42348252298339795,
  "tpm_overlap_wm": 0.4001721938701394,
  "wm2max": 0.16749138626200424
}