{
  "aor": 0.0004125925925925926,
  "aqi": 0.005780364444444445,
  "bids_meta": {
    "AcquisitionMatrixPE": 128,
    "AcquisitionNumber": 1,
    "AcquisitionTime": "21:24:35.247500",
    "BandwidthPerPixelPhaseEncode": 20.292,
    "BaseResolution": 128,
    "BodyPartExamined": "BRAIN",
    "CogAtlasID": "http://www.cognitiveatlas.org/task/id/TODO",
    "ConsistencyInfo": "N4_VE11C_LATEST_20160120",
    "ConversionSoftware": "dcm2niix",
    "ConversionSoftwareVersion": "v1.0.20190410  GCC6.3.0",
    "DerivedVendorReportedEchoSpacing": 0.000770008,
    "DeviceSerialNumber": "45239",
    "DwellTime": 2.6e-06,
    "EchoTime": 0.03,
    "EchoTrainLength": 55,
    "EffectiveEchoSpacing": 0.000385004,
    "FlipAngle": 73,
    "ImageComments": "Unaliased_MB3_PE4_LB_SENSE1",
    "ImageOrientationPatientDICOM": [
      1,
      0,
      0,
      0,
      0.986572,
      0.163326
    ],
    "ImageType": [
      "ORIGINAL",
      "PRIMARY",
      "M",
      "MB",
      "ND",
      "MOSAIC"
    ],
    "ImagingFrequency": 123.172,
    "InPlanePhaseEncodingDirectionDICOM": "COL",
    "InstitutionAddress": "E_24th_St._100_Austin_Southmiddle_US_78712",
    "InstitutionName": "The_Univ._of_Texas_at_Austin_IRC",
    "InstitutionalDepartmentName": "IRC",
    "MRAcquisitionType": "2D",
    "MagneticFieldStrength": 3,
    "Manufacturer": "Siemens",
    "ManufacturersModelName": "Skyra",
    "Modality": "MR",
    "MultibandAccelerationFactor": 3,
    "ParallelReductionFactorInPlane": 2,
    "PartialFourier": 0.875,
    "PatientPosition": "HFS",
    "PercentPhaseFOV": 100,
    "PhaseEncodingDirection": "j-",
    "PhaseEncodingSteps": 111,
    "PhaseResolution": 1,
    "PixelBandwidth": 1500,
    "ProcedureStepDescription": "Preston_fMRI",
    "ProtocolName": "functional_run",
    "PulseSequenceDetails": "%CustomerSeq%_cmrr_mbep2d_bold",
    "ReceiveCoilActiveElements": "HEA;HEP",
    "ReceiveCoilName": "Head_32",
    "ReconMatrixPE": 128,
    "RefLinesPE": 92,
    "RepetitionTime": 2,
    "SAR": 0.121884,
    "ScanOptions": "PFP_FS",
    "ScanningSequence": "EP",
    "SequenceName": "epfid2d1_128",
    "SequenceVariant": "SK_SS",
    "SeriesDescription": "functional_run",
    "SeriesNumber": 21,
    "ShimSetting": [
      -2747,
      7953,
      -15370,
      -61,
      935,
      -896,
      103,
      -205
    ],
    "SliceThickness": 1.7,
    "SliceTiming": [
      0,
      1.03,
      0.08,
      1.11,
      0.16,
      1.1875,
      0.2375,
      1.2675,
      0.3175,
      1.3475,
      0.3975,
      1.425,
      0.475,
      1.505,
      0.555,
      1.585,
      0.635,
      1.6625,
      0.7125,
      1.7425,
      0.7925,
      1.8225,
      0.8725,
      1.9,
      0.95,
      0,
      1.03,
      0.08,
      1.11,
      0.16,
      1.1875,
      0.2375,
      1.2675,
      0.3175,
      1.3475,
      0.3975,
      1.425,
      0.475,
      1.505,
      0.555,
      1.585,
      0.635,
      1.6625,
      0.7125,
      1.7425,
      0.7925,
      1.8225,
      0.8725,
      1.9,
      0.95,
      0,
      1.03,
      0.08,
      1.11,
      0.16,
      1.1875,
      0.2375,
      1.2675,
      0.3175,
      1.3475,
      0.3975,
      1.425,
      0.475,
      1.505,
      0.555,
      1.585,
      0.635,
      1.6625,
      0.7125,
      1.7425,
      0.7925,
      1.8225,
      0.8725,
      1.9,
      0.95
    ],
    "SoftwareVersions": "syngo_MR_E11",
    "SpacingBetweenSlices": 1.7,
    "StationName": "AWP45239",
    "TaskName": "struct",
    "TotalReadoutTime": 0.0488955,
    "TxRefAmp": 323.58,
    "WipMemBlock": "9c55c4cc-496c-4f03-99ae-219fa258cf26||Sequence: R016 ve11c/master r/e634e98; Dec 19 2017 11:00:25 by eja",
    "dataset": "ds004094",
    "modality": "bold",
    "run_id": 6,
    "subject_id": "124",
    "task_id": "struct"
  },
  "dummy_trs": 1,
  "dvars_nstd": 41.77670081902022,
  "dvars_std": 1.0337412302702702,
  "dvars_vstd": 0.9952431169594587,
  "efc": 0.4251727082893881,
  "fber": 23713.970703125,
  "fd_mean": 0.08848180769877927,
  "fd_num": 9,
  "fd_perc": 3.0303030303030303,
  "fwhm_avg": 3.1210060547865393,
  "fwhm_x": 2.864448,
  "fwhm_y": 3.3547170909090913,
  "fwhm_z": 3.143853073450526,
  "gcor": 0.0043604,
  "gsr_x": -0.0061765434220433235,
  "gsr_y": 0.04654167592525482,
  "provenance": {
    "md5sum": "f9591cf7c804a5b83bd178eb0c932e37",
    "settings": {
      "fd_thres": 0.2,
      "testing": false
    },
    "software": "mriqc",
    "version": "23.0.0",
    "webapi_port": null,
    "webapi_url": "https://mriqc.nimh.nih.gov/api/v1"
  },
  "size_t": 297,
  "size_x": 128,
  "size_y": 128,
  "size_z": 75,
  "snr": 2.315379480117408,
  "spacing_tr": 2.0,
  "spacing_x": 1.71875,
  "spacing_y": 1.71875,
  "spacing_z": 1.6999999284744263,
  "summary_bg_k": 63.75875185563534,
  "summary_bg_mad": 29.594701444493186,
  "summary_bg_mean": 271.21783447265625,
  "summary_bg_median": 53.657691955566406,
  "summary_bg_n": 882161.0,
  "summary_bg_p05": 26.50263023376465,
  "summary_bg_p95": 1308.4034423828125,
  "summary_bg_stdv": 748.364990234375,
  "summary_fg_k": 1.7642555331938627,
  "summary_fg_mad": 3070.993317575003,
  "summary_fg_mean": 8924.3115234375,
  "summary_fg_median": 8274.8427734375,
  "summary_fg_n": 216959.0,
  "summary_fg_p05": 4451.719970703125,
  "summary_fg_p95": 15555.850097656248,
  "summary_fg_stdv": 3573.85205078125,
  "tsnr": 33.221954345703125
}