{
  "aor": 0.004496094276094277,
  "aqi": 0.007148187744107744,
  "bids_meta": {
    "AcquisitionMatrixPE": 128,
    "AcquisitionNumber": 1,
    "AcquisitionTime": "13:40:34.790000",
    "BandwidthPerPixelPhaseEncode": 20.292,
    "BaseResolution": 128,
    "BodyPartExamined": "BRAIN",
    "CogAtlasID": "http://www.cognitiveatlas.org/task/id/TODO",
    "ConsistencyInfo": "N4_VE11C_LATEST_20160120",
    "ConversionSoftware": "dcm2niix",
    "ConversionSoftwareVersion": "v1.0.20190410  GCC6.3.0",
    "DerivedVendorReportedEchoSpacing": 0.000770008,
    "DeviceSerialNumber": "45239",
    "DwellTime": 2.6e-06,
    "EchoTime": 0.03,
    "EchoTrainLength": 55,
    "EffectiveEchoSpacing": 0.000385004,
    "FlipAngle": 73,
    "ImageComments": "Unaliased_MB3_PE4_LB_SENSE1",
    "ImageOrientationPatientDICOM": [
      1,
      8.61246e-06,
      -0.000214835,
      1.6237e-08,
      0.999194,
      0.040132
    ],
    "ImageType": [
      "ORIGINAL",
      "PRIMARY",
      "M",
      "MB",
      "ND",
      "MOSAIC"
    ],
    "ImagingFrequency": 123.172,
    "InPlanePhaseEncodingDirectionDICOM": "COL",
    "InstitutionAddress": "E_24th_St._100_Austin_Southmiddle_US_78712",
    "InstitutionName": "The_Univ._of_Texas_at_Austin_IRC",
    "InstitutionalDepartmentName": "IRC",
    "MRAcquisitionType": "2D",
    "MagneticFieldStrength": 3,
    "Manufacturer": "Siemens",
    "ManufacturersModelName": "Skyra",
    "Modality": "MR",
    "MultibandAccelerationFactor": 3,
    "ParallelReductionFactorInPlane": 2,
    "PartialFourier": 0.875,
    "PatientPosition": "HFS",
    "PercentPhaseFOV": 100,
    "PhaseEncodingDirection": "j-",
    "PhaseEncodingSteps": 111,
    "PhaseResolution": 1,
    "PixelBandwidth": 1500,
    "ProcedureStepDescription": "Preston_fMRI",
    "ProtocolName": "functional_run",
    "PulseSequenceDetails": "%CustomerSeq%_cmrr_mbep2d_bold",
    "ReceiveCoilActiveElements": "HEA;HEP",
    "ReceiveCoilName": "Head_32",
    "ReconMatrixPE": 128,
    "RefLinesPE": 92,
    "RepetitionTime": 2,
    "SAR": 0.121143,
    "ScanOptions": "PFP_FS",
    "ScanningSequence": "EP",
    "SequenceName": "epfid2d1_128",
    "SequenceVariant": "SK_SS",
    "SeriesDescription": "functional_run",
    "SeriesNumber": 10,
    "ShimSetting": [
      -2795,
      8051,
      -15450,
      -270,
      813,
      -497,
      -509,
      -151
    ],
    "SliceThickness": 1.7,
    "SliceTiming": [
      0,
      1.03,
      0.08,
      1.11,
      0.16,
      1.19,
      0.2375,
      1.2675,
      0.3175,
      1.3475,
      0.3975,
      1.4275,
      0.4775,
      1.505,
      0.555,
      1.585,
      0.635,
      1.665,
      0.715,
      1.7425,
      0.7925,
      1.8225,
      0.8725,
      1.9025,
      0.9525,
      0,
      1.03,
      0.08,
      1.11,
      0.16,
      1.19,
      0.2375,
      1.2675,
      0.3175,
      1.3475,
      0.3975,
      1.4275,
      0.4775,
      1.505,
      0.555,
      1.585,
      0.635,
      1.665,
      0.715,
      1.7425,
      0.7925,
      1.8225,
      0.8725,
      1.9025,
      0.9525,
      0,
      1.03,
      0.08,
      1.11,
      0.16,
      1.19,
      0.2375,
      1.2675,
      0.3175,
      1.3475,
      0.3975,
      1.4275,
      0.4775,
      1.505,
      0.555,
      1.585,
      0.635,
      1.665,
      0.715,
      1.7425,
      0.7925,
      1.8225,
      0.8725,
      1.9025,
      0.9525
    ],
    "SoftwareVersions": "syngo_MR_E11",
    "SpacingBetweenSlices": 1.7,
    "StationName": "AWP45239",
    "TaskName": "struct",
    "TotalReadoutTime": 0.0488955,
    "TxRefAmp": 362.878,
    "WipMemBlock": "b5841e6b-2ff8-4015-baaa-6a2d512f52dc||Sequence: R016 ve11c/master r/e634e98; Dec 19 2017 11:00:25 by eja",
    "dataset": "ds004094",
    "modality": "bold",
    "run_id": 2,
    "subject_id": "111",
    "task_id": "struct"
  },
  "dummy_trs": 1,
  "dvars_nstd": 46.924463826114874,
  "dvars_std": 1.0823751874662157,
  "dvars_vstd": 1.0689292995270272,
  "efc": 0.5059169452500587,
  "fber": 10664.7353515625,
  "fd_mean": 0.08538673173960659,
  "fd_num": 7,
  "fd_perc": 2.356902356902357,
  "fwhm_avg": 3.130468097327867,
  "fwhm_x": 2.6489541818181817,
  "fwhm_y": 3.4253149090909094,
  "fwhm_z": 3.3171352010745103,
  "gcor": 0.0115534,
  "gsr_x": -0.01635630615055561,
  "gsr_y": 0.060400865972042084,
  "provenance": {
    "md5sum": "adddb6ffc4fd31d3de2e16a8b4df6a0d",
    "settings": {
      "fd_thres": 0.2,
      "testing": false
    },
    "software": "mriqc",
    "version": "23.0.0",
    "webapi_port": null,
    "webapi_url": "https://mriqc.nimh.nih.gov/api/v1"
  },
  "size_t": 297,
  "size_x": 128,
  "size_y": 128,
  "size_z": 75,
  "snr": 2.253516491095546,
  "spacing_tr": 2.0,
  "spacing_x": 1.71875,
  "spacing_y": 1.71875,
  "spacing_z": 1.7000000476837158,
  "summary_bg_k": 50.45266224745132,
  "summary_bg_mad": 50.69979943536731,
  "summary_bg_mean": 443.4438171386719,
  "summary_bg_median": 73.19236755371094,
  "summary_bg_n": 792626.0,
  "summary_bg_p05": 35.33845329284668,
  "summary_bg_p95": 2256.9872436523438,
  "summary_bg_stdv": 1134.6773681640625,
  "summary_fg_k": 1.2526483970623161,
  "summary_fg_mad": 3057.3150814336195,
  "summary_fg_mean": 8180.982421875,
  "summary_fg_median": 7659.06591796875,
  "summary_fg_n": 291856.0,
  "summary_fg_p05": 3754.7031860351562,
  "summary_fg_p95": 14383.735107421875,
  "summary_fg_stdv": 3398.711669921875,
  "tsnr": 29.364276885986328
}