{
  "aor": 0.0006685570469798658,
  "aqi": 0.008934868154362416,
  "bids_meta": {
    "AcquisitionMatrixPE": 128,
    "AcquisitionNumber": 1,
    "AcquisitionTime": "14:51:15.300000",
    "BandwidthPerPixelPhaseEncode": 20.292,
    "BaseResolution": 128,
    "BodyPartExamined": "BRAIN",
    "CogAtlasID": "http://www.cognitiveatlas.org/task/id/TODO",
    "ConsistencyInfo": "N4_VE11C_LATEST_20160120",
    "ConversionSoftware": "dcm2niix",
    "ConversionSoftwareVersion": "v1.0.20190410  GCC6.3.0",
    "DerivedVendorReportedEchoSpacing": 0.000770008,
    "DeviceSerialNumber": "45239",
    "DwellTime": 2.6e-06,
    "EchoTime": 0.03,
    "EchoTrainLength": 55,
    "EffectiveEchoSpacing": 0.000385004,
    "FlipAngle": 73,
    "ImageComments": "Unaliased_MB3_PE4_LB_SENSE1",
    "ImageOrientationPatientDICOM": [
      1,
      0,
      0,
      0,
      0.992115,
      0.125333
    ],
    "ImageType": [
      "ORIGINAL",
      "PRIMARY",
      "M",
      "MB",
      "ND",
      "MOSAIC"
    ],
    "ImagingFrequency": 123.172,
    "InPlanePhaseEncodingDirectionDICOM": "COL",
    "InstitutionAddress": "E_24th_St._100_Austin_Southmiddle_US_78712",
    "InstitutionName": "The_Univ._of_Texas_at_Austin_IRC",
    "InstitutionalDepartmentName": "IRC",
    "MRAcquisitionType": "2D",
    "MagneticFieldStrength": 3,
    "Manufacturer": "Siemens",
    "ManufacturersModelName": "Skyra",
    "Modality": "MR",
    "MultibandAccelerationFactor": 3,
    "ParallelReductionFactorInPlane": 2,
    "PartialFourier": 0.875,
    "PatientPosition": "HFS",
    "PercentPhaseFOV": 100,
    "PhaseEncodingDirection": "j-",
    "PhaseEncodingSteps": 111,
    "PhaseResolution": 1,
    "PixelBandwidth": 1500,
    "ProcedureStepDescription": "Preston_fMRI",
    "ProtocolName": "functional_run",
    "PulseSequenceDetails": "%CustomerSeq%_cmrr_mbep2d_bold",
    "ReceiveCoilActiveElements": "HEA;HEP",
    "ReceiveCoilName": "Head_32",
    "ReconMatrixPE": 128,
    "RefLinesPE": 92,
    "RepetitionTime": 2,
    "SAR": 0.112564,
    "ScanOptions": "PFP_FS",
    "ScanningSequence": "EP",
    "SequenceName": "epfid2d1_128",
    "SequenceVariant": "SK_SS",
    "SeriesDescription": "functional_run",
    "SeriesNumber": 21,
    "ShimSetting": [
      -2750,
      8020,
      -15436,
      -229,
      858,
      -452,
      -465,
      -213
    ],
    "SliceThickness": 1.7,
    "SliceTiming": [
      0,
      1.03,
      0.08,
      1.11,
      0.1575,
      1.1875,
      0.2375,
      1.2675,
      0.3175,
      1.3475,
      0.395,
      1.425,
      0.475,
      1.505,
      0.555,
      1.585,
      0.635,
      1.6625,
      0.7125,
      1.7425,
      0.7925,
      1.8225,
      0.8725,
      1.9,
      0.95,
      0,
      1.03,
      0.08,
      1.11,
      0.1575,
      1.1875,
      0.2375,
      1.2675,
      0.3175,
      1.3475,
      0.395,
      1.425,
      0.475,
      1.505,
      0.555,
      1.585,
      0.635,
      1.6625,
      0.7125,
      1.7425,
      0.7925,
      1.8225,
      0.8725,
      1.9,
      0.95,
      0,
      1.03,
      0.08,
      1.11,
      0.1575,
      1.1875,
      0.2375,
      1.2675,
      0.3175,
      1.3475,
      0.395,
      1.425,
      0.475,
      1.505,
      0.555,
      1.585,
      0.635,
      1.6625,
      0.7125,
      1.7425,
      0.7925,
      1.8225,
      0.8725,
      1.9,
      0.95
    ],
    "SoftwareVersions": "syngo_MR_E11",
    "SpacingBetweenSlices": 1.7,
    "StationName": "AWP45239",
    "TaskName": "struct",
    "TotalReadoutTime": 0.0488955,
    "TxRefAmp": 348.706,
    "WipMemBlock": "9390db3d-5862-43a2-9baa-598fb6d95c25||Sequence: R016 ve11c/master r/e634e98; Dec 19 2017 11:00:25 by eja",
    "dataset": "ds004094",
    "modality": "bold",
    "run_id": 6,
    "subject_id": "111",
    "task_id": "struct"
  },
  "dummy_trs": 0,
  "dvars_nstd": 48.36080502360275,
  "dvars_std": 1.0182333403367,
  "dvars_vstd": 1.0099812240067345,
  "efc": 0.5046646280726926,
  "fber": 10671.5498046875,
  "fd_mean": 0.08442271422853317,
  "fd_num": 9,
  "fd_perc": 3.0201342281879193,
  "fwhm_avg": 3.0894275768163837,
  "fwhm_x": 2.5678894545454547,
  "fwhm_y": 3.3819345454545457,
  "fwhm_z": 3.318458730449151,
  "gcor": 0.00523844,
  "gsr_x": -0.013543359935283661,
  "gsr_y": 0.053280364722013474,
  "provenance": {
    "md5sum": "9d1d559da986ad1b79464757c8c98fd3",
    "settings": {
      "fd_thres": 0.2,
      "testing": false
    },
    "software": "mriqc",
    "version": "23.0.0",
    "webapi_port": null,
    "webapi_url": "https://mriqc.nimh.nih.gov/api/v1"
  },
  "size_t": 298,
  "size_x": 128,
  "size_y": 128,
  "size_z": 75,
  "snr": 2.370005278682286,
  "spacing_tr": 2.0,
  "spacing_x": 1.71875,
  "spacing_y": 1.71875,
  "spacing_z": 1.7000000476837158,
  "summary_bg_k": 49.9525431311574,
  "summary_bg_mad": 49.26418459491097,
  "summary_bg_mean": 396.953857421875,
  "summary_bg_median": 68.95973205566406,
  "summary_bg_n": 798687.0,
  "summary_bg_p05": 26.959732055664062,
  "summary_bg_p95": 2018.7147583007782,
  "summary_bg_stdv": 998.7417602539062,
  "summary_fg_k": 0.7794148694462644,
  "summary_fg_mad": 2775.5059175095307,
  "summary_fg_mean": 7594.455078125,
  "summary_fg_median": 7176.537109375,
  "summary_fg_n": 288874.0,
  "summary_fg_p05": 3497.928332519531,
  "summary_fg_p95": 13133.84047851562,
  "summary_fg_stdv": 3028.062744140625,
  "tsnr": 27.150691642658785
}