{
  "aor": 0.0004563973063973064,
  "aqi": 0.007042488383838385,
  "bids_meta": {
    "AcquisitionMatrixPE": 128,
    "AcquisitionNumber": 1,
    "AcquisitionTime": "13:29:7.377500",
    "BandwidthPerPixelPhaseEncode": 20.292,
    "BaseResolution": 128,
    "BodyPartExamined": "BRAIN",
    "CogAtlasID": "http://www.cognitiveatlas.org/task/id/TODO",
    "ConsistencyInfo": "N4_VE11C_LATEST_20160120",
    "ConversionSoftware": "dcm2niix",
    "ConversionSoftwareVersion": "v1.0.20190410  GCC6.3.0",
    "DerivedVendorReportedEchoSpacing": 0.000770008,
    "DeviceSerialNumber": "45239",
    "DwellTime": 2.6e-06,
    "EchoTime": 0.03,
    "EchoTrainLength": 55,
    "EffectiveEchoSpacing": 0.000385004,
    "FlipAngle": 73,
    "ImageComments": "Unaliased_MB3_PE4_LB_SENSE1",
    "ImageOrientationPatientDICOM": [
      1,
      8.61246e-06,
      -0.000214835,
      1.6237e-08,
      0.999194,
      0.040132
    ],
    "ImageType": [
      "ORIGINAL",
      "PRIMARY",
      "M",
      "MB",
      "ND",
      "MOSAIC"
    ],
    "ImagingFrequency": 123.172,
    "InPlanePhaseEncodingDirectionDICOM": "COL",
    "InstitutionAddress": "E_24th_St._100_Austin_Southmiddle_US_78712",
    "InstitutionName": "The_Univ._of_Texas_at_Austin_IRC",
    "InstitutionalDepartmentName": "IRC",
    "MRAcquisitionType": "2D",
    "MagneticFieldStrength": 3,
    "Manufacturer": "Siemens",
    "ManufacturersModelName": "Skyra",
    "Modality": "MR",
    "MultibandAccelerationFactor": 3,
    "ParallelReductionFactorInPlane": 2,
    "PartialFourier": 0.875,
    "PatientPosition": "HFS",
    "PercentPhaseFOV": 100,
    "PhaseEncodingDirection": "j-",
    "PhaseEncodingSteps": 111,
    "PhaseResolution": 1,
    "PixelBandwidth": 1500,
    "ProcedureStepDescription": "Preston_fMRI",
    "ProtocolName": "functional_run",
    "PulseSequenceDetails": "%CustomerSeq%_cmrr_mbep2d_bold",
    "ReceiveCoilActiveElements": "HEA;HEP",
    "ReceiveCoilName": "Head_32",
    "ReconMatrixPE": 128,
    "RefLinesPE": 92,
    "RepetitionTime": 2,
    "SAR": 0.123526,
    "ScanOptions": "PFP_FS",
    "ScanningSequence": "EP",
    "SequenceName": "epfid2d1_128",
    "SequenceVariant": "SK_SS",
    "SeriesDescription": "functional_run",
    "SeriesNumber": 8,
    "ShimSetting": [
      -2795,
      8051,
      -15450,
      -270,
      813,
      -497,
      -509,
      -151
    ],
    "SliceThickness": 1.7,
    "SliceTiming": [
      0,
      1.03,
      0.08,
      1.11,
      0.16,
      1.1875,
      0.2375,
      1.2675,
      0.3175,
      1.3475,
      0.3975,
      1.425,
      0.475,
      1.505,
      0.555,
      1.585,
      0.635,
      1.6625,
      0.7125,
      1.7425,
      0.7925,
      1.8225,
      0.8725,
      1.9,
      0.95,
      0,
      1.03,
      0.08,
      1.11,
      0.16,
      1.1875,
      0.2375,
      1.2675,
      0.3175,
      1.3475,
      0.3975,
      1.425,
      0.475,
      1.505,
      0.555,
      1.585,
      0.635,
      1.6625,
      0.7125,
      1.7425,
      0.7925,
      1.8225,
      0.8725,
      1.9,
      0.95,
      0,
      1.03,
      0.08,
      1.11,
      0.16,
      1.1875,
      0.2375,
      1.2675,
      0.3175,
      1.3475,
      0.3975,
      1.425,
      0.475,
      1.505,
      0.555,
      1.585,
      0.635,
      1.6625,
      0.7125,
      1.7425,
      0.7925,
      1.8225,
      0.8725,
      1.9,
      0.95
    ],
    "SoftwareVersions": "syngo_MR_E11",
    "SpacingBetweenSlices": 1.7,
    "StationName": "AWP45239",
    "TaskName": "struct",
    "TotalReadoutTime": 0.0488955,
    "TxRefAmp": 362.878,
    "WipMemBlock": "fa9e8a2a-9258-4b0f-88bc-b09bf8a943cb||Sequence: R016 ve11c/master r/e634e98; Dec 19 2017 11:00:25 by eja",
    "dataset": "ds004094",
    "modality": "bold",
    "run_id": 1,
    "subject_id": "111",
    "task_id": "struct"
  },
  "dummy_trs": 1,
  "dvars_nstd": 44.6329497643581,
  "dvars_std": 1.0160919321283781,
  "dvars_vstd": 1.0364799763175663,
  "efc": 0.5049898648712394,
  "fber": 10181.0390625,
  "fd_mean": 0.060183325561198694,
  "fd_num": 1,
  "fd_perc": 0.3367003367003367,
  "fwhm_avg": 3.134077216762682,
  "fwhm_x": 2.6487854545454543,
  "fwhm_y": 3.436869818181818,
  "fwhm_z": 3.3165763775607733,
  "gcor": 0.00408302,
  "gsr_x": -0.01556289754807949,
  "gsr_y": 0.05973578616976738,
  "provenance": {
    "md5sum": "adc711ff101ddc1c222a8d28c6004488",
    "settings": {
      "fd_thres": 0.2,
      "testing": false
    },
    "software": "mriqc",
    "version": "23.0.0",
    "webapi_port": null,
    "webapi_url": "https://mriqc.nimh.nih.gov/api/v1"
  },
  "size_t": 297,
  "size_x": 128,
  "size_y": 128,
  "size_z": 75,
  "snr": 2.2624507899285224,
  "spacing_tr": 2.0,
  "spacing_x": 1.71875,
  "spacing_y": 1.71875,
  "spacing_z": 1.7000000476837158,
  "summary_bg_k": 50.81162041636082,
  "summary_bg_mad": 58.123284844716125,
  "summary_bg_mean": 437.9590759277344,
  "summary_bg_median": 74.77717590332031,
  "summary_bg_n": 794004.0,
  "summary_bg_p05": 26.240227031707764,
  "summary_bg_p95": 2224.9307617187483,
  "summary_bg_stdv": 1117.535888671875,
  "summary_fg_k": 1.1991173156834192,
  "summary_fg_mad": 3049.6403707795725,
  "summary_fg_mean": 8153.078125,
  "summary_fg_median": 7637.734375,
  "summary_fg_n": 290590.0,
  "summary_fg_p05": 3743.905688476563,
  "summary_fg_p95": 14308.678173828122,
  "summary_fg_stdv": 3375.86181640625,
  "tsnr": 29.289188385009766
}