{
  "bids_meta": {
    "AcquisitionMatrixPE": 256,
    "AcquisitionNumber": 1,
    "AcquisitionTime": "19:01:39.090000",
    "BaseResolution": 256,
    "BodyPartExamined": "BRAIN",
    "ConsistencyInfo": "N4_VE11C_LATEST_20160120",
    "ConversionSoftware": "dcm2niix",
    "ConversionSoftwareVersion": "v1.0.20190410  GCC6.3.0",
    "DeviceSerialNumber": "45239",
    "DwellTime": 1.09e-05,
    "EchoTime": 0.00243,
    "FlipAngle": 9,
    "ImageOrientationPatientDICOM": [
      -0.0157125,
      0.999877,
      -3.92055e-08,
      0.0244254,
      0.000383793,
      -0.999702
    ],
    "ImageType": [
      "ORIGINAL",
      "PRIMARY",
      "M",
      "ND",
      "NORM"
    ],
    "ImagingFrequency": 123.172,
    "InPlanePhaseEncodingDirectionDICOM": "ROW",
    "InstitutionAddress": "E_24th_St._100_Austin_Southmiddle_US_78712",
    "InstitutionName": "The_Univ._of_Texas_at_Austin_IRC",
    "InstitutionalDepartmentName": "IRC",
    "InversionTime": 0.9,
    "MRAcquisitionType": "3D",
    "MagneticFieldStrength": 3,
    "Manufacturer": "Siemens",
    "ManufacturersModelName": "Skyra",
    "Modality": "MR",
    "PartialFourier": 1,
    "PatientPosition": "HFS",
    "PercentPhaseFOV": 100,
    "PhaseEncodingSteps": 255,
    "PhaseResolution": 1,
    "PixelBandwidth": 180,
    "ProcedureStepDescription": "Preston_fMRI",
    "ProtocolName": "mprage",
    "PulseSequenceDetails": "%SiemensSeq%_tfl",
    "ReceiveCoilActiveElements": "HEA;HEP",
    "ReceiveCoilName": "Head_32",
    "ReconMatrixPE": 256,
    "RefLinesPE": 48,
    "RepetitionTime": 1.9,
    "SAR": 0.106281,
    "ScanOptions": "IR",
    "ScanningSequence": "GR_IR",
    "SequenceName": "_tfl3d1_16ns",
    "SequenceVariant": "SK_SP_MP",
    "SeriesDescription": "mprage",
    "SeriesNumber": 2,
    "ShimSetting": [
      -2751,
      8072,
      -15888,
      -462,
      637,
      -681,
      -484,
      -138
    ],
    "SliceThickness": 1,
    "SoftwareVersions": "syngo_MR_E11",
    "StationName": "AWP45239",
    "TxRefAmp": 312.566,
    "dataset": "ds004094",
    "modality": "T1w",
    "subject_id": "127"
  },
  "cjv": 0.356168836738126,
  "cnr": 3.7751607517372276,
  "efc": 0.5793883382926389,
  "fber": -1.0,
  "fwhm_avg": 3.9679933333333337,
  "fwhm_x": 3.95505,
  "fwhm_y": 4.01717,
  "fwhm_z": 3.93176,
  "icvs_csf": 0.17824659938326898,
  "icvs_gm": 0.45680178152253975,
  "icvs_wm": 0.36495161909419127,
  "inu_med": 0.38575461506843567,
  "inu_range": 0.1153757259249687,
  "provenance": {
    "md5sum": "1df651c6ae4e71a7e15f4cea74702ad1",
    "settings": {
      "testing": false
    },
    "software": "mriqc",
    "version": "23.0.0",
    "warnings": {
      "large_rot_frame": true,
      "small_air_mask": false
    },
    "webapi_port": null,
    "webapi_url": "https://mriqc.nimh.nih.gov/api/v1"
  },
  "qi_1": 0.009885159107087482,
  "qi_2": 0.03616425269651567,
  "rpve_csf": 28.846941295112117,
  "rpve_gm": 12.611177643494099,
  "rpve_wm": 17.995104504431865,
  "size_x": 192,
  "size_y": 256,
  "size_z": 256,
  "snr_csf": 2.0301238466306013,
  "snr_gm": 15.248652206391382,
  "snr_total": 15.843365622489443,
  "snr_wm": 30.251320814446345,
  "snrd_csf": 74.22294859982117,
  "snrd_gm": 157.4603562567184,
  "snrd_total": 145.25815423762978,
  "snrd_wm": 204.09115785634975,
  "spacing_x": 1.0,
  "spacing_y": 1.0,
  "spacing_z": 1.0,
  "summary_bg_k": 21.27213509063904,
  "summary_bg_mad": 0.0,
  "summary_bg_mean": 1.2678449196196369,
  "summary_bg_median": 0.0,
  "summary_bg_n": 1710556.0,
  "summary_bg_p05": 0.0,
  "summary_bg_p95": 7.492919314652681,
  "summary_bg_stdv": 3.2100185133077344,
  "summary_csf_k": 13.026569045213694,
  "summary_csf_mad": 124.27218158867402,
  "summary_csf_mean": 388.6369273386414,
  "summary_csf_median": 363.67547142505646,
  "summary_csf_n": 21425.0,
  "summary_csf_p05": 152.55440319478512,
  "summary_csf_p95": 612.5120952486992,
  "summary_csf_stdv": 179.1353688860263,
  "summary_gm_k": 0.02073553559254515,
  "summary_gm_mad": 50.92076559535916,
  "summary_gm_mean": 769.7524518790154,
  "summary_gm_median": 771.5197303891182,
  "summary_gm_n": 41829.0,
  "summary_gm_p05": 684.0927780412137,
  "summary_gm_p95": 850.2133088372648,
  "summary_gm_stdv": 50.59532459557091,
  "summary_wm_k": 0.7438296349272862,
  "summary_wm_mad": 30.456783597224213,
  "summary_wm_mean": 1001.5305669287128,
  "summary_wm_median": 999.9999925531447,
  "summary_wm_n": 208841.0,
  "summary_wm_p05": 949.9515936858952,
  "summary_wm_p95": 1058.1866339296103,
  "summary_wm_stdv": 33.056328499443794,
  "tpm_overlap_csf": 0.14932036052086087,
  "tpm_overlap_gm": 0.47469750529633936,
  "tpm_overlap_wm": 0.5132272149731847,
  "wm2max": 0.4993774610862421
}