{
  "aor": 0.0003900671140939597,
  "aqi": 0.006152934597315436,
  "bids_meta": {
    "AcquisitionMatrixPE": 128,
    "AcquisitionNumber": 1,
    "AcquisitionTime": "19:21:36.092500",
    "BandwidthPerPixelPhaseEncode": 20.292,
    "BaseResolution": 128,
    "BodyPartExamined": "BRAIN",
    "CogAtlasID": "http://www.cognitiveatlas.org/task/id/TODO",
    "ConsistencyInfo": "N4_VE11C_LATEST_20160120",
    "ConversionSoftware": "dcm2niix",
    "ConversionSoftwareVersion": "v1.0.20190410  GCC6.3.0",
    "DerivedVendorReportedEchoSpacing": 0.000770008,
    "DeviceSerialNumber": "45239",
    "DwellTime": 2.6e-06,
    "EchoTime": 0.03,
    "EchoTrainLength": 55,
    "EffectiveEchoSpacing": 0.000385004,
    "FlipAngle": 73,
    "ImageComments": "Unaliased_MB3_PE4_LB_SENSE1",
    "ImageOrientationPatientDICOM": [
      1,
      4.49748e-06,
      -0.000254551,
      -5.42061e-08,
      0.999848,
      0.0174526
    ],
    "ImageType": [
      "ORIGINAL",
      "PRIMARY",
      "M",
      "MB",
      "ND",
      "MOSAIC"
    ],
    "ImagingFrequency": 123.172,
    "InPlanePhaseEncodingDirectionDICOM": "COL",
    "InstitutionAddress": "E_24th_St._100_Austin_Southmiddle_US_78712",
    "InstitutionName": "The_Univ._of_Texas_at_Austin_IRC",
    "InstitutionalDepartmentName": "IRC",
    "MRAcquisitionType": "2D",
    "MagneticFieldStrength": 3,
    "Manufacturer": "Siemens",
    "ManufacturersModelName": "Skyra",
    "Modality": "MR",
    "MultibandAccelerationFactor": 3,
    "ParallelReductionFactorInPlane": 2,
    "PartialFourier": 0.875,
    "PatientPosition": "HFS",
    "PercentPhaseFOV": 100,
    "PhaseEncodingDirection": "j-",
    "PhaseEncodingSteps": 111,
    "PhaseResolution": 1,
    "PixelBandwidth": 1500,
    "ProcedureStepDescription": "Preston_fMRI",
    "ProtocolName": "functional_run",
    "PulseSequenceDetails": "%CustomerSeq%_cmrr_mbep2d_bold",
    "ReceiveCoilActiveElements": "HEA;HEP",
    "ReceiveCoilName": "Head_32",
    "ReconMatrixPE": 128,
    "RefLinesPE": 92,
    "RepetitionTime": 2,
    "SAR": 0.132349,
    "ScanOptions": "PFP_FS",
    "ScanningSequence": "EP",
    "SequenceName": "epfid2d1_128",
    "SequenceVariant": "SK_SS",
    "SeriesDescription": "functional_run",
    "SeriesNumber": 8,
    "ShimSetting": [
      -2715,
      8025,
      -15406,
      -171,
      731,
      -847,
      -282,
      -297
    ],
    "SliceThickness": 1.7,
    "SliceTiming": [
      0,
      1.03,
      0.0775,
      1.1075,
      0.1575,
      1.1875,
      0.2375,
      1.2675,
      0.315,
      1.345,
      0.395,
      1.425,
      0.475,
      1.505,
      0.5525,
      1.5825,
      0.6325,
      1.6625,
      0.7125,
      1.7425,
      0.79,
      1.82,
      0.87,
      1.9,
      0.95,
      0,
      1.03,
      0.0775,
      1.1075,
      0.1575,
      1.1875,
      0.2375,
      1.2675,
      0.315,
      1.345,
      0.395,
      1.425,
      0.475,
      1.505,
      0.5525,
      1.5825,
      0.6325,
      1.6625,
      0.7125,
      1.7425,
      0.79,
      1.82,
      0.87,
      1.9,
      0.95,
      0,
      1.03,
      0.0775,
      1.1075,
      0.1575,
      1.1875,
      0.2375,
      1.2675,
      0.315,
      1.345,
      0.395,
      1.425,
      0.475,
      1.505,
      0.5525,
      1.5825,
      0.6325,
      1.6625,
      0.7125,
      1.7425,
      0.79,
      1.82,
      0.87,
      1.9,
      0.95
    ],
    "SoftwareVersions": "syngo_MR_E11",
    "SpacingBetweenSlices": 1.7,
    "StationName": "AWP45239",
    "TaskName": "struct",
    "TotalReadoutTime": 0.0488955,
    "TxRefAmp": 330.342,
    "WipMemBlock": "739eaea8-6e0a-47a5-9118-6aceee5c401e||Sequence: R016 ve11c/master r/e634e98; Dec 19 2017 11:00:25 by eja",
    "dataset": "ds004094",
    "modality": "bold",
    "run_id": 1,
    "subject_id": "119",
    "task_id": "struct"
  },
  "dummy_trs": 0,
  "dvars_nstd": 42.48232530020204,
  "dvars_std": 1.0298335059259256,
  "dvars_vstd": 0.9971162098653201,
  "efc": 0.46503575091533805,
  "fber": 15914.1884765625,
  "fd_mean": 0.11685883983112846,
  "fd_num": 25,
  "fd_perc": 8.389261744966444,
  "fwhm_avg": 3.225942221866467,
  "fwhm_x": 2.874909090909091,
  "fwhm_y": 3.4602647272727274,
  "fwhm_z": 3.342652847417583,
  "gcor": 0.0108179,
  "gsr_x": 0.009729277342557907,
  "gsr_y": 0.038549263030290604,
  "provenance": {
    "md5sum": "1be742cce91010c6d1242d5bc041cc04",
    "settings": {
      "fd_thres": 0.2,
      "testing": false
    },
    "software": "mriqc",
    "version": "23.0.0",
    "webapi_port": null,
    "webapi_url": "https://mriqc.nimh.nih.gov/api/v1"
  },
  "size_t": 298,
  "size_x": 128,
  "size_y": 128,
  "size_z": 75,
  "snr": 2.171831911126187,
  "spacing_tr": 2.0,
  "spacing_x": 1.71875,
  "spacing_y": 1.71875,
  "spacing_z": 1.7000000476837158,
  "summary_bg_k": 35.72907247393466,
  "summary_bg_mad": 41.768764609080634,
  "summary_bg_mean": 425.1700134277344,
  "summary_bg_median": 66.5772705078125,
  "summary_bg_n": 844079.0,
  "summary_bg_p05": 33.92308464050293,
  "summary_bg_p95": 2369.915258789062,
  "summary_bg_stdv": 1145.6485595703125,
  "summary_fg_k": 1.476831774350086,
  "summary_fg_mad": 3458.348484599849,
  "summary_fg_mean": 9144.453125,
  "summary_fg_median": 8423.556640625,
  "summary_fg_n": 248277.0,
  "summary_fg_p05": 4259.00654296875,
  "summary_fg_p95": 16453.931249999998,
  "summary_fg_stdv": 3878.541259765625,
  "tsnr": 31.9155330657959
}