{
  "bids_meta": {
    "AcquisitionMatrixPE": 384,
    "AcquisitionNumber": 1,
    "AcquisitionTime": "19:36:37.717500",
    "BaseResolution": 384,
    "BodyPartExamined": "BRAIN",
    "ConsistencyInfo": "N4_VE11A_LATEST_20140830",
    "ConversionSoftware": "dcm2niix",
    "ConversionSoftwareVersion": "v1.0.20190410  GCC6.3.0",
    "DeviceSerialNumber": "45239",
    "DwellTime": 6e-06,
    "EchoTime": 0.082,
    "EchoTrainLength": 18,
    "FlipAngle": 150,
    "ImageOrientationPatientDICOM": [
      1,
      0,
      0,
      0,
      0.480223,
      -0.877146
    ],
    "ImageType": [
      "ORIGINAL",
      "PRIMARY",
      "M",
      "ND",
      "NORM"
    ],
    "ImagingFrequency": 123.225,
    "InPlanePhaseEncodingDirectionDICOM": "ROW",
    "InstitutionAddress": "E_24th_St._100_Austin_Southmiddle_US_78712",
    "InstitutionName": "The_Univ._of_Texas_at_Austin_IRC",
    "InstitutionalDepartmentName": "IRC",
    "MRAcquisitionType": "2D",
    "MagneticFieldStrength": 3,
    "Manufacturer": "Siemens",
    "ManufacturersModelName": "Skyra",
    "Modality": "MR",
    "PartialFourier": 1,
    "PatientPosition": "HFS",
    "PercentPhaseFOV": 100,
    "PhaseEncodingDirection": "i",
    "PhaseEncodingSteps": 396,
    "PhaseResolution": 1,
    "PixelBandwidth": 215,
    "ProcedureStepDescription": "Preston_fMRI",
    "ProtocolName": "T2_coronal_matrix384",
    "PulseSequenceDetails": "%SiemensSeq%_tse",
    "ReceiveCoilActiveElements": "HEA;HEP",
    "ReceiveCoilName": "Head_32",
    "ReconMatrixPE": 384,
    "RepetitionTime": 13.15,
    "SAR": 0.54404,
    "ScanningSequence": "SE",
    "SequenceName": "_tse2d1_18",
    "SequenceVariant": "SK_SP_OSP",
    "SeriesDescription": "T2_coronal_matrix384",
    "SeriesNumber": 24,
    "ShimSetting": [
      -2851,
      8065,
      -15920,
      -530,
      404,
      -610,
      -324,
      -43
    ],
    "SliceThickness": 1.5,
    "SoftwareVersions": "syngo_MR_E11",
    "SpacingBetweenSlices": 1.5,
    "StationName": "AWP45239",
    "TxRefAmp": 344.372,
    "dataset": "ds004094",
    "modality": "T2w",
    "run_id": 2,
    "subject_id": "101"
  },
  "cjv": 0.5149687083214011,
  "cnr": 2.530293412343004,
  "efc": 0.7177888598730288,
  "fber": 17.461673634224056,
  "fwhm_avg": 2.8848067921335847,
  "fwhm_x": 3.145492120476507,
  "fwhm_y": 2.1608876970582154,
  "fwhm_z": 3.348040558866031,
  "icvs_csf": 0.14516057474550564,
  "icvs_gm": 0.4720695087527256,
  "icvs_wm": 0.3827699165017688,
  "inu_med": 0.9436086714267731,
  "inu_range": 0.3367818713188171,
  "provenance": {
    "md5sum": "56c2f6be9a4bb94f019151698f4eda24",
    "settings": {
      "testing": false
    },
    "software": "mriqc",
    "version": "23.0.0",
    "warnings": {
      "large_rot_frame": false,
      "small_air_mask": false
    },
    "webapi_port": null,
    "webapi_url": "https://mriqc.nimh.nih.gov/api/v1"
  },
  "qi_1": 0.001476515779025361,
  "qi_2": 0.0018479290233199227,
  "rpve_csf": 10.599744583620364,
  "rpve_gm": 3.2310375958551134,
  "rpve_wm": 3.9397668067158853,
  "size_x": 384,
  "size_y": 60,
  "size_z": 384,
  "snr_csf": 4.154755717559942,
  "snr_gm": 7.655436066566497,
  "snr_total": 5.372175568412943,
  "snr_wm": 4.306334921112389,
  "snrd_csf": 83.16440190816913,
  "snrd_gm": 31.437038364220466,
  "snrd_total": 43.850252675878586,
  "snrd_wm": 16.94931775524618,
  "spacing_x": 0.4322916567325592,
  "spacing_y": 1.4999992847442627,
  "spacing_z": 0.4322916567325592,
  "summary_bg_k": 473.72383997925306,
  "summary_bg_mad": 0.0,
  "summary_bg_mean": 15.217260887310625,
  "summary_bg_median": 0.0,
  "summary_bg_n": 891219.0,
  "summary_bg_p05": 0.0,
  "summary_bg_p95": 78.48353996872902,
  "summary_bg_stdv": 38.64838685471614,
  "summary_csf_k": 1.9472563733053576,
  "summary_csf_mad": 764.0636127581159,
  "summary_csf_mean": 4996.472450248154,
  "summary_csf_median": 4906.108067706227,
  "summary_csf_n": 110753.0,
  "summary_csf_p05": 3041.747095093131,
  "summary_csf_p95": 6795.366502292454,
  "summary_csf_stdv": 1180.836191655913,
  "summary_gm_k": 0.5267371874377109,
  "summary_gm_mad": 227.9535880609823,
  "summary_gm_mean": 1860.9624260864357,
  "summary_gm_median": 1854.5616153627634,
  "summary_gm_n": 170767.0,
  "summary_gm_p05": 1474.22683339566,
  "summary_gm_p95": 2268.262987062335,
  "summary_gm_stdv": 242.25350053676442,
  "summary_wm_k": 0.901315479114674,
  "summary_wm_mad": 212.17597850521136,
  "summary_wm_mean": 1003.1020558717244,
  "summary_wm_median": 999.8891673982143,
  "summary_wm_n": 368642.0,
  "summary_wm_p05": 628.6442869529128,
  "summary_wm_p95": 1386.9859492778778,
  "summary_wm_stdv": 232.18997814500864,
  "tpm_overlap_csf": 0.1466139248671568,
  "tpm_overlap_gm": 0.4246904572786971,
  "tpm_overlap_wm": 0.405790997776362,
  "wm2max": 0.14538697641033946
}