{
  "aor": 0.0004596308724832215,
  "aqi": 0.007014274194630872,
  "bids_meta": {
    "AcquisitionMatrixPE": 128,
    "AcquisitionNumber": 1,
    "AcquisitionTime": "20:20:46.317500",
    "BandwidthPerPixelPhaseEncode": 20.292,
    "BaseResolution": 128,
    "BodyPartExamined": "BRAIN",
    "CogAtlasID": "http://www.cognitiveatlas.org/task/id/TODO",
    "ConsistencyInfo": "N4_VE11A_LATEST_20140830",
    "ConversionSoftware": "dcm2niix",
    "ConversionSoftwareVersion": "v1.0.20190410  GCC6.3.0",
    "DerivedVendorReportedEchoSpacing": 0.000770008,
    "DeviceSerialNumber": "45239",
    "DwellTime": 2.6e-06,
    "EchoTime": 0.03,
    "EchoTrainLength": 55,
    "EffectiveEchoSpacing": 0.000385004,
    "FlipAngle": 73,
    "ImageComments": "Unaliased_MB3_PE4_LB_SENSE1",
    "ImageOrientationPatientDICOM": [
      1,
      0,
      0,
      0,
      0.998342,
      0.057564
    ],
    "ImageType": [
      "ORIGINAL",
      "PRIMARY",
      "M",
      "MB",
      "ND",
      "MOSAIC"
    ],
    "ImagingFrequency": 123.225,
    "InPlanePhaseEncodingDirectionDICOM": "COL",
    "InstitutionAddress": "E_24th_St._100_Austin_Southmiddle_US_78712",
    "InstitutionName": "The_Univ._of_Texas_at_Austin_IRC",
    "InstitutionalDepartmentName": "IRC",
    "MRAcquisitionType": "2D",
    "MagneticFieldStrength": 3,
    "Manufacturer": "Siemens",
    "ManufacturersModelName": "Skyra",
    "Modality": "MR",
    "MultibandAccelerationFactor": 3,
    "ParallelReductionFactorInPlane": 2,
    "PartialFourier": 0.875,
    "PatientPosition": "HFS",
    "PercentPhaseFOV": 100,
    "PhaseEncodingDirection": "j-",
    "PhaseEncodingSteps": 111,
    "PhaseResolution": 1,
    "PixelBandwidth": 1500,
    "ProcedureStepDescription": "Preston_fMRI",
    "ProtocolName": "functional_run",
    "PulseSequenceDetails": "%CustomerSeq%_cmrr_mbep2d_bold",
    "ReceiveCoilActiveElements": "HEA;HEP",
    "ReceiveCoilName": "Head_32",
    "ReconMatrixPE": 128,
    "RefLinesPE": 92,
    "RepetitionTime": 2,
    "SAR": 0.159694,
    "ScanOptions": "PFP_FS",
    "ScanningSequence": "EP",
    "SequenceName": "epfid2d1_128",
    "SequenceVariant": "SK_SS",
    "SeriesDescription": "functional_run",
    "SeriesNumber": 18,
    "ShimSetting": [
      -2844,
      7918,
      -15435,
      -272,
      645,
      -785,
      187,
      -39
    ],
    "SliceThickness": 1.7,
    "SliceTiming": [
      0,
      1.03,
      0.08,
      1.11,
      0.16,
      1.19,
      0.2375,
      1.2675,
      0.3175,
      1.3475,
      0.3975,
      1.4275,
      0.4775,
      1.505,
      0.555,
      1.585,
      0.635,
      1.665,
      0.715,
      1.7425,
      0.7925,
      1.8225,
      0.8725,
      1.9025,
      0.9525,
      0,
      1.03,
      0.08,
      1.11,
      0.16,
      1.19,
      0.2375,
      1.2675,
      0.3175,
      1.3475,
      0.3975,
      1.4275,
      0.4775,
      1.505,
      0.555,
      1.585,
      0.635,
      1.665,
      0.715,
      1.7425,
      0.7925,
      1.8225,
      0.8725,
      1.9025,
      0.9525,
      0,
      1.03,
      0.08,
      1.11,
      0.16,
      1.19,
      0.2375,
      1.2675,
      0.3175,
      1.3475,
      0.3975,
      1.4275,
      0.4775,
      1.505,
      0.555,
      1.585,
      0.635,
      1.665,
      0.715,
      1.7425,
      0.7925,
      1.8225,
      0.8725,
      1.9025,
      0.9525
    ],
    "SoftwareVersions": "syngo_MR_E11",
    "SpacingBetweenSlices": 1.7,
    "StationName": "AWP45239",
    "TaskName": "struct",
    "TotalReadoutTime": 0.0488955,
    "TxRefAmp": 388.356,
    "WipMemBlock": "7e3758cc-c863-4435-91fe-c7babd04e755||Sequence: ve11a/master r/5a7612f; Mar  3 2017 11:38:58 by eja",
    "dataset": "ds004094",
    "modality": "bold",
    "run_id": 4,
    "subject_id": "108",
    "task_id": "struct"
  },
  "dummy_trs": 0,
  "dvars_nstd": 45.38550762845117,
  "dvars_std": 1.0349485308754212,
  "dvars_vstd": 0.9923534640067346,
  "efc": 0.4815541550205742,
  "fber": 13227.41796875,
  "fd_mean": 0.14477413339419232,
  "fd_num": 35,
  "fd_perc": 11.74496644295302,
  "fwhm_avg": 3.5850054068184427,
  "fwhm_x": 3.348410181818182,
  "fwhm_y": 3.8271767272727275,
  "fwhm_z": 3.5794293113644176,
  "gcor": 0.0069527,
  "gsr_x": -0.00045816850615665317,
  "gsr_y": 0.043192461133003235,
  "provenance": {
    "md5sum": "4d1edc85be8b7b112722d9026739755b",
    "settings": {
      "fd_thres": 0.2,
      "testing": false
    },
    "software": "mriqc",
    "version": "23.0.0",
    "webapi_port": null,
    "webapi_url": "https://mriqc.nimh.nih.gov/api/v1"
  },
  "size_t": 298,
  "size_x": 128,
  "size_y": 128,
  "size_z": 75,
  "snr": 2.0931258139772178,
  "spacing_tr": 2.0,
  "spacing_x": 1.71875,
  "spacing_y": 1.71875,
  "spacing_z": 1.7000000476837158,
  "summary_bg_k": 44.952712199791065,
  "summary_bg_mad": 50.08213711662183,
  "summary_bg_mean": 404.6039733886719,
  "summary_bg_median": 71.2418441772461,
  "summary_bg_n": 813689.0,
  "summary_bg_p05": 32.49387054443359,
  "summary_bg_p95": 2011.3072265624999,
  "summary_bg_stdv": 996.5457763671875,
  "summary_fg_k": 3.36396649985773,
  "summary_fg_mad": 3481.5778498280756,
  "summary_fg_mean": 9113.66796875,
  "summary_fg_median": 8310.919921875,
  "summary_fg_n": 273899.0,
  "summary_fg_p05": 4348.995214843751,
  "summary_fg_p95": 16366.637402343746,
  "summary_fg_stdv": 3970.571044921875,
  "tsnr": 28.849079132080078
}