{
  "bids_meta": {
    "AcquisitionMatrixPE": 384,
    "AcquisitionNumber": 1,
    "AcquisitionTime": "14:09:26.655000",
    "BaseResolution": 384,
    "BodyPartExamined": "BRAIN",
    "ConsistencyInfo": "N4_VE11A_LATEST_20140830",
    "ConversionSoftware": "dcm2niix",
    "ConversionSoftwareVersion": "v1.0.20190410  GCC6.3.0",
    "DeviceSerialNumber": "45239",
    "DwellTime": 6e-06,
    "EchoTime": 0.082,
    "EchoTrainLength": 18,
    "FlipAngle": 150,
    "ImageOrientationPatientDICOM": [
      0.999962,
      0.00876924,
      8.3742e-11,
      -0.00429089,
      0.489293,
      -0.872109
    ],
    "ImageType": [
      "ORIGINAL",
      "PRIMARY",
      "M",
      "ND",
      "NORM"
    ],
    "ImagingFrequency": 123.225,
    "InPlanePhaseEncodingDirectionDICOM": "ROW",
    "InstitutionAddress": "E_24th_St._100_Austin_Southmiddle_US_78712",
    "InstitutionName": "The_Univ._of_Texas_at_Austin_IRC",
    "InstitutionalDepartmentName": "IRC",
    "MRAcquisitionType": "2D",
    "MagneticFieldStrength": 3,
    "Manufacturer": "Siemens",
    "ManufacturersModelName": "Skyra",
    "Modality": "MR",
    "PartialFourier": 1,
    "PatientPosition": "HFS",
    "PercentPhaseFOV": 100,
    "PhaseEncodingDirection": "i",
    "PhaseEncodingSteps": 396,
    "PhaseResolution": 1,
    "PixelBandwidth": 215,
    "ProcedureStepDescription": "Preston_fMRI",
    "ProtocolName": "T2_coronal_matrix384",
    "PulseSequenceDetails": "%SiemensSeq%_tse",
    "ReceiveCoilActiveElements": "HEA;HEP",
    "ReceiveCoilName": "Head_32",
    "ReconMatrixPE": 384,
    "RepetitionTime": 13.15,
    "SAR": 0.626118,
    "ScanningSequence": "SE",
    "SequenceName": "_tse2d1_18",
    "SequenceVariant": "SK_SP_OSP",
    "SeriesDescription": "T2_coronal_matrix384",
    "SeriesNumber": 4,
    "ShimSetting": [
      -2849,
      8055,
      -15936,
      -670,
      286,
      -583,
      -301,
      11
    ],
    "SliceThickness": 1.5,
    "SoftwareVersions": "syngo_MR_E11",
    "SpacingBetweenSlices": 1.5,
    "StationName": "AWP45239",
    "TxRefAmp": 383.624,
    "dataset": "ds004094",
    "modality": "T2w",
    "run_id": 2,
    "subject_id": "107"
  },
  "cjv": 0.4660118258666888,
  "cnr": 2.2919645598041254,
  "efc": 0.689250276623199,
  "fber": 41.13870029513829,
  "fwhm_avg": 2.7716420253697387,
  "fwhm_x": 3.12127236088379,
  "fwhm_y": 2.028383062826649,
  "fwhm_z": 3.165270652398778,
  "icvs_csf": 0.1672258969952798,
  "icvs_gm": 0.6567998297540582,
  "icvs_wm": 0.1759742732506621,
  "inu_med": 0.987801730632782,
  "inu_range": 0.3860231041908264,
  "provenance": {
    "md5sum": "2f5193dabd0901af3023f7cac8360948",
    "settings": {
      "testing": false
    },
    "software": "mriqc",
    "version": "23.0.0",
    "warnings": {
      "large_rot_frame": false,
      "small_air_mask": false
    },
    "webapi_port": null,
    "webapi_url": "https://mriqc.nimh.nih.gov/api/v1"
  },
  "qi_1": 0.005928047078371143,
  "qi_2": 0.00048660732397978523,
  "rpve_csf": 7.818824312945515,
  "rpve_gm": 2.637093601787274,
  "rpve_wm": 8.560198716214554,
  "size_x": 384,
  "size_y": 60,
  "size_z": 384,
  "snr_csf": 7.177851345976086,
  "snr_gm": 4.285014450073708,
  "snr_total": 4.86582219159852,
  "snr_wm": 3.134600778745765,
  "snrd_csf": 17.71932936451937,
  "snrd_gm": 10.116459402196437,
  "snrd_total": 22.491144932061058,
  "snrd_wm": 39.63764602946736,
  "spacing_x": 0.4322916567325592,
  "spacing_y": 1.4999977350234985,
  "spacing_z": 0.4322916269302368,
  "summary_bg_k": 49.61230158901878,
  "summary_bg_mad": 0.0,
  "summary_bg_mean": 7.687439595399682,
  "summary_bg_median": 0.0,
  "summary_bg_n": 965047.0,
  "summary_bg_p05": 0.0,
  "summary_bg_p95": 29.71848380751908,
  "summary_bg_stdv": 16.529197403728883,
  "summary_csf_k": 0.7275304615799114,
  "summary_csf_mad": 58.98877169112772,
  "summary_csf_mean": 448.89281817488654,
  "summary_csf_median": 447.0615476835519,
  "summary_csf_n": 7935.0,
  "summary_csf_p05": 350.86047818977386,
  "summary_csf_p95": 553.1696346402168,
  "summary_csf_stdv": 62.279553451148715,
  "summary_gm_k": -0.013391915983917979,
  "summary_gm_mad": 60.85478189956236,
  "summary_gm_mean": 258.2753618952006,
  "summary_gm_median": 255.23990803398192,
  "summary_gm_n": 753197.0,
  "summary_gm_p05": 165.7762268744409,
  "summary_gm_p95": 359.08764358609915,
  "summary_gm_stdv": 59.56566578015925,
  "summary_wm_k": 1.0295523595499203,
  "summary_wm_mad": 286.24215778977504,
  "summary_wm_mean": 982.6492638679829,
  "summary_wm_median": 1000.0642245495692,
  "summary_wm_n": 81844.0,
  "summary_wm_p05": 289.5754164434038,
  "summary_wm_p95": 1391.9141205959022,
  "summary_wm_stdv": 319.0384312210156,
  "tpm_overlap_csf": 0.09137072431316684,
  "tpm_overlap_gm": 0.3914230383137827,
  "tpm_overlap_wm": 0.07596403761089908,
  "wm2max": 0.7129816144154703
}