{
  "bids_meta": {
    "AcquisitionMatrixPE": 384,
    "AcquisitionNumber": 1,
    "AcquisitionTime": "14:03:32.450000",
    "BaseResolution": 384,
    "BodyPartExamined": "BRAIN",
    "ConsistencyInfo": "N4_VE11A_LATEST_20140830",
    "ConversionSoftware": "dcm2niix",
    "ConversionSoftwareVersion": "v1.0.20190410  GCC6.3.0",
    "DeviceSerialNumber": "45239",
    "DwellTime": 6e-06,
    "EchoTime": 0.082,
    "EchoTrainLength": 18,
    "FlipAngle": 150,
    "ImageOrientationPatientDICOM": [
      0.999962,
      0.00876924,
      8.3742e-11,
      -0.00429089,
      0.489293,
      -0.872109
    ],
    "ImageType": [
      "ORIGINAL",
      "PRIMARY",
      "M",
      "ND",
      "NORM"
    ],
    "ImagingFrequency": 123.225,
    "InPlanePhaseEncodingDirectionDICOM": "ROW",
    "InstitutionAddress": "E_24th_St._100_Austin_Southmiddle_US_78712",
    "InstitutionName": "The_Univ._of_Texas_at_Austin_IRC",
    "InstitutionalDepartmentName": "IRC",
    "MRAcquisitionType": "2D",
    "MagneticFieldStrength": 3,
    "Manufacturer": "Siemens",
    "ManufacturersModelName": "Skyra",
    "Modality": "MR",
    "PartialFourier": 1,
    "PatientPosition": "HFS",
    "PercentPhaseFOV": 100,
    "PhaseEncodingDirection": "i",
    "PhaseEncodingSteps": 396,
    "PhaseResolution": 1,
    "PixelBandwidth": 215,
    "ProcedureStepDescription": "Preston_fMRI",
    "ProtocolName": "T2_coronal_matrix384",
    "PulseSequenceDetails": "%SiemensSeq%_tse",
    "ReceiveCoilActiveElements": "HEA;HEP",
    "ReceiveCoilName": "Head_32",
    "ReconMatrixPE": 384,
    "RepetitionTime": 13.15,
    "SAR": 0.626118,
    "ScanningSequence": "SE",
    "SequenceName": "_tse2d1_18",
    "SequenceVariant": "SK_SP_OSP",
    "SeriesDescription": "T2_coronal_matrix384",
    "SeriesNumber": 3,
    "ShimSetting": [
      -2849,
      8055,
      -15936,
      -670,
      286,
      -583,
      -301,
      11
    ],
    "SliceThickness": 1.5,
    "SoftwareVersions": "syngo_MR_E11",
    "SpacingBetweenSlices": 1.5,
    "StationName": "AWP45239",
    "TxRefAmp": 383.624,
    "dataset": "ds004094",
    "modality": "T2w",
    "run_id": 1,
    "subject_id": "107"
  },
  "cjv": 0.4656822161851051,
  "cnr": 2.139329135650064,
  "efc": 0.689034508966024,
  "fber": 138.0382242077044,
  "fwhm_avg": 2.6979498496845373,
  "fwhm_x": 2.9980222375695615,
  "fwhm_y": 1.9935696769256481,
  "fwhm_z": 3.102257634558403,
  "icvs_csf": 0.24790167549334188,
  "icvs_gm": 0.16318970851476963,
  "icvs_wm": 0.5889086159918885,
  "inu_med": 0.9856672883033752,
  "inu_range": 0.3919554352760315,
  "provenance": {
    "md5sum": "73c60e2bcfa3e79a30ce8ca57b2c7d89",
    "settings": {
      "testing": false
    },
    "software": "mriqc",
    "version": "23.0.0",
    "warnings": {
      "large_rot_frame": false,
      "small_air_mask": false
    },
    "webapi_port": null,
    "webapi_url": "https://mriqc.nimh.nih.gov/api/v1"
  },
  "qi_1": 0.007983598921120051,
  "qi_2": 0.0005283778417296423,
  "rpve_csf": 5.410374368492771,
  "rpve_gm": 10.523918556121739,
  "rpve_wm": 2.854426655931626,
  "size_x": 384,
  "size_y": 60,
  "size_z": 384,
  "snr_csf": 5.451938942399287,
  "snr_gm": 2.8862265297944223,
  "snr_total": 4.371616143202077,
  "snr_wm": 4.776682957412523,
  "snrd_csf": 26.523019183797754,
  "snrd_gm": 62.68779933360275,
  "snrd_total": 34.96174043632818,
  "snrd_wm": 15.674402791584034,
  "spacing_x": 0.4322916567325592,
  "spacing_y": 1.4999977350234985,
  "spacing_z": 0.4322916269302368,
  "summary_bg_k": 112.8968330314245,
  "summary_bg_mad": 0.0,
  "summary_bg_mean": 21.33512609330875,
  "summary_bg_median": 0.0,
  "summary_bg_n": 923722.0,
  "summary_bg_p05": 0.0,
  "summary_bg_p95": 86.19430057704449,
  "summary_bg_stdv": 41.8053002496081,
  "summary_csf_k": 2.72226608815287,
  "summary_csf_mad": 227.116770371476,
  "summary_csf_mean": 1659.8724984045862,
  "summary_csf_median": 1692.4762240424752,
  "summary_csf_n": 16165.0,
  "summary_csf_p05": 881.7906522229314,
  "summary_csf_p95": 2074.819949604571,
  "summary_csf_stdv": 310.4260504549292,
  "summary_gm_k": 0.6284024656463996,
  "summary_gm_mad": 1188.9593871286056,
  "summary_gm_mean": 3874.096612527808,
  "summary_gm_median": 4000.208617821336,
  "summary_gm_n": 86015.0,
  "summary_gm_p05": 557.6959079951048,
  "summary_gm_p95": 5663.466434888542,
  "summary_gm_stdv": 1385.9568275354936,
  "summary_wm_k": 0.13234314675817282,
  "summary_wm_mad": 208.0872317095608,
  "summary_wm_mean": 1010.6337266798085,
  "summary_wm_median": 1000.2086816355586,
  "summary_wm_n": 720117.0,
  "summary_wm_p05": 682.3541543260217,
  "summary_wm_p95": 1366.6909862682223,
  "summary_wm_stdv": 209.39384005100675,
  "tpm_overlap_csf": 0.08743696689458451,
  "tpm_overlap_gm": 0.11903707583790332,
  "tpm_overlap_wm": 0.43898107616465865,
  "wm2max": 0.1747620610436495
}