{
  "bids_meta": {
    "AcquisitionMatrixPE": 256,
    "AcquisitionNumber": 1,
    "AcquisitionTime": "13:54:10.000000",
    "BaseResolution": 256,
    "BodyPartExamined": "BRAIN",
    "ConsistencyInfo": "N4_VE11A_LATEST_20140830",
    "ConversionSoftware": "dcm2niix",
    "ConversionSoftwareVersion": "v1.0.20190410  GCC6.3.0",
    "DeviceSerialNumber": "45239",
    "DwellTime": 1.09e-05,
    "EchoTime": 0.00243,
    "FlipAngle": 9,
    "ImageOrientationPatientDICOM": [
      -0.00698231,
      0.999976,
      -1.43242e-08,
      0.0174516,
      0.000121841,
      -0.999848
    ],
    "ImageType": [
      "ORIGINAL",
      "PRIMARY",
      "M",
      "ND",
      "NORM"
    ],
    "ImagingFrequency": 123.225,
    "InPlanePhaseEncodingDirectionDICOM": "ROW",
    "InstitutionAddress": "E_24th_St._100_Austin_Southmiddle_US_78712",
    "InstitutionName": "The_Univ._of_Texas_at_Austin_IRC",
    "InstitutionalDepartmentName": "IRC",
    "InversionTime": 0.9,
    "MRAcquisitionType": "3D",
    "MagneticFieldStrength": 3,
    "Manufacturer": "Siemens",
    "ManufacturersModelName": "Skyra",
    "Modality": "MR",
    "PartialFourier": 1,
    "PatientPosition": "HFS",
    "PercentPhaseFOV": 100,
    "PhaseEncodingSteps": 255,
    "PhaseResolution": 1,
    "PixelBandwidth": 180,
    "ProcedureStepDescription": "Preston_fMRI",
    "ProtocolName": "mprage",
    "PulseSequenceDetails": "%SiemensSeq%_tfl",
    "ReceiveCoilActiveElements": "HEA;HEP",
    "ReceiveCoilName": "Head_32",
    "ReconMatrixPE": 256,
    "RefLinesPE": 48,
    "RepetitionTime": 1.9,
    "SAR": 0.112772,
    "ScanOptions": "IR",
    "ScanningSequence": "GR_IR",
    "SequenceName": "_tfl3d1_16ns",
    "SequenceVariant": "SK_SP_MP",
    "SeriesDescription": "mprage",
    "SeriesNumber": 2,
    "ShimSetting": [
      -2849,
      8055,
      -15936,
      -670,
      286,
      -583,
      -301,
      11
    ],
    "SliceThickness": 1,
    "SoftwareVersions": "syngo_MR_E11",
    "StationName": "AWP45239",
    "TxRefAmp": 383.624,
    "dataset": "ds004094",
    "modality": "T1w",
    "subject_id": "107"
  },
  "cjv": 0.3806286719866647,
  "cnr": 3.5842607494455745,
  "efc": 0.5763717959724359,
  "fber": -1.0,
  "fwhm_avg": 4.08333,
  "fwhm_x": 4.06193,
  "fwhm_y": 4.10795,
  "fwhm_z": 4.08011,
  "icvs_csf": 0.17703463965498528,
  "icvs_gm": 0.4539397004157061,
  "icvs_wm": 0.36902565992930864,
  "inu_med": 0.3643827736377716,
  "inu_range": 0.1105515345931053,
  "provenance": {
    "md5sum": "1ae360d5796b5c64582ef785f87c951d",
    "settings": {
      "testing": false
    },
    "software": "mriqc",
    "version": "23.0.0",
    "warnings": {
      "large_rot_frame": true,
      "small_air_mask": false
    },
    "webapi_port": null,
    "webapi_url": "https://mriqc.nimh.nih.gov/api/v1"
  },
  "qi_1": 0.0074244427789208365,
  "qi_2": 0.05301430178948003,
  "rpve_csf": 29.77302803101912,
  "rpve_gm": 12.898825592059685,
  "rpve_wm": 17.914674794242075,
  "size_x": 192,
  "size_y": 256,
  "size_z": 256,
  "snr_csf": 2.576991261967922,
  "snr_gm": 14.47474377365913,
  "snr_total": 14.91113284928761,
  "snr_wm": 27.681663512235776,
  "snrd_csf": 56.644445958883004,
  "snrd_gm": 127.235417380046,
  "snrd_total": 116.42779993959992,
  "snrd_wm": 165.40353647987072,
  "spacing_x": 1.0,
  "spacing_y": 1.0,
  "spacing_z": 1.0,
  "summary_bg_k": 18.517534272809872,
  "summary_bg_mad": 0.0,
  "summary_bg_mean": 1.6677758935280833,
  "summary_bg_median": 0.0,
  "summary_bg_n": 2133968.0,
  "summary_bg_p05": 0.0,
  "summary_bg_p95": 8.106367774307728,
  "summary_bg_stdv": 3.9609868050861534,
  "summary_csf_k": 0.43420465310852574,
  "summary_csf_mad": 98.45076419349442,
  "summary_csf_mean": 331.6477148830876,
  "summary_csf_median": 342.4750983528793,
  "summary_csf_n": 22429.0,
  "summary_csf_p05": 75.98015178367496,
  "summary_csf_p95": 540.0810709297657,
  "summary_csf_stdv": 132.8943053368961,
  "summary_gm_k": 0.040618898745367726,
  "summary_gm_mad": 52.735463535477045,
  "summary_gm_mean": 767.7421216641361,
  "summary_gm_median": 769.2715736478567,
  "summary_gm_n": 40404.0,
  "summary_gm_p05": 678.6620796471834,
  "summary_gm_p95": 853.7065912596881,
  "summary_gm_stdv": 53.14512407767781,
  "summary_wm_k": 0.3397998804177451,
  "summary_wm_mad": 35.10081438729835,
  "summary_wm_mean": 1001.5011120373082,
  "summary_wm_median": 1000.037893652916,
  "summary_wm_n": 206417.0,
  "summary_wm_p05": 944.7327677160501,
  "summary_wm_p95": 1062.7296631224453,
  "summary_wm_stdv": 36.12627799030392,
  "tpm_overlap_csf": 0.1457145656329787,
  "tpm_overlap_gm": 0.47292298909627906,
  "tpm_overlap_wm": 0.5013398763330753,
  "wm2max": 0.5075361427253153
}