{
  "bids_meta": {
    "AcquisitionMatrixPE": 384,
    "AcquisitionNumber": 1,
    "AcquisitionTime": "17:18:46.670000",
    "BaseResolution": 384,
    "BodyPartExamined": "BRAIN",
    "ConsistencyInfo": "N4_VE11C_LATEST_20160120",
    "ConversionSoftware": "dcm2niix",
    "ConversionSoftwareVersion": "v1.0.20190410  GCC6.3.0",
    "DeviceSerialNumber": "45239",
    "DwellTime": 6e-06,
    "EchoTime": 0.082,
    "EchoTrainLength": 18,
    "FlipAngle": 150,
    "ImageOrientationPatientDICOM": [
      1,
      -0.000500391,
      4.129e-12,
      0.000242593,
      0.484807,
      -0.874621
    ],
    "ImageType": [
      "ORIGINAL",
      "PRIMARY",
      "M",
      "ND",
      "NORM"
    ],
    "ImagingFrequency": 123.172,
    "InPlanePhaseEncodingDirectionDICOM": "ROW",
    "InstitutionAddress": "E_24th_St._100_Austin_Southmiddle_US_78712",
    "InstitutionName": "The_Univ._of_Texas_at_Austin_IRC",
    "InstitutionalDepartmentName": "IRC",
    "MRAcquisitionType": "2D",
    "MagneticFieldStrength": 3,
    "Manufacturer": "Siemens",
    "ManufacturersModelName": "Skyra",
    "Modality": "MR",
    "PartialFourier": 1,
    "PatientPosition": "HFS",
    "PercentPhaseFOV": 100,
    "PhaseEncodingDirection": "i",
    "PhaseEncodingSteps": 396,
    "PhaseResolution": 1,
    "PixelBandwidth": 215,
    "ProcedureStepDescription": "Preston_fMRI",
    "ProtocolName": "T2_coronal_matrix384",
    "PulseSequenceDetails": "%SiemensSeq%_tse",
    "ReceiveCoilActiveElements": "HEA;HEP",
    "ReceiveCoilName": "Head_32",
    "ReconMatrixPE": 384,
    "RepetitionTime": 13.15,
    "SAR": 0.573602,
    "ScanningSequence": "SE",
    "SequenceName": "_tse2d1_18",
    "SequenceVariant": "SK_SP_OSP",
    "SeriesDescription": "T2_coronal_matrix384",
    "SeriesNumber": 4,
    "ShimSetting": [
      -2751,
      8072,
      -15888,
      -462,
      637,
      -681,
      -484,
      -138
    ],
    "SliceThickness": 1.5,
    "SoftwareVersions": "syngo_MR_E11",
    "SpacingBetweenSlices": 1.5,
    "StationName": "AWP45239",
    "TxRefAmp": 360.583,
    "dataset": "ds004094",
    "modality": "T2w",
    "run_id": 2,
    "subject_id": "136"
  },
  "cjv": 0.22271213236504928,
  "cnr": 3.290583946666618,
  "efc": 0.7145878062809156,
  "fber": 14.487400080968666,
  "fwhm_avg": 2.847878892373904,
  "fwhm_x": 3.1648771811629417,
  "fwhm_y": 2.0117039968967374,
  "fwhm_z": 3.3670554990620323,
  "icvs_csf": 0.2578940768957616,
  "icvs_gm": 0.15521283323017587,
  "icvs_wm": 0.5868930898740625,
  "inu_med": 0.9357841610908508,
  "inu_range": 0.32063274383544904,
  "provenance": {
    "md5sum": "ab441af59aa53c4317c9416bc5b7f397",
    "settings": {
      "testing": false
    },
    "software": "mriqc",
    "version": "23.0.0",
    "warnings": {
      "large_rot_frame": false,
      "small_air_mask": false
    },
    "webapi_port": null,
    "webapi_url": "https://mriqc.nimh.nih.gov/api/v1"
  },
  "qi_1": 0.025838358016181596,
  "qi_2": 0.0004246242488610854,
  "rpve_csf": 4.7901564962234415,
  "rpve_gm": 10.953304648814361,
  "rpve_wm": 2.7744799888758926,
  "size_x": 384,
  "size_y": 60,
  "size_z": 384,
  "snr_csf": 7.119571124931591,
  "snr_gm": 4.254474790691089,
  "snr_total": 5.314320888339238,
  "snr_wm": 4.568916749395034,
  "snrd_csf": 14.766151324968275,
  "snrd_gm": 37.800447016838,
  "snrd_total": 20.166601059551187,
  "snrd_wm": 7.933204836847286,
  "spacing_x": 0.4322916567325592,
  "spacing_y": 1.4999970197677612,
  "spacing_z": 0.4322916567325592,
  "summary_bg_k": 253.8111859130085,
  "summary_bg_mad": 0.0,
  "summary_bg_mean": 19.145955970133606,
  "summary_bg_median": 0.0,
  "summary_bg_n": 889457.0,
  "summary_bg_p05": 0.0,
  "summary_bg_p95": 73.78817200660706,
  "summary_bg_stdv": 82.60030633956868,
  "summary_csf_k": 1.2001107723403726,
  "summary_csf_mad": 239.3302733667974,
  "summary_csf_mean": 1874.3236203616998,
  "summary_csf_median": 1861.7323398590088,
  "summary_csf_n": 49178.0,
  "summary_csf_p05": 1475.2923310339452,
  "summary_csf_p95": 2319.332526564598,
  "summary_csf_stdv": 261.49235376486257,
  "summary_gm_k": 3.8380911255917143,
  "summary_gm_mad": 632.6599842375467,
  "summary_gm_mean": 4427.3601724811215,
  "summary_gm_median": 4765.921269774437,
  "summary_gm_n": 113499.0,
  "summary_gm_p05": 2088.318788051605,
  "summary_gm_p95": 5602.45209980011,
  "summary_gm_stdv": 1120.2088409886103,
  "summary_wm_k": 0.6000200005500349,
  "summary_wm_mad": 206.0058049233193,
  "summary_wm_mean": 1013.0155852949009,
  "summary_wm_median": 1000.227051615715,
  "summary_wm_n": 828902.0,
  "summary_wm_p05": 676.4672569036484,
  "summary_wm_p95": 1392.7801266908646,
  "summary_wm_stdv": 218.9198234796894,
  "tpm_overlap_csf": 0.10814988533720757,
  "tpm_overlap_gm": 0.1144195130592583,
  "tpm_overlap_wm": 0.452393696916931,
  "wm2max": 0.16936309624649068
}