{
  "bids_meta": {
    "AcquisitionMatrixPE": 256,
    "AcquisitionNumber": 1,
    "AcquisitionTime": "19:11:16.100000",
    "BaseResolution": 256,
    "BodyPartExamined": "BRAIN",
    "ConsistencyInfo": "N4_VE11C_LATEST_20160120",
    "ConversionSoftware": "dcm2niix",
    "ConversionSoftwareVersion": "v1.0.20190410  GCC6.3.0",
    "DeviceSerialNumber": "45239",
    "DwellTime": 1.09e-05,
    "EchoTime": 0.00243,
    "FlipAngle": 9,
    "ImageOrientationPatientDICOM": [
      0,
      1,
      0,
      0,
      0,
      -1
    ],
    "ImageType": [
      "ORIGINAL",
      "PRIMARY",
      "M",
      "ND",
      "NORM"
    ],
    "ImagingFrequency": 123.172,
    "InPlanePhaseEncodingDirectionDICOM": "ROW",
    "InstitutionAddress": "E_24th_St._100_Austin_Southmiddle_US_78712",
    "InstitutionName": "The_Univ._of_Texas_at_Austin_IRC",
    "InstitutionalDepartmentName": "IRC",
    "InversionTime": 0.9,
    "MRAcquisitionType": "3D",
    "MagneticFieldStrength": 3,
    "Manufacturer": "Siemens",
    "ManufacturersModelName": "Skyra",
    "Modality": "MR",
    "PartialFourier": 1,
    "PatientPosition": "HFS",
    "PercentPhaseFOV": 100,
    "PhaseEncodingSteps": 255,
    "PhaseResolution": 1,
    "PixelBandwidth": 180,
    "ProcedureStepDescription": "Preston_fMRI",
    "ProtocolName": "mprage",
    "PulseSequenceDetails": "%SiemensSeq%_tfl",
    "ReceiveCoilActiveElements": "HEA;HEP",
    "ReceiveCoilName": "Head_32",
    "ReconMatrixPE": 256,
    "RefLinesPE": 48,
    "RepetitionTime": 1.9,
    "SAR": 0.0764088,
    "ScanOptions": "IR",
    "ScanningSequence": "GR_IR",
    "SequenceName": "_tfl3d1_16ns",
    "SequenceVariant": "SK_SP_MP",
    "SeriesDescription": "mprage",
    "SeriesNumber": 2,
    "ShimSetting": [
      -2751,
      8072,
      -15888,
      -462,
      637,
      -681,
      -484,
      -138
    ],
    "SliceThickness": 1,
    "SoftwareVersions": "syngo_MR_E11",
    "StationName": "AWP45239",
    "TxRefAmp": 325.588,
    "dataset": "ds004094",
    "modality": "T1w",
    "subject_id": "135"
  },
  "cjv": 0.3600098688476522,
  "cnr": 3.7555465097522647,
  "efc": 0.575992504315437,
  "fber": -1.0,
  "fwhm_avg": 4.246083333333334,
  "fwhm_x": 4.22834,
  "fwhm_y": 4.22913,
  "fwhm_z": 4.28078,
  "icvs_csf": 0.17847870713826064,
  "icvs_gm": 0.4483380679685829,
  "icvs_wm": 0.3731832248931565,
  "inu_med": 0.37631872296333313,
  "inu_range": 0.1265488862991333,
  "provenance": {
    "md5sum": "7d4ea650b95797f0b69ea483d5c4cb2d",
    "settings": {
      "testing": false
    },
    "software": "mriqc",
    "version": "23.0.0",
    "warnings": {
      "large_rot_frame": true,
      "small_air_mask": false
    },
    "webapi_port": null,
    "webapi_url": "https://mriqc.nimh.nih.gov/api/v1"
  },
  "qi_1": 0.0014233537619784754,
  "qi_2": 0.012053248175985616,
  "rpve_csf": 27.325684975664977,
  "rpve_gm": 11.98387635610862,
  "rpve_wm": 16.158304829520464,
  "size_x": 192,
  "size_y": 256,
  "size_z": 256,
  "snr_csf": 2.772282088185342,
  "snr_gm": 16.111096431301316,
  "snr_total": 15.438151656911723,
  "snr_wm": 27.431076451248515,
  "snrd_csf": 54.479661241543205,
  "snrd_gm": 123.772279697298,
  "snrd_total": 112.77995255914406,
  "snrd_wm": 160.08791673859096,
  "spacing_x": 1.0,
  "spacing_y": 1.0,
  "spacing_z": 1.0,
  "summary_bg_k": 27.698264956240745,
  "summary_bg_mad": 0.0,
  "summary_bg_mean": 1.6281270116271942,
  "summary_bg_median": 0.0,
  "summary_bg_n": 2580178.0,
  "summary_bg_p05": 0.0,
  "summary_bg_p95": 8.295859515666962,
  "summary_bg_stdv": 4.092512326220757,
  "summary_csf_k": 18.815010629256054,
  "summary_csf_mad": 71.84263856506219,
  "summary_csf_mean": 346.5470800170634,
  "summary_csf_median": 340.32406863570213,
  "summary_csf_n": 32127.0,
  "summary_csf_p05": 133.4276582568884,
  "summary_csf_p95": 524.6549658179283,
  "summary_csf_stdv": 122.75762755237191,
  "summary_gm_k": 0.08501367995440434,
  "summary_gm_mad": 47.47361556379309,
  "summary_gm_mean": 773.1060573821053,
  "summary_gm_median": 773.1818599998951,
  "summary_gm_n": 44399.0,
  "summary_gm_p05": 694.4099602997303,
  "summary_gm_p95": 851.8762283027172,
  "summary_gm_stdv": 47.99010148370021,
  "summary_wm_k": 0.7628225940610056,
  "summary_wm_mad": 34.1970959569696,
  "summary_wm_mean": 1001.0983188442056,
  "summary_wm_median": 1000.0387286245823,
  "summary_wm_n": 237738.0,
  "summary_wm_p05": 943.7121684551239,
  "summary_wm_p95": 1062.1859584495423,
  "summary_wm_stdv": 36.45633911460399,
  "tpm_overlap_csf": 0.14999321171420718,
  "tpm_overlap_gm": 0.4629170998969699,
  "tpm_overlap_wm": 0.5119678835964684,
  "wm2max": 0.4868093297101449
}