{
  "bids_meta": {
    "AcquisitionMatrixPE": 384,
    "AcquisitionNumber": 1,
    "AcquisitionTime": "17:29:0.770000",
    "BaseResolution": 384,
    "BodyPartExamined": "BRAIN",
    "ConsistencyInfo": "N4_VE11C_LATEST_20160120",
    "ConversionSoftware": "dcm2niix",
    "ConversionSoftwareVersion": "v1.0.20190410  GCC6.3.0",
    "DeviceSerialNumber": "45239",
    "DwellTime": 6e-06,
    "EchoTime": 0.082,
    "EchoTrainLength": 18,
    "FlipAngle": 150,
    "ImageOrientationPatientDICOM": [
      0.999996,
      0.00293693,
      4.3279e-11,
      -0.00158214,
      0.538702,
      -0.842495
    ],
    "ImageType": [
      "ORIGINAL",
      "PRIMARY",
      "M",
      "ND",
      "NORM"
    ],
    "ImagingFrequency": 123.172,
    "InPlanePhaseEncodingDirectionDICOM": "ROW",
    "InstitutionAddress": "E_24th_St._100_Austin_Southmiddle_US_78712",
    "InstitutionName": "The_Univ._of_Texas_at_Austin_IRC",
    "InstitutionalDepartmentName": "IRC",
    "MRAcquisitionType": "2D",
    "MagneticFieldStrength": 3,
    "Manufacturer": "Siemens",
    "ManufacturersModelName": "Skyra",
    "Modality": "MR",
    "PartialFourier": 1,
    "PatientPosition": "HFS",
    "PercentPhaseFOV": 100,
    "PhaseEncodingDirection": "i",
    "PhaseEncodingSteps": 396,
    "PhaseResolution": 1,
    "PixelBandwidth": 215,
    "ProcedureStepDescription": "Preston_fMRI",
    "ProtocolName": "T2_coronal_matrix384",
    "PulseSequenceDetails": "%SiemensSeq%_tse",
    "ReceiveCoilActiveElements": "HEA;HEP",
    "ReceiveCoilName": "Head_32",
    "ReconMatrixPE": 384,
    "RepetitionTime": 13.15,
    "SAR": 0.493501,
    "ScanningSequence": "SE",
    "SequenceName": "_tse2d1_18",
    "SequenceVariant": "SK_SP_OSP",
    "SeriesDescription": "T2_coronal_matrix384",
    "SeriesNumber": 4,
    "ShimSetting": [
      -2751,
      8072,
      -15888,
      -462,
      637,
      -681,
      -484,
      -138
    ],
    "SliceThickness": 1.5,
    "SoftwareVersions": "syngo_MR_E11",
    "SpacingBetweenSlices": 1.5,
    "StationName": "AWP45239",
    "TxRefAmp": 332.534,
    "dataset": "ds004094",
    "modality": "T2w",
    "run_id": 2,
    "subject_id": "132"
  },
  "cjv": 0.4838577547640912,
  "cnr": 2.6622453290228374,
  "efc": 0.6919113546167409,
  "fber": 64.01034970687616,
  "fwhm_avg": 3.0704198982998405,
  "fwhm_x": 3.349497677381691,
  "fwhm_y": 2.2374959101354337,
  "fwhm_z": 3.6242661073823976,
  "icvs_csf": 0.13161655026084515,
  "icvs_gm": 0.4680928500281816,
  "icvs_wm": 0.4002905997109733,
  "inu_med": 0.9325094223022461,
  "inu_range": 0.3455328732728957,
  "provenance": {
    "md5sum": "9d35ddab5180aacc74af71aaef2efea6",
    "settings": {
      "testing": false
    },
    "software": "mriqc",
    "version": "23.0.0",
    "warnings": {
      "large_rot_frame": false,
      "small_air_mask": false
    },
    "webapi_port": null,
    "webapi_url": "https://mriqc.nimh.nih.gov/api/v1"
  },
  "qi_1": 0.0004740061307326007,
  "qi_2": 0.0012178840668537747,
  "rpve_csf": 11.371496866285291,
  "rpve_gm": 3.2878204753270555,
  "rpve_wm": 3.9271803061133803,
  "size_x": 384,
  "size_y": 60,
  "size_z": 384,
  "snr_csf": 4.810374868677625,
  "snr_gm": 7.484344637772356,
  "snr_total": 5.548104872398145,
  "snr_wm": 4.349595110744454,
  "snrd_csf": 86.09565390629602,
  "snrd_gm": 24.397305562522533,
  "snrd_total": 41.04457723913734,
  "snrd_wm": 12.640772248593459,
  "spacing_x": 0.4322916865348816,
  "spacing_y": 1.5000027418136597,
  "spacing_z": 0.4322916567325592,
  "summary_bg_k": 15.370336773051385,
  "summary_bg_mad": 0.0,
  "summary_bg_mean": 28.413114453896146,
  "summary_bg_median": 0.0,
  "summary_bg_n": 921692.0,
  "summary_bg_p05": 0.0,
  "summary_bg_p95": 133.68203710764647,
  "summary_bg_stdv": 51.820942000269355,
  "summary_csf_k": 3.205940372416018,
  "summary_csf_mad": 848.5152183235956,
  "summary_csf_mean": 6183.25726616583,
  "summary_csf_median": 6810.1205909997225,
  "summary_csf_n": 98293.0,
  "summary_csf_p05": 3601.994979828596,
  "summary_csf_p95": 7516.117445752025,
  "summary_csf_stdv": 1415.7079510193814,
  "summary_gm_k": 0.6466276641815738,
  "summary_gm_mad": 238.594183600875,
  "summary_gm_mean": 1946.6756394787576,
  "summary_gm_median": 1929.8139387741685,
  "summary_gm_n": 173849.0,
  "summary_gm_p05": 1551.514452509582,
  "summary_gm_p95": 2394.7208958491683,
  "summary_gm_stdv": 257.8460081551802,
  "summary_wm_k": 0.8171204094506077,
  "summary_wm_mad": 211.3623455632846,
  "summary_wm_mean": 1005.7761077576163,
  "summary_wm_median": 999.8783849179745,
  "summary_wm_n": 414594.0,
  "summary_wm_p05": 639.8248545825481,
  "summary_wm_p95": 1390.0985623896122,
  "summary_wm_stdv": 229.8782193760695,
  "tpm_overlap_csf": 0.1584005199480339,
  "tpm_overlap_gm": 0.4365018464904046,
  "tpm_overlap_wm": 0.4173782380939192,
  "wm2max": 0.13204819277108434
}