{
  "bids_meta": {
    "AcquisitionMatrixPE": 384,
    "AcquisitionNumber": 1,
    "AcquisitionTime": "17:23:50.482500",
    "BaseResolution": 384,
    "BodyPartExamined": "BRAIN",
    "ConsistencyInfo": "N4_VE11C_LATEST_20160120",
    "ConversionSoftware": "dcm2niix",
    "ConversionSoftwareVersion": "v1.0.20190410  GCC6.3.0",
    "DeviceSerialNumber": "45239",
    "DwellTime": 6e-06,
    "EchoTime": 0.082,
    "EchoTrainLength": 18,
    "FlipAngle": 150,
    "ImageOrientationPatientDICOM": [
      0.999996,
      0.00293693,
      4.3279e-11,
      -0.00158214,
      0.538702,
      -0.842495
    ],
    "ImageType": [
      "ORIGINAL",
      "PRIMARY",
      "M",
      "ND",
      "NORM"
    ],
    "ImagingFrequency": 123.172,
    "InPlanePhaseEncodingDirectionDICOM": "ROW",
    "InstitutionAddress": "E_24th_St._100_Austin_Southmiddle_US_78712",
    "InstitutionName": "The_Univ._of_Texas_at_Austin_IRC",
    "InstitutionalDepartmentName": "IRC",
    "MRAcquisitionType": "2D",
    "MagneticFieldStrength": 3,
    "Manufacturer": "Siemens",
    "ManufacturersModelName": "Skyra",
    "Modality": "MR",
    "PartialFourier": 1,
    "PatientPosition": "HFS",
    "PercentPhaseFOV": 100,
    "PhaseEncodingDirection": "i",
    "PhaseEncodingSteps": 396,
    "PhaseResolution": 1,
    "PixelBandwidth": 215,
    "ProcedureStepDescription": "Preston_fMRI",
    "ProtocolName": "T2_coronal_matrix384",
    "PulseSequenceDetails": "%SiemensSeq%_tse",
    "ReceiveCoilActiveElements": "HEA;HEP",
    "ReceiveCoilName": "Head_32",
    "ReconMatrixPE": 384,
    "RepetitionTime": 13.15,
    "SAR": 0.493501,
    "ScanningSequence": "SE",
    "SequenceName": "_tse2d1_18",
    "SequenceVariant": "SK_SP_OSP",
    "SeriesDescription": "T2_coronal_matrix384",
    "SeriesNumber": 3,
    "ShimSetting": [
      -2751,
      8072,
      -15888,
      -462,
      637,
      -681,
      -484,
      -138
    ],
    "SliceThickness": 1.5,
    "SoftwareVersions": "syngo_MR_E11",
    "SpacingBetweenSlices": 1.5,
    "StationName": "AWP45239",
    "TxRefAmp": 332.534,
    "dataset": "ds004094",
    "modality": "T2w",
    "run_id": 1,
    "subject_id": "132"
  },
  "cjv": 0.47660535713570173,
  "cnr": 2.681051118926071,
  "efc": 0.6938130040315762,
  "fber": 55.292346366782006,
  "fwhm_avg": 3.0125931526461733,
  "fwhm_x": 3.3145906910342164,
  "fwhm_y": 2.1910826616397525,
  "fwhm_z": 3.532106105264551,
  "icvs_csf": 0.133218533592442,
  "icvs_gm": 0.46831333396343866,
  "icvs_wm": 0.3984681324441193,
  "inu_med": 0.9228725433349609,
  "inu_range": 0.3328808546066284,
  "provenance": {
    "md5sum": "37e3f0d01fae08b3e3dd55496e7a2539",
    "settings": {
      "testing": false
    },
    "software": "mriqc",
    "version": "23.0.0",
    "warnings": {
      "large_rot_frame": false,
      "small_air_mask": false
    },
    "webapi_port": null,
    "webapi_url": "https://mriqc.nimh.nih.gov/api/v1"
  },
  "qi_1": 0.00014636487623138957,
  "qi_2": 0.0011060903341508813,
  "rpve_csf": 11.352571384011542,
  "rpve_gm": 3.322949680644812,
  "rpve_wm": 3.989949729953329,
  "size_x": 384,
  "size_y": 60,
  "size_z": 384,
  "snr_csf": 4.8893584299150685,
  "snr_gm": 7.567033822604306,
  "snr_total": 5.635073121393031,
  "snr_wm": 4.448827111659719,
  "snrd_csf": 83.25433822701497,
  "snrd_gm": 23.91277270078554,
  "snrd_total": 39.87481693448049,
  "snrd_wm": 12.457339875640965,
  "spacing_x": 0.4322916865348816,
  "spacing_y": 1.5000027418136597,
  "spacing_z": 0.4322916567325592,
  "summary_bg_k": 55.24848491352819,
  "summary_bg_mad": 0.0,
  "summary_bg_mean": 25.67335627993988,
  "summary_bg_median": 0.0,
  "summary_bg_n": 921832.0,
  "summary_bg_p05": 0.0,
  "summary_bg_p95": 118.14946863055229,
  "summary_bg_stdv": 52.590394101860156,
  "summary_csf_k": 4.283805728617995,
  "summary_csf_mad": 758.7124676907938,
  "summary_csf_mean": 6103.938192610656,
  "summary_csf_median": 6683.155535317957,
  "summary_csf_n": 94269.0,
  "summary_csf_p05": 3513.2859562560916,
  "summary_csf_p95": 7335.350092075765,
  "summary_csf_stdv": 1366.8705585325404,
  "summary_gm_k": 0.7024906792572807,
  "summary_gm_mad": 233.0306026171307,
  "summary_gm_mean": 1936.4548908744628,
  "summary_gm_median": 1919.5729933530092,
  "summary_gm_n": 172033.0,
  "summary_gm_p05": 1549.110352255404,
  "summary_gm_p95": 2378.52911195904,
  "summary_gm_stdv": 253.67501444583334,
  "summary_wm_k": 0.8530608679710361,
  "summary_wm_mad": 205.2428024559936,
  "summary_wm_mean": 1004.1095099174445,
  "summary_wm_median": 1000.0000206381083,
  "summary_wm_n": 416245.0,
  "summary_wm_p05": 644.4839990660548,
  "summary_wm_p95": 1377.8173475340009,
  "summary_wm_stdv": 224.7780806767884,
  "tpm_overlap_csf": 0.16382936073500498,
  "tpm_overlap_gm": 0.43614084596426433,
  "tpm_overlap_wm": 0.4242495085078948,
  "wm2max": 0.13523702574797467
}