{
  "bids_meta": {
    "AcquisitionMatrixPE": 256,
    "AcquisitionNumber": 1,
    "AcquisitionTime": "17:14:55.137500",
    "BaseResolution": 256,
    "BodyPartExamined": "BRAIN",
    "ConsistencyInfo": "N4_VE11C_LATEST_20160120",
    "ConversionSoftware": "dcm2niix",
    "ConversionSoftwareVersion": "v1.0.20190410  GCC6.3.0",
    "DeviceSerialNumber": "45239",
    "DwellTime": 1.09e-05,
    "EchoTime": 0.00243,
    "FlipAngle": 9,
    "ImageOrientationPatientDICOM": [
      0.0157074,
      0.999877,
      0,
      0,
      0,
      -1
    ],
    "ImageType": [
      "ORIGINAL",
      "PRIMARY",
      "M",
      "ND",
      "NORM"
    ],
    "ImagingFrequency": 123.172,
    "InPlanePhaseEncodingDirectionDICOM": "ROW",
    "InstitutionAddress": "E_24th_St._100_Austin_Southmiddle_US_78712",
    "InstitutionName": "The_Univ._of_Texas_at_Austin_IRC",
    "InstitutionalDepartmentName": "IRC",
    "InversionTime": 0.9,
    "MRAcquisitionType": "3D",
    "MagneticFieldStrength": 3,
    "Manufacturer": "Siemens",
    "ManufacturersModelName": "Skyra",
    "Modality": "MR",
    "PartialFourier": 1,
    "PatientPosition": "HFS",
    "PercentPhaseFOV": 100,
    "PhaseEncodingSteps": 255,
    "PhaseResolution": 1,
    "PixelBandwidth": 180,
    "ProcedureStepDescription": "Preston_fMRI",
    "ProtocolName": "mprage",
    "PulseSequenceDetails": "%SiemensSeq%_tfl",
    "ReceiveCoilActiveElements": "HEA;HEP",
    "ReceiveCoilName": "Head_32",
    "ReconMatrixPE": 256,
    "RefLinesPE": 48,
    "RepetitionTime": 1.9,
    "SAR": 0.0888856,
    "ScanOptions": "IR",
    "ScanningSequence": "GR_IR",
    "SequenceName": "_tfl3d1_16ns",
    "SequenceVariant": "SK_SP_MP",
    "SeriesDescription": "mprage",
    "SeriesNumber": 2,
    "ShimSetting": [
      -2751,
      8072,
      -15888,
      -462,
      637,
      -681,
      -484,
      -138
    ],
    "SliceThickness": 1,
    "SoftwareVersions": "syngo_MR_E11",
    "StationName": "AWP45239",
    "TxRefAmp": 332.534,
    "dataset": "ds004094",
    "modality": "T1w",
    "subject_id": "132"
  },
  "cjv": 0.36624650434145667,
  "cnr": 3.69652395400431,
  "efc": 0.5584748509066478,
  "fber": -1.0,
  "fwhm_avg": 3.9050433333333334,
  "fwhm_x": 3.91705,
  "fwhm_y": 3.96048,
  "fwhm_z": 3.8376,
  "icvs_csf": 0.16844886379154678,
  "icvs_gm": 0.451440422823152,
  "icvs_wm": 0.3801107133853012,
  "inu_med": 0.3732883334159851,
  "inu_range": 0.10508140921592712,
  "provenance": {
    "md5sum": "e1ad22a4fd91a620ee6b8d5f919f8625",
    "settings": {
      "testing": false
    },
    "software": "mriqc",
    "version": "23.0.0",
    "warnings": {
      "large_rot_frame": true,
      "small_air_mask": false
    },
    "webapi_port": null,
    "webapi_url": "https://mriqc.nimh.nih.gov/api/v1"
  },
  "qi_1": 0.06368102963059795,
  "qi_2": 0.016328922589708098,
  "rpve_csf": 27.193782372143634,
  "rpve_gm": 11.503919827900491,
  "rpve_wm": 15.524477254559221,
  "size_x": 192,
  "size_y": 256,
  "size_z": 256,
  "snr_csf": 2.8765120518462153,
  "snr_gm": 14.915824440458573,
  "snr_total": 15.155723768646011,
  "snr_wm": 27.674834813633243,
  "snrd_csf": 48.46322447167622,
  "snrd_gm": 113.01947517244618,
  "snrd_total": 102.93968568853758,
  "snrd_wm": 147.33635742149033,
  "spacing_x": 1.0,
  "spacing_y": 1.0,
  "spacing_z": 1.0,
  "summary_bg_k": 41.934717055480604,
  "summary_bg_mad": 0.0,
  "summary_bg_mean": 1.2092218059159088,
  "summary_bg_median": 0.0,
  "summary_bg_n": 2157293.0,
  "summary_bg_p05": 0.0,
  "summary_bg_p95": 8.347469091415405,
  "summary_bg_stdv": 4.446734431849367,
  "summary_csf_k": 12.92992168706936,
  "summary_csf_mad": 64.72569367687142,
  "summary_csf_mean": 342.1598429317934,
  "summary_csf_median": 328.9438488483429,
  "summary_csf_n": 31316.0,
  "summary_csf_p05": 153.3680049777031,
  "summary_csf_p95": 542.6747686862946,
  "summary_csf_stdv": 114.35328302760146,
  "summary_gm_k": -0.01518285249437712,
  "summary_gm_mad": 51.48935550164208,
  "summary_gm_mean": 765.5270710091334,
  "summary_gm_median": 767.1190178394318,
  "summary_gm_n": 47837.0,
  "summary_gm_p05": 679.2161508083343,
  "summary_gm_p95": 847.736820936203,
  "summary_gm_stdv": 51.42933954530218,
  "summary_wm_k": 0.8290253213409953,
  "summary_wm_mad": 33.81884403771093,
  "summary_wm_mean": 1001.6249137425878,
  "summary_wm_median": 1000.0446527004242,
  "summary_wm_n": 249559.0,
  "summary_wm_p05": 945.6298675537109,
  "summary_wm_p95": 1062.672990322113,
  "summary_wm_stdv": 36.13545142398017,
  "tpm_overlap_csf": 0.16176492504233841,
  "tpm_overlap_gm": 0.4519294883027947,
  "tpm_overlap_wm": 0.49534255969475266,
  "wm2max": 0.4087243669269503
}