{
  "bids_meta": {
    "AcquisitionMatrixPE": 256,
    "AcquisitionNumber": 1,
    "AcquisitionTime": "19:02:14.100000",
    "BaseResolution": 256,
    "BodyPartExamined": "BRAIN",
    "ConsistencyInfo": "N4_VE11C_LATEST_20160120",
    "ConversionSoftware": "dcm2niix",
    "ConversionSoftwareVersion": "v1.0.20190410  GCC6.3.0",
    "DeviceSerialNumber": "45239",
    "DwellTime": 1.09e-05,
    "EchoTime": 0.00243,
    "FlipAngle": 9,
    "ImageOrientationPatientDICOM": [
      -0.0244322,
      0.999701,
      0,
      0,
      0,
      -1
    ],
    "ImageType": [
      "ORIGINAL",
      "PRIMARY",
      "M",
      "ND",
      "NORM"
    ],
    "ImagingFrequency": 123.172,
    "InPlanePhaseEncodingDirectionDICOM": "ROW",
    "InstitutionAddress": "E_24th_St._100_Austin_Southmiddle_US_78712",
    "InstitutionName": "The_Univ._of_Texas_at_Austin_IRC",
    "InstitutionalDepartmentName": "IRC",
    "InversionTime": 0.9,
    "MRAcquisitionType": "3D",
    "MagneticFieldStrength": 3,
    "Manufacturer": "Siemens",
    "ManufacturersModelName": "Skyra",
    "Modality": "MR",
    "PartialFourier": 1,
    "PatientPosition": "HFS",
    "PercentPhaseFOV": 100,
    "PhaseEncodingSteps": 255,
    "PhaseResolution": 1,
    "PixelBandwidth": 180,
    "ProcedureStepDescription": "Preston_fMRI",
    "ProtocolName": "mprage",
    "PulseSequenceDetails": "%SiemensSeq%_tfl",
    "ReceiveCoilActiveElements": "HEA;HEP",
    "ReceiveCoilName": "Head_32",
    "ReconMatrixPE": 256,
    "RefLinesPE": 48,
    "RepetitionTime": 1.9,
    "SAR": 0.0979408,
    "ScanOptions": "IR",
    "ScanningSequence": "GR_IR",
    "SequenceName": "_tfl3d1_16ns",
    "SequenceVariant": "SK_SP_MP",
    "SeriesDescription": "mprage",
    "SeriesNumber": 2,
    "ShimSetting": [
      -2751,
      8072,
      -15888,
      -462,
      637,
      -681,
      -484,
      -138
    ],
    "SliceThickness": 1,
    "SoftwareVersions": "syngo_MR_E11",
    "StationName": "AWP45239",
    "TxRefAmp": 340.092,
    "dataset": "ds004094",
    "modality": "T1w",
    "subject_id": "123"
  },
  "cjv": 0.33216261157205434,
  "cnr": 4.04923547096981,
  "efc": 0.5633247022791646,
  "fber": -1.0,
  "fwhm_avg": 4.291863333333333,
  "fwhm_x": 4.32361,
  "fwhm_y": 4.29937,
  "fwhm_z": 4.25261,
  "icvs_csf": 0.18080472354107738,
  "icvs_gm": 0.46412993967278127,
  "icvs_wm": 0.3550653367861414,
  "inu_med": 0.4013859033584595,
  "inu_range": 0.13288051486015318,
  "provenance": {
    "md5sum": "f8df6c19b8d6f254d20100019e9d78e2",
    "settings": {
      "testing": false
    },
    "software": "mriqc",
    "version": "23.0.0",
    "warnings": {
      "large_rot_frame": true,
      "small_air_mask": false
    },
    "webapi_port": null,
    "webapi_url": "https://mriqc.nimh.nih.gov/api/v1"
  },
  "qi_1": 0.020614892859963433,
  "qi_2": 0.03194499276042367,
  "rpve_csf": 28.34782953625902,
  "rpve_gm": 12.155634831438675,
  "rpve_wm": 17.493125384198535,
  "size_x": 192,
  "size_y": 256,
  "size_z": 256,
  "snr_csf": 2.605962846525826,
  "snr_gm": 15.617775409917854,
  "snr_total": 15.31297817781171,
  "snr_wm": 27.715196276991446,
  "snrd_csf": 49.36480815461811,
  "snrd_gm": 108.48296832423031,
  "snrd_total": 100.50899392892855,
  "snrd_wm": 143.67920530793725,
  "spacing_x": 1.0,
  "spacing_y": 1.0,
  "spacing_z": 1.0,
  "summary_bg_k": 456.9874567708419,
  "summary_bg_mad": 0.0,
  "summary_bg_mean": 0.8735674418401466,
  "summary_bg_median": 0.0,
  "summary_bg_n": 1859721.0,
  "summary_bg_p05": 0.0,
  "summary_bg_p95": 9.249743297696114,
  "summary_bg_stdv": 4.559716315528076,
  "summary_csf_k": 0.6616364440915321,
  "summary_csf_mad": 100.71943384692239,
  "summary_csf_mean": 330.19635373791925,
  "summary_csf_median": 343.57657604664564,
  "summary_csf_n": 32164.0,
  "summary_csf_p05": 74.51182100921869,
  "summary_csf_p95": 535.2441040406003,
  "summary_csf_stdv": 131.84041954084262,
  "summary_gm_k": 0.048814690362786184,
  "summary_gm_mad": 48.30266343339546,
  "summary_gm_mean": 754.4073452366478,
  "summary_gm_median": 755.0359904058278,
  "summary_gm_n": 58873.0,
  "summary_gm_p05": 674.2035114765167,
  "summary_gm_p95": 832.5488392405209,
  "summary_gm_stdv": 48.34424610089138,
  "summary_wm_k": 1.1179631041350522,
  "summary_wm_mad": 33.065230173649255,
  "summary_wm_mean": 1001.9296715873835,
  "summary_wm_median": 1000.0000254064798,
  "summary_wm_n": 210238.0,
  "summary_wm_p05": 946.5570641309023,
  "summary_wm_p95": 1063.4121544584632,
  "summary_wm_stdv": 36.08120386925582,
  "tpm_overlap_csf": 0.1377383408121056,
  "tpm_overlap_gm": 0.47459647239843744,
  "tpm_overlap_wm": 0.4981887243630051,
  "wm2max": 0.3876606422323599
}