{
  "aor": 0.0005211073825503356,
  "aqi": 0.006649454295302014,
  "bids_meta": {
    "AcquisitionMatrixPE": 128,
    "AcquisitionNumber": 1,
    "AcquisitionTime": "20:36:12.260000",
    "BandwidthPerPixelPhaseEncode": 20.292,
    "BaseResolution": 128,
    "BodyPartExamined": "BRAIN",
    "CogAtlasID": "http://www.cognitiveatlas.org/task/id/TODO",
    "ConsistencyInfo": "N4_VE11C_LATEST_20160120",
    "ConversionSoftware": "dcm2niix",
    "ConversionSoftwareVersion": "v1.0.20190410  GCC6.3.0",
    "DerivedVendorReportedEchoSpacing": 0.000770008,
    "DeviceSerialNumber": "45239",
    "DwellTime": 2.6e-06,
    "EchoTime": 0.03,
    "EchoTrainLength": 55,
    "EffectiveEchoSpacing": 0.000385004,
    "FlipAngle": 73,
    "ImageComments": "Unaliased_MB3_PE4_LB_SENSE1",
    "ImageOrientationPatientDICOM": [
      1,
      0,
      0,
      0,
      0.995227,
      0.0975829
    ],
    "ImageType": [
      "ORIGINAL",
      "PRIMARY",
      "M",
      "MB",
      "ND",
      "MOSAIC"
    ],
    "ImagingFrequency": 123.172,
    "InPlanePhaseEncodingDirectionDICOM": "COL",
    "InstitutionAddress": "E_24th_St._100_Austin_Southmiddle_US_78712",
    "InstitutionName": "The_Univ._of_Texas_at_Austin_IRC",
    "InstitutionalDepartmentName": "IRC",
    "MRAcquisitionType": "2D",
    "MagneticFieldStrength": 3,
    "Manufacturer": "Siemens",
    "ManufacturersModelName": "Skyra",
    "Modality": "MR",
    "MultibandAccelerationFactor": 3,
    "ParallelReductionFactorInPlane": 2,
    "PartialFourier": 0.875,
    "PatientPosition": "HFS",
    "PercentPhaseFOV": 100,
    "PhaseEncodingDirection": "j-",
    "PhaseEncodingSteps": 111,
    "PhaseResolution": 1,
    "PixelBandwidth": 1500,
    "ProcedureStepDescription": "Preston_fMRI",
    "ProtocolName": "functional_run",
    "PulseSequenceDetails": "%CustomerSeq%_cmrr_mbep2d_bold",
    "ReceiveCoilActiveElements": "HEA;HEP",
    "ReceiveCoilName": "Head_32",
    "ReconMatrixPE": 128,
    "RefLinesPE": 92,
    "RepetitionTime": 2,
    "SAR": 0.141116,
    "ScanOptions": "PFP_FS",
    "ScanningSequence": "EP",
    "SequenceName": "epfid2d1_128",
    "SequenceVariant": "SK_SS",
    "SeriesDescription": "functional_run",
    "SeriesNumber": 19,
    "ShimSetting": [
      -2822,
      8056,
      -15351,
      72,
      566,
      -736,
      -258,
      -87
    ],
    "SliceThickness": 1.7,
    "SliceTiming": [
      0,
      1.0275,
      0.0775,
      1.1075,
      0.1575,
      1.1875,
      0.2375,
      1.265,
      0.315,
      1.345,
      0.395,
      1.425,
      0.475,
      1.5025,
      0.5525,
      1.5825,
      0.6325,
      1.6625,
      0.7125,
      1.74,
      0.79,
      1.82,
      0.87,
      1.9,
      0.95,
      0,
      1.0275,
      0.0775,
      1.1075,
      0.1575,
      1.1875,
      0.2375,
      1.265,
      0.315,
      1.345,
      0.395,
      1.425,
      0.475,
      1.5025,
      0.5525,
      1.5825,
      0.6325,
      1.6625,
      0.7125,
      1.74,
      0.79,
      1.82,
      0.87,
      1.9,
      0.95,
      0,
      1.0275,
      0.0775,
      1.1075,
      0.1575,
      1.1875,
      0.2375,
      1.265,
      0.315,
      1.345,
      0.395,
      1.425,
      0.475,
      1.5025,
      0.5525,
      1.5825,
      0.6325,
      1.6625,
      0.7125,
      1.74,
      0.79,
      1.82,
      0.87,
      1.9,
      0.95
    ],
    "SoftwareVersions": "syngo_MR_E11",
    "SpacingBetweenSlices": 1.7,
    "StationName": "AWP45239",
    "TaskName": "struct",
    "TotalReadoutTime": 0.0488955,
    "TxRefAmp": 322.221,
    "WipMemBlock": "45d4b840-4da9-44be-b30e-47330fd90219||Sequence: R016 ve11c/master r/e634e98; Dec 19 2017 11:00:25 by eja",
    "dataset": "ds004094",
    "modality": "bold",
    "run_id": 5,
    "subject_id": "128",
    "task_id": "struct"
  },
  "dummy_trs": 0,
  "dvars_nstd": 47.73704612282832,
  "dvars_std": 1.0432844701683497,
  "dvars_vstd": 1.007337497407408,
  "efc": 0.45928452888721416,
  "fber": 14994.2763671875,
  "fd_mean": 0.10634702135033484,
  "fd_num": 7,
  "fd_perc": 2.348993288590604,
  "fwhm_avg": 3.199229893843549,
  "fwhm_x": 2.6987578181818184,
  "fwhm_y": 3.5523025454545456,
  "fwhm_z": 3.346629317894281,
  "gcor": 0.00550125,
  "gsr_x": -0.02034217305481434,
  "gsr_y": 0.07291919738054276,
  "provenance": {
    "md5sum": "af143e0ca78f147f83f426d6116360d2",
    "settings": {
      "fd_thres": 0.2,
      "testing": false
    },
    "software": "mriqc",
    "version": "23.0.0",
    "webapi_port": null,
    "webapi_url": "https://mriqc.nimh.nih.gov/api/v1"
  },
  "size_t": 298,
  "size_x": 128,
  "size_y": 128,
  "size_z": 75,
  "snr": 2.289003099205302,
  "spacing_tr": 2.0,
  "spacing_x": 1.71875,
  "spacing_y": 1.71875,
  "spacing_z": 1.7000000476837158,
  "summary_bg_k": 79.7338681821176,
  "summary_bg_mad": 33.70631476743043,
  "summary_bg_mean": 402.0318603515625,
  "summary_bg_median": 59.96003723144531,
  "summary_bg_n": 856258.0,
  "summary_bg_p05": 33.27817974090576,
  "summary_bg_p95": 1920.5168701171872,
  "summary_bg_stdv": 1273.0740966796875,
  "summary_fg_k": 2.058437267571124,
  "summary_fg_mad": 2822.940139415904,
  "summary_fg_mean": 7847.953125,
  "summary_fg_median": 7405.8544921875,
  "summary_fg_n": 234882.0,
  "summary_fg_p05": 3477.649523925781,
  "summary_fg_p95": 13597.138427734375,
  "summary_fg_stdv": 3235.399169921875,
  "tsnr": 30.321434020996094
}