{
  "bids_meta": {
    "AcquisitionMatrixPE": 384,
    "AcquisitionNumber": 1,
    "AcquisitionTime": "19:24:56.727500",
    "BaseResolution": 384,
    "BodyPartExamined": "BRAIN",
    "ConsistencyInfo": "N4_VE11C_LATEST_20160120",
    "ConversionSoftware": "dcm2niix",
    "ConversionSoftwareVersion": "v1.0.20190410  GCC6.3.0",
    "DeviceSerialNumber": "45239",
    "DwellTime": 6e-06,
    "EchoTime": 0.082,
    "EchoTrainLength": 18,
    "FlipAngle": 150,
    "ImageOrientationPatientDICOM": [
      1,
      0,
      0,
      0,
      0.45865,
      -0.888617
    ],
    "ImageType": [
      "ORIGINAL",
      "PRIMARY",
      "M",
      "ND",
      "NORM"
    ],
    "ImagingFrequency": 123.172,
    "InPlanePhaseEncodingDirectionDICOM": "ROW",
    "InstitutionAddress": "E_24th_St._100_Austin_Southmiddle_US_78712",
    "InstitutionName": "The_Univ._of_Texas_at_Austin_IRC",
    "InstitutionalDepartmentName": "IRC",
    "MRAcquisitionType": "2D",
    "MagneticFieldStrength": 3,
    "Manufacturer": "Siemens",
    "ManufacturersModelName": "Skyra",
    "Modality": "MR",
    "PartialFourier": 1,
    "PatientPosition": "HFS",
    "PercentPhaseFOV": 100,
    "PhaseEncodingDirection": "i",
    "PhaseEncodingSteps": 396,
    "PhaseResolution": 1,
    "PixelBandwidth": 215,
    "ProcedureStepDescription": "Preston_fMRI",
    "ProtocolName": "T2_coronal_matrix384",
    "PulseSequenceDetails": "%SiemensSeq%_tse",
    "ReceiveCoilActiveElements": "HEA;HEP",
    "ReceiveCoilName": "Head_32",
    "ReconMatrixPE": 384,
    "RepetitionTime": 13.15,
    "SAR": 0.424229,
    "ScanningSequence": "SE",
    "SequenceName": "_tse2d1_18",
    "SequenceVariant": "SK_SP_OSP",
    "SeriesDescription": "T2_coronal_matrix384",
    "SeriesNumber": 4,
    "ShimSetting": [
      -2751,
      8072,
      -15888,
      -462,
      637,
      -681,
      -484,
      -138
    ],
    "SliceThickness": 1.5,
    "SoftwareVersions": "syngo_MR_E11",
    "SpacingBetweenSlices": 1.5,
    "StationName": "AWP45239",
    "TxRefAmp": 325.588,
    "dataset": "ds004094",
    "modality": "T2w",
    "run_id": 2,
    "subject_id": "135"
  },
  "cjv": 0.5277765446278823,
  "cnr": 2.3919394763318103,
  "efc": 0.6756468351588709,
  "fber": 8.638207822738686,
  "fwhm_avg": 2.7754399767375726,
  "fwhm_x": 3.063441034253615,
  "fwhm_y": 2.012480748975459,
  "fwhm_z": 3.250398146983644,
  "icvs_csf": 0.16129893483416718,
  "icvs_gm": 0.5310843540192408,
  "icvs_wm": 0.30761671114659195,
  "inu_med": 0.9102534055709839,
  "inu_range": 0.2988112330436705,
  "provenance": {
    "md5sum": "a7f8152c20b5a6ce042b0e53ccf57d17",
    "settings": {
      "testing": false
    },
    "software": "mriqc",
    "version": "23.0.0",
    "warnings": {
      "large_rot_frame": false,
      "small_air_mask": false
    },
    "webapi_port": null,
    "webapi_url": "https://mriqc.nimh.nih.gov/api/v1"
  },
  "qi_1": 0.025878528853610486,
  "qi_2": 0.0004315846211331601,
  "rpve_csf": 9.359664802548894,
  "rpve_gm": 3.105534577338146,
  "rpve_wm": 4.89255645191713,
  "size_x": 384,
  "size_y": 60,
  "size_z": 384,
  "snr_csf": 5.179613272265576,
  "snr_gm": 7.2899050972138255,
  "snr_total": 5.671493066330936,
  "snr_wm": 4.54496082951341,
  "snrd_csf": 119.95407610539816,
  "snrd_gm": 40.44290738862638,
  "snrd_total": 60.98762562010112,
  "snrd_wm": 22.56589336627884,
  "spacing_x": 0.4322916567325592,
  "spacing_y": 1.5000044107437134,
  "spacing_z": 0.4322916567325592,
  "summary_bg_k": 39.21151780087079,
  "summary_bg_mad": 0.0,
  "summary_bg_mean": 16.90400235361127,
  "summary_bg_median": 0.0,
  "summary_bg_n": 1339911.0,
  "summary_bg_p05": 0.0,
  "summary_bg_p95": 82.30742038786411,
  "summary_bg_stdv": 29.028745541861078,
  "summary_csf_k": 3.0252037790358415,
  "summary_csf_mad": 665.7716501065152,
  "summary_csf_mean": 5007.623661695733,
  "summary_csf_median": 5315.101331528276,
  "summary_csf_n": 92532.0,
  "summary_csf_p05": 2969.7502151057124,
  "summary_csf_p95": 6122.171314775944,
  "summary_csf_stdv": 1026.1524039967703,
  "summary_gm_k": 0.7765230423115179,
  "summary_gm_mad": 223.02481124978044,
  "summary_gm_mean": 1790.6366972125995,
  "summary_gm_median": 1792.0037225186825,
  "summary_gm_n": 195640.0,
  "summary_gm_p05": 1382.811561331153,
  "summary_gm_p95": 2189.711536374314,
  "summary_gm_stdv": 245.81926908042857,
  "summary_wm_k": 1.3599689375749007,
  "summary_wm_mad": 195.0380656447807,
  "summary_wm_mean": 997.5326663454096,
  "summary_wm_median": 999.8827365636826,
  "summary_wm_n": 192392.0,
  "summary_wm_p05": 630.6718151941895,
  "summary_wm_p95": 1349.0444145053625,
  "summary_wm_stdv": 219.99752594379262,
  "tpm_overlap_csf": 0.1262680984015771,
  "tpm_overlap_gm": 0.4333723078351872,
  "tpm_overlap_wm": 0.34825620201447055,
  "wm2max": 0.15800492839012098
}