{
  "bids_meta": {
    "AcquisitionMatrixPE": 384,
    "AcquisitionNumber": 1,
    "AcquisitionTime": "19:19:42.782500",
    "BaseResolution": 384,
    "BodyPartExamined": "BRAIN",
    "ConsistencyInfo": "N4_VE11C_LATEST_20160120",
    "ConversionSoftware": "dcm2niix",
    "ConversionSoftwareVersion": "v1.0.20190410  GCC6.3.0",
    "DeviceSerialNumber": "45239",
    "DwellTime": 6e-06,
    "EchoTime": 0.082,
    "EchoTrainLength": 18,
    "FlipAngle": 150,
    "ImageOrientationPatientDICOM": [
      1,
      0,
      0,
      0,
      0.45865,
      -0.888617
    ],
    "ImageType": [
      "ORIGINAL",
      "PRIMARY",
      "M",
      "ND",
      "NORM"
    ],
    "ImagingFrequency": 123.172,
    "InPlanePhaseEncodingDirectionDICOM": "ROW",
    "InstitutionAddress": "E_24th_St._100_Austin_Southmiddle_US_78712",
    "InstitutionName": "The_Univ._of_Texas_at_Austin_IRC",
    "InstitutionalDepartmentName": "IRC",
    "MRAcquisitionType": "2D",
    "MagneticFieldStrength": 3,
    "Manufacturer": "Siemens",
    "ManufacturersModelName": "Skyra",
    "Modality": "MR",
    "PartialFourier": 1,
    "PatientPosition": "HFS",
    "PercentPhaseFOV": 100,
    "PhaseEncodingDirection": "i",
    "PhaseEncodingSteps": 396,
    "PhaseResolution": 1,
    "PixelBandwidth": 215,
    "ProcedureStepDescription": "Preston_fMRI",
    "ProtocolName": "T2_coronal_matrix384",
    "PulseSequenceDetails": "%SiemensSeq%_tse",
    "ReceiveCoilActiveElements": "HEA;HEP",
    "ReceiveCoilName": "Head_32",
    "ReconMatrixPE": 384,
    "RepetitionTime": 13.15,
    "SAR": 0.424229,
    "ScanningSequence": "SE",
    "SequenceName": "_tse2d1_18",
    "SequenceVariant": "SK_SP_OSP",
    "SeriesDescription": "T2_coronal_matrix384",
    "SeriesNumber": 3,
    "ShimSetting": [
      -2751,
      8072,
      -15888,
      -462,
      637,
      -681,
      -484,
      -138
    ],
    "SliceThickness": 1.5,
    "SoftwareVersions": "syngo_MR_E11",
    "SpacingBetweenSlices": 1.5,
    "StationName": "AWP45239",
    "TxRefAmp": 325.588,
    "dataset": "ds004094",
    "modality": "T2w",
    "run_id": 1,
    "subject_id": "135"
  },
  "cjv": 0.531074813703701,
  "cnr": 2.38407944478798,
  "efc": 0.6749797110970953,
  "fber": 227.3381987538863,
  "fwhm_avg": 2.7741553494768696,
  "fwhm_x": 3.064042480050569,
  "fwhm_y": 2.0077940960898752,
  "fwhm_z": 3.2506294722901647,
  "icvs_csf": 0.16053842754502015,
  "icvs_gm": 0.5252849081992571,
  "icvs_wm": 0.3141766642557227,
  "inu_med": 0.9119112193584442,
  "inu_range": 0.286749294400215,
  "provenance": {
    "md5sum": "3dd49d3b8c2b07091dc3f93f759175e9",
    "settings": {
      "testing": false
    },
    "software": "mriqc",
    "version": "23.0.0",
    "warnings": {
      "large_rot_frame": false,
      "small_air_mask": false
    },
    "webapi_port": null,
    "webapi_url": "https://mriqc.nimh.nih.gov/api/v1"
  },
  "qi_1": 0.022536423802245763,
  "qi_2": 0.0004552260178603118,
  "rpve_csf": 9.436929190986172,
  "rpve_gm": 3.1285532133569185,
  "rpve_wm": 4.791633105960718,
  "size_x": 384,
  "size_y": 60,
  "size_z": 384,
  "snr_csf": 5.192747234223742,
  "snr_gm": 7.324144413617131,
  "snr_total": 5.701923870197952,
  "snr_wm": 4.588879962752981,
  "snrd_csf": 122.20637892476736,
  "snrd_gm": 41.2047229663235,
  "snrd_total": 62.18007714939339,
  "snrd_wm": 23.12912955708933,
  "spacing_x": 0.4322916567325592,
  "spacing_y": 1.5000044107437134,
  "spacing_z": 0.4322916567325592,
  "summary_bg_k": 88.50743153932096,
  "summary_bg_mad": 0.0,
  "summary_bg_mean": 15.991100880615843,
  "summary_bg_median": 0.0,
  "summary_bg_n": 1333212.0,
  "summary_bg_p05": 0.0,
  "summary_bg_p95": 79.6747952401638,
  "summary_bg_stdv": 28.321874189525158,
  "summary_csf_k": 3.902971937567833,
  "summary_csf_mad": 597.1735652118615,
  "summary_csf_mean": 4975.749606965716,
  "summary_csf_median": 5283.042873308063,
  "summary_csf_n": 91501.0,
  "summary_csf_p05": 2921.3704441338778,
  "summary_csf_p95": 6032.636355057359,
  "summary_csf_stdv": 1017.3832397693634,
  "summary_gm_k": 0.7713154109233198,
  "summary_gm_mad": 221.78764474996473,
  "summary_gm_mean": 1781.401596490351,
  "summary_gm_median": 1781.3007792979479,
  "summary_gm_n": 185778.0,
  "summary_gm_p05": 1380.7200667858124,
  "summary_gm_p95": 2179.558611482382,
  "summary_gm_stdv": 243.20874692403223,
  "summary_wm_k": 1.333158213905385,
  "summary_wm_mad": 193.2032122744258,
  "summary_wm_mean": 994.5248092550368,
  "summary_wm_median": 999.8838370591402,
  "summary_wm_n": 206882.0,
  "summary_wm_p05": 631.1265850365162,
  "summary_wm_p95": 1340.301949083805,
  "summary_wm_stdv": 217.89225881176958,
  "tpm_overlap_csf": 0.12795764894924858,
  "tpm_overlap_gm": 0.4358817790756312,
  "tpm_overlap_wm": 0.35510780643852724,
  "wm2max": 0.15977114847626717
}