{
  "bids_meta": {
    "AcquisitionMatrixPE": 256,
    "AcquisitionNumber": 1,
    "AcquisitionTime": "18:57:55.097500",
    "BaseResolution": 256,
    "BodyPartExamined": "BRAIN",
    "ConsistencyInfo": "N4_VE11A_LATEST_20140830",
    "ConversionSoftware": "dcm2niix",
    "ConversionSoftwareVersion": "v1.0.20190410  GCC6.3.0",
    "DeviceSerialNumber": "45239",
    "DwellTime": 1.09e-05,
    "EchoTime": 0.00243,
    "FlipAngle": 9,
    "ImageOrientationPatientDICOM": [
      -0.00523601,
      0.999986,
      0,
      0,
      0,
      -1
    ],
    "ImageType": [
      "ORIGINAL",
      "PRIMARY",
      "M",
      "ND",
      "NORM"
    ],
    "ImagingFrequency": 123.225,
    "InPlanePhaseEncodingDirectionDICOM": "ROW",
    "InstitutionAddress": "E_24th_St._100_Austin_Southmiddle_US_78712",
    "InstitutionName": "The_Univ._of_Texas_at_Austin_IRC",
    "InstitutionalDepartmentName": "IRC",
    "InversionTime": 0.9,
    "MRAcquisitionType": "3D",
    "MagneticFieldStrength": 3,
    "Manufacturer": "Siemens",
    "ManufacturersModelName": "Skyra",
    "Modality": "MR",
    "PartialFourier": 1,
    "PatientPosition": "HFS",
    "PercentPhaseFOV": 100,
    "PhaseEncodingSteps": 255,
    "PhaseResolution": 1,
    "PixelBandwidth": 180,
    "ProcedureStepDescription": "Preston_fMRI",
    "ProtocolName": "mprage",
    "PulseSequenceDetails": "%SiemensSeq%_tfl",
    "ReceiveCoilActiveElements": "HEA;HEP",
    "ReceiveCoilName": "Head_32",
    "ReconMatrixPE": 256,
    "RefLinesPE": 48,
    "RepetitionTime": 1.9,
    "SAR": 0.10711,
    "ScanOptions": "IR",
    "ScanningSequence": "GR_IR",
    "SequenceName": "_tfl3d1_16ns",
    "SequenceVariant": "SK_SP_MP",
    "SeriesDescription": "mprage",
    "SeriesNumber": 2,
    "ShimSetting": [
      -2849,
      8055,
      -15936,
      -670,
      286,
      -583,
      -301,
      11
    ],
    "SliceThickness": 1,
    "SoftwareVersions": "syngo_MR_E11",
    "StationName": "AWP45239",
    "TxRefAmp": 373.04,
    "dataset": "ds004094",
    "modality": "T1w",
    "subject_id": "108"
  },
  "cjv": 0.34187137333714923,
  "cnr": 3.989251529357174,
  "efc": 0.5456515328573655,
  "fber": -1.0,
  "fwhm_avg": 4.33477,
  "fwhm_x": 4.32691,
  "fwhm_y": 4.33059,
  "fwhm_z": 4.34681,
  "icvs_csf": 0.16950214317195864,
  "icvs_gm": 0.47463364816057657,
  "icvs_wm": 0.35586420866746477,
  "inu_med": 0.39020851254463196,
  "inu_range": 0.13550972342491147,
  "provenance": {
    "md5sum": "921c57320b6286343e38aa7c99d48737",
    "settings": {
      "testing": false
    },
    "software": "mriqc",
    "version": "23.0.0",
    "warnings": {
      "large_rot_frame": true,
      "small_air_mask": false
    },
    "webapi_port": null,
    "webapi_url": "https://mriqc.nimh.nih.gov/api/v1"
  },
  "qi_1": 0.018281990993504166,
  "qi_2": 0.004959262425233351,
  "rpve_csf": 27.978095035635565,
  "rpve_gm": 11.315340919452195,
  "rpve_wm": 16.5087490416898,
  "size_x": 192,
  "size_y": 256,
  "size_z": 256,
  "snr_csf": 3.149255317424189,
  "snr_gm": 16.457330902185078,
  "snr_total": 15.705287976884023,
  "snr_wm": 27.5092777110428,
  "snrd_csf": 37.441407155338275,
  "snrd_gm": 84.2862885405059,
  "snrd_total": 77.36629596624687,
  "snrd_wm": 110.37119220289642,
  "spacing_x": 1.0,
  "spacing_y": 1.0,
  "spacing_z": 1.0,
  "summary_bg_k": 21.985457055938028,
  "summary_bg_mad": 0.0,
  "summary_bg_mean": 2.4541967632006165,
  "summary_bg_median": 0.0,
  "summary_bg_n": 2618100.0,
  "summary_bg_p05": 0.0,
  "summary_bg_p95": 10.637225028127432,
  "summary_bg_stdv": 5.935755276738605,
  "summary_csf_k": 4.125157222726858,
  "summary_csf_mad": 76.3126050586701,
  "summary_csf_mean": 345.4722833812313,
  "summary_csf_median": 339.23169295862317,
  "summary_csf_n": 29195.0,
  "summary_csf_p05": 145.46279192492366,
  "summary_csf_p95": 536.5496965609491,
  "summary_csf_stdv": 107.71622144299253,
  "summary_gm_k": 0.050620087252648105,
  "summary_gm_mad": 46.26591824810655,
  "summary_gm_mean": 763.3345882370842,
  "summary_gm_median": 763.6620129197836,
  "summary_gm_n": 68699.0,
  "summary_gm_p05": 686.8824218399823,
  "summary_gm_p95": 839.3325094468892,
  "summary_gm_stdv": 46.4022057653085,
  "summary_wm_k": 0.5452984767143501,
  "summary_wm_mad": 34.53126693154318,
  "summary_wm_mean": 1001.0661447414457,
  "summary_wm_median": 999.9999794214964,
  "summary_wm_n": 230237.0,
  "summary_wm_p05": 943.5873974002898,
  "summary_wm_p95": 1062.0588609836996,
  "summary_wm_stdv": 36.35129276195023,
  "tpm_overlap_csf": 0.130311552041836,
  "tpm_overlap_gm": 0.46453621840411213,
  "tpm_overlap_wm": 0.5031153048237337,
  "wm2max": 0.3813475412143327
}