{
  "bids_meta": {
    "AcquisitionMatrixPE": 384,
    "AcquisitionNumber": 1,
    "AcquisitionTime": "19:04:47.705000",
    "BaseResolution": 384,
    "BodyPartExamined": "BRAIN",
    "ConsistencyInfo": "N4_VE11A_LATEST_20140830",
    "ConversionSoftware": "dcm2niix",
    "ConversionSoftwareVersion": "v1.0.20190410  GCC6.3.0",
    "DeviceSerialNumber": "45239",
    "DwellTime": 6e-06,
    "EchoTime": 0.082,
    "EchoTrainLength": 18,
    "FlipAngle": 150,
    "ImageOrientationPatientDICOM": [
      1,
      -0.00064573,
      -1.4563e-11,
      0.000294155,
      0.455539,
      -0.890216
    ],
    "ImageType": [
      "ORIGINAL",
      "PRIMARY",
      "M",
      "ND",
      "NORM"
    ],
    "ImagingFrequency": 123.225,
    "InPlanePhaseEncodingDirectionDICOM": "ROW",
    "InstitutionAddress": "E_24th_St._100_Austin_Southmiddle_US_78712",
    "InstitutionName": "The_Univ._of_Texas_at_Austin_IRC",
    "InstitutionalDepartmentName": "IRC",
    "MRAcquisitionType": "2D",
    "MagneticFieldStrength": 3,
    "Manufacturer": "Siemens",
    "ManufacturersModelName": "Skyra",
    "Modality": "MR",
    "PartialFourier": 1,
    "PatientPosition": "HFS",
    "PercentPhaseFOV": 100,
    "PhaseEncodingDirection": "i",
    "PhaseEncodingSteps": 396,
    "PhaseResolution": 1,
    "PixelBandwidth": 215,
    "ProcedureStepDescription": "Preston_fMRI",
    "ProtocolName": "T2_coronal_matrix384",
    "PulseSequenceDetails": "%SiemensSeq%_tse",
    "ReceiveCoilActiveElements": "HEA;HEP",
    "ReceiveCoilName": "Head_32",
    "ReconMatrixPE": 384,
    "RepetitionTime": 13.15,
    "SAR": 0.594685,
    "ScanningSequence": "SE",
    "SequenceName": "_tse2d1_18",
    "SequenceVariant": "SK_SP_OSP",
    "SeriesDescription": "T2_coronal_matrix384",
    "SeriesNumber": 3,
    "ShimSetting": [
      -2849,
      8055,
      -15936,
      -670,
      286,
      -583,
      -301,
      11
    ],
    "SliceThickness": 1.5,
    "SoftwareVersions": "syngo_MR_E11",
    "SpacingBetweenSlices": 1.5,
    "StationName": "AWP45239",
    "TxRefAmp": 373.04,
    "dataset": "ds004094",
    "modality": "T2w",
    "run_id": 1,
    "subject_id": "108"
  },
  "cjv": 0.560066727273878,
  "cnr": 2.2752132430933454,
  "efc": 0.7103656258530382,
  "fber": 512.7467252624556,
  "fwhm_avg": 3.021950770262478,
  "fwhm_x": 3.2075335676853585,
  "fwhm_y": 2.1971099842683235,
  "fwhm_z": 3.6612087588337534,
  "icvs_csf": 0.14035678227582757,
  "icvs_gm": 0.4995951302442348,
  "icvs_wm": 0.3600480874799376,
  "inu_med": 0.9931661188602448,
  "inu_range": 0.4801516681909559,
  "provenance": {
    "md5sum": "2a8212cae1e30057466788489b55bec8",
    "settings": {
      "testing": false
    },
    "software": "mriqc",
    "version": "23.0.0",
    "warnings": {
      "large_rot_frame": false,
      "small_air_mask": false
    },
    "webapi_port": null,
    "webapi_url": "https://mriqc.nimh.nih.gov/api/v1"
  },
  "qi_1": 0.010035197511972299,
  "qi_2": 0.00020315892740149888,
  "rpve_csf": 9.714240933830263,
  "rpve_gm": 2.7789551075021377,
  "rpve_wm": 3.627455550119484,
  "size_x": 384,
  "size_y": 60,
  "size_z": 384,
  "snr_csf": 3.761166070710764,
  "snr_gm": 7.107943497135513,
  "snr_total": 4.892330423381424,
  "snr_wm": 3.8078817022979967,
  "snrd_csf": 27.864327979943965,
  "snrd_gm": 11.348929380255818,
  "snrd_total": 15.078666140355528,
  "snrd_wm": 6.0227410608668,
  "spacing_x": 0.4322916567325592,
  "spacing_y": 1.4999977350234985,
  "spacing_z": 0.4322916567325592,
  "summary_bg_k": 230.55844160436158,
  "summary_bg_mad": 0.0,
  "summary_bg_mean": 42.355002161643064,
  "summary_bg_median": 0.0,
  "summary_bg_n": 1372372.0,
  "summary_bg_p05": 0.0,
  "summary_bg_p95": 172.98955975472927,
  "summary_bg_stdv": 108.77711273560917,
  "summary_csf_k": 1.2100682917724752,
  "summary_csf_mad": 961.0975463258569,
  "summary_csf_mean": 4732.054406682411,
  "summary_csf_median": 4626.519219473004,
  "summary_csf_n": 97781.0,
  "summary_csf_p05": 2708.6555481255054,
  "summary_csf_p95": 6729.8954705148935,
  "summary_csf_stdv": 1230.0694717744634,
  "summary_gm_k": 0.4572323573737642,
  "summary_gm_mad": 248.64758490172738,
  "summary_gm_mean": 1888.8289383332672,
  "summary_gm_median": 1884.346176803112,
  "summary_gm_n": 153263.0,
  "summary_gm_p05": 1457.0902023911476,
  "summary_gm_p95": 2334.069922283292,
  "summary_gm_stdv": 265.1034058058528,
  "summary_wm_k": 0.8286917236819065,
  "summary_wm_mad": 246.64529834688184,
  "summary_wm_mean": 1000.0867734364966,
  "summary_wm_median": 999.9999745935202,
  "summary_wm_n": 278732.0,
  "summary_wm_p05": 573.7261978238821,
  "summary_wm_p95": 1425.782652541995,
  "summary_wm_stdv": 262.61272248837594,
  "tpm_overlap_csf": 0.13096468336843578,
  "tpm_overlap_gm": 0.4127304977668024,
  "tpm_overlap_wm": 0.3787418863930067,
  "wm2max": 0.14648226746277246
}