{
  "bids_meta": {
    "AcquisitionMatrixPE": 384,
    "AcquisitionNumber": 1,
    "AcquisitionTime": "19:22:3.772500",
    "BaseResolution": 384,
    "BodyPartExamined": "BRAIN",
    "ConsistencyInfo": "N4_VE11C_LATEST_20160120",
    "ConversionSoftware": "dcm2niix",
    "ConversionSoftwareVersion": "v1.0.20190410  GCC6.3.0",
    "DeviceSerialNumber": "45239",
    "DwellTime": 6e-06,
    "EchoTime": 0.082,
    "EchoTrainLength": 18,
    "FlipAngle": 150,
    "ImageOrientationPatientDICOM": [
      0.999999,
      -0.00119388,
      2.7585e-11,
      0.000567818,
      0.475606,
      -0.879658
    ],
    "ImageType": [
      "ORIGINAL",
      "PRIMARY",
      "M",
      "ND",
      "NORM"
    ],
    "ImagingFrequency": 123.172,
    "InPlanePhaseEncodingDirectionDICOM": "ROW",
    "InstitutionAddress": "E_24th_St._100_Austin_Southmiddle_US_78712",
    "InstitutionName": "The_Univ._of_Texas_at_Austin_IRC",
    "InstitutionalDepartmentName": "IRC",
    "MRAcquisitionType": "2D",
    "MagneticFieldStrength": 3,
    "Manufacturer": "Siemens",
    "ManufacturersModelName": "Skyra",
    "Modality": "MR",
    "PartialFourier": 1,
    "PatientPosition": "HFS",
    "PercentPhaseFOV": 100,
    "PhaseEncodingDirection": "i",
    "PhaseEncodingSteps": 396,
    "PhaseResolution": 1,
    "PixelBandwidth": 215,
    "ProcedureStepDescription": "Preston_fMRI",
    "ProtocolName": "T2_coronal_matrix384",
    "PulseSequenceDetails": "%SiemensSeq%_tse",
    "ReceiveCoilActiveElements": "HEA;HEP",
    "ReceiveCoilName": "Head_32",
    "ReconMatrixPE": 384,
    "RepetitionTime": 13.15,
    "SAR": 0.530201,
    "ScanningSequence": "SE",
    "SequenceName": "_tse2d1_18",
    "SequenceVariant": "SK_SP_OSP",
    "SeriesDescription": "T2_coronal_matrix384",
    "SeriesNumber": 3,
    "ShimSetting": [
      -2751,
      8072,
      -15888,
      -462,
      637,
      -681,
      -484,
      -138
    ],
    "SliceThickness": 1.5,
    "SoftwareVersions": "syngo_MR_E11",
    "SpacingBetweenSlices": 1.5,
    "StationName": "AWP45239",
    "TxRefAmp": 309.548,
    "dataset": "ds004094",
    "modality": "T2w",
    "run_id": 1,
    "subject_id": "122"
  },
  "cjv": 0.5450491392887645,
  "cnr": 2.3083688980545105,
  "efc": 0.672906457561332,
  "fber": 350.64714831880036,
  "fwhm_avg": 2.765696043820448,
  "fwhm_x": 3.055876696730388,
  "fwhm_y": 2.0582908796593986,
  "fwhm_z": 3.1829205550715565,
  "icvs_csf": 0.18775584458846759,
  "icvs_gm": 0.5413347276881696,
  "icvs_wm": 0.27090942772336285,
  "inu_med": 0.931936502456665,
  "inu_range": 0.33674266934394836,
  "provenance": {
    "md5sum": "200da85dccdb9f011549c3e121c38c12",
    "settings": {
      "testing": false
    },
    "software": "mriqc",
    "version": "23.0.0",
    "warnings": {
      "large_rot_frame": false,
      "small_air_mask": false
    },
    "webapi_port": null,
    "webapi_url": "https://mriqc.nimh.nih.gov/api/v1"
  },
  "qi_1": 2.7670403029072583e-05,
  "qi_2": 0.004537293617961372,
  "rpve_csf": 8.269401714909554,
  "rpve_gm": 3.153496523334321,
  "rpve_wm": 5.672035305910355,
  "size_x": 384,
  "size_y": 60,
  "size_z": 384,
  "snr_csf": 3.9060736765985604,
  "snr_gm": 7.018251641247629,
  "snr_total": 5.376600599685958,
  "snr_wm": 5.205476481211686,
  "snrd_csf": 147.99290173785593,
  "snrd_gm": 48.5339342814626,
  "snrd_total": 74.90878495047129,
  "snrd_wm": 28.199518832095315,
  "spacing_x": 0.4322916567325592,
  "spacing_y": 1.5000017881393433,
  "spacing_z": 0.4322916567325592,
  "summary_bg_k": 16.23652623980415,
  "summary_bg_mad": 0.0,
  "summary_bg_mean": 13.996112423992706,
  "summary_bg_median": 0.0,
  "summary_bg_n": 1387967.0,
  "summary_bg_p05": 0.0,
  "summary_bg_p95": 61.92688047885895,
  "summary_bg_stdv": 23.232184324808674,
  "summary_csf_k": 1.6516632675914584,
  "summary_csf_mad": 772.1114318562342,
  "summary_csf_mean": 4818.236654004205,
  "summary_csf_median": 5248.064940273762,
  "summary_csf_n": 113737.0,
  "summary_csf_p05": 2191.806662425399,
  "summary_csf_p95": 6559.985903218389,
  "summary_csf_stdv": 1343.5593651523425,
  "summary_gm_k": 0.4921066477765197,
  "summary_gm_mad": 226.17762273218293,
  "summary_gm_mean": 1715.0877915251378,
  "summary_gm_median": 1721.0909166932106,
  "summary_gm_n": 372354.0,
  "summary_gm_p05": 1302.2508423775434,
  "summary_gm_p95": 2114.564788043499,
  "summary_gm_stdv": 245.23039263532695,
  "summary_wm_k": 1.906960264388612,
  "summary_wm_mad": 166.8523446384956,
  "summary_wm_mean": 996.2717975875383,
  "summary_wm_median": 1000.000029578805,
  "summary_wm_n": 199158.0,
  "summary_wm_p05": 679.1711526364088,
  "summary_wm_p95": 1299.3926786631346,
  "summary_wm_stdv": 192.10489618297362,
  "tpm_overlap_csf": 0.16992494330036534,
  "tpm_overlap_gm": 0.44581878275595477,
  "tpm_overlap_wm": 0.3630578847107241,
  "wm2max": 0.14696441045987607
}