{
  "bids_meta": {
    "AcquisitionMatrixPE": 256,
    "AcquisitionNumber": 1,
    "AcquisitionTime": "19:15:33.135000",
    "BaseResolution": 256,
    "BodyPartExamined": "BRAIN",
    "ConsistencyInfo": "N4_VE11C_LATEST_20160120",
    "ConversionSoftware": "dcm2niix",
    "ConversionSoftwareVersion": "v1.0.20190410  GCC6.3.0",
    "DeviceSerialNumber": "45239",
    "DwellTime": 1.09e-05,
    "EchoTime": 0.00243,
    "FlipAngle": 9,
    "ImageOrientationPatientDICOM": [
      -0.00872651,
      0.999962,
      0,
      0,
      0,
      -1
    ],
    "ImageType": [
      "ORIGINAL",
      "PRIMARY",
      "M",
      "ND",
      "NORM"
    ],
    "ImagingFrequency": 123.172,
    "InPlanePhaseEncodingDirectionDICOM": "ROW",
    "InstitutionAddress": "E_24th_St._100_Austin_Southmiddle_US_78712",
    "InstitutionName": "The_Univ._of_Texas_at_Austin_IRC",
    "InstitutionalDepartmentName": "IRC",
    "InversionTime": 0.9,
    "MRAcquisitionType": "3D",
    "MagneticFieldStrength": 3,
    "Manufacturer": "Siemens",
    "ManufacturersModelName": "Skyra",
    "Modality": "MR",
    "PartialFourier": 1,
    "PatientPosition": "HFS",
    "PercentPhaseFOV": 100,
    "PhaseEncodingSteps": 255,
    "PhaseResolution": 1,
    "PixelBandwidth": 180,
    "ProcedureStepDescription": "Preston_fMRI",
    "ProtocolName": "mprage",
    "PulseSequenceDetails": "%SiemensSeq%_tfl",
    "ReceiveCoilActiveElements": "HEA;HEP",
    "ReceiveCoilName": "Head_32",
    "ReconMatrixPE": 256,
    "RefLinesPE": 48,
    "RepetitionTime": 1.9,
    "SAR": 0.0954957,
    "ScanOptions": "IR",
    "ScanningSequence": "GR_IR",
    "SequenceName": "_tfl3d1_16ns",
    "SequenceVariant": "SK_SP_MP",
    "SeriesDescription": "mprage",
    "SeriesNumber": 2,
    "ShimSetting": [
      -2751,
      8072,
      -15888,
      -462,
      637,
      -681,
      -484,
      -138
    ],
    "SliceThickness": 1,
    "SoftwareVersions": "syngo_MR_E11",
    "StationName": "AWP45239",
    "TxRefAmp": 309.548,
    "dataset": "ds004094",
    "modality": "T1w",
    "subject_id": "122"
  },
  "cjv": 0.3569180029141343,
  "cnr": 3.7506867966375084,
  "efc": 0.5497349199556758,
  "fber": -1.0,
  "fwhm_avg": 4.109756666666667,
  "fwhm_x": 4.11603,
  "fwhm_y": 4.05763,
  "fwhm_z": 4.15561,
  "icvs_csf": 0.1883429402860069,
  "icvs_gm": 0.4418356812521573,
  "icvs_wm": 0.3698213784618358,
  "inu_med": 0.3424055278301239,
  "inu_range": 0.09906752705574035,
  "provenance": {
    "md5sum": "4d703dd12d23880d5a24b76e5c8012f3",
    "settings": {
      "testing": false
    },
    "software": "mriqc",
    "version": "23.0.0",
    "warnings": {
      "large_rot_frame": true,
      "small_air_mask": false
    },
    "webapi_port": null,
    "webapi_url": "https://mriqc.nimh.nih.gov/api/v1"
  },
  "qi_1": 0.009487498591588327,
  "qi_2": 0.021574075339064202,
  "rpve_csf": 27.92294774452881,
  "rpve_gm": 12.976415345642579,
  "rpve_wm": 17.779062854672215,
  "size_x": 192,
  "size_y": 256,
  "size_z": 256,
  "snr_csf": 2.945694141245242,
  "snr_gm": 15.100789581779665,
  "snr_total": 16.070592177660238,
  "snr_wm": 30.165292809955808,
  "snrd_csf": 81.97416440444883,
  "snrd_gm": 191.07696329126938,
  "snrd_total": 173.58600415988118,
  "snrd_wm": 247.70688478392535,
  "spacing_x": 1.0,
  "spacing_y": 1.0,
  "spacing_z": 1.0,
  "summary_bg_k": 54.41724700134769,
  "summary_bg_mad": 0.0,
  "summary_bg_mean": 0.5912784250587155,
  "summary_bg_median": 0.0,
  "summary_bg_n": 2306483.0,
  "summary_bg_p05": 0.0,
  "summary_bg_p95": 6.966434478759766,
  "summary_bg_stdv": 2.644909666878483,
  "summary_csf_k": 1.4637881540493165,
  "summary_csf_mad": 83.97735048981922,
  "summary_csf_mean": 338.15483381260486,
  "summary_csf_median": 330.94521975517273,
  "summary_csf_n": 29028.0,
  "summary_csf_p05": 137.45646030902864,
  "summary_csf_p95": 537.0091850757599,
  "summary_csf_stdv": 112.3468708526523,
  "summary_gm_k": 0.09750994900764054,
  "summary_gm_mad": 49.99909337339341,
  "summary_gm_mean": 769.3146221542528,
  "summary_gm_median": 771.4138724803925,
  "summary_gm_n": 44529.0,
  "summary_gm_p05": 682.6868297100067,
  "summary_gm_p95": 850.9974699974059,
  "summary_gm_stdv": 51.08376660222951,
  "summary_wm_k": 0.6022884953596033,
  "summary_wm_mad": 31.601539649732807,
  "summary_wm_mean": 1000.6451210722214,
  "summary_wm_median": 1000.0395858287811,
  "summary_wm_n": 224502.0,
  "summary_wm_p05": 947.4350891113281,
  "summary_wm_p95": 1055.296077489853,
  "summary_wm_stdv": 33.15191948862608,
  "tpm_overlap_csf": 0.1485379092262011,
  "tpm_overlap_gm": 0.4656447318852086,
  "tpm_overlap_wm": 0.5099721949775955,
  "wm2max": 0.44568873502713907
}