{
  "bids_meta": {
    "AcquisitionMatrixPE": 384,
    "AcquisitionNumber": 1,
    "AcquisitionTime": "19:20:1.705000",
    "BaseResolution": 384,
    "BodyPartExamined": "BRAIN",
    "ConsistencyInfo": "N4_VE11C_LATEST_20160120",
    "ConversionSoftware": "dcm2niix",
    "ConversionSoftwareVersion": "v1.0.20190410  GCC6.3.0",
    "DeviceSerialNumber": "45239",
    "DwellTime": 6e-06,
    "EchoTime": 0.082,
    "EchoTrainLength": 18,
    "FlipAngle": 150,
    "ImageOrientationPatientDICOM": [
      0.999997,
      -0.00252206,
      -2.2239e-11,
      0.00127988,
      0.507474,
      -0.861666
    ],
    "ImageType": [
      "ORIGINAL",
      "PRIMARY",
      "M",
      "ND",
      "NORM"
    ],
    "ImagingFrequency": 123.172,
    "InPlanePhaseEncodingDirectionDICOM": "ROW",
    "InstitutionAddress": "E_24th_St._100_Austin_Southmiddle_US_78712",
    "InstitutionName": "The_Univ._of_Texas_at_Austin_IRC",
    "InstitutionalDepartmentName": "IRC",
    "MRAcquisitionType": "2D",
    "MagneticFieldStrength": 3,
    "Manufacturer": "Siemens",
    "ManufacturersModelName": "Skyra",
    "Modality": "MR",
    "PartialFourier": 1,
    "PatientPosition": "HFS",
    "PercentPhaseFOV": 100,
    "PhaseEncodingDirection": "i",
    "PhaseEncodingSteps": 396,
    "PhaseResolution": 1,
    "PixelBandwidth": 215,
    "ProcedureStepDescription": "Preston_fMRI",
    "ProtocolName": "T2_coronal_matrix384",
    "PulseSequenceDetails": "%SiemensSeq%_tse",
    "ReceiveCoilActiveElements": "HEA;HEP",
    "ReceiveCoilName": "Head_32",
    "ReconMatrixPE": 384,
    "RepetitionTime": 13.15,
    "SAR": 0.636993,
    "ScanningSequence": "SE",
    "SequenceName": "_tse2d1_18",
    "SequenceVariant": "SK_SP_OSP",
    "SeriesDescription": "T2_coronal_matrix384",
    "SeriesNumber": 3,
    "ShimSetting": [
      -2751,
      8072,
      -15888,
      -462,
      637,
      -681,
      -484,
      -138
    ],
    "SliceThickness": 1.5,
    "SoftwareVersions": "syngo_MR_E11",
    "SpacingBetweenSlices": 1.5,
    "StationName": "AWP45239",
    "TxRefAmp": 343.301,
    "dataset": "ds004094",
    "modality": "T2w",
    "run_id": 1,
    "subject_id": "133"
  },
  "cjv": 0.45084361328308725,
  "cnr": 2.805369958364401,
  "efc": 0.658271586176741,
  "fber": 515.6031510107015,
  "fwhm_avg": 2.9498660336604394,
  "fwhm_x": 3.2273812789848346,
  "fwhm_y": 2.1526379470844774,
  "fwhm_z": 3.4695788749120062,
  "icvs_csf": 0.161643737514711,
  "icvs_gm": 0.32966453408546736,
  "icvs_wm": 0.5086917283998216,
  "inu_med": 0.8618088662624359,
  "inu_range": 0.2145896852016449,
  "provenance": {
    "md5sum": "bf58a0eba2c50540a54be31f683994c4",
    "settings": {
      "testing": false
    },
    "software": "mriqc",
    "version": "23.0.0",
    "warnings": {
      "large_rot_frame": true,
      "small_air_mask": false
    },
    "webapi_port": null,
    "webapi_url": "https://mriqc.nimh.nih.gov/api/v1"
  },
  "qi_1": 0.0014511143124720464,
  "qi_2": 0.0027540112777163185,
  "rpve_csf": 11.428985677236058,
  "rpve_gm": 4.509658901808132,
  "rpve_wm": 3.5420766008154434,
  "size_x": 384,
  "size_y": 60,
  "size_z": 384,
  "snr_csf": 4.296250725552794,
  "snr_gm": 7.59192632073421,
  "snr_total": 5.883517463387778,
  "snr_wm": 5.7623753438763305,
  "snrd_csf": 140.33229408356829,
  "snrd_gm": 52.34441670212439,
  "snrd_total": 73.71763021460283,
  "snrd_wm": 28.476179858115806,
  "spacing_x": 0.4322916567325592,
  "spacing_y": 1.5000014305114746,
  "spacing_z": 0.4322916567325592,
  "summary_bg_k": 19.478597241648448,
  "summary_bg_mad": 0.0,
  "summary_bg_mean": 13.047156722007559,
  "summary_bg_median": 0.0,
  "summary_bg_n": 1450477.0,
  "summary_bg_p05": 0.0,
  "summary_bg_p95": 57.188401594758034,
  "summary_bg_stdv": 23.004178091091745,
  "summary_csf_k": 5.350674146723179,
  "summary_csf_mad": 450.231290040483,
  "summary_csf_mean": 4555.343086457894,
  "summary_csf_median": 4927.567885145545,
  "summary_csf_n": 111965.0,
  "summary_csf_p05": 1754.3687949851158,
  "summary_csf_p95": 5569.891273789108,
  "summary_csf_stdv": 1146.9409480320605,
  "summary_gm_k": 1.040632994929533,
  "summary_gm_mad": 221.718230430041,
  "summary_gm_mean": 1849.5296213681434,
  "summary_gm_median": 1837.9993599653244,
  "summary_gm_n": 83102.0,
  "summary_gm_p05": 1478.3301443606615,
  "summary_gm_p95": 2262.5285920128226,
  "summary_gm_stdv": 242.09775274257507,
  "summary_wm_k": 0.9781452860766473,
  "summary_wm_mad": 156.13335747138797,
  "summary_wm_mean": 1001.1389197356112,
  "summary_wm_median": 999.9003456532955,
  "summary_wm_n": 685370.0,
  "summary_wm_p05": 718.242486231029,
  "summary_wm_p95": 1285.045302733779,
  "summary_wm_stdv": 173.52212525610113,
  "tpm_overlap_csf": 0.1778323680993156,
  "tpm_overlap_gm": 0.3992519041009125,
  "tpm_overlap_wm": 0.5001552969653634,
  "wm2max": 0.17391810517714343
}