{
  "bids_meta": {
    "AcquisitionMatrixPE": 384,
    "AcquisitionNumber": 1,
    "AcquisitionTime": "19:25:14.662500",
    "BaseResolution": 384,
    "BodyPartExamined": "BRAIN",
    "ConsistencyInfo": "N4_VE11C_LATEST_20160120",
    "ConversionSoftware": "dcm2niix",
    "ConversionSoftwareVersion": "v1.0.20190410  GCC6.3.0",
    "DeviceSerialNumber": "45239",
    "DwellTime": 6e-06,
    "EchoTime": 0.082,
    "EchoTrainLength": 18,
    "FlipAngle": 150,
    "ImageOrientationPatientDICOM": [
      0.999997,
      -0.00252206,
      -2.2239e-11,
      0.00127988,
      0.507474,
      -0.861666
    ],
    "ImageType": [
      "ORIGINAL",
      "PRIMARY",
      "M",
      "ND",
      "NORM"
    ],
    "ImagingFrequency": 123.172,
    "InPlanePhaseEncodingDirectionDICOM": "ROW",
    "InstitutionAddress": "E_24th_St._100_Austin_Southmiddle_US_78712",
    "InstitutionName": "The_Univ._of_Texas_at_Austin_IRC",
    "InstitutionalDepartmentName": "IRC",
    "MRAcquisitionType": "2D",
    "MagneticFieldStrength": 3,
    "Manufacturer": "Siemens",
    "ManufacturersModelName": "Skyra",
    "Modality": "MR",
    "PartialFourier": 1,
    "PatientPosition": "HFS",
    "PercentPhaseFOV": 100,
    "PhaseEncodingDirection": "i",
    "PhaseEncodingSteps": 396,
    "PhaseResolution": 1,
    "PixelBandwidth": 215,
    "ProcedureStepDescription": "Preston_fMRI",
    "ProtocolName": "T2_coronal_matrix384",
    "PulseSequenceDetails": "%SiemensSeq%_tse",
    "ReceiveCoilActiveElements": "HEA;HEP",
    "ReceiveCoilName": "Head_32",
    "ReconMatrixPE": 384,
    "RepetitionTime": 13.15,
    "SAR": 0.636993,
    "ScanningSequence": "SE",
    "SequenceName": "_tse2d1_18",
    "SequenceVariant": "SK_SP_OSP",
    "SeriesDescription": "T2_coronal_matrix384",
    "SeriesNumber": 4,
    "ShimSetting": [
      -2751,
      8072,
      -15888,
      -462,
      637,
      -681,
      -484,
      -138
    ],
    "SliceThickness": 1.5,
    "SoftwareVersions": "syngo_MR_E11",
    "SpacingBetweenSlices": 1.5,
    "StationName": "AWP45239",
    "TxRefAmp": 343.301,
    "dataset": "ds004094",
    "modality": "T2w",
    "run_id": 2,
    "subject_id": "133"
  },
  "cjv": 0.45147008281594947,
  "cnr": 2.810340407101243,
  "efc": 0.6578954868288118,
  "fber": 530.4285493460167,
  "fwhm_avg": 2.9504332662222885,
  "fwhm_x": 3.250976460249946,
  "fwhm_y": 2.1414779577274725,
  "fwhm_z": 3.458845380689446,
  "icvs_csf": 0.1642272615814807,
  "icvs_gm": 0.325785812859982,
  "icvs_wm": 0.5099869255585373,
  "inu_med": 0.8494368493556976,
  "inu_range": 0.21783672869205473,
  "provenance": {
    "md5sum": "68536bd641293f0aa71f4421c219668e",
    "settings": {
      "testing": false
    },
    "software": "mriqc",
    "version": "23.0.0",
    "warnings": {
      "large_rot_frame": false,
      "small_air_mask": false
    },
    "webapi_port": null,
    "webapi_url": "https://mriqc.nimh.nih.gov/api/v1"
  },
  "qi_1": 0.003168919545322653,
  "qi_2": 0.002861916646578889,
  "rpve_csf": 11.31435470825814,
  "rpve_gm": 4.5419937266687365,
  "rpve_wm": 3.53875314838459,
  "size_x": 384,
  "size_y": 60,
  "size_z": 384,
  "snr_csf": 4.226279542083027,
  "snr_gm": 7.671386119404225,
  "snr_total": 5.889839924365316,
  "snr_wm": 5.771854111608698,
  "snrd_csf": 140.84572862186147,
  "snrd_gm": 52.42096610703433,
  "snrd_total": 73.96288671016869,
  "snrd_wm": 28.62196540161026,
  "spacing_x": 0.4322916567325592,
  "spacing_y": 1.5000014305114746,
  "spacing_z": 0.4322916567325592,
  "summary_bg_k": 92.13602873008685,
  "summary_bg_mad": 0.0,
  "summary_bg_mean": 13.31289689789273,
  "summary_bg_median": 0.0,
  "summary_bg_n": 1487719.0,
  "summary_bg_p05": 0.0,
  "summary_bg_p95": 56.49828243255615,
  "summary_bg_stdv": 22.890409831383064,
  "summary_csf_k": 5.16895092059184,
  "summary_csf_mad": 453.57883613726887,
  "summary_csf_mean": 4531.257684911007,
  "summary_csf_median": 4921.137722089887,
  "summary_csf_n": 115584.0,
  "summary_csf_p05": 1582.4717707797886,
  "summary_csf_p95": 5551.740947365761,
  "summary_csf_stdv": 1164.4086447424468,
  "summary_gm_k": 1.0084373114530587,
  "summary_gm_mad": 218.71836151024445,
  "summary_gm_mean": 1844.841890528135,
  "summary_gm_median": 1831.5840761512518,
  "summary_gm_n": 81367.0,
  "summary_gm_p05": 1478.5678982436657,
  "summary_gm_p95": 2254.605157135427,
  "summary_gm_stdv": 238.7538304719833,
  "summary_wm_k": 0.9707622274505283,
  "summary_wm_mad": 156.6948367867609,
  "summary_wm_mean": 1001.5071138226557,
  "summary_wm_median": 1000.0490252450109,
  "summary_wm_n": 696738.0,
  "summary_wm_p05": 719.5684026479721,
  "summary_wm_p95": 1284.943576157093,
  "summary_wm_stdv": 173.26292179983292,
  "tpm_overlap_csf": 0.16756890102356586,
  "tpm_overlap_gm": 0.39244052218284303,
  "tpm_overlap_wm": 0.4934401455834325,
  "wm2max": 0.17381557188400362
}