{
  "bids_meta": {
    "AcquisitionMatrixPE": 256,
    "AcquisitionNumber": 1,
    "AcquisitionTime": "19:13:2.112500",
    "BaseResolution": 256,
    "BodyPartExamined": "BRAIN",
    "ConsistencyInfo": "N4_VE11C_LATEST_20160120",
    "ConversionSoftware": "dcm2niix",
    "ConversionSoftwareVersion": "v1.0.20190410  GCC6.3.0",
    "DeviceSerialNumber": "45239",
    "DwellTime": 1.09e-05,
    "EchoTime": 0.00243,
    "FlipAngle": 9,
    "ImageOrientationPatientDICOM": [
      -0.0157074,
      0.999877,
      0,
      0,
      0,
      -1
    ],
    "ImageType": [
      "ORIGINAL",
      "PRIMARY",
      "M",
      "ND",
      "NORM"
    ],
    "ImagingFrequency": 123.172,
    "InPlanePhaseEncodingDirectionDICOM": "ROW",
    "InstitutionAddress": "E_24th_St._100_Austin_Southmiddle_US_78712",
    "InstitutionName": "The_Univ._of_Texas_at_Austin_IRC",
    "InstitutionalDepartmentName": "IRC",
    "InversionTime": 0.9,
    "MRAcquisitionType": "3D",
    "MagneticFieldStrength": 3,
    "Manufacturer": "Siemens",
    "ManufacturersModelName": "Skyra",
    "Modality": "MR",
    "PartialFourier": 1,
    "PatientPosition": "HFS",
    "PercentPhaseFOV": 100,
    "PhaseEncodingSteps": 255,
    "PhaseResolution": 1,
    "PixelBandwidth": 180,
    "ProcedureStepDescription": "Preston_fMRI",
    "ProtocolName": "mprage",
    "PulseSequenceDetails": "%SiemensSeq%_tfl",
    "ReceiveCoilActiveElements": "HEA;HEP",
    "ReceiveCoilName": "Head_32",
    "ReconMatrixPE": 256,
    "RefLinesPE": 48,
    "RepetitionTime": 1.9,
    "SAR": 0.11473,
    "ScanOptions": "IR",
    "ScanningSequence": "GR_IR",
    "SequenceName": "_tfl3d1_16ns",
    "SequenceVariant": "SK_SP_MP",
    "SeriesDescription": "mprage",
    "SeriesNumber": 2,
    "ShimSetting": [
      -2751,
      8072,
      -15888,
      -462,
      637,
      -681,
      -484,
      -138
    ],
    "SliceThickness": 1,
    "SoftwareVersions": "syngo_MR_E11",
    "StationName": "AWP45239",
    "TxRefAmp": 343.301,
    "dataset": "ds004094",
    "modality": "T1w",
    "subject_id": "133"
  },
  "cjv": 0.35015644813047,
  "cnr": 3.807534903424238,
  "efc": 0.557496254892332,
  "fber": -1.0,
  "fwhm_avg": 4.146273333333334,
  "fwhm_x": 4.17591,
  "fwhm_y": 4.1451,
  "fwhm_z": 4.11781,
  "icvs_csf": 0.20893828111368015,
  "icvs_gm": 0.4298137455745165,
  "icvs_wm": 0.3612479733118033,
  "inu_med": 0.3621078133583069,
  "inu_range": 0.09714028090238574,
  "provenance": {
    "md5sum": "3c5c2c0d6f0217b6ad8dd6c6fd3fe499",
    "settings": {
      "testing": false
    },
    "software": "mriqc",
    "version": "23.0.0",
    "warnings": {
      "large_rot_frame": true,
      "small_air_mask": false
    },
    "webapi_port": null,
    "webapi_url": "https://mriqc.nimh.nih.gov/api/v1"
  },
  "qi_1": 0.013687725289035831,
  "qi_2": 0.05580509767160623,
  "rpve_csf": 25.606817772170153,
  "rpve_gm": 13.173716696020435,
  "rpve_wm": 18.1001629913988,
  "size_x": 192,
  "size_y": 256,
  "size_z": 256,
  "snr_csf": 2.4426858024746605,
  "snr_gm": 14.789421730362033,
  "snr_total": 16.174507467267308,
  "snr_wm": 31.291414868965237,
  "snrd_csf": 59.01281132549868,
  "snrd_gm": 141.48047367678916,
  "snrd_total": 128.27400488852948,
  "snrd_wm": 184.3287296633006,
  "spacing_x": 1.0,
  "spacing_y": 1.0,
  "spacing_z": 1.0,
  "summary_bg_k": 22.301724040737774,
  "summary_bg_mad": 0.0,
  "summary_bg_mean": 1.4200485576189095,
  "summary_bg_median": 0.0,
  "summary_bg_n": 2219317.0,
  "summary_bg_p05": 0.0,
  "summary_bg_p95": 7.418016463518143,
  "summary_bg_stdv": 3.5541742282266116,
  "summary_csf_k": 6.723639959929365,
  "summary_csf_mad": 86.07815286885241,
  "summary_csf_mean": 315.13621547482074,
  "summary_csf_median": 320.1498392522335,
  "summary_csf_n": 42140.0,
  "summary_csf_p05": 60.37237161397934,
  "summary_csf_p95": 523.3759482122956,
  "summary_csf_stdv": 131.06312742306113,
  "summary_gm_k": 0.09762170814104998,
  "summary_gm_mad": 51.28755218371851,
  "summary_gm_mean": 765.8293749994773,
  "summary_gm_median": 767.544366851449,
  "summary_gm_n": 46195.0,
  "summary_gm_p05": 677.0592551380396,
  "summary_gm_p95": 848.2354934617875,
  "summary_gm_stdv": 51.897638267658365,
  "summary_wm_k": 0.7478025514936464,
  "summary_wm_mad": 30.108297619529022,
  "summary_wm_mean": 1001.2008917332587,
  "summary_wm_median": 1000.0000312775373,
  "summary_wm_n": 235538.0,
  "summary_wm_p05": 951.4156957268715,
  "summary_wm_p95": 1055.157757654786,
  "summary_wm_stdv": 31.95758046298174,
  "tpm_overlap_csf": 0.1649369376776533,
  "tpm_overlap_gm": 0.4783562233604132,
  "tpm_overlap_wm": 0.5331243597481461,
  "wm2max": 0.455375507951638
}