{
  "bids_meta": {
    "AcquisitionMatrixPE": 256,
    "AcquisitionNumber": 1,
    "AcquisitionTime": "17:04:20.110000",
    "BaseResolution": 256,
    "BodyPartExamined": "BRAIN",
    "ConsistencyInfo": "N4_VE11C_LATEST_20160120",
    "ConversionSoftware": "dcm2niix",
    "ConversionSoftwareVersion": "v1.0.20190410  GCC6.3.0",
    "DeviceSerialNumber": "45239",
    "DwellTime": 1.09e-05,
    "EchoTime": 0.00243,
    "FlipAngle": 9,
    "ImageOrientationPatientDICOM": [
      -0.0331552,
      0.99945,
      0,
      0,
      0,
      -1
    ],
    "ImageType": [
      "ORIGINAL",
      "PRIMARY",
      "M",
      "ND",
      "NORM"
    ],
    "ImagingFrequency": 123.172,
    "InPlanePhaseEncodingDirectionDICOM": "ROW",
    "InstitutionAddress": "E_24th_St._100_Austin_Southmiddle_US_78712",
    "InstitutionName": "The_Univ._of_Texas_at_Austin_IRC",
    "InstitutionalDepartmentName": "IRC",
    "InversionTime": 0.9,
    "MRAcquisitionType": "3D",
    "MagneticFieldStrength": 3,
    "Manufacturer": "Siemens",
    "ManufacturersModelName": "Skyra",
    "Modality": "MR",
    "PartialFourier": 1,
    "PatientPosition": "HFS",
    "PercentPhaseFOV": 100,
    "PhaseEncodingSteps": 255,
    "PhaseResolution": 1,
    "PixelBandwidth": 180,
    "ProcedureStepDescription": "Preston_fMRI",
    "ProtocolName": "mprage",
    "PulseSequenceDetails": "%SiemensSeq%_tfl",
    "ReceiveCoilActiveElements": "HEA;HEP",
    "ReceiveCoilName": "Head_32",
    "ReconMatrixPE": 256,
    "RefLinesPE": 48,
    "RepetitionTime": 1.9,
    "SAR": 0.0986884,
    "ScanOptions": "IR",
    "ScanningSequence": "GR_IR",
    "SequenceName": "_tfl3d1_16ns",
    "SequenceVariant": "SK_SP_MP",
    "SeriesDescription": "mprage",
    "SeriesNumber": 2,
    "ShimSetting": [
      -2751,
      8072,
      -15888,
      -462,
      637,
      -681,
      -484,
      -138
    ],
    "SliceThickness": 1,
    "SoftwareVersions": "syngo_MR_E11",
    "StationName": "AWP45239",
    "TxRefAmp": 315.045,
    "dataset": "ds004094",
    "modality": "T1w",
    "subject_id": "130"
  },
  "cjv": 0.356040782808343,
  "cnr": 3.831079668223009,
  "efc": 0.5455958025250505,
  "fber": -1.0,
  "fwhm_avg": 4.247240000000001,
  "fwhm_x": 4.31403,
  "fwhm_y": 4.23332,
  "fwhm_z": 4.19437,
  "icvs_csf": 0.2119299037709259,
  "icvs_gm": 0.43174400592836853,
  "icvs_wm": 0.35632609030070556,
  "inu_med": 0.375421941280365,
  "inu_range": 0.10905322432518005,
  "provenance": {
    "md5sum": "176f983c0b5672f313c74ca94e31f9c6",
    "settings": {
      "testing": false
    },
    "software": "mriqc",
    "version": "23.0.0",
    "warnings": {
      "large_rot_frame": true,
      "small_air_mask": false
    },
    "webapi_port": null,
    "webapi_url": "https://mriqc.nimh.nih.gov/api/v1"
  },
  "qi_1": 0.03105955588104517,
  "qi_2": 0.005610798216949749,
  "rpve_csf": 28.359346700064606,
  "rpve_gm": 14.529496789572391,
  "rpve_wm": 20.09904969761645,
  "size_x": 192,
  "size_y": 256,
  "size_z": 256,
  "snr_csf": 2.892953165175349,
  "snr_gm": 15.382335178328987,
  "snr_total": 15.931246432967173,
  "snr_wm": 29.51845095539719,
  "snrd_csf": 41.5015325601068,
  "snrd_gm": 98.85193270750236,
  "snrd_total": 89.68755098082126,
  "snrd_wm": 128.70918767485463,
  "spacing_x": 1.0,
  "spacing_y": 1.0,
  "spacing_z": 1.0,
  "summary_bg_k": 25.310888429521928,
  "summary_bg_mad": 0.0,
  "summary_bg_mean": 2.14843337439158,
  "summary_bg_median": 0.0,
  "summary_bg_n": 2148885.0,
  "summary_bg_p05": 0.0,
  "summary_bg_p95": 9.06307864934206,
  "summary_bg_stdv": 5.090051334447874,
  "summary_csf_k": 1.3398768632537479,
  "summary_csf_mad": 81.75631804860109,
  "summary_csf_mean": 326.27074641197555,
  "summary_csf_median": 322.4441981688142,
  "summary_csf_n": 38875.0,
  "summary_csf_p05": 110.12647567689419,
  "summary_csf_p95": 520.5550413735209,
  "summary_csf_stdv": 111.45705877002696,
  "summary_gm_k": -0.04650615299927052,
  "summary_gm_mad": 50.343737118313165,
  "summary_gm_mean": 768.0369131307637,
  "summary_gm_median": 768.0254249200225,
  "summary_gm_n": 29249.0,
  "summary_gm_p05": 685.5071008265019,
  "summary_gm_p95": 849.0694882199168,
  "summary_gm_stdv": 49.928199250345095,
  "summary_wm_k": 0.4887227261062792,
  "summary_wm_mad": 32.248657228812704,
  "summary_wm_mean": 1001.1293463517177,
  "summary_wm_median": 999.9999579936266,
  "summary_wm_n": 189127.0,
  "summary_wm_p05": 947.4743821769953,
  "summary_wm_p95": 1058.406464844942,
  "summary_wm_stdv": 33.877025450118644,
  "tpm_overlap_csf": 0.15332640272086895,
  "tpm_overlap_gm": 0.468809002960488,
  "tpm_overlap_wm": 0.5027020111106314,
  "wm2max": 0.4449901416024377
}