{
  "bids_meta": {
    "AcquisitionMatrixPE": 384,
    "AcquisitionNumber": 1,
    "AcquisitionTime": "17:17:44.720000",
    "BaseResolution": 384,
    "BodyPartExamined": "BRAIN",
    "ConsistencyInfo": "N4_VE11C_LATEST_20160120",
    "ConversionSoftware": "dcm2niix",
    "ConversionSoftwareVersion": "v1.0.20190410  GCC6.3.0",
    "DeviceSerialNumber": "45239",
    "DwellTime": 6e-06,
    "EchoTime": 0.082,
    "EchoTrainLength": 18,
    "FlipAngle": 150,
    "ImageOrientationPatientDICOM": [
      0.999989,
      -0.00471297,
      1.54358e-10,
      0.00227644,
      0.483011,
      -0.875611
    ],
    "ImageType": [
      "ORIGINAL",
      "PRIMARY",
      "M",
      "ND",
      "NORM"
    ],
    "ImagingFrequency": 123.172,
    "InPlanePhaseEncodingDirectionDICOM": "ROW",
    "InstitutionAddress": "E_24th_St._100_Austin_Southmiddle_US_78712",
    "InstitutionName": "The_Univ._of_Texas_at_Austin_IRC",
    "InstitutionalDepartmentName": "IRC",
    "MRAcquisitionType": "2D",
    "MagneticFieldStrength": 3,
    "Manufacturer": "Siemens",
    "ManufacturersModelName": "Skyra",
    "Modality": "MR",
    "PartialFourier": 1,
    "PatientPosition": "HFS",
    "PercentPhaseFOV": 100,
    "PhaseEncodingDirection": "i",
    "PhaseEncodingSteps": 396,
    "PhaseResolution": 1,
    "PixelBandwidth": 215,
    "ProcedureStepDescription": "Preston_fMRI",
    "ProtocolName": "T2_coronal_matrix384",
    "PulseSequenceDetails": "%SiemensSeq%_tse",
    "ReceiveCoilActiveElements": "HEA;HEP",
    "ReceiveCoilName": "Head_32",
    "ReconMatrixPE": 384,
    "RepetitionTime": 13.15,
    "SAR": 0.547927,
    "ScanningSequence": "SE",
    "SequenceName": "_tse2d1_18",
    "SequenceVariant": "SK_SP_OSP",
    "SeriesDescription": "T2_coronal_matrix384",
    "SeriesNumber": 4,
    "ShimSetting": [
      -2751,
      8072,
      -15888,
      -462,
      637,
      -681,
      -484,
      -138
    ],
    "SliceThickness": 1.5,
    "SoftwareVersions": "syngo_MR_E11",
    "SpacingBetweenSlices": 1.5,
    "StationName": "AWP45239",
    "TxRefAmp": 315.045,
    "dataset": "ds004094",
    "modality": "T2w",
    "run_id": 2,
    "subject_id": "130"
  },
  "cjv": 0.18719810003159185,
  "cnr": 3.0205766464431734,
  "efc": 0.6540702072667196,
  "fber": 713.5904998656275,
  "fwhm_avg": 2.9876204657219945,
  "fwhm_x": 3.3184077871007296,
  "fwhm_y": 2.1429287103227397,
  "fwhm_z": 3.5015248997425146,
  "icvs_csf": 0.24302289855223566,
  "icvs_gm": 0.175929190622534,
  "icvs_wm": 0.5810479108252303,
  "inu_med": 0.900229811668396,
  "inu_range": 0.34648290872573817,
  "provenance": {
    "md5sum": "a77af39b971ca7e5beb0d366d9abc302",
    "settings": {
      "testing": false
    },
    "software": "mriqc",
    "version": "23.0.0",
    "warnings": {
      "large_rot_frame": false,
      "small_air_mask": false
    },
    "webapi_port": null,
    "webapi_url": "https://mriqc.nimh.nih.gov/api/v1"
  },
  "qi_1": 0.0017101709697820728,
  "qi_2": 0.0016105450469412327,
  "rpve_csf": 5.572700753044766,
  "rpve_gm": 10.625660766804433,
  "rpve_wm": 3.1634826690455267,
  "size_x": 384,
  "size_y": 60,
  "size_z": 384,
  "snr_csf": 7.437798007012997,
  "snr_gm": 3.977006834986266,
  "snr_total": 5.594036011538301,
  "snr_wm": 5.367303192615641,
  "snrd_csf": 29.251303796116208,
  "snrd_gm": 74.5282842608188,
  "snrd_total": 40.28624957042181,
  "snrd_wm": 17.079160654330437,
  "spacing_x": 0.4322916567325592,
  "spacing_y": 1.4999985694885254,
  "spacing_z": 0.4322916567325592,
  "summary_bg_k": 834.9214448800075,
  "summary_bg_mad": 0.0,
  "summary_bg_mean": 18.797276848661944,
  "summary_bg_median": 0.0,
  "summary_bg_n": 1717410.0,
  "summary_bg_p05": 0.0,
  "summary_bg_p95": 82.22710358351469,
  "summary_bg_stdv": 38.36614386325401,
  "summary_csf_k": 0.9072089752129155,
  "summary_csf_mad": 213.51963993132043,
  "summary_csf_mean": 1727.5487273464973,
  "summary_csf_median": 1713.0169070586562,
  "summary_csf_n": 30469.0,
  "summary_csf_p05": 1381.2434368506074,
  "summary_csf_p95": 2126.253465950489,
  "summary_csf_stdv": 230.30859326870947,
  "summary_gm_k": 4.447998536866232,
  "summary_gm_mad": 445.8709191934536,
  "summary_gm_mean": 3993.491613346382,
  "summary_gm_median": 4364.530616573989,
  "summary_gm_n": 141102.0,
  "summary_gm_p05": 835.7415735360236,
  "summary_gm_p95": 4934.485731773078,
  "summary_gm_stdv": 1097.4371761900209,
  "summary_wm_k": 0.14750614346230018,
  "summary_wm_mad": 183.92706384004325,
  "summary_wm_mean": 1007.2176755786974,
  "summary_wm_median": 1000.1910056099296,
  "summary_wm_n": 738004.0,
  "summary_wm_p05": 713.207908898592,
  "summary_wm_p95": 1324.2288249582052,
  "summary_wm_stdv": 186.34876623948804,
  "tpm_overlap_csf": 0.10131109493688752,
  "tpm_overlap_gm": 0.12326629153914936,
  "tpm_overlap_wm": 0.4658691547344934,
  "wm2max": 0.19068985939439612
}