{
  "bids_meta": {
    "AcquisitionMatrixPE": 384,
    "AcquisitionNumber": 1,
    "AcquisitionTime": "17:46:36.417500",
    "BaseResolution": 384,
    "BodyPartExamined": "BRAIN",
    "ConsistencyInfo": "N4_VE11C_LATEST_20160120",
    "ConversionSoftware": "dcm2niix",
    "ConversionSoftwareVersion": "v1.0.20190410  GCC6.3.0",
    "DeviceSerialNumber": "45239",
    "DwellTime": 6e-06,
    "EchoTime": 0.082,
    "EchoTrainLength": 18,
    "FlipAngle": 150,
    "ImageOrientationPatientDICOM": [
      0.999993,
      0.00383529,
      -3.6425e-11,
      -0.00192865,
      0.502866,
      -0.864362
    ],
    "ImageType": [
      "ORIGINAL",
      "PRIMARY",
      "M",
      "ND",
      "NORM"
    ],
    "ImagingFrequency": 123.172,
    "InPlanePhaseEncodingDirectionDICOM": "ROW",
    "InstitutionAddress": "E_24th_St._100_Austin_Southmiddle_US_78712",
    "InstitutionName": "The_Univ._of_Texas_at_Austin_IRC",
    "InstitutionalDepartmentName": "IRC",
    "MRAcquisitionType": "2D",
    "MagneticFieldStrength": 3,
    "Manufacturer": "Siemens",
    "ManufacturersModelName": "Skyra",
    "Modality": "MR",
    "PartialFourier": 1,
    "PatientPosition": "HFS",
    "PercentPhaseFOV": 100,
    "PhaseEncodingDirection": "i",
    "PhaseEncodingSteps": 396,
    "PhaseResolution": 1,
    "PixelBandwidth": 215,
    "ProcedureStepDescription": "Preston_fMRI",
    "ProtocolName": "T2_coronal_matrix384",
    "PulseSequenceDetails": "%SiemensSeq%_tse",
    "ReceiveCoilActiveElements": "HEA;HEP",
    "ReceiveCoilName": "Head_32",
    "ReconMatrixPE": 384,
    "RepetitionTime": 13.15,
    "SAR": 0.617952,
    "ScanningSequence": "SE",
    "SequenceName": "_tse2d1_18",
    "SequenceVariant": "SK_SP_OSP",
    "SeriesDescription": "T2_coronal_matrix384",
    "SeriesNumber": 3,
    "ShimSetting": [
      -2751,
      8072,
      -15888,
      -462,
      637,
      -681,
      -484,
      -138
    ],
    "SliceThickness": 1.5,
    "SoftwareVersions": "syngo_MR_E11",
    "SpacingBetweenSlices": 1.5,
    "StationName": "AWP45239",
    "TxRefAmp": 343.771,
    "dataset": "ds004094",
    "modality": "T2w",
    "run_id": 1,
    "subject_id": "114"
  },
  "cjv": 0.2850826995019482,
  "cnr": 3.1219460122596314,
  "efc": 0.6919055629521478,
  "fber": 1369.0,
  "fwhm_avg": 2.744932793886896,
  "fwhm_x": 2.999016729634447,
  "fwhm_y": 2.052976759607947,
  "fwhm_z": 3.1828048924182957,
  "icvs_csf": 0.4455724698284795,
  "icvs_gm": 0.11905628536254365,
  "icvs_wm": 0.4353712448089769,
  "inu_med": 0.983669251203537,
  "inu_range": 0.39278142154216766,
  "provenance": {
    "md5sum": "afe0458aecb2b7fe8065e2715cf4a2f8",
    "settings": {
      "testing": false
    },
    "software": "mriqc",
    "version": "23.0.0",
    "warnings": {
      "large_rot_frame": false,
      "small_air_mask": false
    },
    "webapi_port": null,
    "webapi_url": "https://mriqc.nimh.nih.gov/api/v1"
  },
  "qi_1": 9.636201651656504e-05,
  "qi_2": 0.0002528677178295595,
  "rpve_csf": 3.689590273267548,
  "rpve_gm": 13.931360698289902,
  "rpve_wm": 3.908871216669472,
  "size_x": 384,
  "size_y": 60,
  "size_z": 384,
  "snr_csf": 7.578682056885251,
  "snr_gm": 4.016390270902128,
  "snr_total": 5.33176694657384,
  "snr_wm": 4.40022851193414,
  "snrd_csf": 6.91677539907336,
  "snrd_gm": 18.038653944094186,
  "snrd_total": 9.530478585630156,
  "snrd_wm": 3.6360064137229258,
  "spacing_x": 0.4322916865348816,
  "spacing_y": 1.4999974966049194,
  "spacing_z": 0.4322916567325592,
  "summary_bg_k": 145.5524929908905,
  "summary_bg_mad": 0.0,
  "summary_bg_mean": 53.05763430994836,
  "summary_bg_median": 0.0,
  "summary_bg_n": 1552430.0,
  "summary_bg_p05": 0.0,
  "summary_bg_p95": 182.3458556458354,
  "summary_bg_stdv": 180.16047827746254,
  "summary_csf_k": 0.4735708223270385,
  "summary_csf_mad": 239.17129320156133,
  "summary_csf_mean": 1912.2716812905023,
  "summary_csf_median": 1902.09178429842,
  "summary_csf_n": 152615.0,
  "summary_csf_p05": 1519.0012118965387,
  "summary_csf_p95": 2338.188599422574,
  "summary_csf_stdv": 250.97840737268382,
  "summary_gm_k": 3.09942413260178,
  "summary_gm_mad": 911.8709997420017,
  "summary_gm_mean": 4720.298839463818,
  "summary_gm_median": 4960.573892779648,
  "summary_gm_n": 53383.0,
  "summary_gm_p05": 2230.664778958261,
  "summary_gm_p95": 6172.05128326267,
  "summary_gm_stdv": 1235.071070256194,
  "summary_wm_k": 0.4037194532741557,
  "summary_wm_mad": 217.25131724622477,
  "summary_wm_mean": 1001.6243437039122,
  "summary_wm_median": 999.8904877156019,
  "summary_wm_n": 414888.0,
  "summary_wm_p05": 631.9132655113935,
  "summary_wm_p95": 1376.9576234444976,
  "summary_wm_stdv": 227.235762867876,
  "tpm_overlap_csf": 0.09333502814848285,
  "tpm_overlap_gm": 0.08752394945347629,
  "tpm_overlap_wm": 0.461190381208693,
  "wm2max": 0.1625355676734022
}