{
  "bids_meta": {
    "AcquisitionMatrixPE": 384,
    "AcquisitionNumber": 1,
    "AcquisitionTime": "17:52:47.710000",
    "BaseResolution": 384,
    "BodyPartExamined": "BRAIN",
    "ConsistencyInfo": "N4_VE11C_LATEST_20160120",
    "ConversionSoftware": "dcm2niix",
    "ConversionSoftwareVersion": "v1.0.20190410  GCC6.3.0",
    "DeviceSerialNumber": "45239",
    "DwellTime": 6e-06,
    "EchoTime": 0.082,
    "EchoTrainLength": 18,
    "FlipAngle": 150,
    "ImageOrientationPatientDICOM": [
      0.999993,
      0.00383529,
      -3.6425e-11,
      -0.00192865,
      0.502866,
      -0.864362
    ],
    "ImageType": [
      "ORIGINAL",
      "PRIMARY",
      "M",
      "ND",
      "NORM"
    ],
    "ImagingFrequency": 123.172,
    "InPlanePhaseEncodingDirectionDICOM": "ROW",
    "InstitutionAddress": "E_24th_St._100_Austin_Southmiddle_US_78712",
    "InstitutionName": "The_Univ._of_Texas_at_Austin_IRC",
    "InstitutionalDepartmentName": "IRC",
    "MRAcquisitionType": "2D",
    "MagneticFieldStrength": 3,
    "Manufacturer": "Siemens",
    "ManufacturersModelName": "Skyra",
    "Modality": "MR",
    "PartialFourier": 1,
    "PatientPosition": "HFS",
    "PercentPhaseFOV": 100,
    "PhaseEncodingDirection": "i",
    "PhaseEncodingSteps": 396,
    "PhaseResolution": 1,
    "PixelBandwidth": 215,
    "ProcedureStepDescription": "Preston_fMRI",
    "ProtocolName": "T2_coronal_matrix384",
    "PulseSequenceDetails": "%SiemensSeq%_tse",
    "ReceiveCoilActiveElements": "HEA;HEP",
    "ReceiveCoilName": "Head_32",
    "ReconMatrixPE": 384,
    "RepetitionTime": 13.15,
    "SAR": 0.617952,
    "ScanningSequence": "SE",
    "SequenceName": "_tse2d1_18",
    "SequenceVariant": "SK_SP_OSP",
    "SeriesDescription": "T2_coronal_matrix384",
    "SeriesNumber": 4,
    "ShimSetting": [
      -2751,
      8072,
      -15888,
      -462,
      637,
      -681,
      -484,
      -138
    ],
    "SliceThickness": 1.5,
    "SoftwareVersions": "syngo_MR_E11",
    "SpacingBetweenSlices": 1.5,
    "StationName": "AWP45239",
    "TxRefAmp": 343.771,
    "dataset": "ds004094",
    "modality": "T2w",
    "run_id": 2,
    "subject_id": "114"
  },
  "cjv": 0.24731525976115282,
  "cnr": 3.161610075418959,
  "efc": 0.6843807769394407,
  "fber": 4949.2721819827975,
  "fwhm_avg": 2.63745314995415,
  "fwhm_x": 2.954139623263273,
  "fwhm_y": 1.9725966254591252,
  "fwhm_z": 2.985623201140052,
  "icvs_csf": 0.4579990801454519,
  "icvs_gm": 0.12573559859096087,
  "icvs_wm": 0.41626532126358723,
  "inu_med": 0.9631361365318298,
  "inu_range": 0.3554582059383389,
  "provenance": {
    "md5sum": "357e3467ad3e631fb8ff1bd72a71f6fe",
    "settings": {
      "testing": false
    },
    "software": "mriqc",
    "version": "23.0.0",
    "warnings": {
      "large_rot_frame": false,
      "small_air_mask": false
    },
    "webapi_port": null,
    "webapi_url": "https://mriqc.nimh.nih.gov/api/v1"
  },
  "qi_1": 0.00010970989731839297,
  "qi_2": 0.0004685687367734129,
  "rpve_csf": 3.707945253897125,
  "rpve_gm": 13.144251581314224,
  "rpve_wm": 4.182089025148988,
  "size_x": 384,
  "size_y": 60,
  "size_z": 384,
  "snr_csf": 8.216939037900346,
  "snr_gm": 4.034563472366873,
  "snr_total": 5.719933251258163,
  "snr_wm": 4.9082972435072705,
  "snrd_csf": 8.060171987109186,
  "snrd_gm": 21.759949490939853,
  "snrd_total": 11.391837037885246,
  "snrd_wm": 4.355389635606697,
  "spacing_x": 0.4322916865348816,
  "spacing_y": 1.4999974966049194,
  "spacing_z": 0.4322916567325592,
  "summary_bg_k": 192.22117705274098,
  "summary_bg_mad": 0.0,
  "summary_bg_mean": 37.84125355861248,
  "summary_bg_median": 0.0,
  "summary_bg_n": 1570365.0,
  "summary_bg_p05": 0.0,
  "summary_bg_p95": 111.8477305918932,
  "summary_bg_stdv": 150.41969607552753,
  "summary_csf_k": 0.5131982886225663,
  "summary_csf_mad": 213.0685775123526,
  "summary_csf_mean": 1860.6922472613621,
  "summary_csf_median": 1850.6201466098428,
  "summary_csf_n": 185380.0,
  "summary_csf_p05": 1508.228152592853,
  "summary_csf_p95": 2244.5465706065297,
  "summary_csf_stdv": 225.21953085495645,
  "summary_gm_k": 3.446741772942395,
  "summary_gm_mad": 793.7755711341886,
  "summary_gm_mean": 4664.623664125519,
  "summary_gm_median": 4996.09697926417,
  "summary_gm_n": 55784.0,
  "summary_gm_p05": 2001.5236932616683,
  "summary_gm_p95": 6040.419025942683,
  "summary_gm_stdv": 1238.3129507188337,
  "summary_wm_k": 0.43521585392456563,
  "summary_wm_mad": 194.5201968806969,
  "summary_wm_mean": 1000.2601246907922,
  "summary_wm_median": 999.9999775290489,
  "summary_wm_n": 425379.0,
  "summary_wm_p05": 666.2745786979795,
  "summary_wm_p95": 1333.2976603731513,
  "summary_wm_stdv": 203.7363982853324,
  "tpm_overlap_csf": 0.09343161876345149,
  "tpm_overlap_gm": 0.0889634212774045,
  "tpm_overlap_wm": 0.4628320934374405,
  "wm2max": 0.16528808766348532
}