{
  "aor": 0.00041053691275167787,
  "aqi": 0.006082970268456376,
  "bids_meta": {
    "AcquisitionMatrixPE": 128,
    "AcquisitionNumber": 1,
    "AcquisitionTime": "17:57:36.315000",
    "BandwidthPerPixelPhaseEncode": 20.292,
    "BaseResolution": 128,
    "BodyPartExamined": "BRAIN",
    "CogAtlasID": "http://www.cognitiveatlas.org/task/id/TODO",
    "ConsistencyInfo": "N4_VE11A_LATEST_20140830",
    "ConversionSoftware": "dcm2niix",
    "ConversionSoftwareVersion": "v1.0.20190410  GCC6.3.0",
    "DerivedVendorReportedEchoSpacing": 0.000770008,
    "DeviceSerialNumber": "45239",
    "DwellTime": 2.6e-06,
    "EchoTime": 0.03,
    "EchoTrainLength": 55,
    "EffectiveEchoSpacing": 0.000385004,
    "FlipAngle": 73,
    "ImageComments": "Unaliased_MB3_PE4_LB_SENSE1",
    "ImageOrientationPatientDICOM": [
      0.999998,
      0.00015128,
      -0.00187985,
      1.0476e-08,
      0.996777,
      0.0802206
    ],
    "ImageType": [
      "ORIGINAL",
      "PRIMARY",
      "M",
      "MB",
      "ND",
      "MOSAIC"
    ],
    "ImagingFrequency": 123.225,
    "InPlanePhaseEncodingDirectionDICOM": "COL",
    "InstitutionAddress": "E_24th_St._100_Austin_Southmiddle_US_78712",
    "InstitutionName": "The_Univ._of_Texas_at_Austin_IRC",
    "InstitutionalDepartmentName": "IRC",
    "MRAcquisitionType": "2D",
    "MagneticFieldStrength": 3,
    "Manufacturer": "Siemens",
    "ManufacturersModelName": "Skyra",
    "Modality": "MR",
    "MultibandAccelerationFactor": 3,
    "ParallelReductionFactorInPlane": 2,
    "PartialFourier": 0.875,
    "PatientPosition": "HFS",
    "PercentPhaseFOV": 100,
    "PhaseEncodingDirection": "j-",
    "PhaseEncodingSteps": 111,
    "PhaseResolution": 1,
    "PixelBandwidth": 1500,
    "ProcedureStepDescription": "Preston_fMRI",
    "ProtocolName": "functional_run",
    "PulseSequenceDetails": "%CustomerSeq%_cmrr_mbep2d_bold",
    "ReceiveCoilActiveElements": "HEA;HEP",
    "ReceiveCoilName": "Head_32",
    "ReconMatrixPE": 128,
    "RefLinesPE": 92,
    "RepetitionTime": 2,
    "SAR": 0.135171,
    "ScanOptions": "PFP_FS",
    "ScanningSequence": "EP",
    "SequenceName": "epfid2d1_128",
    "SequenceVariant": "SK_SS",
    "SeriesDescription": "functional_run",
    "SeriesNumber": 10,
    "ShimSetting": [
      -2840,
      8106,
      -15523,
      -315,
      269,
      -4,
      -632,
      -122
    ],
    "SliceThickness": 1.7,
    "SliceTiming": [
      0,
      1.03,
      0.08,
      1.1075,
      0.1575,
      1.1875,
      0.2375,
      1.2675,
      0.3175,
      1.345,
      0.395,
      1.425,
      0.475,
      1.505,
      0.555,
      1.5825,
      0.6325,
      1.6625,
      0.7125,
      1.7425,
      0.7925,
      1.8225,
      0.87,
      1.9,
      0.95,
      0,
      1.03,
      0.08,
      1.1075,
      0.1575,
      1.1875,
      0.2375,
      1.2675,
      0.3175,
      1.345,
      0.395,
      1.425,
      0.475,
      1.505,
      0.555,
      1.5825,
      0.6325,
      1.6625,
      0.7125,
      1.7425,
      0.7925,
      1.8225,
      0.87,
      1.9,
      0.95,
      0,
      1.03,
      0.08,
      1.1075,
      0.1575,
      1.1875,
      0.2375,
      1.2675,
      0.3175,
      1.345,
      0.395,
      1.425,
      0.475,
      1.505,
      0.555,
      1.5825,
      0.6325,
      1.6625,
      0.7125,
      1.7425,
      0.7925,
      1.8225,
      0.87,
      1.9,
      0.95
    ],
    "SoftwareVersions": "syngo_MR_E11",
    "SpacingBetweenSlices": 1.7,
    "StationName": "AWP45239",
    "TaskName": "struct",
    "TotalReadoutTime": 0.0488955,
    "TxRefAmp": 341.425,
    "WipMemBlock": "46f681c8-28ef-4541-bbb9-8eef5dab6a77||Sequence: ve11a/master r/5a7612f; Mar  3 2017 11:38:58 by eja",
    "dataset": "ds004094",
    "modality": "bold",
    "run_id": 2,
    "subject_id": "100",
    "task_id": "struct"
  },
  "dummy_trs": 0,
  "dvars_nstd": 46.06212746979799,
  "dvars_std": 1.0439971184175085,
  "dvars_vstd": 1.0085613042087547,
  "efc": 0.49602815070546535,
  "fber": 10746.509765625,
  "fd_mean": 0.07939689412246248,
  "fd_num": 0,
  "fd_perc": 0.0,
  "fwhm_avg": 3.3295995179520195,
  "fwhm_x": 2.9857978181818186,
  "fwhm_y": 3.489524363636364,
  "fwhm_z": 3.5134763720378768,
  "gcor": 0.00288075,
  "gsr_x": -0.01051697414368391,
  "gsr_y": 0.06676212698221207,
  "provenance": {
    "md5sum": "61445898419caddeb3e71603e6ba03f9",
    "settings": {
      "fd_thres": 0.2,
      "testing": false
    },
    "software": "mriqc",
    "version": "23.0.0",
    "webapi_port": null,
    "webapi_url": "https://mriqc.nimh.nih.gov/api/v1"
  },
  "size_t": 298,
  "size_x": 128,
  "size_y": 128,
  "size_z": 75,
  "snr": 2.2014685867201473,
  "spacing_tr": 2.0,
  "spacing_x": 1.71875,
  "spacing_y": 1.71875,
  "spacing_z": 1.7000000476837158,
  "summary_bg_k": 31.603370389221134,
  "summary_bg_mad": 47.62225625374942,
  "summary_bg_mean": 525.2242431640625,
  "summary_bg_median": 70.78195190429688,
  "summary_bg_n": 822007.0,
  "summary_bg_p05": 33.55390663146973,
  "summary_bg_p95": 3012.314672851562,
  "summary_bg_stdv": 1356.02490234375,
  "summary_fg_k": 1.332497466026716,
  "summary_fg_mad": 2910.681885211033,
  "summary_fg_mean": 8091.20751953125,
  "summary_fg_median": 7455.82373046875,
  "summary_fg_n": 266879.0,
  "summary_fg_p05": 3850.7083740234375,
  "summary_fg_p95": 14722.24931640624,
  "summary_fg_stdv": 3386.74365234375,
  "tsnr": 31.07087516784668
}