{
  "bids_meta": {
    "AcquisitionMatrixPE": 384,
    "AcquisitionNumber": 1,
    "AcquisitionTime": "17:30:29.705000",
    "BaseResolution": 384,
    "BodyPartExamined": "BRAIN",
    "ConsistencyInfo": "N4_VE11C_LATEST_20160120",
    "ConversionSoftware": "dcm2niix",
    "ConversionSoftwareVersion": "v1.0.20190410  GCC6.3.0",
    "DeviceSerialNumber": "45239",
    "DwellTime": 6e-06,
    "EchoTime": 0.082,
    "EchoTrainLength": 18,
    "FlipAngle": 150,
    "ImageOrientationPatientDICOM": [
      0.999133,
      0.0416357,
      -4.91648e-10,
      -0.0160402,
      0.384918,
      -0.922812
    ],
    "ImageType": [
      "ORIGINAL",
      "PRIMARY",
      "M",
      "ND",
      "NORM"
    ],
    "ImagingFrequency": 123.172,
    "InPlanePhaseEncodingDirectionDICOM": "ROW",
    "InstitutionAddress": "E_24th_St._100_Austin_Southmiddle_US_78712",
    "InstitutionName": "The_Univ._of_Texas_at_Austin_IRC",
    "InstitutionalDepartmentName": "IRC",
    "MRAcquisitionType": "2D",
    "MagneticFieldStrength": 3,
    "Manufacturer": "Siemens",
    "ManufacturersModelName": "Skyra",
    "Modality": "MR",
    "PartialFourier": 1,
    "PatientPosition": "HFS",
    "PercentPhaseFOV": 100,
    "PhaseEncodingDirection": "i",
    "PhaseEncodingSteps": 396,
    "PhaseResolution": 1,
    "PixelBandwidth": 215,
    "ProcedureStepDescription": "Preston_fMRI",
    "ProtocolName": "T2_coronal_matrix384",
    "PulseSequenceDetails": "%SiemensSeq%_tse",
    "ReceiveCoilActiveElements": "HEA;HEP",
    "ReceiveCoilName": "Head_32",
    "ReconMatrixPE": 384,
    "RepetitionTime": 13.15,
    "SAR": 0.595465,
    "ScanningSequence": "SE",
    "SequenceName": "_tse2d1_18",
    "SequenceVariant": "SK_SP_OSP",
    "SeriesDescription": "T2_coronal_matrix384",
    "SeriesNumber": 4,
    "ShimSetting": [
      -2751,
      8072,
      -15888,
      -462,
      637,
      -681,
      -484,
      -138
    ],
    "SliceThickness": 1.5,
    "SoftwareVersions": "syngo_MR_E11",
    "SpacingBetweenSlices": 1.5,
    "StationName": "AWP45239",
    "TxRefAmp": 318.896,
    "dataset": "ds004094",
    "modality": "T2w",
    "run_id": 2,
    "subject_id": "113"
  },
  "cjv": 0.5898201376160308,
  "cnr": 0.3855023267346027,
  "efc": 0.660034389383951,
  "fber": 315.24936980609425,
  "fwhm_avg": 2.9314765839957033,
  "fwhm_x": 3.2205803149731262,
  "fwhm_y": 2.135869598972704,
  "fwhm_z": 3.437979838041279,
  "icvs_csf": 0.21464466213285327,
  "icvs_gm": 0.7369783525690511,
  "icvs_wm": 0.04837698529809559,
  "inu_med": 0.8734872937202454,
  "inu_range": 0.2752652376890182,
  "provenance": {
    "md5sum": "d952a5faff5d8826575379192e2b33b8",
    "settings": {
      "testing": false
    },
    "software": "mriqc",
    "version": "23.0.0",
    "warnings": {
      "large_rot_frame": false,
      "small_air_mask": false
    },
    "webapi_port": null,
    "webapi_url": "https://mriqc.nimh.nih.gov/api/v1"
  },
  "qi_1": 0.004968861204975478,
  "qi_2": 0.0011328340175976019,
  "rpve_csf": 6.495126872911826,
  "rpve_gm": 2.6192637473742075,
  "rpve_wm": 23.9625985491808,
  "size_x": 384,
  "size_y": 60,
  "size_z": 384,
  "snr_csf": 5.405623682357113,
  "snr_gm": 4.302747068223851,
  "snr_total": 3.2760379080219217,
  "snr_wm": 0.11974297348480081,
  "snrd_csf": 69.33125254700879,
  "snrd_gm": 17.09486681019738,
  "snrd_total": 30.152052028925898,
  "snrd_wm": 4.030036729571519,
  "spacing_x": 0.4322916567325592,
  "spacing_y": 1.5000026226043701,
  "spacing_z": 0.4322916567325592,
  "summary_bg_k": 220.8889413591499,
  "summary_bg_mad": 0.0,
  "summary_bg_mean": 91.14483184864315,
  "summary_bg_median": 0.0,
  "summary_bg_n": 1599246.0,
  "summary_bg_p05": 0.0,
  "summary_bg_p95": 402.7084746956825,
  "summary_bg_stdv": 162.88201716412894,
  "summary_csf_k": 2.365985901441624,
  "summary_csf_mad": 1893.672935516333,
  "summary_csf_mean": 16127.844573437962,
  "summary_csf_median": 17237.3482336998,
  "summary_csf_n": 117729.0,
  "summary_csf_p05": 9395.438180077077,
  "summary_csf_p95": 19306.84213861823,
  "summary_csf_stdv": 3188.7671134160887,
  "summary_gm_k": -0.1864844556446843,
  "summary_gm_mad": 1026.0917524477452,
  "summary_gm_mean": 4303.513388447452,
  "summary_gm_median": 4250.17811435461,
  "summary_gm_n": 940319.0,
  "summary_gm_p05": 2767.997099965811,
  "summary_gm_p95": 5977.9043845534325,
  "summary_gm_stdv": 987.7819418612407,
  "summary_wm_k": -0.5423819413845852,
  "summary_wm_mad": 889.7726627816699,
  "summary_wm_mean": 5625.6086293538065,
  "summary_wm_median": 1001.9600677937269,
  "summary_wm_n": 3126.0,
  "summary_wm_p05": 207.14539904147387,
  "summary_wm_p95": 20965.43084767461,
  "summary_wm_stdv": 8366.251175272922,
  "tpm_overlap_csf": 0.1460511536483834,
  "tpm_overlap_gm": 0.4293728858958676,
  "tpm_overlap_wm": 0.05396201640483186,
  "wm2max": 0.048552826995475425
}