{
  "aor": 0.000316006711409396,
  "aqi": 0.004602703993288592,
  "bids_meta": {
    "AcquisitionMatrixPE": 128,
    "AcquisitionNumber": 1,
    "AcquisitionTime": "20:06:5.242500",
    "BandwidthPerPixelPhaseEncode": 20.292,
    "BaseResolution": 128,
    "BodyPartExamined": "BRAIN",
    "CogAtlasID": "http://www.cognitiveatlas.org/task/id/TODO",
    "ConsistencyInfo": "N4_VE11A_LATEST_20140830",
    "ConversionSoftware": "dcm2niix",
    "ConversionSoftwareVersion": "v1.0.20190410  GCC6.3.0",
    "DerivedVendorReportedEchoSpacing": 0.000770008,
    "DeviceSerialNumber": "45239",
    "DwellTime": 2.6e-06,
    "EchoTime": 0.03,
    "EchoTrainLength": 55,
    "EffectiveEchoSpacing": 0.000385004,
    "FlipAngle": 73,
    "ImageComments": "Unaliased_MB3_PE4_LB_SENSE1",
    "ImageOrientationPatientDICOM": [
      1,
      0,
      0,
      0,
      1,
      -3.4118e-11
    ],
    "ImageType": [
      "ORIGINAL",
      "PRIMARY",
      "M",
      "MB",
      "ND",
      "MOSAIC"
    ],
    "ImagingFrequency": 123.225,
    "InPlanePhaseEncodingDirectionDICOM": "COL",
    "InstitutionAddress": "E_24th_St._100_Austin_Southmiddle_US_78712",
    "InstitutionName": "The_Univ._of_Texas_at_Austin_IRC",
    "InstitutionalDepartmentName": "IRC",
    "MRAcquisitionType": "2D",
    "MagneticFieldStrength": 3,
    "Manufacturer": "Siemens",
    "ManufacturersModelName": "Skyra",
    "Modality": "MR",
    "MultibandAccelerationFactor": 3,
    "ParallelReductionFactorInPlane": 2,
    "PartialFourier": 0.875,
    "PatientPosition": "HFS",
    "PercentPhaseFOV": 100,
    "PhaseEncodingDirection": "j-",
    "PhaseEncodingSteps": 111,
    "PhaseResolution": 1,
    "PixelBandwidth": 1500,
    "ProcedureStepDescription": "Preston_fMRI",
    "ProtocolName": "functional_run",
    "PulseSequenceDetails": "%CustomerSeq%_cmrr_mbep2d_bold",
    "ReceiveCoilActiveElements": "HEA;HEP",
    "ReceiveCoilName": "Head_32",
    "ReconMatrixPE": 128,
    "RefLinesPE": 92,
    "RepetitionTime": 2,
    "SAR": 0.148367,
    "ScanOptions": "PFP_FS",
    "ScanningSequence": "EP",
    "SequenceName": "epfid2d1_128",
    "SequenceVariant": "SK_SS",
    "SeriesDescription": "functional_run",
    "SeriesNumber": 21,
    "ShimSetting": [
      -2864,
      8149,
      -15418,
      -320,
      420,
      213,
      -190,
      -167
    ],
    "SliceThickness": 1.7,
    "SliceTiming": [
      0,
      1.03,
      0.08,
      1.1075,
      0.1575,
      1.1875,
      0.2375,
      1.2675,
      0.3175,
      1.345,
      0.395,
      1.425,
      0.475,
      1.505,
      0.555,
      1.5825,
      0.6325,
      1.6625,
      0.7125,
      1.7425,
      0.7925,
      1.82,
      0.87,
      1.9,
      0.95,
      0,
      1.03,
      0.08,
      1.1075,
      0.1575,
      1.1875,
      0.2375,
      1.2675,
      0.3175,
      1.345,
      0.395,
      1.425,
      0.475,
      1.505,
      0.555,
      1.5825,
      0.6325,
      1.6625,
      0.7125,
      1.7425,
      0.7925,
      1.82,
      0.87,
      1.9,
      0.95,
      0,
      1.03,
      0.08,
      1.1075,
      0.1575,
      1.1875,
      0.2375,
      1.2675,
      0.3175,
      1.345,
      0.395,
      1.425,
      0.475,
      1.505,
      0.555,
      1.5825,
      0.6325,
      1.6625,
      0.7125,
      1.7425,
      0.7925,
      1.82,
      0.87,
      1.9,
      0.95
    ],
    "SoftwareVersions": "syngo_MR_E11",
    "SpacingBetweenSlices": 1.7,
    "StationName": "AWP45239",
    "TaskName": "struct",
    "TotalReadoutTime": 0.0488955,
    "TxRefAmp": 354.844,
    "WipMemBlock": "baa9a04d-008c-40e7-8204-3caba74cf278||Sequence: ve11a/master r/5a7612f; Mar  3 2017 11:38:58 by eja",
    "dataset": "ds004094",
    "modality": "bold",
    "run_id": 6,
    "subject_id": "106",
    "task_id": "struct"
  },
  "dummy_trs": 0,
  "dvars_nstd": 41.52099947188552,
  "dvars_std": 1.0508176785185193,
  "dvars_vstd": 1.0046796008754209,
  "efc": 0.47805068902189357,
  "fber": 18531.349609375,
  "fd_mean": 0.04459432030664118,
  "fd_num": 3,
  "fd_perc": 1.0067114093959733,
  "fwhm_avg": 3.2881864996535817,
  "fwhm_x": 3.036328727272727,
  "fwhm_y": 3.454801454545455,
  "fwhm_z": 3.373429317142562,
  "gcor": 0.00362903,
  "gsr_x": -0.0021714908070862293,
  "gsr_y": 0.04752064123749733,
  "provenance": {
    "md5sum": "43322be2a8b50a029554a20c3bdc9e64",
    "settings": {
      "fd_thres": 0.2,
      "testing": false
    },
    "software": "mriqc",
    "version": "23.0.0",
    "webapi_port": null,
    "webapi_url": "https://mriqc.nimh.nih.gov/api/v1"
  },
  "size_t": 298,
  "size_x": 128,
  "size_y": 128,
  "size_z": 75,
  "snr": 2.3140104000255333,
  "spacing_tr": 2.0,
  "spacing_x": 1.71875,
  "spacing_y": 1.71875,
  "spacing_z": 1.7000000476837158,
  "summary_bg_k": 71.94704564984556,
  "summary_bg_mad": 35.475153709186145,
  "summary_bg_mean": 387.3199462890625,
  "summary_bg_median": 61.343467712402344,
  "summary_bg_n": 823181.0,
  "summary_bg_p05": 33.83956527709961,
  "summary_bg_p95": 2009.2017822265625,
  "summary_bg_stdv": 1095.5968017578125,
  "summary_fg_k": 1.5642595133339734,
  "summary_fg_mad": 3402.40233062063,
  "summary_fg_mean": 9086.03125,
  "summary_fg_median": 8408.6142578125,
  "summary_fg_n": 267910.0,
  "summary_fg_p05": 4466.468041992188,
  "summary_fg_p95": 15837.587207031249,
  "summary_fg_stdv": 3633.77734375,
  "tsnr": 34.94297790527344
}