{
  "aor": 0.0004944444444444445,
  "aqi": 0.006649409898989899,
  "bids_meta": {
    "AcquisitionMatrixPE": 128,
    "AcquisitionNumber": 1,
    "AcquisitionTime": "19:06:48.835000",
    "BandwidthPerPixelPhaseEncode": 20.292,
    "BaseResolution": 128,
    "BodyPartExamined": "BRAIN",
    "CogAtlasID": "http://www.cognitiveatlas.org/task/id/TODO",
    "ConsistencyInfo": "N4_VE11A_LATEST_20140830",
    "ConversionSoftware": "dcm2niix",
    "ConversionSoftwareVersion": "v1.0.20190410  GCC6.3.0",
    "DerivedVendorReportedEchoSpacing": 0.000770008,
    "DeviceSerialNumber": "45239",
    "DwellTime": 2.6e-06,
    "EchoTime": 0.03,
    "EchoTrainLength": 55,
    "EffectiveEchoSpacing": 0.000385004,
    "FlipAngle": 73,
    "ImageComments": "Unaliased_MB3_PE4_LB_SENSE1",
    "ImageOrientationPatientDICOM": [
      1,
      4.77502e-05,
      0.000781747,
      6.2266e-08,
      0.998135,
      -0.0610472
    ],
    "ImageType": [
      "ORIGINAL",
      "PRIMARY",
      "M",
      "MB",
      "ND",
      "MOSAIC"
    ],
    "ImagingFrequency": 123.224,
    "InPlanePhaseEncodingDirectionDICOM": "COL",
    "InstitutionAddress": "E_24th_St._100_Austin_Southmiddle_US_78712",
    "InstitutionName": "The_Univ._of_Texas_at_Austin_IRC",
    "InstitutionalDepartmentName": "IRC",
    "MRAcquisitionType": "2D",
    "MagneticFieldStrength": 3,
    "Manufacturer": "Siemens",
    "ManufacturersModelName": "Skyra",
    "Modality": "MR",
    "MultibandAccelerationFactor": 3,
    "ParallelReductionFactorInPlane": 2,
    "PartialFourier": 0.875,
    "PatientPosition": "HFS",
    "PercentPhaseFOV": 100,
    "PhaseEncodingDirection": "j-",
    "PhaseEncodingSteps": 111,
    "PhaseResolution": 1,
    "PixelBandwidth": 1500,
    "ProcedureStepDescription": "Preston_fMRI",
    "ProtocolName": "functional_run",
    "PulseSequenceDetails": "%CustomerSeq%_cmrr_mbep2d_bold",
    "ReceiveCoilActiveElements": "HEA;HEP",
    "ReceiveCoilName": "Head_32",
    "ReconMatrixPE": 128,
    "RefLinesPE": 92,
    "RepetitionTime": 2,
    "SAR": 0.129836,
    "ScanOptions": "PFP_FS",
    "ScanningSequence": "EP",
    "SequenceName": "epfid2d1_128",
    "SequenceVariant": "SK_SS",
    "SeriesDescription": "functional_run",
    "SeriesNumber": 10,
    "ShimSetting": [
      -2896,
      8198,
      -15401,
      -351,
      472,
      329,
      -434,
      -132
    ],
    "SliceThickness": 1.7,
    "SliceTiming": [
      0,
      1.0275,
      0.0775,
      1.1075,
      0.1575,
      1.1875,
      0.2375,
      1.265,
      0.315,
      1.345,
      0.395,
      1.425,
      0.475,
      1.5025,
      0.5525,
      1.5825,
      0.6325,
      1.6625,
      0.7125,
      1.74,
      0.79,
      1.82,
      0.87,
      1.9,
      0.95,
      0,
      1.0275,
      0.0775,
      1.1075,
      0.1575,
      1.1875,
      0.2375,
      1.265,
      0.315,
      1.345,
      0.395,
      1.425,
      0.475,
      1.5025,
      0.5525,
      1.5825,
      0.6325,
      1.6625,
      0.7125,
      1.74,
      0.79,
      1.82,
      0.87,
      1.9,
      0.95,
      0,
      1.0275,
      0.0775,
      1.1075,
      0.1575,
      1.1875,
      0.2375,
      1.265,
      0.315,
      1.345,
      0.395,
      1.425,
      0.475,
      1.5025,
      0.5525,
      1.5825,
      0.6325,
      1.6625,
      0.7125,
      1.74,
      0.79,
      1.82,
      0.87,
      1.9,
      0.95
    ],
    "SoftwareVersions": "syngo_MR_E11",
    "SpacingBetweenSlices": 1.7,
    "StationName": "AWP45239",
    "TaskName": "struct",
    "TotalReadoutTime": 0.0488955,
    "TxRefAmp": 341.632,
    "WipMemBlock": "cfde2223-a2fb-4133-89fa-6dc5d495f1ed||Sequence: ve11a/master r/5a7612f; Mar  3 2017 11:38:58 by eja",
    "dataset": "ds004094",
    "modality": "bold",
    "run_id": 2,
    "subject_id": "106",
    "task_id": "struct"
  },
  "dummy_trs": 1,
  "dvars_nstd": 45.6451865789527,
  "dvars_std": 1.0721317180067576,
  "dvars_vstd": 0.9992615189527022,
  "efc": 0.4775620641629544,
  "fber": 19126.443359375,
  "fd_mean": 0.060545263780991815,
  "fd_num": 9,
  "fd_perc": 3.0303030303030303,
  "fwhm_avg": 3.2198974942584777,
  "fwhm_x": 2.9345861818181818,
  "fwhm_y": 3.3850414545454544,
  "fwhm_z": 3.340064846411797,
  "gcor": 0.00559379,
  "gsr_x": 0.0003831774229183793,
  "gsr_y": 0.03918084502220154,
  "provenance": {
    "md5sum": "b3c34ce47f0525285d23ebb28a13a697",
    "settings": {
      "fd_thres": 0.2,
      "testing": false
    },
    "software": "mriqc",
    "version": "23.0.0",
    "webapi_port": null,
    "webapi_url": "https://mriqc.nimh.nih.gov/api/v1"
  },
  "size_t": 297,
  "size_x": 128,
  "size_y": 128,
  "size_z": 75,
  "snr": 2.427061768986516,
  "spacing_tr": 2.0,
  "spacing_x": 1.71875,
  "spacing_y": 1.71875,
  "spacing_z": 1.6999999284744263,
  "summary_bg_k": 77.64339184831003,
  "summary_bg_mad": 34.60693351582123,
  "summary_bg_mean": 315.78515625,
  "summary_bg_median": 57.51829528808594,
  "summary_bg_n": 820151.0,
  "summary_bg_p05": 26.54816722869873,
  "summary_bg_p95": 1582.577880859375,
  "summary_bg_stdv": 857.7572021484375,
  "summary_fg_k": 1.0019864014036584,
  "summary_fg_mad": 3000.988865850535,
  "summary_fg_mean": 8577.296875,
  "summary_fg_median": 7974.89892578125,
  "summary_fg_n": 269315.0,
  "summary_fg_p05": 4368.46357421875,
  "summary_fg_p95": 14841.438281249999,
  "summary_fg_stdv": 3285.818359375,
  "tsnr": 31.30953025817871
}