{
  "bids_meta": {
    "AcquisitionMatrixPE": 256,
    "AcquisitionNumber": 1,
    "AcquisitionTime": "19:23:25.137500",
    "BaseResolution": 256,
    "BodyPartExamined": "BRAIN",
    "ConsistencyInfo": "N4_VE11C_LATEST_20160120",
    "ConversionSoftware": "dcm2niix",
    "ConversionSoftwareVersion": "v1.0.20190410  GCC6.3.0",
    "DeviceSerialNumber": "45239",
    "DwellTime": 1.09e-05,
    "EchoTime": 0.00243,
    "FlipAngle": 9,
    "ImageOrientationPatientDICOM": [
      -0.00872651,
      0.999962,
      0,
      0,
      0,
      -1
    ],
    "ImageType": [
      "ORIGINAL",
      "PRIMARY",
      "M",
      "ND",
      "NORM"
    ],
    "ImagingFrequency": 123.172,
    "InPlanePhaseEncodingDirectionDICOM": "ROW",
    "InstitutionAddress": "E_24th_St._100_Austin_Southmiddle_US_78712",
    "InstitutionName": "The_Univ._of_Texas_at_Austin_IRC",
    "InstitutionalDepartmentName": "IRC",
    "InversionTime": 0.9,
    "MRAcquisitionType": "3D",
    "MagneticFieldStrength": 3,
    "Manufacturer": "Siemens",
    "ManufacturersModelName": "Skyra",
    "Modality": "MR",
    "PartialFourier": 1,
    "PatientPosition": "HFS",
    "PercentPhaseFOV": 100,
    "PhaseEncodingSteps": 255,
    "PhaseResolution": 1,
    "PixelBandwidth": 180,
    "ProcedureStepDescription": "Preston_fMRI",
    "ProtocolName": "mprage",
    "PulseSequenceDetails": "%SiemensSeq%_tfl",
    "ReceiveCoilActiveElements": "HEA;HEP",
    "ReceiveCoilName": "Head_32",
    "ReconMatrixPE": 256,
    "RefLinesPE": 48,
    "RepetitionTime": 1.9,
    "SAR": 0.11125,
    "ScanOptions": "IR",
    "ScanningSequence": "GR_IR",
    "SequenceName": "_tfl3d1_16ns",
    "SequenceVariant": "SK_SP_MP",
    "SeriesDescription": "mprage",
    "SeriesNumber": 2,
    "ShimSetting": [
      -2751,
      8072,
      -15888,
      -462,
      637,
      -681,
      -484,
      -138
    ],
    "SliceThickness": 1,
    "SoftwareVersions": "syngo_MR_E11",
    "StationName": "AWP45239",
    "TxRefAmp": 312.538,
    "dataset": "ds004094",
    "modality": "T1w",
    "subject_id": "125"
  },
  "cjv": 0.33497584291330407,
  "cnr": 4.054841260355567,
  "efc": 0.5456732421599365,
  "fber": -1.0,
  "fwhm_avg": 4.0682566666666675,
  "fwhm_x": 4.04375,
  "fwhm_y": 4.13611,
  "fwhm_z": 4.02491,
  "icvs_csf": 0.16985536569251036,
  "icvs_gm": 0.46663073267722827,
  "icvs_wm": 0.36351390163026137,
  "inu_med": 0.3643454313278198,
  "inu_range": 0.09818750321865083,
  "provenance": {
    "md5sum": "5fa67e0eaac2912362e1540c427f934e",
    "settings": {
      "testing": false
    },
    "software": "mriqc",
    "version": "23.0.0",
    "warnings": {
      "large_rot_frame": true,
      "small_air_mask": false
    },
    "webapi_port": null,
    "webapi_url": "https://mriqc.nimh.nih.gov/api/v1"
  },
  "qi_1": 0.022760957486520576,
  "qi_2": 0.03993849245363577,
  "rpve_csf": 31.462692385071925,
  "rpve_gm": 12.908869566301277,
  "rpve_wm": 18.38650983599564,
  "size_x": 192,
  "size_y": 256,
  "size_z": 256,
  "snr_csf": 2.341559364305554,
  "snr_gm": 14.739065038682961,
  "snr_total": 15.210424268443033,
  "snr_wm": 28.550648402340585,
  "snrd_csf": 38.27012389906123,
  "snrd_gm": 90.12181238386948,
  "snrd_total": 82.91493900767858,
  "snrd_wm": 120.35288074010504,
  "spacing_x": 1.0,
  "spacing_y": 1.0,
  "spacing_z": 1.0,
  "summary_bg_k": 978.923699052677,
  "summary_bg_mad": 0.0,
  "summary_bg_mean": 1.6883151197498645,
  "summary_bg_median": 0.0,
  "summary_bg_n": 2227621.0,
  "summary_bg_p05": 0.0,
  "summary_bg_p95": 7.523465447127819,
  "summary_bg_stdv": 5.443661557662075,
  "summary_csf_k": 7.32336674736667,
  "summary_csf_mad": 108.83570966578402,
  "summary_csf_mean": 311.440778485052,
  "summary_csf_median": 317.9942410103977,
  "summary_csf_n": 22909.0,
  "summary_csf_p05": 67.36058092564345,
  "summary_csf_p95": 526.4453642435371,
  "summary_csf_stdv": 135.80151133641016,
  "summary_gm_k": 0.005513321643578983,
  "summary_gm_mad": 51.439763274873044,
  "summary_gm_mean": 748.8797272998562,
  "summary_gm_median": 748.8404637277126,
  "summary_gm_n": 63629.0,
  "summary_gm_p05": 665.6806053631008,
  "summary_gm_p95": 831.2187582060694,
  "summary_gm_stdv": 50.80611133147514,
  "summary_wm_k": 0.5546775616299517,
  "summary_wm_mad": 32.704860018971914,
  "summary_wm_mean": 1001.3587569423996,
  "summary_wm_median": 1000.036557637155,
  "summary_wm_n": 209951.0,
  "summary_wm_p05": 945.8749107532203,
  "summary_wm_p95": 1061.3199315220118,
  "summary_wm_stdv": 35.026671266674555,
  "tpm_overlap_csf": 0.1405979680599554,
  "tpm_overlap_gm": 0.484138318044118,
  "tpm_overlap_wm": 0.5202578906235287,
  "wm2max": 0.4670660244358095
}