{
  "bids_meta": {
    "AcquisitionMatrixPE": 384,
    "AcquisitionNumber": 1,
    "AcquisitionTime": "19:31:36.805000",
    "BaseResolution": 384,
    "BodyPartExamined": "BRAIN",
    "ConsistencyInfo": "N4_VE11C_LATEST_20160120",
    "ConversionSoftware": "dcm2niix",
    "ConversionSoftwareVersion": "v1.0.20190410  GCC6.3.0",
    "DeviceSerialNumber": "45239",
    "DwellTime": 6e-06,
    "EchoTime": 0.082,
    "EchoTrainLength": 18,
    "FlipAngle": 150,
    "ImageOrientationPatientDICOM": [
      0.999999,
      -0.00151908,
      -8.365e-12,
      0.000795945,
      0.523965,
      -0.851739
    ],
    "ImageType": [
      "ORIGINAL",
      "PRIMARY",
      "M",
      "ND",
      "NORM"
    ],
    "ImagingFrequency": 123.172,
    "InPlanePhaseEncodingDirectionDICOM": "ROW",
    "InstitutionAddress": "E_24th_St._100_Austin_Southmiddle_US_78712",
    "InstitutionName": "The_Univ._of_Texas_at_Austin_IRC",
    "InstitutionalDepartmentName": "IRC",
    "MRAcquisitionType": "2D",
    "MagneticFieldStrength": 3,
    "Manufacturer": "Siemens",
    "ManufacturersModelName": "Skyra",
    "Modality": "MR",
    "PartialFourier": 1,
    "PatientPosition": "HFS",
    "PercentPhaseFOV": 100,
    "PhaseEncodingDirection": "i",
    "PhaseEncodingSteps": 396,
    "PhaseResolution": 1,
    "PixelBandwidth": 215,
    "ProcedureStepDescription": "Preston_fMRI",
    "ProtocolName": "T2_coronal_matrix384",
    "PulseSequenceDetails": "%SiemensSeq%_tse",
    "ReceiveCoilActiveElements": "HEA;HEP",
    "ReceiveCoilName": "Head_32",
    "ReconMatrixPE": 384,
    "RepetitionTime": 13.15,
    "SAR": 0.617672,
    "ScanningSequence": "SE",
    "SequenceName": "_tse2d1_18",
    "SequenceVariant": "SK_SP_OSP",
    "SeriesDescription": "T2_coronal_matrix384",
    "SeriesNumber": 3,
    "ShimSetting": [
      -2751,
      8072,
      -15888,
      -462,
      637,
      -681,
      -484,
      -138
    ],
    "SliceThickness": 1.5,
    "SoftwareVersions": "syngo_MR_E11",
    "SpacingBetweenSlices": 1.5,
    "StationName": "AWP45239",
    "TxRefAmp": 312.538,
    "dataset": "ds004094",
    "modality": "T2w",
    "run_id": 1,
    "subject_id": "125"
  },
  "cjv": 0.38202782429769605,
  "cnr": 2.6544798275928185,
  "efc": 0.6556519967007673,
  "fber": 1144.4321855657713,
  "fwhm_avg": 2.6995028849412583,
  "fwhm_x": 2.999965163325796,
  "fwhm_y": 2.035541975326754,
  "fwhm_z": 3.0630015161712256,
  "icvs_csf": 0.4662265828595294,
  "icvs_gm": 0.12907447465625538,
  "icvs_wm": 0.40469894248421523,
  "inu_med": 0.9556196928024292,
  "inu_range": 0.34186766147613523,
  "provenance": {
    "md5sum": "e3b649f93fb49a79335d8c33dac89762",
    "settings": {
      "testing": false
    },
    "software": "mriqc",
    "version": "23.0.0",
    "warnings": {
      "large_rot_frame": false,
      "small_air_mask": false
    },
    "webapi_port": null,
    "webapi_url": "https://mriqc.nimh.nih.gov/api/v1"
  },
  "qi_1": 0.0,
  "qi_2": 0.0036180517763847913,
  "rpve_csf": 3.703718059325721,
  "rpve_gm": 12.548959538981611,
  "rpve_wm": 4.341298324637869,
  "size_x": 384,
  "size_y": 60,
  "size_z": 384,
  "snr_csf": 8.566106418963308,
  "snr_gm": 3.284579443328564,
  "snr_total": 5.5816985319128944,
  "snr_wm": 4.894409733446809,
  "snrd_csf": 46.32039784181955,
  "snrd_gm": 129.8426455531197,
  "snrd_total": 66.74941800953023,
  "snrd_wm": 24.085210633651464,
  "spacing_x": 0.4322916865348816,
  "spacing_y": 1.500003457069397,
  "spacing_z": 0.4322916567325592,
  "summary_bg_k": 5.683908520188368,
  "summary_bg_mad": 0.0,
  "summary_bg_mean": 16.83369223549265,
  "summary_bg_median": 0.0,
  "summary_bg_n": 1529223.0,
  "summary_bg_p05": 0.0,
  "summary_bg_p95": 78.36361353844404,
  "summary_bg_stdv": 27.19774223009138,
  "summary_csf_k": 0.5925937973401143,
  "summary_csf_mad": 208.73108247145763,
  "summary_csf_mean": 1931.3882556709839,
  "summary_csf_median": 1922.9739646539092,
  "summary_csf_n": 222149.0,
  "summary_csf_p05": 1577.5275374054909,
  "summary_csf_p95": 2313.119978003204,
  "summary_csf_stdv": 224.48584484947665,
  "summary_gm_k": 2.116215826039843,
  "summary_gm_mad": 1483.2632345062013,
  "summary_gm_mean": 5173.961629325519,
  "summary_gm_median": 5390.368790723383,
  "summary_gm_n": 53827.0,
  "summary_gm_p05": 570.8950878195466,
  "summary_gm_p95": 6853.639281362295,
  "summary_gm_stdv": 1641.0985979358088,
  "summary_wm_k": 0.494810871621969,
  "summary_wm_mad": 194.0223997003098,
  "summary_wm_mean": 1003.7563650391634,
  "summary_wm_median": 999.888497069478,
  "summary_wm_n": 464100.0,
  "summary_wm_p05": 673.7264299094677,
  "summary_wm_p95": 1342.6596373692155,
  "summary_wm_stdv": 204.2917275605475,
  "tpm_overlap_csf": 0.0961491324026782,
  "tpm_overlap_gm": 0.09132064041057215,
  "tpm_overlap_wm": 0.47186936681937935,
  "wm2max": 0.14640518830608076
}