{
  "bids_meta": {
    "AcquisitionMatrixPE": 384,
    "AcquisitionNumber": 1,
    "AcquisitionTime": "19:28:11.780000",
    "BaseResolution": 384,
    "BodyPartExamined": "BRAIN",
    "ConsistencyInfo": "N4_VE11C_LATEST_20160120",
    "ConversionSoftware": "dcm2niix",
    "ConversionSoftwareVersion": "v1.0.20190410  GCC6.3.0",
    "DeviceSerialNumber": "45239",
    "DwellTime": 6e-06,
    "EchoTime": 0.082,
    "EchoTrainLength": 18,
    "FlipAngle": 150,
    "ImageOrientationPatientDICOM": [
      0.999999,
      -0.00119388,
      2.7585e-11,
      0.000567818,
      0.475606,
      -0.879658
    ],
    "ImageType": [
      "ORIGINAL",
      "PRIMARY",
      "M",
      "ND",
      "NORM"
    ],
    "ImagingFrequency": 123.172,
    "InPlanePhaseEncodingDirectionDICOM": "ROW",
    "InstitutionAddress": "E_24th_St._100_Austin_Southmiddle_US_78712",
    "InstitutionName": "The_Univ._of_Texas_at_Austin_IRC",
    "InstitutionalDepartmentName": "IRC",
    "MRAcquisitionType": "2D",
    "MagneticFieldStrength": 3,
    "Manufacturer": "Siemens",
    "ManufacturersModelName": "Skyra",
    "Modality": "MR",
    "PartialFourier": 1,
    "PatientPosition": "HFS",
    "PercentPhaseFOV": 100,
    "PhaseEncodingDirection": "i",
    "PhaseEncodingSteps": 396,
    "PhaseResolution": 1,
    "PixelBandwidth": 215,
    "ProcedureStepDescription": "Preston_fMRI",
    "ProtocolName": "T2_coronal_matrix384",
    "PulseSequenceDetails": "%SiemensSeq%_tse",
    "ReceiveCoilActiveElements": "HEA;HEP",
    "ReceiveCoilName": "Head_32",
    "ReconMatrixPE": 384,
    "RepetitionTime": 13.15,
    "SAR": 0.530201,
    "ScanningSequence": "SE",
    "SequenceName": "_tse2d1_18",
    "SequenceVariant": "SK_SP_OSP",
    "SeriesDescription": "T2_coronal_matrix384",
    "SeriesNumber": 4,
    "ShimSetting": [
      -2751,
      8072,
      -15888,
      -462,
      637,
      -681,
      -484,
      -138
    ],
    "SliceThickness": 1.5,
    "SoftwareVersions": "syngo_MR_E11",
    "SpacingBetweenSlices": 1.5,
    "StationName": "AWP45239",
    "TxRefAmp": 309.548,
    "dataset": "ds004094",
    "modality": "T2w",
    "run_id": 2,
    "subject_id": "122"
  },
  "cjv": 0.5583890010359817,
  "cnr": 2.2622759158316503,
  "efc": 0.6722310445764911,
  "fber": 44.993136094674554,
  "fwhm_avg": 2.763631946269607,
  "fwhm_x": 3.052059829172797,
  "fwhm_y": 2.0610508763692263,
  "fwhm_z": 3.1777851332667963,
  "icvs_csf": 0.1912063859281374,
  "icvs_gm": 0.5433382337720281,
  "icvs_wm": 0.2654553802998345,
  "inu_med": 0.9262871146202087,
  "inu_range": 0.3397769451141355,
  "provenance": {
    "md5sum": "19c423c3dcd2a1286e9e26b7c1e33286",
    "settings": {
      "testing": false
    },
    "software": "mriqc",
    "version": "23.0.0",
    "warnings": {
      "large_rot_frame": false,
      "small_air_mask": false
    },
    "webapi_port": null,
    "webapi_url": "https://mriqc.nimh.nih.gov/api/v1"
  },
  "qi_1": 0.0011615910366342286,
  "qi_2": 0.0030626212656913107,
  "rpve_csf": 8.262854330988082,
  "rpve_gm": 3.1873823190231523,
  "rpve_wm": 5.859590800486016,
  "size_x": 384,
  "size_y": 60,
  "size_z": 384,
  "snr_csf": 3.9572408061136906,
  "snr_gm": 6.794632171615864,
  "snr_total": 5.32854538903482,
  "snr_wm": 5.233763189374905,
  "snrd_csf": 144.2244288812658,
  "snrd_gm": 46.441355069472664,
  "snrd_total": 72.55847849624301,
  "snrd_wm": 27.00965153799055,
  "spacing_x": 0.4322916567325592,
  "spacing_y": 1.5000017881393433,
  "spacing_z": 0.4322916567325592,
  "summary_bg_k": 25.028313359328973,
  "summary_bg_mad": 0.0,
  "summary_bg_mean": 14.16770728808843,
  "summary_bg_median": 0.0,
  "summary_bg_n": 1459767.0,
  "summary_bg_p05": 0.0,
  "summary_bg_p95": 62.37400807440281,
  "summary_bg_stdv": 24.255641049180777,
  "summary_csf_k": 1.8861420690980308,
  "summary_csf_mad": 761.2555115963657,
  "summary_csf_mean": 4871.26993828039,
  "summary_csf_median": 5339.7368509322405,
  "summary_csf_n": 114443.0,
  "summary_csf_p05": 2146.5908155217767,
  "summary_csf_p95": 6410.281161759048,
  "summary_csf_stdv": 1349.352688719347,
  "summary_gm_k": 0.3984677282416911,
  "summary_gm_mad": 236.46389447970253,
  "summary_gm_mean": 1708.758119982078,
  "summary_gm_median": 1719.4355838000774,
  "summary_gm_n": 409657.0,
  "summary_gm_p05": 1278.0742567032576,
  "summary_gm_p95": 2113.957113958895,
  "summary_gm_stdv": 253.0576257465818,
  "summary_wm_k": 2.0371091223686077,
  "summary_wm_mad": 165.26101175533114,
  "summary_wm_mean": 993.7408211494105,
  "summary_wm_median": 1000.000019185245,
  "summary_wm_n": 189459.0,
  "summary_wm_p05": 673.4258400276303,
  "summary_wm_p95": 1290.4067602008581,
  "summary_wm_stdv": 191.06660808008934,
  "tpm_overlap_csf": 0.16172901812314436,
  "tpm_overlap_gm": 0.4391942605991004,
  "tpm_overlap_wm": 0.35879121779240597,
  "wm2max": 0.14991733480293684
}