{
  "aor": 0.000755771812080537,
  "aqi": 0.009477897348993288,
  "bids_meta": {
    "AcquisitionMatrixPE": 128,
    "AcquisitionNumber": 1,
    "AcquisitionTime": "19:31:28.445000",
    "BandwidthPerPixelPhaseEncode": 20.292,
    "BaseResolution": 128,
    "BodyPartExamined": "BRAIN",
    "CogAtlasID": "http://www.cognitiveatlas.org/task/id/TODO",
    "ConsistencyInfo": "N4_VE11A_LATEST_20140830",
    "ConversionSoftware": "dcm2niix",
    "ConversionSoftwareVersion": "v1.0.20190410  GCC6.3.0",
    "DerivedVendorReportedEchoSpacing": 0.000770008,
    "DeviceSerialNumber": "45239",
    "DwellTime": 2.6e-06,
    "EchoTime": 0.03,
    "EchoTrainLength": 55,
    "EffectiveEchoSpacing": 0.000385004,
    "FlipAngle": 73,
    "ImageComments": "Unaliased_MB3_PE4_LB_SENSE1",
    "ImageOrientationPatientDICOM": [
      1,
      6.97647e-05,
      -0.00083113,
      3.07841e-08,
      0.996493,
      0.0836823
    ],
    "ImageType": [
      "ORIGINAL",
      "PRIMARY",
      "M",
      "MB",
      "ND",
      "MOSAIC"
    ],
    "ImagingFrequency": 123.225,
    "InPlanePhaseEncodingDirectionDICOM": "COL",
    "InstitutionAddress": "E_24th_St._100_Austin_Southmiddle_US_78712",
    "InstitutionName": "The_Univ._of_Texas_at_Austin_IRC",
    "InstitutionalDepartmentName": "IRC",
    "MRAcquisitionType": "2D",
    "MagneticFieldStrength": 3,
    "Manufacturer": "Siemens",
    "ManufacturersModelName": "Skyra",
    "Modality": "MR",
    "MultibandAccelerationFactor": 3,
    "ParallelReductionFactorInPlane": 2,
    "PartialFourier": 0.875,
    "PatientPosition": "HFS",
    "PercentPhaseFOV": 100,
    "PhaseEncodingDirection": "j-",
    "PhaseEncodingSteps": 111,
    "PhaseResolution": 1,
    "PixelBandwidth": 1500,
    "ProcedureStepDescription": "Preston_fMRI",
    "ProtocolName": "functional_run",
    "PulseSequenceDetails": "%CustomerSeq%_cmrr_mbep2d_bold",
    "ReceiveCoilActiveElements": "HEA;HEP",
    "ReceiveCoilName": "Head_32",
    "ReconMatrixPE": 128,
    "RefLinesPE": 92,
    "RepetitionTime": 2,
    "SAR": 0.150517,
    "ScanOptions": "PFP_FS",
    "ScanningSequence": "EP",
    "SequenceName": "epfid2d1_128",
    "SequenceVariant": "SK_SS",
    "SeriesDescription": "functional_run",
    "SeriesNumber": 12,
    "ShimSetting": [
      -2800,
      8057,
      -15472,
      -489,
      510,
      -386,
      280,
      -40
    ],
    "SliceThickness": 1.7,
    "SliceTiming": [
      0,
      1.0275,
      0.0775,
      1.1075,
      0.1575,
      1.1875,
      0.2375,
      1.265,
      0.315,
      1.345,
      0.395,
      1.425,
      0.475,
      1.5025,
      0.5525,
      1.5825,
      0.6325,
      1.6625,
      0.7125,
      1.74,
      0.79,
      1.82,
      0.87,
      1.9,
      0.95,
      0,
      1.0275,
      0.0775,
      1.1075,
      0.1575,
      1.1875,
      0.2375,
      1.265,
      0.315,
      1.345,
      0.395,
      1.425,
      0.475,
      1.5025,
      0.5525,
      1.5825,
      0.6325,
      1.6625,
      0.7125,
      1.74,
      0.79,
      1.82,
      0.87,
      1.9,
      0.95,
      0,
      1.0275,
      0.0775,
      1.1075,
      0.1575,
      1.1875,
      0.2375,
      1.265,
      0.315,
      1.345,
      0.395,
      1.425,
      0.475,
      1.5025,
      0.5525,
      1.5825,
      0.6325,
      1.6625,
      0.7125,
      1.74,
      0.79,
      1.82,
      0.87,
      1.9,
      0.95
    ],
    "SoftwareVersions": "syngo_MR_E11",
    "SpacingBetweenSlices": 1.7,
    "StationName": "AWP45239",
    "TaskName": "struct",
    "TotalReadoutTime": 0.0488955,
    "TxRefAmp": 382.982,
    "WipMemBlock": "f56e1c03-4293-4029-b3ae-479814fb2d5c||Sequence: R016 ve11a/master r/fdfe5be5; Nov 27 2017 15:45:20 by eja",
    "dataset": "ds004094",
    "modality": "bold",
    "run_id": 3,
    "subject_id": "109",
    "task_id": "struct"
  },
  "dummy_trs": 0,
  "dvars_nstd": 43.491860822895596,
  "dvars_std": 1.0103600719191916,
  "dvars_vstd": 0.9909229829292929,
  "efc": 0.4688987271934131,
  "fber": 15457.96484375,
  "fd_mean": 0.041742352493074245,
  "fd_num": 0,
  "fd_perc": 0.0,
  "fwhm_avg": 3.1420060740714995,
  "fwhm_x": 2.851392,
  "fwhm_y": 3.4392145454545457,
  "fwhm_z": 3.135411676759953,
  "gcor": 0.00441678,
  "gsr_x": 0.0109929284080863,
  "gsr_y": 0.02729872800409794,
  "provenance": {
    "md5sum": "755cddd08f735810eade4f638f7248f3",
    "settings": {
      "fd_thres": 0.2,
      "testing": false
    },
    "software": "mriqc",
    "version": "23.0.0",
    "webapi_port": null,
    "webapi_url": "https://mriqc.nimh.nih.gov/api/v1"
  },
  "size_t": 298,
  "size_x": 128,
  "size_y": 128,
  "size_z": 75,
  "snr": 2.297522824981061,
  "spacing_tr": 2.0,
  "spacing_x": 1.71875,
  "spacing_y": 1.71875,
  "spacing_z": 1.7000000476837158,
  "summary_bg_k": 52.152558523937074,
  "summary_bg_mad": 41.98550718117761,
  "summary_bg_mean": 362.6844482421875,
  "summary_bg_median": 63.40939712524414,
  "summary_bg_n": 836083.0,
  "summary_bg_p05": 24.86912727355957,
  "summary_bg_p95": 1930.6812744140625,
  "summary_bg_stdv": 951.517333984375,
  "summary_fg_k": 0.6488417480905468,
  "summary_fg_mad": 3289.1483162300588,
  "summary_fg_mean": 8590.015625,
  "summary_fg_median": 7976.97802734375,
  "summary_fg_n": 252442.0,
  "summary_fg_p05": 4080.6245971679687,
  "summary_fg_p95": 15076.895166015622,
  "summary_fg_stdv": 3471.98388671875,
  "tsnr": 27.758779967436567
}