{
  "aor": 0.0004980872483221477,
  "aqi": 0.008272137046979867,
  "bids_meta": {
    "AcquisitionMatrixPE": 128,
    "AcquisitionNumber": 1,
    "AcquisitionTime": "19:19:59.285000",
    "BandwidthPerPixelPhaseEncode": 20.292,
    "BaseResolution": 128,
    "BodyPartExamined": "BRAIN",
    "CogAtlasID": "http://www.cognitiveatlas.org/task/id/TODO",
    "ConsistencyInfo": "N4_VE11A_LATEST_20140830",
    "ConversionSoftware": "dcm2niix",
    "ConversionSoftwareVersion": "v1.0.20190410  GCC6.3.0",
    "DerivedVendorReportedEchoSpacing": 0.000770008,
    "DeviceSerialNumber": "45239",
    "DwellTime": 2.6e-06,
    "EchoTime": 0.03,
    "EchoTrainLength": 55,
    "EffectiveEchoSpacing": 0.000385004,
    "FlipAngle": 73,
    "ImageComments": "Unaliased_MB3_PE4_LB_SENSE1",
    "ImageOrientationPatientDICOM": [
      1,
      6.97647e-05,
      -0.00083113,
      3.07841e-08,
      0.996493,
      0.0836823
    ],
    "ImageType": [
      "ORIGINAL",
      "PRIMARY",
      "M",
      "MB",
      "ND",
      "MOSAIC"
    ],
    "ImagingFrequency": 123.224,
    "InPlanePhaseEncodingDirectionDICOM": "COL",
    "InstitutionAddress": "E_24th_St._100_Austin_Southmiddle_US_78712",
    "InstitutionName": "The_Univ._of_Texas_at_Austin_IRC",
    "InstitutionalDepartmentName": "IRC",
    "MRAcquisitionType": "2D",
    "MagneticFieldStrength": 3,
    "Manufacturer": "Siemens",
    "ManufacturersModelName": "Skyra",
    "Modality": "MR",
    "MultibandAccelerationFactor": 3,
    "ParallelReductionFactorInPlane": 2,
    "PartialFourier": 0.875,
    "PatientPosition": "HFS",
    "PercentPhaseFOV": 100,
    "PhaseEncodingDirection": "j-",
    "PhaseEncodingSteps": 111,
    "PhaseResolution": 1,
    "PixelBandwidth": 1500,
    "ProcedureStepDescription": "Preston_fMRI",
    "ProtocolName": "functional_run",
    "PulseSequenceDetails": "%CustomerSeq%_cmrr_mbep2d_bold",
    "ReceiveCoilActiveElements": "HEA;HEP",
    "ReceiveCoilName": "Head_32",
    "ReconMatrixPE": 128,
    "RefLinesPE": 92,
    "RepetitionTime": 2,
    "SAR": 0.150517,
    "ScanOptions": "PFP_FS",
    "ScanningSequence": "EP",
    "SequenceName": "epfid2d1_128",
    "SequenceVariant": "SK_SS",
    "SeriesDescription": "functional_run",
    "SeriesNumber": 10,
    "ShimSetting": [
      -2800,
      8057,
      -15472,
      -489,
      510,
      -386,
      280,
      -40
    ],
    "SliceThickness": 1.7,
    "SliceTiming": [
      0,
      1.03,
      0.0775,
      1.1075,
      0.1575,
      1.1875,
      0.2375,
      1.2675,
      0.315,
      1.345,
      0.395,
      1.425,
      0.475,
      1.505,
      0.555,
      1.5825,
      0.6325,
      1.6625,
      0.7125,
      1.7425,
      0.7925,
      1.82,
      0.87,
      1.9,
      0.95,
      0,
      1.03,
      0.0775,
      1.1075,
      0.1575,
      1.1875,
      0.2375,
      1.2675,
      0.315,
      1.345,
      0.395,
      1.425,
      0.475,
      1.505,
      0.555,
      1.5825,
      0.6325,
      1.6625,
      0.7125,
      1.7425,
      0.7925,
      1.82,
      0.87,
      1.9,
      0.95,
      0,
      1.03,
      0.0775,
      1.1075,
      0.1575,
      1.1875,
      0.2375,
      1.2675,
      0.315,
      1.345,
      0.395,
      1.425,
      0.475,
      1.505,
      0.555,
      1.5825,
      0.6325,
      1.6625,
      0.7125,
      1.7425,
      0.7925,
      1.82,
      0.87,
      1.9,
      0.95
    ],
    "SoftwareVersions": "syngo_MR_E11",
    "SpacingBetweenSlices": 1.7,
    "StationName": "AWP45239",
    "TaskName": "struct",
    "TotalReadoutTime": 0.0488955,
    "TxRefAmp": 382.982,
    "WipMemBlock": "5a3fd2f0-37ea-454e-b106-5cedf166cbcd||Sequence: R016 ve11a/master r/fdfe5be5; Nov 27 2017 15:45:20 by eja",
    "dataset": "ds004094",
    "modality": "bold",
    "run_id": 2,
    "subject_id": "109",
    "task_id": "struct"
  },
  "dummy_trs": 0,
  "dvars_nstd": 43.02390858279463,
  "dvars_std": 1.0182467547811447,
  "dvars_vstd": 0.9880447337710443,
  "efc": 0.4686661010470555,
  "fber": 15565.0419921875,
  "fd_mean": 0.040544688744167376,
  "fd_num": 1,
  "fd_perc": 0.33557046979865773,
  "fwhm_avg": 3.163584276790074,
  "fwhm_x": 2.8579665454545458,
  "fwhm_y": 3.444968727272727,
  "fwhm_z": 3.187817557642949,
  "gcor": 0.00289723,
  "gsr_x": 0.01061301026493311,
  "gsr_y": 0.02982860803604126,
  "provenance": {
    "md5sum": "14de12254c4de30fd0d182c60d69562e",
    "settings": {
      "fd_thres": 0.2,
      "testing": false
    },
    "software": "mriqc",
    "version": "23.0.0",
    "webapi_port": null,
    "webapi_url": "https://mriqc.nimh.nih.gov/api/v1"
  },
  "size_t": 298,
  "size_x": 128,
  "size_y": 128,
  "size_z": 75,
  "snr": 2.314892914054687,
  "spacing_tr": 2.0,
  "spacing_x": 1.71875,
  "spacing_y": 1.71875,
  "spacing_z": 1.7000000476837158,
  "summary_bg_k": 54.635308349019866,
  "summary_bg_mad": 40.985498364401074,
  "summary_bg_mean": 367.9012145996094,
  "summary_bg_median": 63.33892822265625,
  "summary_bg_n": 837410.0,
  "summary_bg_p05": 26.456375122070312,
  "summary_bg_p95": 1947.117431640625,
  "summary_bg_stdv": 989.5077514648438,
  "summary_fg_k": 0.6085649278893324,
  "summary_fg_mad": 3300.4669127565894,
  "summary_fg_mean": 8603.3251953125,
  "summary_fg_median": 7995.521484375,
  "summary_fg_n": 251952.0,
  "summary_fg_p05": 4122.1568603515625,
  "summary_fg_p95": 15044.939355468747,
  "summary_fg_stdv": 3453.94189453125,
  "tsnr": 28.981154979090206
}