{
  "bids_meta": {
    "AcquisitionMatrixPE": 384,
    "AcquisitionNumber": 1,
    "AcquisitionTime": "18:22:54.702500",
    "BaseResolution": 384,
    "BodyPartExamined": "BRAIN",
    "ConsistencyInfo": "N4_VE11A_LATEST_20140830",
    "ConversionSoftware": "dcm2niix",
    "ConversionSoftwareVersion": "v1.0.20190410  GCC6.3.0",
    "DeviceSerialNumber": "45239",
    "DwellTime": 6e-06,
    "EchoTime": 0.082,
    "EchoTrainLength": 18,
    "FlipAngle": 150,
    "ImageOrientationPatientDICOM": [
      0.999931,
      0.0117215,
      -1.29492e-10,
      -0.00476751,
      0.406703,
      -0.913548
    ],
    "ImageType": [
      "ORIGINAL",
      "PRIMARY",
      "M",
      "ND",
      "NORM"
    ],
    "ImagingFrequency": 123.225,
    "InPlanePhaseEncodingDirectionDICOM": "ROW",
    "InstitutionAddress": "E_24th_St._100_Austin_Southmiddle_US_78712",
    "InstitutionName": "The_Univ._of_Texas_at_Austin_IRC",
    "InstitutionalDepartmentName": "IRC",
    "MRAcquisitionType": "2D",
    "MagneticFieldStrength": 3,
    "Manufacturer": "Siemens",
    "ManufacturersModelName": "Skyra",
    "Modality": "MR",
    "PartialFourier": 1,
    "PatientPosition": "HFS",
    "PercentPhaseFOV": 100,
    "PhaseEncodingDirection": "i",
    "PhaseEncodingSteps": 396,
    "PhaseResolution": 1,
    "PixelBandwidth": 215,
    "ProcedureStepDescription": "Preston_fMRI",
    "ProtocolName": "T2_coronal_matrix384",
    "PulseSequenceDetails": "%SiemensSeq%_tse",
    "ReceiveCoilActiveElements": "HEA;HEP",
    "ReceiveCoilName": "Head_32",
    "ReconMatrixPE": 384,
    "RepetitionTime": 13.15,
    "SAR": 0.676387,
    "ScanningSequence": "SE",
    "SequenceName": "_tse2d1_18",
    "SequenceVariant": "SK_SP_OSP",
    "SeriesDescription": "T2_coronal_matrix384",
    "SeriesNumber": 4,
    "ShimSetting": [
      -2849,
      8055,
      -15936,
      -670,
      286,
      -583,
      -301,
      11
    ],
    "SliceThickness": 1.5,
    "SoftwareVersions": "syngo_MR_E11",
    "SpacingBetweenSlices": 1.5,
    "StationName": "AWP45239",
    "TxRefAmp": 371.461,
    "dataset": "ds004094",
    "modality": "T2w",
    "run_id": 2,
    "subject_id": "103"
  },
  "cjv": 0.6459203665289406,
  "cnr": 1.9686782792068693,
  "efc": 0.7376868743275056,
  "fber": 12.056222037434386,
  "fwhm_avg": 2.8358711102100167,
  "fwhm_x": 3.1122738064601347,
  "fwhm_y": 2.086693665004359,
  "fwhm_z": 3.308645859165556,
  "icvs_csf": 0.17240062750753768,
  "icvs_gm": 0.5502707350388881,
  "icvs_wm": 0.27732863745357417,
  "inu_med": 0.9760012030601501,
  "inu_range": 0.49543020129203796,
  "provenance": {
    "md5sum": "b21339eb583a258bd9f64417328c6bf9",
    "settings": {
      "testing": false
    },
    "software": "mriqc",
    "version": "23.0.0",
    "warnings": {
      "large_rot_frame": false,
      "small_air_mask": false
    },
    "webapi_port": null,
    "webapi_url": "https://mriqc.nimh.nih.gov/api/v1"
  },
  "qi_1": 0.017055505620904816,
  "qi_2": 0.00023592833975833965,
  "rpve_csf": 8.113925900143599,
  "rpve_gm": 2.688585717770219,
  "rpve_wm": 4.636478201321303,
  "size_x": 384,
  "size_y": 60,
  "size_z": 384,
  "snr_csf": 4.093100217067874,
  "snr_gm": 6.70101848098125,
  "snr_total": 4.907146876400101,
  "snr_wm": 3.927321931151178,
  "snrd_csf": 35.435342090034524,
  "snrd_gm": 13.127564809542779,
  "snrd_total": 18.70983837971195,
  "snrd_wm": 7.566608239558546,
  "spacing_x": 0.4322916567325592,
  "spacing_y": 1.499999761581421,
  "spacing_z": 0.4322916567325592,
  "summary_bg_k": 41.44378261530394,
  "summary_bg_mad": 0.0,
  "summary_bg_mean": 32.68993804904196,
  "summary_bg_median": 0.0,
  "summary_bg_n": 636930.0,
  "summary_bg_p05": 0.0,
  "summary_bg_p95": 154.17585517466068,
  "summary_bg_stdv": 86.56136831072833,
  "summary_csf_k": 1.5842301305120623,
  "summary_csf_mad": 897.8040858133792,
  "summary_csf_mean": 4468.686827207817,
  "summary_csf_median": 4681.9741627424955,
  "summary_csf_n": 122514.0,
  "summary_csf_p05": 2400.0735389739275,
  "summary_csf_p95": 5934.607063919306,
  "summary_csf_stdv": 1143.865238203867,
  "summary_gm_k": 0.519466150479658,
  "summary_gm_mad": 240.38273197510898,
  "summary_gm_mean": 1741.6631355747986,
  "summary_gm_median": 1734.5089854598045,
  "summary_gm_n": 368544.0,
  "summary_gm_p05": 1327.5777966231108,
  "summary_gm_p95": 2180.6270477324724,
  "summary_gm_stdv": 258.8422397565202,
  "summary_wm_k": 1.3528500121283518,
  "summary_wm_mad": 234.2097615165337,
  "summary_wm_mean": 997.0562623495206,
  "summary_wm_median": 999.7551085352898,
  "summary_wm_n": 143821.0,
  "summary_wm_p05": 578.496219098568,
  "summary_wm_p95": 1398.7264637053013,
  "summary_wm_stdv": 254.56319862828695,
  "tpm_overlap_csf": 0.1675047062603405,
  "tpm_overlap_gm": 0.4417956981442085,
  "tpm_overlap_wm": 0.3583146727252114,
  "wm2max": 0.1521289481039784
}