{
  "bids_meta": {
    "AcquisitionMatrixPE": 384,
    "AcquisitionNumber": 1,
    "AcquisitionTime": "17:12:30.440000",
    "BaseResolution": 384,
    "BodyPartExamined": "BRAIN",
    "ConsistencyInfo": "N4_VE11C_LATEST_20160120",
    "ConversionSoftware": "dcm2niix",
    "ConversionSoftwareVersion": "v1.0.20190410  GCC6.3.0",
    "DeviceSerialNumber": "45239",
    "DwellTime": 6e-06,
    "EchoTime": 0.082,
    "EchoTrainLength": 18,
    "FlipAngle": 150,
    "ImageOrientationPatientDICOM": [
      0.999989,
      -0.00471297,
      1.54358e-10,
      0.00227644,
      0.483011,
      -0.875611
    ],
    "ImageType": [
      "ORIGINAL",
      "PRIMARY",
      "M",
      "ND",
      "NORM"
    ],
    "ImagingFrequency": 123.172,
    "InPlanePhaseEncodingDirectionDICOM": "ROW",
    "InstitutionAddress": "E_24th_St._100_Austin_Southmiddle_US_78712",
    "InstitutionName": "The_Univ._of_Texas_at_Austin_IRC",
    "InstitutionalDepartmentName": "IRC",
    "MRAcquisitionType": "2D",
    "MagneticFieldStrength": 3,
    "Manufacturer": "Siemens",
    "ManufacturersModelName": "Skyra",
    "Modality": "MR",
    "PartialFourier": 1,
    "PatientPosition": "HFS",
    "PercentPhaseFOV": 100,
    "PhaseEncodingDirection": "i",
    "PhaseEncodingSteps": 396,
    "PhaseResolution": 1,
    "PixelBandwidth": 215,
    "ProcedureStepDescription": "Preston_fMRI",
    "ProtocolName": "T2_coronal_matrix384",
    "PulseSequenceDetails": "%SiemensSeq%_tse",
    "ReceiveCoilActiveElements": "HEA;HEP",
    "ReceiveCoilName": "Head_32",
    "ReconMatrixPE": 384,
    "RepetitionTime": 13.15,
    "SAR": 0.547927,
    "ScanningSequence": "SE",
    "SequenceName": "_tse2d1_18",
    "SequenceVariant": "SK_SP_OSP",
    "SeriesDescription": "T2_coronal_matrix384",
    "SeriesNumber": 3,
    "ShimSetting": [
      -2751,
      8072,
      -15888,
      -462,
      637,
      -681,
      -484,
      -138
    ],
    "SliceThickness": 1.5,
    "SoftwareVersions": "syngo_MR_E11",
    "SpacingBetweenSlices": 1.5,
    "StationName": "AWP45239",
    "TxRefAmp": 315.045,
    "dataset": "ds004094",
    "modality": "T2w",
    "run_id": 1,
    "subject_id": "130"
  },
  "cjv": 0.19173118973623607,
  "cnr": 2.95411450038714,
  "efc": 0.6524875480303843,
  "fber": 332.4406314566116,
  "fwhm_avg": 2.9418367120475644,
  "fwhm_x": 3.285073810431097,
  "fwhm_y": 2.12908203045085,
  "fwhm_z": 3.4113542952607463,
  "icvs_csf": 0.24758457531666656,
  "icvs_gm": 0.17740193801868429,
  "icvs_wm": 0.5750134866646491,
  "inu_med": 0.9076206684112549,
  "inu_range": 0.3433443993330001,
  "provenance": {
    "md5sum": "805a003358cacf3d131e3f0e87440ea7",
    "settings": {
      "testing": false
    },
    "software": "mriqc",
    "version": "23.0.0",
    "warnings": {
      "large_rot_frame": false,
      "small_air_mask": false
    },
    "webapi_port": null,
    "webapi_url": "https://mriqc.nimh.nih.gov/api/v1"
  },
  "qi_1": 0.004223064543340489,
  "qi_2": 0.0022215228825564924,
  "rpve_csf": 5.498034102255099,
  "rpve_gm": 10.497159988510699,
  "rpve_wm": 3.1888559634754494,
  "size_x": 384,
  "size_y": 60,
  "size_z": 384,
  "snr_csf": 7.613038748384368,
  "snr_gm": 3.881074227008121,
  "snr_total": 5.653337855936795,
  "snr_wm": 5.4659005924178965,
  "snrd_csf": 48.09788504481473,
  "snrd_gm": 123.04919850057908,
  "snrd_total": 66.4299560744129,
  "snrd_wm": 28.142784677844887,
  "spacing_x": 0.4322916567325592,
  "spacing_y": 1.4999985694885254,
  "spacing_z": 0.4322916567325592,
  "summary_bg_k": 18.9400912857791,
  "summary_bg_mad": 0.0,
  "summary_bg_mean": 14.396032477831808,
  "summary_bg_median": 0.0,
  "summary_bg_n": 1700315.0,
  "summary_bg_p05": 0.0,
  "summary_bg_p95": 65.55158118903637,
  "summary_bg_stdv": 23.285770570497988,
  "summary_csf_k": 0.9139864848427877,
  "summary_csf_mad": 210.57165934440005,
  "summary_csf_mean": 1721.8363540644311,
  "summary_csf_median": 1709.5620333105326,
  "summary_csf_n": 30663.0,
  "summary_csf_p05": 1378.903614923358,
  "summary_csf_p95": 2106.1587678790092,
  "summary_csf_stdv": 224.55345532280995,
  "summary_gm_k": 4.194893326529717,
  "summary_gm_mad": 466.86990774997344,
  "summary_gm_mean": 3993.359366715709,
  "summary_gm_median": 4373.586027532816,
  "summary_gm_n": 142173.0,
  "summary_gm_p05": 661.1041325286031,
  "summary_gm_p95": 4972.677204051613,
  "summary_gm_stdv": 1126.8969338073157,
  "summary_wm_k": 0.18028474842625997,
  "summary_wm_mad": 179.89614191778222,
  "summary_wm_mean": 1006.7774375691814,
  "summary_wm_median": 1000.2900574952364,
  "summary_wm_n": 729835.0,
  "summary_wm_p05": 717.3934106528759,
  "summary_wm_p95": 1316.9293324127793,
  "summary_wm_stdv": 183.00540876969077,
  "tpm_overlap_csf": 0.09991596643547862,
  "tpm_overlap_gm": 0.12773555238445883,
  "tpm_overlap_wm": 0.4700374238634972,
  "wm2max": 0.18932656225225178
}