{
  "bids_meta": {
    "AcquisitionMatrixPE": 384,
    "AcquisitionNumber": 1,
    "AcquisitionTime": "18:49:46.500000",
    "BaseResolution": 384,
    "BodyPartExamined": "BRAIN",
    "ConsistencyInfo": "N4_VE11A_LATEST_20140830",
    "ConversionSoftware": "dcm2niix",
    "ConversionSoftwareVersion": "v1.0.20190410  GCC6.3.0",
    "DeviceSerialNumber": "45239",
    "DwellTime": 6e-06,
    "EchoTime": 0.082,
    "EchoTrainLength": 18,
    "FlipAngle": 150,
    "ImageOrientationPatientDICOM": [
      0.999998,
      0.00201422,
      2.6904e-11,
      -0.00109696,
      0.544608,
      -0.83869
    ],
    "ImageType": [
      "ORIGINAL",
      "PRIMARY",
      "M",
      "ND",
      "NORM"
    ],
    "ImagingFrequency": 123.224,
    "InPlanePhaseEncodingDirectionDICOM": "ROW",
    "InstitutionAddress": "E_24th_St._100_Austin_Southmiddle_US_78712",
    "InstitutionName": "The_Univ._of_Texas_at_Austin_IRC",
    "InstitutionalDepartmentName": "IRC",
    "MRAcquisitionType": "2D",
    "MagneticFieldStrength": 3,
    "Manufacturer": "Siemens",
    "ManufacturersModelName": "Skyra",
    "Modality": "MR",
    "PartialFourier": 1,
    "PatientPosition": "HFS",
    "PercentPhaseFOV": 100,
    "PhaseEncodingDirection": "i",
    "PhaseEncodingSteps": 396,
    "PhaseResolution": 1,
    "PixelBandwidth": 215,
    "ProcedureStepDescription": "Preston_fMRI",
    "ProtocolName": "T2_coronal_matrix384",
    "PulseSequenceDetails": "%SiemensSeq%_tse",
    "ReceiveCoilActiveElements": "HEA;HEP",
    "ReceiveCoilName": "Head_32",
    "ReconMatrixPE": 384,
    "RepetitionTime": 13.15,
    "SAR": 0.656482,
    "ScanningSequence": "SE",
    "SequenceName": "_tse2d1_18",
    "SequenceVariant": "SK_SP_OSP",
    "SeriesDescription": "T2_coronal_matrix384",
    "SeriesNumber": 3,
    "ShimSetting": [
      -2849,
      8055,
      -15936,
      -670,
      286,
      -583,
      -301,
      11
    ],
    "SliceThickness": 1.5,
    "SoftwareVersions": "syngo_MR_E11",
    "SpacingBetweenSlices": 1.5,
    "StationName": "AWP45239",
    "TxRefAmp": 382.982,
    "dataset": "ds004094",
    "modality": "T2w",
    "run_id": 1,
    "subject_id": "109"
  },
  "cjv": 0.39201277356336495,
  "cnr": 2.983848412020431,
  "efc": 0.6937482467610887,
  "fber": 86.59503186784599,
  "fwhm_avg": 2.8094553541051135,
  "fwhm_x": 3.1287210357537565,
  "fwhm_y": 2.0882483262573293,
  "fwhm_z": 3.2113967003042543,
  "icvs_csf": 0.30812848680093263,
  "icvs_gm": 0.13959287524526864,
  "icvs_wm": 0.5522786379537987,
  "inu_med": 0.9310117959976196,
  "inu_range": 0.3392381161451339,
  "provenance": {
    "md5sum": "adf01cb064884ccfddcb5023f77e2bc2",
    "settings": {
      "testing": false
    },
    "software": "mriqc",
    "version": "23.0.0",
    "warnings": {
      "large_rot_frame": false,
      "small_air_mask": false
    },
    "webapi_port": null,
    "webapi_url": "https://mriqc.nimh.nih.gov/api/v1"
  },
  "qi_1": 0.0,
  "qi_2": 0.002218881729385913,
  "rpve_csf": 4.180897089563122,
  "rpve_gm": 11.571308418001887,
  "rpve_wm": 2.89790040616328,
  "size_x": 384,
  "size_y": 60,
  "size_z": 384,
  "snr_csf": 6.746993691171247,
  "snr_gm": 3.7264463294453734,
  "snr_total": 4.983514025245233,
  "snr_wm": 4.4771020551190785,
  "snrd_csf": 36.40377491955158,
  "snrd_gm": 99.27024282747946,
  "snrd_total": 51.484569254737984,
  "snrd_wm": 18.779690017182926,
  "spacing_x": 0.4322916567325592,
  "spacing_y": 1.4999988079071045,
  "spacing_z": 0.4322916567325592,
  "summary_bg_k": 237.8212667280217,
  "summary_bg_mad": 0.0,
  "summary_bg_mean": 14.882714145096875,
  "summary_bg_median": 0.0,
  "summary_bg_n": 965239.0,
  "summary_bg_p05": 0.0,
  "summary_bg_p95": 74.0391406416893,
  "summary_bg_stdv": 34.889480516679846,
  "summary_csf_k": 0.9785618389407262,
  "summary_csf_mad": 266.2111702601472,
  "summary_csf_mean": 1953.8334697717069,
  "summary_csf_median": 1938.6936762928963,
  "summary_csf_n": 58016.0,
  "summary_csf_p05": 1517.0950028300285,
  "summary_csf_p95": 2443.645331338048,
  "summary_csf_stdv": 287.3393776090828,
  "summary_gm_k": 2.2721002456061834,
  "summary_gm_mad": 1468.7060788646663,
  "summary_gm_mean": 5217.906117552866,
  "summary_gm_median": 5286.66580427438,
  "summary_gm_n": 91728.0,
  "summary_gm_p05": 2552.151578295976,
  "summary_gm_p95": 6765.385424494743,
  "summary_gm_stdv": 1418.680565809998,
  "summary_wm_k": 0.5967024128207865,
  "summary_wm_mad": 211.67546105386623,
  "summary_wm_mean": 1008.2851320101208,
  "summary_wm_median": 1000.1178822666407,
  "summary_wm_n": 755739.0,
  "summary_wm_p05": 657.038424834609,
  "summary_wm_p95": 1386.583332940936,
  "summary_wm_stdv": 223.38495041470702,
  "tpm_overlap_csf": 0.09959958112080483,
  "tpm_overlap_gm": 0.10898823341126672,
  "tpm_overlap_wm": 0.47670654918216687,
  "wm2max": 0.14652387943691164
}