{
  "bids_meta": {
    "AcquisitionMatrixPE": 256,
    "AcquisitionNumber": 1,
    "AcquisitionTime": "18:30:59.125000",
    "BaseResolution": 256,
    "BodyPartExamined": "BRAIN",
    "ConsistencyInfo": "N4_VE11A_LATEST_20140830",
    "ConversionSoftware": "dcm2niix",
    "ConversionSoftwareVersion": "v1.0.20190410  GCC6.3.0",
    "DeviceSerialNumber": "45239",
    "DwellTime": 1.09e-05,
    "EchoTime": 0.00243,
    "FlipAngle": 9,
    "ImageOrientationPatientDICOM": [
      -0.00349062,
      0.999994,
      0,
      0,
      0,
      -1
    ],
    "ImageType": [
      "ORIGINAL",
      "PRIMARY",
      "M",
      "ND",
      "NORM"
    ],
    "ImagingFrequency": 123.224,
    "InPlanePhaseEncodingDirectionDICOM": "ROW",
    "InstitutionAddress": "E_24th_St._100_Austin_Southmiddle_US_78712",
    "InstitutionName": "The_Univ._of_Texas_at_Austin_IRC",
    "InstitutionalDepartmentName": "IRC",
    "InversionTime": 0.9,
    "MRAcquisitionType": "3D",
    "MagneticFieldStrength": 3,
    "Manufacturer": "Siemens",
    "ManufacturersModelName": "Skyra",
    "Modality": "MR",
    "PartialFourier": 1,
    "PatientPosition": "HFS",
    "PercentPhaseFOV": 100,
    "PhaseEncodingSteps": 255,
    "PhaseResolution": 1,
    "PixelBandwidth": 180,
    "ProcedureStepDescription": "Preston_fMRI",
    "ProtocolName": "mprage",
    "PulseSequenceDetails": "%SiemensSeq%_tfl",
    "ReceiveCoilActiveElements": "HEA;HEP",
    "ReceiveCoilName": "Head_32",
    "ReconMatrixPE": 256,
    "RefLinesPE": 48,
    "RepetitionTime": 1.9,
    "SAR": 0.106247,
    "ScanOptions": "IR",
    "ScanningSequence": "GR_IR",
    "SequenceName": "_tfl3d1_16ns",
    "SequenceVariant": "SK_SP_MP",
    "SeriesDescription": "mprage",
    "SeriesNumber": 2,
    "ShimSetting": [
      -2849,
      8055,
      -15936,
      -670,
      286,
      -583,
      -301,
      11
    ],
    "SliceThickness": 1,
    "SoftwareVersions": "syngo_MR_E11",
    "StationName": "AWP45239",
    "TxRefAmp": 341.632,
    "dataset": "ds004094",
    "modality": "T1w",
    "subject_id": "106"
  },
  "cjv": 0.32123778485504173,
  "cnr": 4.196039294771797,
  "efc": 0.5541384397189603,
  "fber": -1.0,
  "fwhm_avg": 4.2524066666666664,
  "fwhm_x": 4.31301,
  "fwhm_y": 4.29607,
  "fwhm_z": 4.14814,
  "icvs_csf": 0.18093628979596402,
  "icvs_gm": 0.4652825248221682,
  "icvs_wm": 0.35378118538186776,
  "inu_med": 0.4321622848510742,
  "inu_range": 0.14732588231563565,
  "provenance": {
    "md5sum": "42428d1a22299481c002e3f3006ae02e",
    "settings": {
      "testing": false
    },
    "software": "mriqc",
    "version": "23.0.0",
    "warnings": {
      "large_rot_frame": true,
      "small_air_mask": false
    },
    "webapi_port": null,
    "webapi_url": "https://mriqc.nimh.nih.gov/api/v1"
  },
  "qi_1": 0.0075999380259247915,
  "qi_2": 0.03669224347734947,
  "rpve_csf": 27.02894958801012,
  "rpve_gm": 11.761037097688241,
  "rpve_wm": 17.362285250584986,
  "size_x": 192,
  "size_y": 256,
  "size_z": 256,
  "snr_csf": 2.6619745714223355,
  "snr_gm": 14.530252629819941,
  "snr_total": 15.265377978518439,
  "snr_wm": 28.60390673431304,
  "snrd_csf": 53.61476219115187,
  "snrd_gm": 120.03853318917939,
  "snrd_total": 111.9413133940697,
  "snrd_wm": 162.17064480187784,
  "spacing_x": 1.0,
  "spacing_y": 1.0,
  "spacing_z": 1.0,
  "summary_bg_k": 29.996129575777886,
  "summary_bg_mad": 0.0,
  "summary_bg_mean": 1.6258527457783523,
  "summary_bg_median": 0.0,
  "summary_bg_n": 2217274.0,
  "summary_bg_p05": 0.0,
  "summary_bg_p95": 8.332693688571453,
  "summary_bg_stdv": 4.039951774273405,
  "summary_csf_k": 9.384221016180128,
  "summary_csf_mad": 91.08991814786111,
  "summary_csf_mean": 340.13082403940695,
  "summary_csf_median": 330.61978183686733,
  "summary_csf_n": 29957.0,
  "summary_csf_p05": 113.45519249886279,
  "summary_csf_p95": 543.2071495726703,
  "summary_csf_stdv": 124.1988811993006,
  "summary_gm_k": 0.05206478149752014,
  "summary_gm_mad": 50.896491765117396,
  "summary_gm_mean": 738.554342371055,
  "summary_gm_median": 740.2273559197783,
  "summary_gm_n": 54520.0,
  "summary_gm_p05": 652.2540783137083,
  "summary_gm_p95": 819.6778622623532,
  "summary_gm_stdv": 50.94340657120332,
  "summary_wm_k": 0.6106461070163802,
  "summary_wm_mad": 32.564645737860346,
  "summary_wm_mean": 1001.0205482757874,
  "summary_wm_median": 1000.0384411588311,
  "summary_wm_n": 222451.0,
  "summary_wm_p05": 945.0119432061911,
  "summary_wm_p95": 1059.9032773822546,
  "summary_wm_stdv": 34.96152475508732,
  "tpm_overlap_csf": 0.15101467515607297,
  "tpm_overlap_gm": 0.4702149595538839,
  "tpm_overlap_wm": 0.511145654081755,
  "wm2max": 0.45733165304968937
}