{
  "bids_meta": {
    "AcquisitionMatrixPE": 384,
    "AcquisitionNumber": 1,
    "AcquisitionTime": "18:39:40.770000",
    "BaseResolution": 384,
    "BodyPartExamined": "BRAIN",
    "ConsistencyInfo": "N4_VE11A_LATEST_20140830",
    "ConversionSoftware": "dcm2niix",
    "ConversionSoftwareVersion": "v1.0.20190410  GCC6.3.0",
    "DeviceSerialNumber": "45239",
    "DwellTime": 6e-06,
    "EchoTime": 0.082,
    "EchoTrainLength": 18,
    "FlipAngle": 150,
    "ImageOrientationPatientDICOM": [
      1,
      -0.000298648,
      7.126e-12,
      0.00011621,
      0.389122,
      -0.921186
    ],
    "ImageType": [
      "ORIGINAL",
      "PRIMARY",
      "M",
      "ND",
      "NORM"
    ],
    "ImagingFrequency": 123.224,
    "InPlanePhaseEncodingDirectionDICOM": "ROW",
    "InstitutionAddress": "E_24th_St._100_Austin_Southmiddle_US_78712",
    "InstitutionName": "The_Univ._of_Texas_at_Austin_IRC",
    "InstitutionalDepartmentName": "IRC",
    "MRAcquisitionType": "2D",
    "MagneticFieldStrength": 3,
    "Manufacturer": "Siemens",
    "ManufacturersModelName": "Skyra",
    "Modality": "MR",
    "PartialFourier": 1,
    "PatientPosition": "HFS",
    "PercentPhaseFOV": 100,
    "PhaseEncodingDirection": "i",
    "PhaseEncodingSteps": 396,
    "PhaseResolution": 1,
    "PixelBandwidth": 215,
    "ProcedureStepDescription": "Preston_fMRI",
    "ProtocolName": "T2_coronal_matrix384",
    "PulseSequenceDetails": "%SiemensSeq%_tse",
    "ReceiveCoilActiveElements": "HEA;HEP",
    "ReceiveCoilName": "Head_32",
    "ReconMatrixPE": 384,
    "RepetitionTime": 13.15,
    "SAR": 0.589892,
    "ScanningSequence": "SE",
    "SequenceName": "_tse2d1_18",
    "SequenceVariant": "SK_SP_OSP",
    "SeriesDescription": "T2_coronal_matrix384",
    "SeriesNumber": 3,
    "ShimSetting": [
      -2849,
      8055,
      -15936,
      -670,
      286,
      -583,
      -301,
      11
    ],
    "SliceThickness": 1.5,
    "SoftwareVersions": "syngo_MR_E11",
    "SpacingBetweenSlices": 1.5,
    "StationName": "AWP45239",
    "TxRefAmp": 341.632,
    "dataset": "ds004094",
    "modality": "T2w",
    "run_id": 1,
    "subject_id": "106"
  },
  "cjv": 0.44810689689644995,
  "cnr": 2.897437527605465,
  "efc": 0.6951021386402204,
  "fber": 323.20270716154727,
  "fwhm_avg": 2.7487017673255614,
  "fwhm_x": 3.096104167534338,
  "fwhm_y": 2.0351827496104833,
  "fwhm_z": 3.114818384831863,
  "icvs_csf": 0.13556006710499183,
  "icvs_gm": 0.4607621305979824,
  "icvs_wm": 0.40367780229702577,
  "inu_med": 0.9675456285476685,
  "inu_range": 0.44332979917526216,
  "provenance": {
    "md5sum": "f683e56a03e92bc5041a17409feb82d3",
    "settings": {
      "testing": false
    },
    "software": "mriqc",
    "version": "23.0.0",
    "warnings": {
      "large_rot_frame": false,
      "small_air_mask": false
    },
    "webapi_port": null,
    "webapi_url": "https://mriqc.nimh.nih.gov/api/v1"
  },
  "qi_1": 3.42921122140788e-05,
  "qi_2": 0.004061973176348371,
  "rpve_csf": 10.622696718070383,
  "rpve_gm": 3.1267239993809377,
  "rpve_wm": 3.720990955619312,
  "size_x": 384,
  "size_y": 60,
  "size_z": 384,
  "snr_csf": 4.356419504808249,
  "snr_gm": 8.13730172481774,
  "snr_total": 5.738317662229375,
  "snr_wm": 4.721231757062136,
  "snrd_csf": 122.2190099894501,
  "snrd_gm": 46.000829993297046,
  "snrd_total": 64.04757345204298,
  "snrd_wm": 23.922880373381812,
  "spacing_x": 0.4322916567325592,
  "spacing_y": 1.4999979734420776,
  "spacing_z": 0.4322916567325592,
  "summary_bg_k": 9.07370711000444,
  "summary_bg_mad": 0.0,
  "summary_bg_mean": 16.2832686105866,
  "summary_bg_median": 0.0,
  "summary_bg_n": 1035251.0,
  "summary_bg_p05": 0.0,
  "summary_bg_p95": 76.8872879371047,
  "summary_bg_stdv": 27.385348421360654,
  "summary_csf_k": 2.890593904795142,
  "summary_csf_mad": 913.0670718654976,
  "summary_csf_mean": 4968.4813948903875,
  "summary_csf_median": 5108.87530028075,
  "summary_csf_n": 75844.0,
  "summary_csf_p05": 2796.3767039146273,
  "summary_csf_p95": 6457.020031280816,
  "summary_csf_stdv": 1172.7157162840629,
  "summary_gm_k": 0.762159809244408,
  "summary_gm_mad": 215.22480039439816,
  "summary_gm_mean": 1930.9191248500542,
  "summary_gm_median": 1922.8801163211465,
  "summary_gm_n": 173706.0,
  "summary_gm_p05": 1557.2002200242132,
  "summary_gm_p95": 2330.9294447377324,
  "summary_gm_stdv": 236.3037093216121,
  "summary_wm_k": 0.6674608065370098,
  "summary_wm_mad": 198.32413497881242,
  "summary_wm_mean": 1003.2565082458398,
  "summary_wm_median": 1000.0000217780471,
  "summary_wm_n": 476615.0,
  "summary_wm_p05": 662.4404006078839,
  "summary_wm_p95": 1353.3791152015328,
  "summary_wm_stdv": 211.80891431921168,
  "tpm_overlap_csf": 0.17442850144669322,
  "tpm_overlap_gm": 0.4445419661921161,
  "tpm_overlap_wm": 0.4604139541561675,
  "wm2max": 0.15160920553743057
}