{
  "bids_meta": {
    "AcquisitionMatrixPE": 384,
    "AcquisitionNumber": 1,
    "AcquisitionTime": "18:44:51.675000",
    "BaseResolution": 384,
    "BodyPartExamined": "BRAIN",
    "ConsistencyInfo": "N4_VE11A_LATEST_20140830",
    "ConversionSoftware": "dcm2niix",
    "ConversionSoftwareVersion": "v1.0.20190410  GCC6.3.0",
    "DeviceSerialNumber": "45239",
    "DwellTime": 6e-06,
    "EchoTime": 0.082,
    "EchoTrainLength": 18,
    "FlipAngle": 150,
    "ImageOrientationPatientDICOM": [
      1,
      -0.000298648,
      7.126e-12,
      0.00011621,
      0.389122,
      -0.921186
    ],
    "ImageType": [
      "ORIGINAL",
      "PRIMARY",
      "M",
      "ND",
      "NORM"
    ],
    "ImagingFrequency": 123.224,
    "InPlanePhaseEncodingDirectionDICOM": "ROW",
    "InstitutionAddress": "E_24th_St._100_Austin_Southmiddle_US_78712",
    "InstitutionName": "The_Univ._of_Texas_at_Austin_IRC",
    "InstitutionalDepartmentName": "IRC",
    "MRAcquisitionType": "2D",
    "MagneticFieldStrength": 3,
    "Manufacturer": "Siemens",
    "ManufacturersModelName": "Skyra",
    "Modality": "MR",
    "PartialFourier": 1,
    "PatientPosition": "HFS",
    "PercentPhaseFOV": 100,
    "PhaseEncodingDirection": "i",
    "PhaseEncodingSteps": 396,
    "PhaseResolution": 1,
    "PixelBandwidth": 215,
    "ProcedureStepDescription": "Preston_fMRI",
    "ProtocolName": "T2_coronal_matrix384",
    "PulseSequenceDetails": "%SiemensSeq%_tse",
    "ReceiveCoilActiveElements": "HEA;HEP",
    "ReceiveCoilName": "Head_32",
    "ReconMatrixPE": 384,
    "RepetitionTime": 13.15,
    "SAR": 0.589892,
    "ScanningSequence": "SE",
    "SequenceName": "_tse2d1_18",
    "SequenceVariant": "SK_SP_OSP",
    "SeriesDescription": "T2_coronal_matrix384",
    "SeriesNumber": 4,
    "ShimSetting": [
      -2849,
      8055,
      -15936,
      -670,
      286,
      -583,
      -301,
      11
    ],
    "SliceThickness": 1.5,
    "SoftwareVersions": "syngo_MR_E11",
    "SpacingBetweenSlices": 1.5,
    "StationName": "AWP45239",
    "TxRefAmp": 341.632,
    "dataset": "ds004094",
    "modality": "T2w",
    "run_id": 2,
    "subject_id": "106"
  },
  "cjv": 0.44150264422207247,
  "cnr": 2.925700847908997,
  "efc": 0.6956505118326244,
  "fber": 189.99747662215103,
  "fwhm_avg": 2.751180886495662,
  "fwhm_x": 3.0976077820267225,
  "fwhm_y": 2.0411627576897047,
  "fwhm_z": 3.1147721197705582,
  "icvs_csf": 0.13566950328876587,
  "icvs_gm": 0.4621769949525847,
  "icvs_wm": 0.40215350175864945,
  "inu_med": 0.9641422033309937,
  "inu_range": 0.45282104015350333,
  "provenance": {
    "md5sum": "b69a6f5d9138451000963693b8f8795d",
    "settings": {
      "testing": false
    },
    "software": "mriqc",
    "version": "23.0.0",
    "warnings": {
      "large_rot_frame": false,
      "small_air_mask": false
    },
    "webapi_port": null,
    "webapi_url": "https://mriqc.nimh.nih.gov/api/v1"
  },
  "qi_1": 0.00016958529157812556,
  "qi_2": 0.004295500974928342,
  "rpve_csf": 10.661594474513485,
  "rpve_gm": 3.1345429476430033,
  "rpve_wm": 3.749432819550544,
  "size_x": 384,
  "size_y": 60,
  "size_z": 384,
  "snr_csf": 4.596818259398632,
  "snr_gm": 8.11776246779083,
  "snr_total": 5.804844494839206,
  "snr_wm": 4.699952757328159,
  "snrd_csf": 128.69626673424662,
  "snrd_gm": 47.819820779105626,
  "snrd_total": 67.0588400284937,
  "snrd_wm": 24.660432572128876,
  "spacing_x": 0.4322916567325592,
  "spacing_y": 1.4999979734420776,
  "spacing_z": 0.4322916567325592,
  "summary_bg_k": 12.286976514574029,
  "summary_bg_mad": 0.0,
  "summary_bg_mean": 15.137825079723319,
  "summary_bg_median": 0.0,
  "summary_bg_n": 854117.0,
  "summary_bg_p05": 0.0,
  "summary_bg_p95": 64.66540146619081,
  "summary_bg_stdv": 26.56629815230074,
  "summary_csf_k": 3.756306466293964,
  "summary_csf_mad": 753.3512152574639,
  "summary_csf_mean": 4986.823860710514,
  "summary_csf_median": 5218.735202547163,
  "summary_csf_n": 74688.0,
  "summary_csf_p05": 2839.748476056755,
  "summary_csf_p95": 6327.0823858607555,
  "summary_csf_stdv": 1135.2853149794528,
  "summary_gm_k": 0.826786800597568,
  "summary_gm_mad": 216.19816545275498,
  "summary_gm_mean": 1947.0161224110363,
  "summary_gm_median": 1939.1314791962504,
  "summary_gm_n": 178384.0,
  "summary_gm_p05": 1567.2757577374578,
  "summary_gm_p95": 2349.7864415347576,
  "summary_gm_stdv": 238.87444990039756,
  "summary_wm_k": 0.7130874017757813,
  "summary_wm_mad": 198.43086300301675,
  "summary_wm_mean": 1002.6171355429062,
  "summary_wm_median": 1000.0000065267086,
  "summary_wm_n": 483038.0,
  "summary_wm_p05": 659.4684428423643,
  "summary_wm_p95": 1354.176563180983,
  "summary_wm_stdv": 212.76787726253622,
  "tpm_overlap_csf": 0.16145289889832387,
  "tpm_overlap_gm": 0.41542581316438154,
  "tpm_overlap_wm": 0.42840101122433216,
  "wm2max": 0.15343912507073415
}