{
  "bids_meta": {
    "AcquisitionMatrixPE": 384,
    "AcquisitionNumber": 1,
    "AcquisitionTime": "17:27:46.452500",
    "BaseResolution": 384,
    "BodyPartExamined": "BRAIN",
    "ConsistencyInfo": "N4_VE11A_LATEST_20140830",
    "ConversionSoftware": "dcm2niix",
    "ConversionSoftwareVersion": "v1.0.20190410  GCC6.3.0",
    "DeviceSerialNumber": "45239",
    "DwellTime": 6e-06,
    "EchoTime": 0.082,
    "EchoTrainLength": 18,
    "FlipAngle": 150,
    "ImageOrientationPatientDICOM": [
      0.999998,
      0.00207006,
      -1.1039e-11,
      -0.000828533,
      0.400245,
      -0.916408
    ],
    "ImageType": [
      "ORIGINAL",
      "PRIMARY",
      "M",
      "ND",
      "NORM"
    ],
    "ImagingFrequency": 123.225,
    "InPlanePhaseEncodingDirectionDICOM": "ROW",
    "InstitutionAddress": "E_24th_St._100_Austin_Southmiddle_US_78712",
    "InstitutionName": "The_Univ._of_Texas_at_Austin_IRC",
    "InstitutionalDepartmentName": "IRC",
    "MRAcquisitionType": "2D",
    "MagneticFieldStrength": 3,
    "Manufacturer": "Siemens",
    "ManufacturersModelName": "Skyra",
    "Modality": "MR",
    "PartialFourier": 1,
    "PatientPosition": "HFS",
    "PercentPhaseFOV": 100,
    "PhaseEncodingDirection": "i",
    "PhaseEncodingSteps": 396,
    "PhaseResolution": 1,
    "PixelBandwidth": 215,
    "ProcedureStepDescription": "Preston_fMRI",
    "ProtocolName": "T2_coronal_matrix384",
    "PulseSequenceDetails": "%SiemensSeq%_tse",
    "ReceiveCoilActiveElements": "HEA;HEP",
    "ReceiveCoilName": "Head_32",
    "ReconMatrixPE": 384,
    "RepetitionTime": 13.15,
    "SAR": 0.58955,
    "ScanningSequence": "SE",
    "SequenceName": "_tse2d1_18",
    "SequenceVariant": "SK_SP_OSP",
    "SeriesDescription": "T2_coronal_matrix384",
    "SeriesNumber": 3,
    "ShimSetting": [
      -2851,
      8065,
      -15920,
      -530,
      404,
      -610,
      -324,
      -43
    ],
    "SliceThickness": 1.5,
    "SoftwareVersions": "syngo_MR_E11",
    "SpacingBetweenSlices": 1.5,
    "StationName": "AWP45239",
    "TxRefAmp": 341.425,
    "dataset": "ds004094",
    "modality": "T2w",
    "run_id": 1,
    "subject_id": "100"
  },
  "cjv": 0.26378688885663765,
  "cnr": 2.919813144810827,
  "efc": 0.7061675374939397,
  "fber": 21.44663499155394,
  "fwhm_avg": 2.624662781210817,
  "fwhm_x": 2.8706082587379607,
  "fwhm_y": 1.9923111000371616,
  "fwhm_z": 3.0110689848573293,
  "icvs_csf": 0.44544543922186297,
  "icvs_gm": 0.12561861218938736,
  "icvs_wm": 0.42893594858874967,
  "inu_med": 0.9808743000030518,
  "inu_range": 0.383539754152298,
  "provenance": {
    "md5sum": "d2e1b65fe031d7036fbd182384003460",
    "settings": {
      "testing": false
    },
    "software": "mriqc",
    "version": "23.0.0",
    "warnings": {
      "large_rot_frame": false,
      "small_air_mask": false
    },
    "webapi_port": null,
    "webapi_url": "https://mriqc.nimh.nih.gov/api/v1"
  },
  "qi_1": 0.05139251404357016,
  "qi_2": 0.0002140502014979248,
  "rpve_csf": 3.2852574923490043,
  "rpve_gm": 12.132435518650118,
  "rpve_wm": 3.4940034574362895,
  "size_x": 384,
  "size_y": 60,
  "size_z": 384,
  "snr_csf": 7.3756611431748915,
  "snr_gm": 3.7596209375411407,
  "snr_total": 5.223864475807743,
  "snr_wm": 4.536311346707198,
  "snrd_csf": 14.183111284982225,
  "snrd_gm": 36.56669425538658,
  "snrd_total": 19.475981186406155,
  "snrd_wm": 7.678138018849656,
  "spacing_x": 0.4322916567325592,
  "spacing_y": 1.4999966621398926,
  "spacing_z": 0.4322916567325592,
  "summary_bg_k": 510.0200940629419,
  "summary_bg_mad": 0.0,
  "summary_bg_mean": 26.496333401850887,
  "summary_bg_median": 0.0,
  "summary_bg_n": 1254753.0,
  "summary_bg_p05": 0.0,
  "summary_bg_p95": 96.17474678903818,
  "summary_bg_stdv": 85.3249073098197,
  "summary_csf_k": 0.4615947351471936,
  "summary_csf_mad": 238.37318319199335,
  "summary_csf_mean": 1857.2096300670303,
  "summary_csf_median": 1847.2071705311537,
  "summary_csf_n": 153974.0,
  "summary_csf_p05": 1461.9648232236505,
  "summary_csf_p95": 2282.3299797326326,
  "summary_csf_stdv": 250.44550396571978,
  "summary_gm_k": 2.5013000929057183,
  "summary_gm_mad": 779.8081829329151,
  "summary_gm_mean": 4384.990754473496,
  "summary_gm_median": 4762.443054556847,
  "summary_gm_n": 57803.0,
  "summary_gm_p05": 1503.064585071803,
  "summary_gm_p95": 5782.4278634689745,
  "summary_gm_stdv": 1266.7239431928645,
  "summary_wm_k": 0.4040398266324585,
  "summary_wm_mad": 212.6749589817041,
  "summary_wm_mean": 1001.7933913935494,
  "summary_wm_median": 1000.0000225454569,
  "summary_wm_n": 434729.0,
  "summary_wm_p05": 643.7731073200703,
  "summary_wm_p95": 1365.1380442529917,
  "summary_wm_stdv": 220.44317419456513,
  "tpm_overlap_csf": 0.09542627582836988,
  "tpm_overlap_gm": 0.09051174242631337,
  "tpm_overlap_wm": 0.4318858460495962,
  "wm2max": 0.1679677673468594
}