{
  "bids_meta": {
    "AcquisitionMatrixPE": 256,
    "AcquisitionNumber": 1,
    "AcquisitionTime": "17:18:40.095000",
    "BaseResolution": 256,
    "BodyPartExamined": "BRAIN",
    "ConsistencyInfo": "N4_VE11A_LATEST_20140830",
    "ConversionSoftware": "dcm2niix",
    "ConversionSoftwareVersion": "v1.0.20190410  GCC6.3.0",
    "DeviceSerialNumber": "45239",
    "DwellTime": 1.09e-05,
    "EchoTime": 0.00243,
    "FlipAngle": 9,
    "ImageOrientationPatientDICOM": [
      0.0226873,
      0.999743,
      0,
      0,
      0,
      -1
    ],
    "ImageType": [
      "ORIGINAL",
      "PRIMARY",
      "M",
      "ND",
      "NORM"
    ],
    "ImagingFrequency": 123.225,
    "InPlanePhaseEncodingDirectionDICOM": "ROW",
    "InstitutionAddress": "E_24th_St._100_Austin_Southmiddle_US_78712",
    "InstitutionName": "The_Univ._of_Texas_at_Austin_IRC",
    "InstitutionalDepartmentName": "IRC",
    "InversionTime": 0.9,
    "MRAcquisitionType": "3D",
    "MagneticFieldStrength": 3,
    "Manufacturer": "Siemens",
    "ManufacturersModelName": "Skyra",
    "Modality": "MR",
    "PartialFourier": 1,
    "PatientPosition": "HFS",
    "PercentPhaseFOV": 100,
    "PhaseEncodingSteps": 255,
    "PhaseResolution": 1,
    "PixelBandwidth": 180,
    "ProcedureStepDescription": "Preston_fMRI",
    "ProtocolName": "mprage",
    "PulseSequenceDetails": "%SiemensSeq%_tfl",
    "ReceiveCoilActiveElements": "HEA;HEP",
    "ReceiveCoilName": "Head_32",
    "ReconMatrixPE": 256,
    "RefLinesPE": 48,
    "RepetitionTime": 1.9,
    "SAR": 0.106185,
    "ScanOptions": "IR",
    "ScanningSequence": "GR_IR",
    "SequenceName": "_tfl3d1_16ns",
    "SequenceVariant": "SK_SP_MP",
    "SeriesDescription": "mprage",
    "SeriesNumber": 2,
    "ShimSetting": [
      -2851,
      8065,
      -15920,
      -530,
      404,
      -610,
      -324,
      -43
    ],
    "SliceThickness": 1,
    "SoftwareVersions": "syngo_MR_E11",
    "StationName": "AWP45239",
    "TxRefAmp": 341.425,
    "dataset": "ds004094",
    "modality": "T1w",
    "subject_id": "100"
  },
  "cjv": 0.34466701616131895,
  "cnr": 3.965203677325692,
  "efc": 0.557909298597725,
  "fber": -1.0,
  "fwhm_avg": 4.231106666666666,
  "fwhm_x": 4.13327,
  "fwhm_y": 4.32519,
  "fwhm_z": 4.23486,
  "icvs_csf": 0.14825511003035718,
  "icvs_gm": 0.477733950555862,
  "icvs_wm": 0.37401093941378083,
  "inu_med": 0.35307928919792175,
  "inu_range": 0.10576097071170804,
  "provenance": {
    "md5sum": "794b4352c638afa640d52c6e4bcce503",
    "settings": {
      "testing": false
    },
    "software": "mriqc",
    "version": "23.0.0",
    "warnings": {
      "large_rot_frame": true,
      "small_air_mask": false
    },
    "webapi_port": null,
    "webapi_url": "https://mriqc.nimh.nih.gov/api/v1"
  },
  "qi_1": 0.002730590662345566,
  "qi_2": 0.024836325476171255,
  "rpve_csf": 32.260481689755906,
  "rpve_gm": 11.707929877080355,
  "rpve_wm": 16.351744178436327,
  "size_x": 192,
  "size_y": 256,
  "size_z": 256,
  "snr_csf": 2.4199562838561506,
  "snr_gm": 15.452639606551314,
  "snr_total": 15.132940207381068,
  "snr_wm": 27.52622473173574,
  "snrd_csf": 54.511784616991676,
  "snrd_gm": 125.8475052172191,
  "snrd_total": 115.49460000078015,
  "snrd_wm": 166.12451016812972,
  "spacing_x": 1.0,
  "spacing_y": 1.0,
  "spacing_z": 1.0,
  "summary_bg_k": 33.464512307483865,
  "summary_bg_mad": 0.0,
  "summary_bg_mean": 1.490004485136099,
  "summary_bg_median": 0.0,
  "summary_bg_n": 2951428.0,
  "summary_bg_p05": 0.0,
  "summary_bg_p95": 7.087672386318445,
  "summary_bg_stdv": 3.9437794428116892,
  "summary_csf_k": 4.011540211149219,
  "summary_csf_mad": 93.62755332470923,
  "summary_csf_mean": 322.40287322249117,
  "summary_csf_median": 328.149154227227,
  "summary_csf_n": 18254.0,
  "summary_csf_p05": 63.31877937540412,
  "summary_csf_p95": 539.4827184513209,
  "summary_csf_stdv": 135.5975592928952,
  "summary_gm_k": 0.002415467168038088,
  "summary_gm_mad": 49.20426738553868,
  "summary_gm_mean": 757.4925681098921,
  "summary_gm_median": 757.5747645907104,
  "summary_gm_n": 80210.0,
  "summary_gm_p05": 677.4269621558487,
  "summary_gm_p95": 838.2264299914241,
  "summary_gm_stdv": 49.02528379740074,
  "summary_wm_k": 0.521499680203954,
  "summary_wm_mad": 34.36330414577094,
  "summary_wm_mean": 1000.9677280749032,
  "summary_wm_median": 1000.0336237587035,
  "summary_wm_n": 245275.0,
  "summary_wm_p05": 943.0635177530348,
  "summary_wm_p95": 1062.2774954736233,
  "summary_wm_stdv": 36.33013952715921,
  "tpm_overlap_csf": 0.12078509086634014,
  "tpm_overlap_gm": 0.46986068046100243,
  "tpm_overlap_wm": 0.5145123729452183,
  "wm2max": 0.5041062024823476
}