{
  "bids_meta": {
    "AcquisitionMatrixPE": 384,
    "AcquisitionNumber": 1,
    "AcquisitionTime": "17:33:4.692500",
    "BaseResolution": 384,
    "BodyPartExamined": "BRAIN",
    "ConsistencyInfo": "N4_VE11A_LATEST_20140830",
    "ConversionSoftware": "dcm2niix",
    "ConversionSoftwareVersion": "v1.0.20190410  GCC6.3.0",
    "DeviceSerialNumber": "45239",
    "DwellTime": 6e-06,
    "EchoTime": 0.082,
    "EchoTrainLength": 18,
    "FlipAngle": 150,
    "ImageOrientationPatientDICOM": [
      0.999998,
      0.00207006,
      -1.1039e-11,
      -0.000828533,
      0.400245,
      -0.916408
    ],
    "ImageType": [
      "ORIGINAL",
      "PRIMARY",
      "M",
      "ND",
      "NORM"
    ],
    "ImagingFrequency": 123.225,
    "InPlanePhaseEncodingDirectionDICOM": "ROW",
    "InstitutionAddress": "E_24th_St._100_Austin_Southmiddle_US_78712",
    "InstitutionName": "The_Univ._of_Texas_at_Austin_IRC",
    "InstitutionalDepartmentName": "IRC",
    "MRAcquisitionType": "2D",
    "MagneticFieldStrength": 3,
    "Manufacturer": "Siemens",
    "ManufacturersModelName": "Skyra",
    "Modality": "MR",
    "PartialFourier": 1,
    "PatientPosition": "HFS",
    "PercentPhaseFOV": 100,
    "PhaseEncodingDirection": "i",
    "PhaseEncodingSteps": 396,
    "PhaseResolution": 1,
    "PixelBandwidth": 215,
    "ProcedureStepDescription": "Preston_fMRI",
    "ProtocolName": "T2_coronal_matrix384",
    "PulseSequenceDetails": "%SiemensSeq%_tse",
    "ReceiveCoilActiveElements": "HEA;HEP",
    "ReceiveCoilName": "Head_32",
    "ReconMatrixPE": 384,
    "RepetitionTime": 13.15,
    "SAR": 0.58955,
    "ScanningSequence": "SE",
    "SequenceName": "_tse2d1_18",
    "SequenceVariant": "SK_SP_OSP",
    "SeriesDescription": "T2_coronal_matrix384",
    "SeriesNumber": 4,
    "ShimSetting": [
      -2851,
      8065,
      -15920,
      -530,
      404,
      -610,
      -324,
      -43
    ],
    "SliceThickness": 1.5,
    "SoftwareVersions": "syngo_MR_E11",
    "SpacingBetweenSlices": 1.5,
    "StationName": "AWP45239",
    "TxRefAmp": 341.425,
    "dataset": "ds004094",
    "modality": "T2w",
    "run_id": 2,
    "subject_id": "100"
  },
  "cjv": 0.2648376487567898,
  "cnr": 2.8429529387336445,
  "efc": 0.7060746027877745,
  "fber": 211.1076911157025,
  "fwhm_avg": 2.6010320400826816,
  "fwhm_x": 2.8378757278652817,
  "fwhm_y": 1.986444420315724,
  "fwhm_z": 2.9787759720670395,
  "icvs_csf": 0.446800966205277,
  "icvs_gm": 0.1260906763146047,
  "icvs_wm": 0.4271083574801184,
  "inu_med": 0.9862911701202393,
  "inu_range": 0.39077015519142133,
  "provenance": {
    "md5sum": "501376339e6684133b367984426c43e1",
    "settings": {
      "testing": false
    },
    "software": "mriqc",
    "version": "23.0.0",
    "warnings": {
      "large_rot_frame": false,
      "small_air_mask": false
    },
    "webapi_port": null,
    "webapi_url": "https://mriqc.nimh.nih.gov/api/v1"
  },
  "qi_1": 0.0072419515433123135,
  "qi_2": 0.0005880440596978502,
  "rpve_csf": 3.288940752425239,
  "rpve_gm": 12.022108082125936,
  "rpve_wm": 3.52204443588443,
  "size_x": 384,
  "size_y": 60,
  "size_z": 384,
  "snr_csf": 7.619817563129849,
  "snr_gm": 3.6511591941176103,
  "snr_total": 5.334294822963931,
  "snr_wm": 4.731907711644334,
  "snrd_csf": 18.310746634278434,
  "snrd_gm": 47.56667147616411,
  "snrd_total": 25.292216559981473,
  "snrd_wm": 9.999231569501871,
  "spacing_x": 0.4322916567325592,
  "spacing_y": 1.4999966621398926,
  "spacing_z": 0.4322916567325592,
  "summary_bg_k": 104.40452027615929,
  "summary_bg_mad": 0.0,
  "summary_bg_mean": 25.127987350000343,
  "summary_bg_median": 0.0,
  "summary_bg_n": 1190236.0,
  "summary_bg_p05": 0.0,
  "summary_bg_p95": 94.16748332977295,
  "summary_bg_stdv": 65.51867609190015,
  "summary_csf_k": 0.47639562358866927,
  "summary_csf_mad": 228.34039230525897,
  "summary_csf_mean": 1839.0137768677916,
  "summary_csf_median": 1831.215419769287,
  "summary_csf_n": 163708.0,
  "summary_csf_p05": 1458.4555549621582,
  "summary_csf_p95": 2245.318828439712,
  "summary_csf_stdv": 240.32200399251906,
  "summary_gm_k": 2.3793848354161353,
  "summary_gm_mad": 793.5553267139042,
  "summary_gm_mean": 4378.343962504588,
  "summary_gm_median": 4757.032796859741,
  "summary_gm_n": 57486.0,
  "summary_gm_p05": 1310.198790550232,
  "summary_gm_p95": 5846.529942512512,
  "summary_gm_stdv": 1302.8715452251893,
  "summary_wm_k": 0.44806240523822405,
  "summary_wm_mad": 201.44839969949152,
  "summary_wm_mean": 1001.5061694559517,
  "summary_wm_median": 1000.0000219345093,
  "summary_wm_n": 441768.0,
  "summary_wm_p05": 657.651801109314,
  "summary_wm_p95": 1349.7339277267456,
  "summary_wm_stdv": 211.33102145192737,
  "tpm_overlap_csf": 0.0940070454429628,
  "tpm_overlap_gm": 0.1019461575640368,
  "tpm_overlap_wm": 0.4563599838505857,
  "wm2max": 0.16573171144623206
}