{
  "aor": 0.00032511784511784516,
  "aqi": 0.005105838484848485,
  "bids_meta": {
    "AcquisitionMatrixPE": 128,
    "AcquisitionNumber": 1,
    "AcquisitionTime": "20:10:25.685000",
    "BandwidthPerPixelPhaseEncode": 20.292,
    "BaseResolution": 128,
    "BodyPartExamined": "BRAIN",
    "CogAtlasID": "http://www.cognitiveatlas.org/task/id/TODO",
    "ConsistencyInfo": "N4_VE11C_LATEST_20160120",
    "ConversionSoftware": "dcm2niix",
    "ConversionSoftwareVersion": "v1.0.20190410  GCC6.3.0",
    "DerivedVendorReportedEchoSpacing": 0.000770008,
    "DeviceSerialNumber": "45239",
    "DwellTime": 2.6e-06,
    "EchoTime": 0.03,
    "EchoTrainLength": 55,
    "EffectiveEchoSpacing": 0.000385004,
    "FlipAngle": 73,
    "ImageComments": "Unaliased_MB3_PE4_LB_SENSE1",
    "ImageOrientationPatientDICOM": [
      1,
      0,
      0,
      0,
      0.997185,
      0.0749787
    ],
    "ImageType": [
      "ORIGINAL",
      "PRIMARY",
      "M",
      "MB",
      "ND",
      "MOSAIC"
    ],
    "ImagingFrequency": 123.172,
    "InPlanePhaseEncodingDirectionDICOM": "COL",
    "InstitutionAddress": "E_24th_St._100_Austin_Southmiddle_US_78712",
    "InstitutionName": "The_Univ._of_Texas_at_Austin_IRC",
    "InstitutionalDepartmentName": "IRC",
    "MRAcquisitionType": "2D",
    "MagneticFieldStrength": 3,
    "Manufacturer": "Siemens",
    "ManufacturersModelName": "Skyra",
    "Modality": "MR",
    "MultibandAccelerationFactor": 3,
    "ParallelReductionFactorInPlane": 2,
    "PartialFourier": 0.875,
    "PatientPosition": "HFS",
    "PercentPhaseFOV": 100,
    "PhaseEncodingDirection": "j-",
    "PhaseEncodingSteps": 111,
    "PhaseResolution": 1,
    "PixelBandwidth": 1500,
    "ProcedureStepDescription": "Preston_fMRI",
    "ProtocolName": "functional_run",
    "PulseSequenceDetails": "%CustomerSeq%_cmrr_mbep2d_bold",
    "ReceiveCoilActiveElements": "HEA;HEP",
    "ReceiveCoilName": "Head_32",
    "ReconMatrixPE": 128,
    "RefLinesPE": 92,
    "RepetitionTime": 2,
    "SAR": 0.131207,
    "ScanOptions": "PFP_FS",
    "ScanningSequence": "EP",
    "SequenceName": "epfid2d1_128",
    "SequenceVariant": "SK_SS",
    "SeriesDescription": "functional_run",
    "SeriesNumber": 21,
    "ShimSetting": [
      -2715,
      8068,
      -15539,
      -313,
      764,
      -962,
      -602,
      -212
    ],
    "SliceThickness": 1.7,
    "SliceTiming": [
      0,
      1.0275,
      0.0775,
      1.1075,
      0.1575,
      1.1875,
      0.2375,
      1.265,
      0.315,
      1.345,
      0.395,
      1.425,
      0.475,
      1.5025,
      0.5525,
      1.5825,
      0.6325,
      1.6625,
      0.7125,
      1.74,
      0.79,
      1.82,
      0.87,
      1.9,
      0.95,
      0,
      1.0275,
      0.0775,
      1.1075,
      0.1575,
      1.1875,
      0.2375,
      1.265,
      0.315,
      1.345,
      0.395,
      1.425,
      0.475,
      1.5025,
      0.5525,
      1.5825,
      0.6325,
      1.6625,
      0.7125,
      1.74,
      0.79,
      1.82,
      0.87,
      1.9,
      0.95,
      0,
      1.0275,
      0.0775,
      1.1075,
      0.1575,
      1.1875,
      0.2375,
      1.265,
      0.315,
      1.345,
      0.395,
      1.425,
      0.475,
      1.5025,
      0.5525,
      1.5825,
      0.6325,
      1.6625,
      0.7125,
      1.74,
      0.79,
      1.82,
      0.87,
      1.9,
      0.95
    ],
    "SoftwareVersions": "syngo_MR_E11",
    "SpacingBetweenSlices": 1.7,
    "StationName": "AWP45239",
    "TaskName": "struct",
    "TotalReadoutTime": 0.0488955,
    "TxRefAmp": 334.403,
    "WipMemBlock": "3c87abcb-c18d-44e0-8f49-81635bacecd8||Sequence: R016 ve11c/master r/e634e98; Dec 19 2017 11:00:25 by eja",
    "dataset": "ds004094",
    "modality": "bold",
    "run_id": 6,
    "subject_id": "110",
    "task_id": "struct"
  },
  "dummy_trs": 1,
  "dvars_nstd": 43.693576309898646,
  "dvars_std": 1.0194478034459467,
  "dvars_vstd": 0.9972846985810809,
  "efc": 0.5034773394061921,
  "fber": 10131.3515625,
  "fd_mean": 0.04313242577990693,
  "fd_num": 1,
  "fd_perc": 0.3367003367003367,
  "fwhm_avg": 3.1045191476997487,
  "fwhm_x": 2.5914472727272724,
  "fwhm_y": 3.4353570909090907,
  "fwhm_z": 3.2867530794628825,
  "gcor": 0.00144322,
  "gsr_x": 0.0013145399279892445,
  "gsr_y": 0.053923387080430984,
  "provenance": {
    "md5sum": "13d79e3c2478932d39f81909aad9258d",
    "settings": {
      "fd_thres": 0.2,
      "testing": false
    },
    "software": "mriqc",
    "version": "23.0.0",
    "webapi_port": null,
    "webapi_url": "https://mriqc.nimh.nih.gov/api/v1"
  },
  "size_t": 297,
  "size_x": 128,
  "size_y": 128,
  "size_z": 75,
  "snr": 2.1794466838235644,
  "spacing_tr": 2.0,
  "spacing_x": 1.71875,
  "spacing_y": 1.71875,
  "spacing_z": 1.6999999284744263,
  "summary_bg_k": 27.345737546694867,
  "summary_bg_mad": 54.35708926620226,
  "summary_bg_mean": 557.2587890625,
  "summary_bg_median": 76.85521697998047,
  "summary_bg_n": 805532.0,
  "summary_bg_p05": 34.90909194946289,
  "summary_bg_p95": 3202.4097534179677,
  "summary_bg_stdv": 1481.9210205078125,
  "summary_fg_k": 0.9228821927651416,
  "summary_fg_mad": 3196.045892003272,
  "summary_fg_mean": 8422.640625,
  "summary_fg_median": 7818.9072265625,
  "summary_fg_n": 278962.0,
  "summary_fg_p05": 3809.7041137695314,
  "summary_fg_p95": 15188.5779296875,
  "summary_fg_stdv": 3587.558837890625,
  "tsnr": 32.00101861311123
}