{
  "bids_meta": {
    "AcquisitionMatrixPE": 384,
    "AcquisitionNumber": 1,
    "AcquisitionTime": "19:36:47.695000",
    "BaseResolution": 384,
    "BodyPartExamined": "BRAIN",
    "ConsistencyInfo": "N4_VE11C_LATEST_20160120",
    "ConversionSoftware": "dcm2niix",
    "ConversionSoftwareVersion": "v1.0.20190410  GCC6.3.0",
    "DeviceSerialNumber": "45239",
    "DwellTime": 6e-06,
    "EchoTime": 0.082,
    "EchoTrainLength": 18,
    "FlipAngle": 150,
    "ImageOrientationPatientDICOM": [
      0.999999,
      -0.00151908,
      -8.365e-12,
      0.000795945,
      0.523965,
      -0.851739
    ],
    "ImageType": [
      "ORIGINAL",
      "PRIMARY",
      "M",
      "ND",
      "NORM"
    ],
    "ImagingFrequency": 123.172,
    "InPlanePhaseEncodingDirectionDICOM": "ROW",
    "InstitutionAddress": "E_24th_St._100_Austin_Southmiddle_US_78712",
    "InstitutionName": "The_Univ._of_Texas_at_Austin_IRC",
    "InstitutionalDepartmentName": "IRC",
    "MRAcquisitionType": "2D",
    "MagneticFieldStrength": 3,
    "Manufacturer": "Siemens",
    "ManufacturersModelName": "Skyra",
    "Modality": "MR",
    "PartialFourier": 1,
    "PatientPosition": "HFS",
    "PercentPhaseFOV": 100,
    "PhaseEncodingDirection": "i",
    "PhaseEncodingSteps": 396,
    "PhaseResolution": 1,
    "PixelBandwidth": 215,
    "ProcedureStepDescription": "Preston_fMRI",
    "ProtocolName": "T2_coronal_matrix384",
    "PulseSequenceDetails": "%SiemensSeq%_tse",
    "ReceiveCoilActiveElements": "HEA;HEP",
    "ReceiveCoilName": "Head_32",
    "ReconMatrixPE": 384,
    "RepetitionTime": 13.15,
    "SAR": 0.617672,
    "ScanningSequence": "SE",
    "SequenceName": "_tse2d1_18",
    "SequenceVariant": "SK_SP_OSP",
    "SeriesDescription": "T2_coronal_matrix384",
    "SeriesNumber": 4,
    "ShimSetting": [
      -2751,
      8072,
      -15888,
      -462,
      637,
      -681,
      -484,
      -138
    ],
    "SliceThickness": 1.5,
    "SoftwareVersions": "syngo_MR_E11",
    "SpacingBetweenSlices": 1.5,
    "StationName": "AWP45239",
    "TxRefAmp": 312.538,
    "dataset": "ds004094",
    "modality": "T2w",
    "run_id": 2,
    "subject_id": "125"
  },
  "cjv": 0.3868047934645706,
  "cnr": 2.7345978025182287,
  "efc": 0.6566576493325974,
  "fber": 1080.9700811861092,
  "fwhm_avg": 2.7411187555742225,
  "fwhm_x": 3.085948773831803,
  "fwhm_y": 2.0422286265826086,
  "fwhm_z": 3.095178866308255,
  "icvs_csf": 0.46391740539810566,
  "icvs_gm": 0.12777443388387816,
  "icvs_wm": 0.4083081607180162,
  "inu_med": 0.9555072784423828,
  "inu_range": 0.3404835283756251,
  "provenance": {
    "md5sum": "e38f5dd1bcafdc5d7400a7efea92b7c6",
    "settings": {
      "testing": false
    },
    "software": "mriqc",
    "version": "23.0.0",
    "warnings": {
      "large_rot_frame": false,
      "small_air_mask": false
    },
    "webapi_port": null,
    "webapi_url": "https://mriqc.nimh.nih.gov/api/v1"
  },
  "qi_1": 0.0,
  "qi_2": 0.0029018895016003146,
  "rpve_csf": 3.689170582374061,
  "rpve_gm": 12.744423809419768,
  "rpve_wm": 4.280493144878303,
  "size_x": 384,
  "size_y": 60,
  "size_z": 384,
  "snr_csf": 8.137911746929955,
  "snr_gm": 3.3833519574096167,
  "snr_total": 5.4229359870908675,
  "snr_wm": 4.747544256933031,
  "snrd_csf": 39.98065900355283,
  "snrd_gm": 111.01580773649465,
  "snrd_total": 57.16444755256301,
  "snrd_wm": 20.496875917641542,
  "spacing_x": 0.4322916865348816,
  "spacing_y": 1.500003457069397,
  "spacing_z": 0.4322916567325592,
  "summary_bg_k": 7.760833824751149,
  "summary_bg_mad": 0.0,
  "summary_bg_mean": 19.17217864940653,
  "summary_bg_median": 0.0,
  "summary_bg_n": 1520550.0,
  "summary_bg_p05": 0.0,
  "summary_bg_p95": 82.26650146394968,
  "summary_bg_stdv": 31.962743359129924,
  "summary_csf_k": 0.6130573054918194,
  "summary_csf_mad": 222.15101182886428,
  "summary_csf_mean": 1959.5749885679177,
  "summary_csf_median": 1950.5732593387365,
  "summary_csf_n": 205966.0,
  "summary_csf_p05": 1579.5390923842788,
  "summary_csf_p95": 2367.0265502408147,
  "summary_csf_stdv": 239.6890731687027,
  "summary_gm_k": 2.109184141854551,
  "summary_gm_mad": 1508.5143002346356,
  "summary_gm_mean": 5234.785817068091,
  "summary_gm_median": 5416.230530753732,
  "summary_gm_n": 53862.0,
  "summary_gm_p05": 1411.9280532378705,
  "summary_gm_p95": 6879.878498173132,
  "summary_gm_stdv": 1600.8326416901189,
  "summary_wm_k": 0.4879791727190561,
  "summary_wm_mad": 199.70484718642334,
  "summary_wm_mean": 1002.8592068242266,
  "summary_wm_median": 999.9999765232205,
  "summary_wm_n": 450063.0,
  "summary_wm_p05": 661.5829745605588,
  "summary_wm_p95": 1351.7755443528295,
  "summary_wm_stdv": 210.63497493608685,
  "tpm_overlap_csf": 0.09768580201230993,
  "tpm_overlap_gm": 0.08850190696553482,
  "tpm_overlap_wm": 0.48194385718338567,
  "wm2max": 0.14586031324926788
}