{
  "bids_meta": {
    "AcquisitionMatrixPE": 256,
    "AcquisitionNumber": 1,
    "AcquisitionTime": "19:05:45.117500",
    "BaseResolution": 256,
    "BodyPartExamined": "BRAIN",
    "ConsistencyInfo": "N4_VE11C_LATEST_20160120",
    "ConversionSoftware": "dcm2niix",
    "ConversionSoftwareVersion": "v1.0.20190410  GCC6.3.0",
    "DeviceSerialNumber": "45239",
    "DwellTime": 1.09e-05,
    "EchoTime": 0.00243,
    "FlipAngle": 9,
    "ImageOrientationPatientDICOM": [
      0.0279217,
      0.99961,
      0,
      0,
      0,
      -1
    ],
    "ImageType": [
      "ORIGINAL",
      "PRIMARY",
      "M",
      "ND",
      "NORM"
    ],
    "ImagingFrequency": 123.172,
    "InPlanePhaseEncodingDirectionDICOM": "ROW",
    "InstitutionAddress": "E_24th_St._100_Austin_Southmiddle_US_78712",
    "InstitutionName": "The_Univ._of_Texas_at_Austin_IRC",
    "InstitutionalDepartmentName": "IRC",
    "InversionTime": 0.9,
    "MRAcquisitionType": "3D",
    "MagneticFieldStrength": 3,
    "Manufacturer": "Siemens",
    "ManufacturersModelName": "Skyra",
    "Modality": "MR",
    "PartialFourier": 1,
    "PatientPosition": "HFS",
    "PercentPhaseFOV": 100,
    "PhaseEncodingSteps": 255,
    "PhaseResolution": 1,
    "PixelBandwidth": 180,
    "ProcedureStepDescription": "Preston_fMRI",
    "ProtocolName": "mprage",
    "PulseSequenceDetails": "%SiemensSeq%_tfl",
    "ReceiveCoilActiveElements": "HEA;HEP",
    "ReceiveCoilName": "Head_32",
    "ReconMatrixPE": 256,
    "RefLinesPE": 48,
    "RepetitionTime": 1.9,
    "SAR": 0.103482,
    "ScanOptions": "IR",
    "ScanningSequence": "GR_IR",
    "SequenceName": "_tfl3d1_16ns",
    "SequenceVariant": "SK_SP_MP",
    "SeriesDescription": "mprage",
    "SeriesNumber": 2,
    "ShimSetting": [
      -2751,
      8072,
      -15888,
      -462,
      637,
      -681,
      -484,
      -138
    ],
    "SliceThickness": 1,
    "SoftwareVersions": "syngo_MR_E11",
    "StationName": "AWP45239",
    "TxRefAmp": 319.334,
    "dataset": "ds004094",
    "modality": "T1w",
    "subject_id": "137"
  },
  "cjv": 0.3821300206227037,
  "cnr": 3.534736432554191,
  "efc": 0.5378304094031559,
  "fber": -1.0,
  "fwhm_avg": 4.13488,
  "fwhm_x": 4.17988,
  "fwhm_y": 4.10919,
  "fwhm_z": 4.11557,
  "icvs_csf": 0.22554930753732153,
  "icvs_gm": 0.42608189124390616,
  "icvs_wm": 0.3483688012187723,
  "inu_med": 0.3693554103374481,
  "inu_range": 0.09942233562469477,
  "provenance": {
    "md5sum": "b7736d5f92cbbc43ccf5df7890ffddb3",
    "settings": {
      "testing": false
    },
    "software": "mriqc",
    "version": "23.0.0",
    "warnings": {
      "large_rot_frame": true,
      "small_air_mask": false
    },
    "webapi_port": null,
    "webapi_url": "https://mriqc.nimh.nih.gov/api/v1"
  },
  "qi_1": 0.018802521265442854,
  "qi_2": 0.011169765851339396,
  "rpve_csf": 25.619604379209004,
  "rpve_gm": 14.033970693190955,
  "rpve_wm": 19.98827426522404,
  "size_x": 192,
  "size_y": 256,
  "size_z": 256,
  "snr_csf": 3.1920002350649375,
  "snr_gm": 13.92776325753285,
  "snr_total": 15.829173353553651,
  "snr_wm": 30.367756568063168,
  "snrd_csf": 50.732299700838674,
  "snrd_gm": 127.80306320985723,
  "snrd_total": 114.71320387374773,
  "snrd_wm": 165.60424871054732,
  "spacing_x": 1.0,
  "spacing_y": 1.0,
  "spacing_z": 1.0,
  "summary_bg_k": 28.75978105663489,
  "summary_bg_mad": 0.0,
  "summary_bg_mean": 1.5735851926228785,
  "summary_bg_median": 0.0,
  "summary_bg_n": 2404645.0,
  "summary_bg_p05": 0.0,
  "summary_bg_p95": 8.267763443291187,
  "summary_bg_stdv": 3.956036055778535,
  "summary_csf_k": 3.7196913789689328,
  "summary_csf_mad": 61.94040302688777,
  "summary_csf_mean": 319.89794725189165,
  "summary_csf_median": 306.34659714996815,
  "summary_csf_n": 45125.0,
  "summary_csf_p05": 193.67335718125105,
  "summary_csf_p95": 504.61315624415874,
  "summary_csf_stdv": 95.97217423224939,
  "summary_gm_k": -0.07418683745550192,
  "summary_gm_mad": 56.077974824534145,
  "summary_gm_mean": 768.2886450042909,
  "summary_gm_median": 771.7378031462431,
  "summary_gm_n": 28311.0,
  "summary_gm_p05": 672.3249373957515,
  "summary_gm_p95": 855.174314416945,
  "summary_gm_stdv": 55.40905306261004,
  "summary_wm_k": 0.6649736254888925,
  "summary_wm_mad": 31.147850852909144,
  "summary_wm_mean": 1000.447056059232,
  "summary_wm_median": 999.9999677762389,
  "summary_wm_n": 188759.0,
  "summary_wm_p05": 947.1581753343344,
  "summary_wm_p95": 1054.5192774385214,
  "summary_wm_stdv": 32.92957504619107,
  "tpm_overlap_csf": 0.15575120635555753,
  "tpm_overlap_gm": 0.44166651276591523,
  "tpm_overlap_wm": 0.4963039558364075,
  "wm2max": 0.44536350214347975
}