{
  "bids_meta": {
    "AcquisitionMatrixPE": 384,
    "AcquisitionNumber": 1,
    "AcquisitionTime": "19:19:41.740000",
    "BaseResolution": 384,
    "BodyPartExamined": "BRAIN",
    "ConsistencyInfo": "N4_VE11C_LATEST_20160120",
    "ConversionSoftware": "dcm2niix",
    "ConversionSoftwareVersion": "v1.0.20190410  GCC6.3.0",
    "DeviceSerialNumber": "45239",
    "DwellTime": 6e-06,
    "EchoTime": 0.082,
    "EchoTrainLength": 18,
    "FlipAngle": 150,
    "ImageOrientationPatientDICOM": [
      0.999986,
      0.00529309,
      -1.66103e-10,
      -0.00286619,
      0.541489,
      -0.840703
    ],
    "ImageType": [
      "ORIGINAL",
      "PRIMARY",
      "M",
      "ND",
      "NORM"
    ],
    "ImagingFrequency": 123.172,
    "InPlanePhaseEncodingDirectionDICOM": "ROW",
    "InstitutionAddress": "E_24th_St._100_Austin_Southmiddle_US_78712",
    "InstitutionName": "The_Univ._of_Texas_at_Austin_IRC",
    "InstitutionalDepartmentName": "IRC",
    "MRAcquisitionType": "2D",
    "MagneticFieldStrength": 3,
    "Manufacturer": "Siemens",
    "ManufacturersModelName": "Skyra",
    "Modality": "MR",
    "PartialFourier": 1,
    "PatientPosition": "HFS",
    "PercentPhaseFOV": 100,
    "PhaseEncodingDirection": "i",
    "PhaseEncodingSteps": 396,
    "PhaseResolution": 1,
    "PixelBandwidth": 215,
    "ProcedureStepDescription": "Preston_fMRI",
    "ProtocolName": "T2_coronal_matrix384",
    "PulseSequenceDetails": "%SiemensSeq%_tse",
    "ReceiveCoilActiveElements": "HEA;HEP",
    "ReceiveCoilName": "Head_32",
    "ReconMatrixPE": 384,
    "RepetitionTime": 13.15,
    "SAR": 0.57454,
    "ScanningSequence": "SE",
    "SequenceName": "_tse2d1_18",
    "SequenceVariant": "SK_SP_OSP",
    "SeriesDescription": "T2_coronal_matrix384",
    "SeriesNumber": 4,
    "ShimSetting": [
      -2751,
      8072,
      -15888,
      -462,
      637,
      -681,
      -484,
      -138
    ],
    "SliceThickness": 1.5,
    "SoftwareVersions": "syngo_MR_E11",
    "SpacingBetweenSlices": 1.5,
    "StationName": "AWP45239",
    "TxRefAmp": 319.334,
    "dataset": "ds004094",
    "modality": "T2w",
    "run_id": 2,
    "subject_id": "137"
  },
  "cjv": 0.7607668473703444,
  "cnr": 1.8299838041961396,
  "efc": 0.6124663595450193,
  "fber": 300.0232114861449,
  "fwhm_avg": 3.2622666821367368,
  "fwhm_x": 3.660468517852887,
  "fwhm_y": 2.289940115095445,
  "fwhm_z": 3.8363914134618784,
  "icvs_csf": 0.2134980078254733,
  "icvs_gm": 0.6154876927022276,
  "icvs_wm": 0.17101429947229912,
  "inu_med": 0.7392869293689728,
  "inu_range": 0.17957390248775484,
  "provenance": {
    "md5sum": "2900f659e4363ddd06ed13646d8b16fa",
    "settings": {
      "testing": false
    },
    "software": "mriqc",
    "version": "23.0.0",
    "warnings": {
      "large_rot_frame": false,
      "small_air_mask": false
    },
    "webapi_port": null,
    "webapi_url": "https://mriqc.nimh.nih.gov/api/v1"
  },
  "qi_1": 0.0038643999564341638,
  "qi_2": 0.0021738702925563286,
  "rpve_csf": 7.023161377162967,
  "rpve_gm": 2.928007253127798,
  "rpve_wm": 7.8796860510411095,
  "size_x": 384,
  "size_y": 60,
  "size_z": 384,
  "snr_csf": 6.447883754840623,
  "snr_gm": 4.719462668724307,
  "snr_total": 4.740932467819872,
  "snr_wm": 3.0554509798946867,
  "snrd_csf": 69.7164634490377,
  "snrd_gm": 17.83072727878927,
  "snrd_total": 32.178090230533975,
  "snrd_wm": 8.987079963774963,
  "spacing_x": 0.4322916567325592,
  "spacing_y": 1.5000042915344238,
  "spacing_z": 0.4322916567325592,
  "summary_bg_k": 2062.2661935197507,
  "summary_bg_mad": 0.0,
  "summary_bg_mean": 24.875081413263207,
  "summary_bg_median": 0.0,
  "summary_bg_n": 1973293.0,
  "summary_bg_p05": 0.0,
  "summary_bg_p95": 108.49415248632431,
  "summary_bg_stdv": 72.87542999029299,
  "summary_csf_k": 6.057463638106739,
  "summary_csf_mad": 496.6413418721441,
  "summary_csf_mean": 7350.4743561589885,
  "summary_csf_median": 7755.052613854408,
  "summary_csf_n": 153352.0,
  "summary_csf_p05": 4742.083386330307,
  "summary_csf_p95": 8415.051110516486,
  "summary_csf_stdv": 1202.724432315393,
  "summary_gm_k": -0.49271452339552413,
  "summary_gm_mad": 470.84618031879387,
  "summary_gm_mean": 1965.9419656900698,
  "summary_gm_median": 1983.4372162520885,
  "summary_gm_n": 302383.0,
  "summary_gm_p05": 1284.4704767256976,
  "summary_gm_p95": 2619.9666346907616,
  "summary_gm_stdv": 420.2668981188029,
  "summary_wm_k": 1.7189227749432296,
  "summary_wm_mad": 277.55143260897324,
  "summary_wm_mean": 942.5797214769822,
  "summary_wm_median": 999.696119338274,
  "summary_wm_n": 20565.0,
  "summary_wm_p05": 267.466956871748,
  "summary_wm_p95": 1376.812068414688,
  "summary_wm_stdv": 327.1765182474402,
  "tpm_overlap_csf": 0.16427691677942238,
  "tpm_overlap_gm": 0.4412271897643423,
  "tpm_overlap_wm": 0.24063639919111235,
  "wm2max": 0.11439288039159974
}