{
  "bids_meta": {
    "AcquisitionMatrixPE": 384,
    "AcquisitionNumber": 1,
    "AcquisitionTime": "19:14:5.762500",
    "BaseResolution": 384,
    "BodyPartExamined": "BRAIN",
    "ConsistencyInfo": "N4_VE11C_LATEST_20160120",
    "ConversionSoftware": "dcm2niix",
    "ConversionSoftwareVersion": "v1.0.20190410  GCC6.3.0",
    "DeviceSerialNumber": "45239",
    "DwellTime": 6e-06,
    "EchoTime": 0.082,
    "EchoTrainLength": 18,
    "FlipAngle": 150,
    "ImageOrientationPatientDICOM": [
      0.999986,
      0.00529309,
      -1.66103e-10,
      -0.00286619,
      0.541489,
      -0.840703
    ],
    "ImageType": [
      "ORIGINAL",
      "PRIMARY",
      "M",
      "ND",
      "NORM"
    ],
    "ImagingFrequency": 123.172,
    "InPlanePhaseEncodingDirectionDICOM": "ROW",
    "InstitutionAddress": "E_24th_St._100_Austin_Southmiddle_US_78712",
    "InstitutionName": "The_Univ._of_Texas_at_Austin_IRC",
    "InstitutionalDepartmentName": "IRC",
    "MRAcquisitionType": "2D",
    "MagneticFieldStrength": 3,
    "Manufacturer": "Siemens",
    "ManufacturersModelName": "Skyra",
    "Modality": "MR",
    "PartialFourier": 1,
    "PatientPosition": "HFS",
    "PercentPhaseFOV": 100,
    "PhaseEncodingDirection": "i",
    "PhaseEncodingSteps": 396,
    "PhaseResolution": 1,
    "PixelBandwidth": 215,
    "ProcedureStepDescription": "Preston_fMRI",
    "ProtocolName": "T2_coronal_matrix384",
    "PulseSequenceDetails": "%SiemensSeq%_tse",
    "ReceiveCoilActiveElements": "HEA;HEP",
    "ReceiveCoilName": "Head_32",
    "ReconMatrixPE": 384,
    "RepetitionTime": 13.15,
    "SAR": 0.57454,
    "ScanningSequence": "SE",
    "SequenceName": "_tse2d1_18",
    "SequenceVariant": "SK_SP_OSP",
    "SeriesDescription": "T2_coronal_matrix384",
    "SeriesNumber": 3,
    "ShimSetting": [
      -2751,
      8072,
      -15888,
      -462,
      637,
      -681,
      -484,
      -138
    ],
    "SliceThickness": 1.5,
    "SoftwareVersions": "syngo_MR_E11",
    "SpacingBetweenSlices": 1.5,
    "StationName": "AWP45239",
    "TxRefAmp": 319.334,
    "dataset": "ds004094",
    "modality": "T2w",
    "run_id": 1,
    "subject_id": "137"
  },
  "cjv": 0.5938193833162752,
  "cnr": 2.1721087003365795,
  "efc": 0.6140107218312507,
  "fber": 510.5568741320541,
  "fwhm_avg": 3.296303363924846,
  "fwhm_x": 3.6255152640376096,
  "fwhm_y": 2.3168000382485885,
  "fwhm_z": 3.9465947894883397,
  "icvs_csf": 0.20908394154693707,
  "icvs_gm": 0.5969076202422782,
  "icvs_wm": 0.19400843821078473,
  "inu_med": 0.7572285532951355,
  "inu_range": 0.20398463606834416,
  "provenance": {
    "md5sum": "fa990eb3a28ae810f393af55b925cac3",
    "settings": {
      "testing": false
    },
    "software": "mriqc",
    "version": "23.0.0",
    "warnings": {
      "large_rot_frame": false,
      "small_air_mask": false
    },
    "webapi_port": null,
    "webapi_url": "https://mriqc.nimh.nih.gov/api/v1"
  },
  "qi_1": 0.0038419281020595254,
  "qi_2": 0.0021511851269896817,
  "rpve_csf": 7.280217384913252,
  "rpve_gm": 2.988670825349595,
  "rpve_wm": 7.217597780222805,
  "size_x": 384,
  "size_y": 60,
  "size_z": 384,
  "snr_csf": 6.489519652071992,
  "snr_gm": 5.331233045123646,
  "snr_total": 5.110715797226043,
  "snr_wm": 3.511394694482492,
  "snrd_csf": 117.2418917290716,
  "snrd_gm": 31.6290845236398,
  "snrd_total": 54.79128712142782,
  "snrd_wm": 15.502885111572093,
  "spacing_x": 0.4322916567325592,
  "spacing_y": 1.5000042915344238,
  "spacing_z": 0.4322916567325592,
  "summary_bg_k": 22.27461677424864,
  "summary_bg_mad": 0.0,
  "summary_bg_mean": 26.231751948307277,
  "summary_bg_median": 0.0,
  "summary_bg_n": 1939828.0,
  "summary_bg_p05": 0.0,
  "summary_bg_p95": 110.8583587706089,
  "summary_bg_stdv": 42.23977349612178,
  "summary_csf_k": 6.773207649607018,
  "summary_csf_mad": 494.42559259695645,
  "summary_csf_mean": 7183.287701989401,
  "summary_csf_median": 7559.144860357046,
  "summary_csf_n": 151213.0,
  "summary_csf_p05": 4700.637056708336,
  "summary_csf_p95": 8252.654128015041,
  "summary_csf_stdv": 1164.8196277330187,
  "summary_gm_k": -0.1259358675349036,
  "summary_gm_mad": 390.5490015192876,
  "summary_gm_mean": 2012.5559678220236,
  "summary_gm_median": 2039.2781811058521,
  "summary_gm_n": 250075.0,
  "summary_gm_p05": 1356.0813189148903,
  "summary_gm_p95": 2601.198121944068,
  "summary_gm_stdv": 382.51453022371436,
  "summary_wm_k": 1.129976719971209,
  "summary_wm_mad": 226.86467618477903,
  "summary_wm_mean": 957.5154112124353,
  "summary_wm_median": 999.5450651943684,
  "summary_wm_n": 37065.0,
  "summary_wm_p05": 358.14377574920655,
  "summary_wm_p95": 1347.285443663597,
  "summary_wm_stdv": 284.65372548286786,
  "tpm_overlap_csf": 0.15492500147595833,
  "tpm_overlap_gm": 0.43814391691859755,
  "tpm_overlap_wm": 0.259630294094882,
  "wm2max": 0.11713518266463713
}