{
  "bids_meta": {
    "AcquisitionMatrixPE": 384,
    "AcquisitionNumber": 1,
    "AcquisitionTime": "19:14:16.697500",
    "BaseResolution": 384,
    "BodyPartExamined": "BRAIN",
    "ConsistencyInfo": "N4_VE11C_LATEST_20160120",
    "ConversionSoftware": "dcm2niix",
    "ConversionSoftwareVersion": "v1.0.20190410  GCC6.3.0",
    "DeviceSerialNumber": "45239",
    "DwellTime": 6e-06,
    "EchoTime": 0.082,
    "EchoTrainLength": 18,
    "FlipAngle": 150,
    "ImageOrientationPatientDICOM": [
      0.999918,
      0.012842,
      4.85283e-10,
      -0.00699211,
      0.544426,
      -0.83878
    ],
    "ImageType": [
      "ORIGINAL",
      "PRIMARY",
      "M",
      "ND",
      "NORM"
    ],
    "ImagingFrequency": 123.172,
    "InPlanePhaseEncodingDirectionDICOM": "ROW",
    "InstitutionAddress": "E_24th_St._100_Austin_Southmiddle_US_78712",
    "InstitutionName": "The_Univ._of_Texas_at_Austin_IRC",
    "InstitutionalDepartmentName": "IRC",
    "MRAcquisitionType": "2D",
    "MagneticFieldStrength": 3,
    "Manufacturer": "Siemens",
    "ManufacturersModelName": "Skyra",
    "Modality": "MR",
    "PartialFourier": 1,
    "PatientPosition": "HFS",
    "PercentPhaseFOV": 100,
    "PhaseEncodingDirection": "i",
    "PhaseEncodingSteps": 396,
    "PhaseResolution": 1,
    "PixelBandwidth": 215,
    "ProcedureStepDescription": "Preston_fMRI",
    "ProtocolName": "T2_coronal_matrix384",
    "PulseSequenceDetails": "%SiemensSeq%_tse",
    "ReceiveCoilActiveElements": "HEA;HEP",
    "ReceiveCoilName": "Head_32",
    "ReconMatrixPE": 384,
    "RepetitionTime": 13.15,
    "SAR": 0.590084,
    "ScanningSequence": "SE",
    "SequenceName": "_tse2d1_18",
    "SequenceVariant": "SK_SP_OSP",
    "SeriesDescription": "T2_coronal_matrix384",
    "SeriesNumber": 4,
    "ShimSetting": [
      -2751,
      8072,
      -15888,
      -462,
      637,
      -681,
      -484,
      -138
    ],
    "SliceThickness": 1.5,
    "SoftwareVersions": "syngo_MR_E11",
    "SpacingBetweenSlices": 1.5,
    "StationName": "AWP45239",
    "TxRefAmp": 312.566,
    "dataset": "ds004094",
    "modality": "T2w",
    "run_id": 2,
    "subject_id": "127"
  },
  "cjv": 0.49191583524331145,
  "cnr": 2.0883087919292187,
  "efc": 0.6804635294839309,
  "fber": 1305.8010692344046,
  "fwhm_avg": 2.5731150723820115,
  "fwhm_x": 2.89105741583439,
  "fwhm_y": 1.9125248427408448,
  "fwhm_z": 2.915762958570801,
  "icvs_csf": 0.35660822242949686,
  "icvs_gm": 0.1270421921403423,
  "icvs_wm": 0.5163495854301609,
  "inu_med": 0.9944194257259369,
  "inu_range": 0.3840002566576004,
  "provenance": {
    "md5sum": "bb4632421ce5d2394110fd693d7d96e3",
    "settings": {
      "testing": false
    },
    "software": "mriqc",
    "version": "23.0.0",
    "warnings": {
      "large_rot_frame": false,
      "small_air_mask": false
    },
    "webapi_port": null,
    "webapi_url": "https://mriqc.nimh.nih.gov/api/v1"
  },
  "qi_1": 0.0,
  "qi_2": 0.0028564818430525376,
  "rpve_csf": 4.150301772776777,
  "rpve_gm": 13.482656381676478,
  "rpve_wm": 3.2782464045216972,
  "size_x": 384,
  "size_y": 60,
  "size_z": 384,
  "snr_csf": 8.250943598140637,
  "snr_gm": 2.761432596705527,
  "snr_total": 5.551795042196481,
  "snr_wm": 5.6430089317432826,
  "snrd_csf": 49.4510700114737,
  "snrd_gm": 116.06686315549751,
  "snrd_total": 64.40153937944375,
  "snrd_wm": 27.686684971360023,
  "spacing_x": 0.4322916567325592,
  "spacing_y": 1.5000014305114746,
  "spacing_z": 0.4322916567325592,
  "summary_bg_k": 7.951551167797859,
  "summary_bg_mad": 0.0,
  "summary_bg_mean": 15.216914097938984,
  "summary_bg_median": 0.0,
  "summary_bg_n": 1549050.0,
  "summary_bg_p05": 0.0,
  "summary_bg_p95": 63.021945372223854,
  "summary_bg_stdv": 23.66480537077612,
  "summary_csf_k": 0.7034007095666959,
  "summary_csf_mad": 204.86919165068608,
  "summary_csf_mean": 1791.7104677986463,
  "summary_csf_median": 1786.2691604346037,
  "summary_csf_n": 84635.0,
  "summary_csf_p05": 1449.698956027627,
  "summary_csf_p95": 2153.913359478116,
  "summary_csf_stdv": 216.49143354045438,
  "summary_gm_k": 0.4169320086738555,
  "summary_gm_mad": 1403.8506590202671,
  "summary_gm_mean": 3985.7098774967058,
  "summary_gm_median": 4192.561620101333,
  "summary_gm_n": 46758.0,
  "summary_gm_p05": 377.0052399277687,
  "summary_gm_p95": 5904.282325278223,
  "summary_gm_stdv": 1518.239768844648,
  "summary_wm_k": 0.7567809359542794,
  "summary_wm_mad": 166.57319377360773,
  "summary_wm_mean": 1006.1780757382774,
  "summary_wm_median": 1000.0970961302519,
  "summary_wm_n": 587524.0,
  "summary_wm_p05": 729.2678116261959,
  "summary_wm_p95": 1305.010668501258,
  "summary_wm_stdv": 177.2274786581343,
  "tpm_overlap_csf": 0.10295377029651868,
  "tpm_overlap_gm": 0.09407924860496387,
  "tpm_overlap_wm": 0.4638307848781899,
  "wm2max": 0.17099554021913482
}