{
  "bids_meta": {
    "AcquisitionMatrixPE": 384,
    "AcquisitionNumber": 1,
    "AcquisitionTime": "19:09:2.717500",
    "BaseResolution": 384,
    "BodyPartExamined": "BRAIN",
    "ConsistencyInfo": "N4_VE11C_LATEST_20160120",
    "ConversionSoftware": "dcm2niix",
    "ConversionSoftwareVersion": "v1.0.20190410  GCC6.3.0",
    "DeviceSerialNumber": "45239",
    "DwellTime": 6e-06,
    "EchoTime": 0.082,
    "EchoTrainLength": 18,
    "FlipAngle": 150,
    "ImageOrientationPatientDICOM": [
      0.999918,
      0.012842,
      4.85283e-10,
      -0.00699211,
      0.544426,
      -0.83878
    ],
    "ImageType": [
      "ORIGINAL",
      "PRIMARY",
      "M",
      "ND",
      "NORM"
    ],
    "ImagingFrequency": 123.172,
    "InPlanePhaseEncodingDirectionDICOM": "ROW",
    "InstitutionAddress": "E_24th_St._100_Austin_Southmiddle_US_78712",
    "InstitutionName": "The_Univ._of_Texas_at_Austin_IRC",
    "InstitutionalDepartmentName": "IRC",
    "MRAcquisitionType": "2D",
    "MagneticFieldStrength": 3,
    "Manufacturer": "Siemens",
    "ManufacturersModelName": "Skyra",
    "Modality": "MR",
    "PartialFourier": 1,
    "PatientPosition": "HFS",
    "PercentPhaseFOV": 100,
    "PhaseEncodingDirection": "i",
    "PhaseEncodingSteps": 396,
    "PhaseResolution": 1,
    "PixelBandwidth": 215,
    "ProcedureStepDescription": "Preston_fMRI",
    "ProtocolName": "T2_coronal_matrix384",
    "PulseSequenceDetails": "%SiemensSeq%_tse",
    "ReceiveCoilActiveElements": "HEA;HEP",
    "ReceiveCoilName": "Head_32",
    "ReconMatrixPE": 384,
    "RepetitionTime": 13.15,
    "SAR": 0.590084,
    "ScanningSequence": "SE",
    "SequenceName": "_tse2d1_18",
    "SequenceVariant": "SK_SP_OSP",
    "SeriesDescription": "T2_coronal_matrix384",
    "SeriesNumber": 3,
    "ShimSetting": [
      -2751,
      8072,
      -15888,
      -462,
      637,
      -681,
      -484,
      -138
    ],
    "SliceThickness": 1.5,
    "SoftwareVersions": "syngo_MR_E11",
    "SpacingBetweenSlices": 1.5,
    "StationName": "AWP45239",
    "TxRefAmp": 312.566,
    "dataset": "ds004094",
    "modality": "T2w",
    "run_id": 1,
    "subject_id": "127"
  },
  "cjv": 0.5035029488952607,
  "cnr": 2.047214400736033,
  "efc": 0.6783492546406938,
  "fber": 1305.4083175803403,
  "fwhm_avg": 2.549755288448715,
  "fwhm_x": 2.8548781378945534,
  "fwhm_y": 1.9051115164774102,
  "fwhm_z": 2.889276210974181,
  "icvs_csf": 0.32788876994091687,
  "icvs_gm": 0.13811900560541535,
  "icvs_wm": 0.5339922244536678,
  "inu_med": 0.991352915763855,
  "inu_range": 0.3910723626613618,
  "provenance": {
    "md5sum": "74941f04b8a290a76b049e1c5ead3d0d",
    "settings": {
      "testing": false
    },
    "software": "mriqc",
    "version": "23.0.0",
    "warnings": {
      "large_rot_frame": false,
      "small_air_mask": false
    },
    "webapi_port": null,
    "webapi_url": "https://mriqc.nimh.nih.gov/api/v1"
  },
  "qi_1": 0.0,
  "qi_2": 0.003420623416834128,
  "rpve_csf": 4.384838136767184,
  "rpve_gm": 12.5576060050539,
  "rpve_wm": 3.1653210134181635,
  "size_x": 384,
  "size_y": 60,
  "size_z": 384,
  "snr_csf": 8.525868239178582,
  "snr_gm": 2.717522591297532,
  "snr_total": 5.617663848533972,
  "snr_wm": 5.609600715125805,
  "snrd_csf": 56.243202803911025,
  "snrd_gm": 131.54358932195436,
  "snrd_total": 73.18326208935115,
  "snrd_wm": 31.762994142188028,
  "spacing_x": 0.4322916567325592,
  "spacing_y": 1.5000014305114746,
  "spacing_z": 0.4322916567325592,
  "summary_bg_k": 5.479921973238559,
  "summary_bg_mad": 0.0,
  "summary_bg_mean": 12.986139408806094,
  "summary_bg_median": 0.0,
  "summary_bg_n": 1506341.0,
  "summary_bg_p05": 0.0,
  "summary_bg_p95": 51.70750379562378,
  "summary_bg_stdv": 20.627765078842327,
  "summary_csf_k": 0.8282169791011413,
  "summary_csf_mad": 194.2286083279429,
  "summary_csf_mean": 1774.9105848838972,
  "summary_csf_median": 1770.8855357766151,
  "summary_csf_n": 56597.0,
  "summary_csf_p05": 1446.266598701477,
  "summary_csf_p95": 2117.402986586094,
  "summary_csf_stdv": 207.70551940687048,
  "summary_gm_k": 0.2047875688818026,
  "summary_gm_mad": 1414.8080954197433,
  "summary_gm_mean": 3910.265250887345,
  "summary_gm_median": 4141.809641718864,
  "summary_gm_n": 52160.0,
  "summary_gm_p05": 385.9299520701172,
  "summary_gm_p95": 5883.561471998692,
  "summary_gm_stdv": 1524.0977027613799,
  "summary_wm_k": 0.9893749353094057,
  "summary_wm_mad": 167.0537662202042,
  "summary_wm_mean": 1009.5659246914305,
  "summary_wm_median": 1000.0964400172234,
  "summary_wm_n": 614802.0,
  "summary_wm_p05": 738.5683751106262,
  "summary_wm_p95": 1314.4896394014359,
  "summary_wm_stdv": 178.28285424519177,
  "tpm_overlap_csf": 0.10434551563681155,
  "tpm_overlap_gm": 0.10538168716708478,
  "tpm_overlap_wm": 0.4661021641323981,
  "wm2max": 0.17094476399048425
}