{
  "bids_meta": {
    "AcquisitionMatrixPE": 256,
    "AcquisitionNumber": 1,
    "AcquisitionTime": "19:06:6.125000",
    "BaseResolution": 256,
    "BodyPartExamined": "BRAIN",
    "ConsistencyInfo": "N4_VE11C_LATEST_20160120",
    "ConversionSoftware": "dcm2niix",
    "ConversionSoftwareVersion": "v1.0.20190410  GCC6.3.0",
    "DeviceSerialNumber": "45239",
    "DwellTime": 1.09e-05,
    "EchoTime": 0.00243,
    "FlipAngle": 9,
    "ImageOrientationPatientDICOM": [
      0.00698133,
      0.999976,
      0,
      0,
      0,
      -1
    ],
    "ImageType": [
      "ORIGINAL",
      "PRIMARY",
      "M",
      "ND",
      "NORM"
    ],
    "ImagingFrequency": 123.172,
    "InPlanePhaseEncodingDirectionDICOM": "ROW",
    "InstitutionAddress": "E_24th_St._100_Austin_Southmiddle_US_78712",
    "InstitutionName": "The_Univ._of_Texas_at_Austin_IRC",
    "InstitutionalDepartmentName": "IRC",
    "InversionTime": 0.9,
    "MRAcquisitionType": "3D",
    "MagneticFieldStrength": 3,
    "Manufacturer": "Siemens",
    "ManufacturersModelName": "Skyra",
    "Modality": "MR",
    "PartialFourier": 1,
    "PatientPosition": "HFS",
    "PercentPhaseFOV": 100,
    "PhaseEncodingSteps": 255,
    "PhaseResolution": 1,
    "PixelBandwidth": 180,
    "ProcedureStepDescription": "Preston_fMRI",
    "ProtocolName": "mprage",
    "PulseSequenceDetails": "%SiemensSeq%_tfl",
    "ReceiveCoilActiveElements": "HEA;HEP",
    "ReceiveCoilName": "Head_32",
    "ReconMatrixPE": 256,
    "RefLinesPE": 48,
    "RepetitionTime": 1.9,
    "SAR": 0.103203,
    "ScanOptions": "IR",
    "ScanningSequence": "GR_IR",
    "SequenceName": "_tfl3d1_16ns",
    "SequenceVariant": "SK_SP_MP",
    "SeriesDescription": "mprage",
    "SeriesNumber": 2,
    "ShimSetting": [
      -2751,
      8072,
      -15888,
      -462,
      637,
      -681,
      -484,
      -138
    ],
    "SliceThickness": 1,
    "SoftwareVersions": "syngo_MR_E11",
    "StationName": "AWP45239",
    "TxRefAmp": 322.221,
    "dataset": "ds004094",
    "modality": "T1w",
    "subject_id": "120"
  },
  "cjv": 0.3782682924221904,
  "cnr": 3.5207780119838024,
  "efc": 0.5593383187130252,
  "fber": -1.0,
  "fwhm_avg": 4.07901,
  "fwhm_x": 4.11752,
  "fwhm_y": 4.04578,
  "fwhm_z": 4.07373,
  "icvs_csf": 0.22510215732398048,
  "icvs_gm": 0.41917354107967864,
  "icvs_wm": 0.3557243015963409,
  "inu_med": 0.3371623754501343,
  "inu_range": 0.08726381361484531,
  "provenance": {
    "md5sum": "6f10ba84b073ccc9d14cbfa095a3319b",
    "settings": {
      "testing": false
    },
    "software": "mriqc",
    "version": "23.0.0",
    "warnings": {
      "large_rot_frame": true,
      "small_air_mask": false
    },
    "webapi_port": null,
    "webapi_url": "https://mriqc.nimh.nih.gov/api/v1"
  },
  "qi_1": 0.010254977140365978,
  "qi_2": 0.03496649561572685,
  "rpve_csf": 23.08840315074721,
  "rpve_gm": 12.761127767290553,
  "rpve_wm": 17.651034003654242,
  "size_x": 192,
  "size_y": 256,
  "size_z": 256,
  "snr_csf": 3.1420914850653543,
  "snr_gm": 13.959305548741211,
  "snr_total": 16.40553005538251,
  "snr_wm": 32.11519313234096,
  "snrd_csf": 68.30568760645211,
  "snrd_gm": 163.61577252870376,
  "snrd_total": 147.63316433607108,
  "snrd_wm": 210.97803287305732,
  "spacing_x": 1.0,
  "spacing_y": 1.0,
  "spacing_z": 1.0,
  "summary_bg_k": 31.038200193399376,
  "summary_bg_mad": 0.0,
  "summary_bg_mean": 1.2362805384036728,
  "summary_bg_median": 0.0,
  "summary_bg_n": 2254583.0,
  "summary_bg_p05": 0.0,
  "summary_bg_p95": 6.560449667274952,
  "summary_bg_stdv": 3.1053469748325098,
  "summary_csf_k": 1.717555035032885,
  "summary_csf_mad": 73.75066691710292,
  "summary_csf_mean": 327.0214680763615,
  "summary_csf_median": 323.76900500804186,
  "summary_csf_n": 59491.0,
  "summary_csf_p05": 135.71479668840766,
  "summary_csf_p95": 503.87497623078525,
  "summary_csf_stdv": 103.04164769738624,
  "summary_gm_k": 0.001530152711040511,
  "summary_gm_mad": 55.259557675568416,
  "summary_gm_mean": 772.682506970701,
  "summary_gm_median": 775.5388713814318,
  "summary_gm_n": 35227.0,
  "summary_gm_p05": 677.2402656525373,
  "summary_gm_p95": 860.0316956676543,
  "summary_gm_stdv": 55.5563355828633,
  "summary_wm_k": 0.6957013686843689,
  "summary_wm_mad": 29.66059430361748,
  "summary_wm_mean": 1000.6087512852934,
  "summary_wm_median": 1000.0360171385109,
  "summary_wm_n": 222851.0,
  "summary_wm_p05": 951.0128767676651,
  "summary_wm_p95": 1051.9789180755615,
  "summary_wm_stdv": 31.138961839109488,
  "tpm_overlap_csf": 0.16356690273935548,
  "tpm_overlap_gm": 0.44296908126633755,
  "tpm_overlap_wm": 0.49548455228814947,
  "wm2max": 0.5074022188801564
}