{
  "bids_meta": {
    "AcquisitionMatrixPE": 384,
    "AcquisitionNumber": 1,
    "AcquisitionTime": "19:23:45.782500",
    "BaseResolution": 384,
    "BodyPartExamined": "BRAIN",
    "ConsistencyInfo": "N4_VE11C_LATEST_20160120",
    "ConversionSoftware": "dcm2niix",
    "ConversionSoftwareVersion": "v1.0.20190410  GCC6.3.0",
    "DeviceSerialNumber": "45239",
    "DwellTime": 6e-06,
    "EchoTime": 0.082,
    "EchoTrainLength": 18,
    "FlipAngle": 150,
    "ImageOrientationPatientDICOM": [
      0.999999,
      0.00100851,
      3.5117e-11,
      -0.000490463,
      0.486323,
      -0.873779
    ],
    "ImageType": [
      "ORIGINAL",
      "PRIMARY",
      "M",
      "ND",
      "NORM"
    ],
    "ImagingFrequency": 123.172,
    "InPlanePhaseEncodingDirectionDICOM": "ROW",
    "InstitutionAddress": "E_24th_St._100_Austin_Southmiddle_US_78712",
    "InstitutionName": "The_Univ._of_Texas_at_Austin_IRC",
    "InstitutionalDepartmentName": "IRC",
    "MRAcquisitionType": "2D",
    "MagneticFieldStrength": 3,
    "Manufacturer": "Siemens",
    "ManufacturersModelName": "Skyra",
    "Modality": "MR",
    "PartialFourier": 1,
    "PatientPosition": "HFS",
    "PercentPhaseFOV": 100,
    "PhaseEncodingDirection": "i",
    "PhaseEncodingSteps": 396,
    "PhaseResolution": 1,
    "PixelBandwidth": 215,
    "ProcedureStepDescription": "Preston_fMRI",
    "ProtocolName": "T2_coronal_matrix384",
    "PulseSequenceDetails": "%SiemensSeq%_tse",
    "ReceiveCoilActiveElements": "HEA;HEP",
    "ReceiveCoilName": "Head_32",
    "ReconMatrixPE": 384,
    "RepetitionTime": 13.15,
    "SAR": 0.572992,
    "ScanningSequence": "SE",
    "SequenceName": "_tse2d1_18",
    "SequenceVariant": "SK_SP_OSP",
    "SeriesDescription": "T2_coronal_matrix384",
    "SeriesNumber": 4,
    "ShimSetting": [
      -2751,
      8072,
      -15888,
      -462,
      637,
      -681,
      -484,
      -138
    ],
    "SliceThickness": 1.5,
    "SoftwareVersions": "syngo_MR_E11",
    "SpacingBetweenSlices": 1.5,
    "StationName": "AWP45239",
    "TxRefAmp": 322.221,
    "dataset": "ds004094",
    "modality": "T2w",
    "run_id": 2,
    "subject_id": "120"
  },
  "cjv": 0.5418128404303117,
  "cnr": 2.2516950102530187,
  "efc": 0.6759176931871788,
  "fber": 22.957039911946413,
  "fwhm_avg": 3.166461933642312,
  "fwhm_x": 3.596946836656946,
  "fwhm_y": 2.2993853874955406,
  "fwhm_z": 3.603053576774449,
  "icvs_csf": 0.22264732210945176,
  "icvs_gm": 0.7260167322856173,
  "icvs_wm": 0.051335945604930926,
  "inu_med": 0.8182739019393921,
  "inu_range": 0.27764288187026975,
  "provenance": {
    "md5sum": "73dcdc254bf2e9fae9ebb80e552cab93",
    "settings": {
      "testing": false
    },
    "software": "mriqc",
    "version": "23.0.0",
    "warnings": {
      "large_rot_frame": false,
      "small_air_mask": false
    },
    "webapi_port": null,
    "webapi_url": "https://mriqc.nimh.nih.gov/api/v1"
  },
  "qi_1": 0.0009598927626411428,
  "qi_2": 0.0034254557097564676,
  "rpve_csf": 5.862588087820225,
  "rpve_gm": 2.611362982558414,
  "rpve_wm": 24.863929310980627,
  "size_x": 384,
  "size_y": 60,
  "size_z": 384,
  "snr_csf": 5.822346717594765,
  "snr_gm": 3.849551511045984,
  "snr_total": 3.5911880625330745,
  "snr_wm": 1.101665958958473,
  "snrd_csf": 167.130843054503,
  "snrd_gm": 33.131013353052964,
  "snrd_total": 69.38230203776912,
  "snrd_wm": 7.885049705751394,
  "spacing_x": 0.4322916269302368,
  "spacing_y": 1.5000008344650269,
  "spacing_z": 0.4322916567325592,
  "summary_bg_k": 9.463830037585662,
  "summary_bg_mad": 0.0,
  "summary_bg_mean": 43.38994426449409,
  "summary_bg_median": 0.0,
  "summary_bg_n": 828193.0,
  "summary_bg_p05": 0.0,
  "summary_bg_p95": 235.39232182502747,
  "summary_bg_stdv": 83.18992469567321,
  "summary_csf_k": 3.0932518996732883,
  "summary_csf_mad": 1987.5285275265758,
  "summary_csf_mean": 19945.605481581846,
  "summary_csf_median": 21222.45420652628,
  "summary_csf_n": 188254.0,
  "summary_csf_p05": 11929.048479437828,
  "summary_csf_p95": 23517.529344320297,
  "summary_csf_stdv": 3644.9903912070563,
  "summary_gm_k": 0.10276386207733879,
  "summary_gm_mad": 1009.8526017818716,
  "summary_gm_mean": 4406.8652309887975,
  "summary_gm_median": 4207.011709213257,
  "summary_gm_n": 1169421.0,
  "summary_gm_p05": 2919.866460084915,
  "summary_gm_p95": 6462.020068824291,
  "summary_gm_stdv": 1092.8571544978115,
  "summary_wm_k": 8.051226572518537,
  "summary_wm_mad": 727.0691219936882,
  "summary_wm_mean": 1210.925825740142,
  "summary_wm_median": 1001.2520923018456,
  "summary_wm_n": 2567.0,
  "summary_wm_p05": 175.41736323237419,
  "summary_wm_p95": 2927.3789809942245,
  "summary_wm_stdv": 908.6756665060913,
  "tpm_overlap_csf": 0.18847293605189872,
  "tpm_overlap_gm": 0.41876776300203133,
  "tpm_overlap_wm": 0.04230215314291849,
  "wm2max": 0.04097167880095951
}