{
  "bids_meta": {
    "AcquisitionMatrixPE": 384,
    "AcquisitionNumber": 1,
    "AcquisitionTime": "19:15:36.715000",
    "BaseResolution": 384,
    "BodyPartExamined": "BRAIN",
    "ConsistencyInfo": "N4_VE11C_LATEST_20160120",
    "ConversionSoftware": "dcm2niix",
    "ConversionSoftwareVersion": "v1.0.20190410  GCC6.3.0",
    "DeviceSerialNumber": "45239",
    "DwellTime": 6e-06,
    "EchoTime": 0.082,
    "EchoTrainLength": 18,
    "FlipAngle": 150,
    "ImageOrientationPatientDICOM": [
      0.999999,
      0.00132413,
      -2.32e-12,
      -0.000717274,
      0.541695,
      -0.840575
    ],
    "ImageType": [
      "ORIGINAL",
      "PRIMARY",
      "M",
      "ND",
      "NORM"
    ],
    "ImagingFrequency": 123.172,
    "InPlanePhaseEncodingDirectionDICOM": "ROW",
    "InstitutionAddress": "E_24th_St._100_Austin_Southmiddle_US_78712",
    "InstitutionName": "The_Univ._of_Texas_at_Austin_IRC",
    "InstitutionalDepartmentName": "IRC",
    "MRAcquisitionType": "2D",
    "MagneticFieldStrength": 3,
    "Manufacturer": "Siemens",
    "ManufacturersModelName": "Skyra",
    "Modality": "MR",
    "PartialFourier": 1,
    "PatientPosition": "HFS",
    "PercentPhaseFOV": 100,
    "PhaseEncodingDirection": "i",
    "PhaseEncodingSteps": 396,
    "PhaseResolution": 1,
    "PixelBandwidth": 215,
    "ProcedureStepDescription": "Preston_fMRI",
    "ProtocolName": "T2_coronal_matrix384",
    "PulseSequenceDetails": "%SiemensSeq%_tse",
    "ReceiveCoilActiveElements": "HEA;HEP",
    "ReceiveCoilName": "Head_32",
    "ReconMatrixPE": 384,
    "RepetitionTime": 13.15,
    "SAR": 0.572992,
    "ScanningSequence": "SE",
    "SequenceName": "_tse2d1_18",
    "SequenceVariant": "SK_SP_OSP",
    "SeriesDescription": "T2_coronal_matrix384",
    "SeriesNumber": 3,
    "ShimSetting": [
      -2751,
      8072,
      -15888,
      -462,
      637,
      -681,
      -484,
      -138
    ],
    "SliceThickness": 1.5,
    "SoftwareVersions": "syngo_MR_E11",
    "SpacingBetweenSlices": 1.5,
    "StationName": "AWP45239",
    "TxRefAmp": 322.221,
    "dataset": "ds004094",
    "modality": "T2w",
    "run_id": 1,
    "subject_id": "120"
  },
  "cjv": 0.12040882001687066,
  "cnr": 5.526234523900221,
  "efc": 0.6716028002664142,
  "fber": 504.39080784668437,
  "fwhm_avg": 3.113831715800192,
  "fwhm_x": 3.543973093489063,
  "fwhm_y": 2.256394261692653,
  "fwhm_z": 3.5411277922188584,
  "icvs_csf": 0.16848452782040085,
  "icvs_gm": 0.1117030038025607,
  "icvs_wm": 0.7198124683770385,
  "inu_med": 0.8194330334663391,
  "inu_range": 0.35759925842285134,
  "provenance": {
    "md5sum": "a4c50f9a7561a85f0a6b5fd64644c9ec",
    "settings": {
      "testing": false
    },
    "software": "mriqc",
    "version": "23.0.0",
    "warnings": {
      "large_rot_frame": false,
      "small_air_mask": false
    },
    "webapi_port": null,
    "webapi_url": "https://mriqc.nimh.nih.gov/api/v1"
  },
  "qi_1": 0.0005515147723643356,
  "qi_2": 0.0033908409329041584,
  "rpve_csf": 5.804724150808643,
  "rpve_gm": 15.509755199867572,
  "rpve_wm": 2.355412648858578,
  "size_x": 384,
  "size_y": 60,
  "size_z": 384,
  "snr_csf": 4.458372483414324,
  "snr_gm": 7.091286396183905,
  "snr_total": 5.208950595333955,
  "snr_wm": 4.077192906403636,
  "snrd_csf": 78.86921484316896,
  "snrd_gm": 125.98063612002932,
  "snrd_total": 75.92872550695328,
  "snrd_wm": 22.936325557661565,
  "spacing_x": 0.4322916567325592,
  "spacing_y": 1.5000038146972656,
  "spacing_z": 0.4322916567325592,
  "summary_bg_k": 509.6590556152229,
  "summary_bg_mad": 0.0,
  "summary_bg_mean": 11.877314619163931,
  "summary_bg_median": 0.0,
  "summary_bg_n": 1066542.0,
  "summary_bg_p05": 0.0,
  "summary_bg_p95": 60.377357721328735,
  "summary_bg_stdv": 28.585458250185845,
  "summary_csf_k": -0.47881332146238753,
  "summary_csf_mad": 804.653136084881,
  "summary_csf_mean": 3276.1032748057914,
  "summary_csf_median": 3441.28741453588,
  "summary_csf_n": 11439.0,
  "summary_csf_p05": 1889.4339381918312,
  "summary_csf_p95": 4250.599279918522,
  "summary_csf_stdv": 771.8370335773358,
  "summary_gm_k": 23.436829469732558,
  "summary_gm_mad": 319.22844253674214,
  "summary_gm_mean": 5330.926890300601,
  "summary_gm_median": 5496.89227180928,
  "summary_gm_n": 112434.0,
  "summary_gm_p05": 4337.363984695449,
  "summary_gm_p95": 5951.27628377825,
  "summary_gm_stdv": 775.158062962967,
  "summary_wm_k": 0.5552458589408662,
  "summary_wm_mad": 222.1435038271144,
  "summary_wm_mean": 1027.433770988604,
  "summary_wm_median": 1000.7769017890096,
  "summary_wm_n": 1359879.0,
  "summary_wm_p05": 668.8124221116304,
  "summary_wm_p95": 1484.0177391394973,
  "summary_wm_stdv": 245.45724394146288,
  "tpm_overlap_csf": 0.12920190511872415,
  "tpm_overlap_gm": 0.07887817581609062,
  "tpm_overlap_wm": 0.44979400172954087,
  "wm2max": 0.1615650997739708
}