{
  "aor": 0.00030225589225589224,
  "aqi": 0.007070648417508417,
  "bids_meta": {
    "AcquisitionMatrixPE": 128,
    "AcquisitionNumber": 1,
    "AcquisitionTime": "20:02:15.907500",
    "BandwidthPerPixelPhaseEncode": 20.292,
    "BaseResolution": 128,
    "BodyPartExamined": "BRAIN",
    "CogAtlasID": "http://www.cognitiveatlas.org/task/id/TODO",
    "ConsistencyInfo": "N4_VE11C_LATEST_20160120",
    "ConversionSoftware": "dcm2niix",
    "ConversionSoftwareVersion": "v1.0.20190410  GCC6.3.0",
    "DerivedVendorReportedEchoSpacing": 0.000770008,
    "DeviceSerialNumber": "45239",
    "DwellTime": 2.6e-06,
    "EchoTime": 0.03,
    "EchoTrainLength": 55,
    "EffectiveEchoSpacing": 0.000385004,
    "FlipAngle": 73,
    "ImageComments": "Unaliased_MB3_PE4_LB_SENSE1",
    "ImageOrientationPatientDICOM": [
      1,
      0,
      0,
      0,
      0.986572,
      0.163326
    ],
    "ImageType": [
      "ORIGINAL",
      "PRIMARY",
      "M",
      "MB",
      "ND",
      "MOSAIC"
    ],
    "ImagingFrequency": 123.172,
    "InPlanePhaseEncodingDirectionDICOM": "COL",
    "InstitutionAddress": "E_24th_St._100_Austin_Southmiddle_US_78712",
    "InstitutionName": "The_Univ._of_Texas_at_Austin_IRC",
    "InstitutionalDepartmentName": "IRC",
    "MRAcquisitionType": "2D",
    "MagneticFieldStrength": 3,
    "Manufacturer": "Siemens",
    "ManufacturersModelName": "Skyra",
    "Modality": "MR",
    "MultibandAccelerationFactor": 3,
    "ParallelReductionFactorInPlane": 2,
    "PartialFourier": 0.875,
    "PatientPosition": "HFS",
    "PercentPhaseFOV": 100,
    "PhaseEncodingDirection": "j-",
    "PhaseEncodingSteps": 111,
    "PhaseResolution": 1,
    "PixelBandwidth": 1500,
    "ProcedureStepDescription": "Preston_fMRI",
    "ProtocolName": "functional_run",
    "PulseSequenceDetails": "%CustomerSeq%_cmrr_mbep2d_bold",
    "ReceiveCoilActiveElements": "HEA;HEP",
    "ReceiveCoilName": "Head_32",
    "ReconMatrixPE": 128,
    "RefLinesPE": 92,
    "RepetitionTime": 2,
    "SAR": 0.133081,
    "ScanOptions": "PFP_FS",
    "ScanningSequence": "EP",
    "SequenceName": "epfid2d1_128",
    "SequenceVariant": "SK_SS",
    "SeriesDescription": "functional_run",
    "SeriesNumber": 12,
    "ShimSetting": [
      -2700,
      8012,
      -15327,
      101,
      1109,
      -807,
      -471,
      -235
    ],
    "SliceThickness": 1.7,
    "SliceTiming": [
      0,
      1.03,
      0.08,
      1.11,
      0.16,
      1.19,
      0.24,
      1.2675,
      0.3175,
      1.3475,
      0.3975,
      1.4275,
      0.4775,
      1.505,
      0.555,
      1.585,
      0.635,
      1.665,
      0.715,
      1.7425,
      0.7925,
      1.8225,
      0.8725,
      1.9025,
      0.9525,
      0,
      1.03,
      0.08,
      1.11,
      0.16,
      1.19,
      0.24,
      1.2675,
      0.3175,
      1.3475,
      0.3975,
      1.4275,
      0.4775,
      1.505,
      0.555,
      1.585,
      0.635,
      1.665,
      0.715,
      1.7425,
      0.7925,
      1.8225,
      0.8725,
      1.9025,
      0.9525,
      0,
      1.03,
      0.08,
      1.11,
      0.16,
      1.19,
      0.24,
      1.2675,
      0.3175,
      1.3475,
      0.3975,
      1.4275,
      0.4775,
      1.505,
      0.555,
      1.585,
      0.635,
      1.665,
      0.715,
      1.7425,
      0.7925,
      1.8225,
      0.8725,
      1.9025,
      0.9525
    ],
    "SoftwareVersions": "syngo_MR_E11",
    "SpacingBetweenSlices": 1.7,
    "StationName": "AWP45239",
    "TaskName": "struct",
    "TotalReadoutTime": 0.0488955,
    "TxRefAmp": 315.646,
    "WipMemBlock": "5a543d0c-69c4-44c0-ad31-e599e822b45b||Sequence: R016 ve11c/master r/e634e98; Dec 19 2017 11:00:25 by eja",
    "dataset": "ds004094",
    "modality": "bold",
    "run_id": 3,
    "subject_id": "129",
    "task_id": "struct"
  },
  "dummy_trs": 1,
  "dvars_nstd": 42.22289314777026,
  "dvars_std": 1.0188922406418917,
  "dvars_vstd": 0.9959357230405399,
  "efc": 0.41102922707928796,
  "fber": 26727.90625,
  "fd_mean": 0.09978197403425117,
  "fd_num": 13,
  "fd_perc": 4.377104377104377,
  "fwhm_avg": 3.012713882503048,
  "fwhm_x": 2.697832727272727,
  "fwhm_y": 3.279202909090909,
  "fwhm_z": 3.061106011145508,
  "gcor": 0.0039858,
  "gsr_x": -0.014192481525242329,
  "gsr_y": 0.04614592343568802,
  "provenance": {
    "md5sum": "109a29b8ef293f463a5165053f159110",
    "settings": {
      "fd_thres": 0.2,
      "testing": false
    },
    "software": "mriqc",
    "version": "23.0.0",
    "webapi_port": null,
    "webapi_url": "https://mriqc.nimh.nih.gov/api/v1"
  },
  "size_t": 297,
  "size_x": 128,
  "size_y": 128,
  "size_z": 75,
  "snr": 2.95866966922905,
  "spacing_tr": 2.0,
  "spacing_x": 1.71875,
  "spacing_y": 1.71875,
  "spacing_z": 1.6999999284744263,
  "summary_bg_k": 95.80956293715869,
  "summary_bg_mad": 20.501840685596562,
  "summary_bg_mean": 265.647705078125,
  "summary_bg_median": 47.774410247802734,
  "summary_bg_n": 921339.0,
  "summary_bg_p05": 28.249156951904297,
  "summary_bg_p95": 1263.6265747070297,
  "summary_bg_stdv": 831.881103515625,
  "summary_fg_k": 0.27710818263751325,
  "summary_fg_mad": 2572.6739168320137,
  "summary_fg_mean": 8124.64208984375,
  "summary_fg_median": 7839.0166015625,
  "summary_fg_n": 183903.0,
  "summary_fg_p05": 4396.375830078125,
  "summary_fg_p95": 12955.985546875,
  "summary_fg_stdv": 2649.5,
  "tsnr": 32.9686869274592
}