{
  "bids_meta": {
    "AcquisitionMatrixPE": 256,
    "AcquisitionNumber": 1,
    "AcquisitionTime": "17:10:59.120000",
    "BaseResolution": 256,
    "BodyPartExamined": "BRAIN",
    "ConsistencyInfo": "N4_VE11C_LATEST_20160120",
    "ConversionSoftware": "dcm2niix",
    "ConversionSoftwareVersion": "v1.0.20190410  GCC6.3.0",
    "DeviceSerialNumber": "45239",
    "DwellTime": 1.09e-05,
    "EchoTime": 0.00243,
    "FlipAngle": 9,
    "ImageOrientationPatientDICOM": [
      -0.0192428,
      0.999815,
      5.73045e-09,
      -0.00709529,
      -0.000136553,
      -0.999975
    ],
    "ImageType": [
      "ORIGINAL",
      "PRIMARY",
      "M",
      "ND",
      "NORM"
    ],
    "ImagingFrequency": 123.172,
    "InPlanePhaseEncodingDirectionDICOM": "ROW",
    "InstitutionAddress": "E_24th_St._100_Austin_Southmiddle_US_78712",
    "InstitutionName": "The_Univ._of_Texas_at_Austin_IRC",
    "InstitutionalDepartmentName": "IRC",
    "InversionTime": 0.9,
    "MRAcquisitionType": "3D",
    "MagneticFieldStrength": 3,
    "Manufacturer": "Siemens",
    "ManufacturersModelName": "Skyra",
    "Modality": "MR",
    "PartialFourier": 1,
    "PatientPosition": "HFS",
    "PercentPhaseFOV": 100,
    "PhaseEncodingSteps": 255,
    "PhaseResolution": 1,
    "PixelBandwidth": 180,
    "ProcedureStepDescription": "Preston_fMRI",
    "ProtocolName": "mprage",
    "PulseSequenceDetails": "%SiemensSeq%_tfl",
    "ReceiveCoilActiveElements": "HEA;HEP",
    "ReceiveCoilName": "Head_32",
    "ReconMatrixPE": 256,
    "RefLinesPE": 48,
    "RepetitionTime": 1.9,
    "SAR": 0.100908,
    "ScanOptions": "IR",
    "ScanningSequence": "GR_IR",
    "SequenceName": "_tfl3d1_16ns",
    "SequenceVariant": "SK_SP_MP",
    "SeriesDescription": "mprage",
    "SeriesNumber": 2,
    "ShimSetting": [
      -2751,
      8072,
      -15888,
      -462,
      637,
      -681,
      -484,
      -138
    ],
    "SliceThickness": 1,
    "SoftwareVersions": "syngo_MR_E11",
    "StationName": "AWP45239",
    "TxRefAmp": 338.167,
    "dataset": "ds004094",
    "modality": "T1w",
    "subject_id": "126"
  },
  "cjv": 0.37273768925000067,
  "cnr": 3.5674850973411827,
  "efc": 0.5509043172529698,
  "fber": -1.0,
  "fwhm_avg": 3.9640533333333337,
  "fwhm_x": 3.84906,
  "fwhm_y": 4.07144,
  "fwhm_z": 3.97166,
  "icvs_csf": 0.208313004828529,
  "icvs_gm": 0.42664297409293866,
  "icvs_wm": 0.36504402107853234,
  "inu_med": 0.36846697330474854,
  "inu_range": 0.09797010421752927,
  "provenance": {
    "md5sum": "b1fb342faf9d05adb33ced0eb0c71b49",
    "settings": {
      "testing": false
    },
    "software": "mriqc",
    "version": "23.0.0",
    "warnings": {
      "large_rot_frame": true,
      "small_air_mask": false
    },
    "webapi_port": null,
    "webapi_url": "https://mriqc.nimh.nih.gov/api/v1"
  },
  "qi_1": 0.014006712659008849,
  "qi_2": 0.04070914254857974,
  "rpve_csf": 26.799546387067316,
  "rpve_gm": 13.821429684092466,
  "rpve_wm": 18.77722990874301,
  "size_x": 192,
  "size_y": 256,
  "size_z": 256,
  "snr_csf": 3.1231564461390295,
  "snr_gm": 14.567797656870603,
  "snr_total": 14.404908118966262,
  "snr_wm": 25.52377025388915,
  "snrd_csf": 48.68155954189688,
  "snrd_gm": 115.67808239536393,
  "snrd_total": 105.14927543665789,
  "snrd_wm": 151.08818437271285,
  "spacing_x": 1.0,
  "spacing_y": 1.0,
  "spacing_z": 1.0,
  "summary_bg_k": 25.51377153131849,
  "summary_bg_mad": 0.0,
  "summary_bg_mean": 1.8145268827099816,
  "summary_bg_median": 0.0,
  "summary_bg_n": 2864024.0,
  "summary_bg_p05": 0.0,
  "summary_bg_p95": 8.034778855741024,
  "summary_bg_stdv": 4.336119511692108,
  "summary_csf_k": 21.82787191947442,
  "summary_csf_mad": 63.417602967678,
  "summary_csf_mean": 334.94945597395605,
  "summary_csf_median": 322.20627672225237,
  "summary_csf_n": 37218.0,
  "summary_csf_p05": 183.08621567972006,
  "summary_csf_p95": 512.9177692435683,
  "summary_csf_stdv": 103.1654845393575,
  "summary_gm_k": 0.16327158462215863,
  "summary_gm_mad": 50.58445826550722,
  "summary_gm_mean": 763.148229962597,
  "summary_gm_median": 765.6329127028584,
  "summary_gm_n": 24303.0,
  "summary_gm_p05": 672.2431642636657,
  "summary_gm_p95": 846.640562325716,
  "summary_gm_stdv": 52.555449955797876,
  "summary_wm_k": 0.8238809977915955,
  "summary_wm_mad": 36.773002083798765,
  "summary_wm_mean": 1000.6749867198037,
  "summary_wm_median": 1000.0000370070338,
  "summary_wm_n": 206491.0,
  "summary_wm_p05": 937.9342814981937,
  "summary_wm_p95": 1065.2486517727375,
  "summary_wm_stdv": 39.17907133796581,
  "tpm_overlap_csf": 0.16667167918391318,
  "tpm_overlap_gm": 0.4627485279482275,
  "tpm_overlap_wm": 0.5110795278266671,
  "wm2max": 0.4459426711901959
}