{
  "aor": 0.0010928619528619528,
  "aqi": 0.00978582909090909,
  "bids_meta": {
    "AcquisitionMatrixPE": 128,
    "AcquisitionNumber": 1,
    "AcquisitionTime": "19:11:36.912500",
    "BandwidthPerPixelPhaseEncode": 20.292,
    "BaseResolution": 128,
    "BodyPartExamined": "BRAIN",
    "CogAtlasID": "http://www.cognitiveatlas.org/task/id/TODO",
    "ConsistencyInfo": "N4_VE11A_LATEST_20140830",
    "ConversionSoftware": "dcm2niix",
    "ConversionSoftwareVersion": "v1.0.20190410  GCC6.3.0",
    "DerivedVendorReportedEchoSpacing": 0.000770008,
    "DeviceSerialNumber": "45239",
    "DwellTime": 2.6e-06,
    "EchoTime": 0.03,
    "EchoTrainLength": 55,
    "EffectiveEchoSpacing": 0.000385004,
    "FlipAngle": 73,
    "ImageComments": "Unaliased_MB3_PE4_LB_SENSE1",
    "ImageOrientationPatientDICOM": [
      1,
      0,
      0,
      0,
      0.997314,
      0.0732382
    ],
    "ImageType": [
      "ORIGINAL",
      "PRIMARY",
      "M",
      "MB",
      "ND",
      "MOSAIC"
    ],
    "ImagingFrequency": 123.225,
    "InPlanePhaseEncodingDirectionDICOM": "COL",
    "InstitutionAddress": "E_24th_St._100_Austin_Southmiddle_US_78712",
    "InstitutionName": "The_Univ._of_Texas_at_Austin_IRC",
    "InstitutionalDepartmentName": "IRC",
    "MRAcquisitionType": "2D",
    "MagneticFieldStrength": 3,
    "Manufacturer": "Siemens",
    "ManufacturersModelName": "Skyra",
    "Modality": "MR",
    "MultibandAccelerationFactor": 3,
    "ParallelReductionFactorInPlane": 2,
    "PartialFourier": 0.875,
    "PatientPosition": "HFS",
    "PercentPhaseFOV": 100,
    "PhaseEncodingDirection": "j-",
    "PhaseEncodingSteps": 111,
    "PhaseResolution": 1,
    "PixelBandwidth": 1500,
    "ProcedureStepDescription": "Preston_fMRI",
    "ProtocolName": "functional_run",
    "PulseSequenceDetails": "%CustomerSeq%_cmrr_mbep2d_bold",
    "ReceiveCoilActiveElements": "HEA;HEP",
    "ReceiveCoilName": "Head_32",
    "ReconMatrixPE": 128,
    "RefLinesPE": 92,
    "RepetitionTime": 2,
    "SAR": 0.124736,
    "ScanOptions": "PFP_FS",
    "ScanningSequence": "EP",
    "SequenceName": "epfid2d1_128",
    "SequenceVariant": "SK_SS",
    "SeriesDescription": "functional_run",
    "SeriesNumber": 19,
    "ShimSetting": [
      -2808,
      8044,
      -15541,
      -391,
      126,
      -388,
      -124,
      42
    ],
    "SliceThickness": 1.7,
    "SliceTiming": [
      0,
      1.03,
      0.08,
      1.1075,
      0.1575,
      1.1875,
      0.2375,
      1.2675,
      0.3175,
      1.345,
      0.395,
      1.425,
      0.475,
      1.505,
      0.555,
      1.5825,
      0.6325,
      1.6625,
      0.7125,
      1.7425,
      0.7925,
      1.82,
      0.87,
      1.9,
      0.95,
      0,
      1.03,
      0.08,
      1.1075,
      0.1575,
      1.1875,
      0.2375,
      1.2675,
      0.3175,
      1.345,
      0.395,
      1.425,
      0.475,
      1.505,
      0.555,
      1.5825,
      0.6325,
      1.6625,
      0.7125,
      1.7425,
      0.7925,
      1.82,
      0.87,
      1.9,
      0.95,
      0,
      1.03,
      0.08,
      1.1075,
      0.1575,
      1.1875,
      0.2375,
      1.2675,
      0.3175,
      1.345,
      0.395,
      1.425,
      0.475,
      1.505,
      0.555,
      1.5825,
      0.6325,
      1.6625,
      0.7125,
      1.7425,
      0.7925,
      1.82,
      0.87,
      1.9,
      0.95
    ],
    "SoftwareVersions": "syngo_MR_E11",
    "SpacingBetweenSlices": 1.7,
    "StationName": "AWP45239",
    "TaskName": "struct",
    "TotalReadoutTime": 0.0488955,
    "TxRefAmp": 344.372,
    "WipMemBlock": "5f3cac5b-8980-4f27-80bc-b3317fe504bc||Sequence: ve11a/master r/5a7612f; Mar  3 2017 11:38:58 by eja",
    "dataset": "ds004094",
    "modality": "bold",
    "run_id": 5,
    "subject_id": "101",
    "task_id": "struct"
  },
  "dummy_trs": 1,
  "dvars_nstd": 51.727991787128374,
  "dvars_std": 1.0404404913513516,
  "dvars_vstd": 1.0031123056756754,
  "efc": 0.5045917772916794,
  "fber": 8676.0107421875,
  "fd_mean": 0.13575096428973005,
  "fd_num": 45,
  "fd_perc": 15.151515151515152,
  "fwhm_avg": 3.2938538518623495,
  "fwhm_x": 2.9252654545454546,
  "fwhm_y": 3.537966545454545,
  "fwhm_z": 3.4183295555870488,
  "gcor": 0.0050793,
  "gsr_x": -0.005288209766149521,
  "gsr_y": 0.048161137849092484,
  "provenance": {
    "md5sum": "aeb7144c6bff34a892b55ec65a740283",
    "settings": {
      "fd_thres": 0.2,
      "testing": false
    },
    "software": "mriqc",
    "version": "23.0.0",
    "webapi_port": null,
    "webapi_url": "https://mriqc.nimh.nih.gov/api/v1"
  },
  "size_t": 297,
  "size_x": 128,
  "size_y": 128,
  "size_z": 75,
  "snr": 2.3325911772166714,
  "spacing_tr": 2.0,
  "spacing_x": 1.71875,
  "spacing_y": 1.71875,
  "spacing_z": 1.6999999284744263,
  "summary_bg_k": 22.62585251136093,
  "summary_bg_mad": 57.79280091971248,
  "summary_bg_mean": 448.19091796875,
  "summary_bg_median": 78.47215270996094,
  "summary_bg_n": 807879.0,
  "summary_bg_p05": 33.611809158325194,
  "summary_bg_p95": 2555.6405761718747,
  "summary_bg_stdv": 1056.3592529296875,
  "summary_fg_k": 1.0529969069826732,
  "summary_fg_mad": 2939.2400760888786,
  "summary_fg_mean": 7853.138671875,
  "summary_fg_median": 7348.7958984375,
  "summary_fg_n": 283671.0,
  "summary_fg_p05": 3813.607177734375,
  "summary_fg_p95": 13814.64013671875,
  "summary_fg_stdv": 3150.48046875,
  "tsnr": 25.826900482177734
}